{
  "bids_meta": {
    "AcquisitionMatrixPE": 160,
    "AcquisitionNumber": 1,
    "AcquisitionTime": "14:39:25.000000",
    "CoilString": "HEAD",
    "ConversionSoftware": "dcm2niix",
    "ConversionSoftwareVersion": "v1.0.20220720",
    "DeviceSerialNumber": "0000000000UM3TMR",
    "EchoTime": 0.00184,
    "FlipAngle": 15,
    "ImageOrientationPatientDICOM": [
      1,
      0,
      0,
      0,
      1,
      0
    ],
    "ImageType": [
      "ORIGINAL",
      "PRIMARY",
      "OTHER"
    ],
    "ImagingFrequency": 128.07,
    "InPlanePhaseEncodingDirectionDICOM": "ROW",
    "InstitutionName": "U of M FMRi",
    "InversionTime": 0.4,
    "MRAcquisitionType": "3D",
    "MagneticFieldStrength": 3,
    "Manufacturer": "GE",
    "ManufacturersModelName": "SIGNA EXCITE",
    "Modality": "MR",
    "PatientPosition": "HFS",
    "PercentPhaseFOV": 100,
    "PercentSampling": 100,
    "PixelBandwidth": 122.109,
    "ProtocolName": "neuropsych adole. 3-15-/",
    "PulseSequenceName": "efgre3d",
    "ReconMatrixPE": 256,
    "RepetitionTime": 0.00904,
    "SAR": 0.01624,
    "ScanOptions": "FAST_GEMS\\VB_GEMS\\EDR_GEMS\\PFF",
    "ScanningSequence": "GR",
    "SequenceVariant": "SS\\SP\\SK",
    "SeriesDescription": "3d spgr IR ax",
    "SeriesNumber": 6,
    "ShimSetting": [
      -4,
      -11,
      23
    ],
    "SliceThickness": 1.2,
    "SoftwareVersions": "11",
    "SpacingBetweenSlices": 1.2,
    "SpoilingState": true,
    "StationName": "um3te2",
    "dataset": "MLS",
    "modality": "T1w",
    "session_id": "2",
    "subject_id": "34"
  },
  "cjv": 0.3534359473693657,
  "cnr": 3.8186777346014567,
  "efc": 0.6013686615338992,
  "fber": 9230.140389175354,
  "fwhm_avg": 4.271261986668171,
  "fwhm_x": 4.66575100104488,
  "fwhm_y": 4.52517676958575,
  "fwhm_z": 3.622858189373883,
  "icvs_csf": 0.24387726885176433,
  "icvs_gm": 0.42054240938131254,
  "icvs_wm": 0.3355803217669231,
  "inu_med": 0.7227889597415924,
  "inu_range": 0.48202374875545484,
  "provenance": {
    "md5sum": "3bcdbee1b71d8395de46593224c7c8ec",
    "settings": {
      "testing": false
    },
    "software": "mriqc",
    "version": "23.1.0rc0",
    "warnings": {
      "large_rot_frame": true,
      "small_air_mask": false
    }
  },
  "qi_1": 0.0,
  "qi_2": 0.0010018557641168037,
  "rpve_csf": 17.82177676517739,
  "rpve_gm": 10.261276602740836,
  "rpve_wm": 14.94505374145686,
  "size_x": 256,
  "size_y": 256,
  "size_z": 126,
  "snr_csf": 2.57081667474914,
  "snr_gm": 9.878626870940572,
  "snr_total": 10.666248257951745,
  "snr_wm": 19.549301228165525,
  "snrd_csf": 7.6300682283991526,
  "snrd_gm": 22.41034382934742,
  "snrd_total": 21.1994668743808,
  "snrd_wm": 33.55798856539583,
  "spacing_x": 1.0156199932098389,
  "spacing_y": 1.0156199932098389,
  "spacing_z": 1.2000000476837158,
  "summary_bg_k": 4.7749045534894305,
  "summary_bg_mad": 0.0,
  "summary_bg_mean": 13.194974326208682,
  "summary_bg_median": 0.0,
  "summary_bg_n": 1481744.0,
  "summary_bg_p05": 0.0,
  "summary_bg_p95": 54.27102203667164,
  "summary_bg_stdv": 19.522517444984096,
  "summary_csf_k": 29.880467781987747,
  "summary_csf_mad": 67.44454806416311,
  "summary_csf_mean": 234.59296650854287,
  "summary_csf_median": 227.36965934932232,
  "summary_csf_n": 42104.0,
  "summary_csf_p05": 109.21102431416512,
  "summary_csf_p95": 384.7828005779534,
  "summary_csf_stdv": 88.44152967841188,
  "summary_gm_k": -0.030811070279466612,
  "summary_gm_mad": 68.25041123037096,
  "summary_gm_mean": 664.7490895369671,
  "summary_gm_median": 667.8095254004002,
  "summary_gm_n": 19059.0,
  "summary_gm_p05": 548.0160699017346,
  "summary_gm_p95": 770.2471247762442,
  "summary_gm_stdv": 67.59967902045923,
  "summary_wm_k": 0.5662646194415362,
  "summary_wm_mad": 49.157653138677716,
  "summary_wm_mean": 1001.0038785048656,
  "summary_wm_median": 1000.0000262334943,
  "summary_wm_n": 156227.0,
  "summary_wm_p05": 918.8025495037436,
  "summary_wm_p95": 1085.796742118895,
  "summary_wm_stdv": 51.152561111311776,
  "tpm_overlap_csf": 0.17024573865643172,
  "tpm_overlap_gm": 0.4468526718528701,
  "tpm_overlap_wm": 0.5013943978156205,
  "wm2max": 0.4758086977280866
}