{
  "bids_meta": {
    "AcquisitionMatrixPE": 160,
    "AcquisitionNumber": 1,
    "AcquisitionTime": "10:23:8.000000",
    "CoilString": "HEAD",
    "ConversionSoftware": "dcm2niix",
    "ConversionSoftwareVersion": "v1.0.20220720",
    "DeviceSerialNumber": "0000000000UM3TMR",
    "EchoTime": 0.00184,
    "FlipAngle": 15,
    "ImageOrientationPatientDICOM": [
      1,
      0,
      0,
      0,
      1,
      0
    ],
    "ImageType": [
      "ORIGINAL",
      "PRIMARY",
      "OTHER"
    ],
    "ImagingFrequency": 128.07,
    "InPlanePhaseEncodingDirectionDICOM": "ROW",
    "InstitutionName": "U of M FMRi",
    "InversionTime": 0.5,
    "MRAcquisitionType": "3D",
    "MagneticFieldStrength": 3,
    "Manufacturer": "GE",
    "ManufacturersModelName": "SIGNA EXCITE",
    "Modality": "MR",
    "PatientPosition": "HFS",
    "PercentPhaseFOV": 80,
    "PercentSampling": 100,
    "PixelBandwidth": 122.109,
    "ProtocolName": "neuropsych adole. 3-15-/",
    "PulseSequenceName": "efgre3d",
    "ReconMatrixPE": 256,
    "RepetitionTime": 0.009036,
    "SAR": 0.012505,
    "ScanOptions": "FAST_GEMS\\VB_GEMS\\EDR_GEMS\\PFF",
    "ScanningSequence": "GR",
    "SequenceVariant": "SS\\SP\\SK",
    "SeriesDescription": "3d spgr IR ax",
    "SeriesNumber": 7,
    "ShimSetting": [
      -5,
      -17,
      23
    ],
    "SliceThickness": 1.2,
    "SoftwareVersions": "11",
    "SpacingBetweenSlices": 1.2,
    "SpoilingState": true,
    "StationName": "um3te2",
    "dataset": "MLS",
    "modality": "T1w",
    "session_id": "1",
    "subject_id": "91"
  },
  "cjv": 0.3081973601860575,
  "cnr": 4.286696354142967,
  "efc": 0.5717012511628924,
  "fber": 14064.584961142617,
  "fwhm_avg": 4.9424905597654805,
  "fwhm_x": 5.435064332038521,
  "fwhm_y": 5.134390849789628,
  "fwhm_z": 4.258016497468293,
  "icvs_csf": 0.183335139424009,
  "icvs_gm": 0.47345719746839476,
  "icvs_wm": 0.3432076631075962,
  "inu_med": 0.6646544635295868,
  "inu_range": 0.5191069021821022,
  "provenance": {
    "md5sum": "362f4b60588375a13c1e9b088e01f44d",
    "settings": {
      "testing": false
    },
    "software": "mriqc",
    "version": "23.1.0rc0",
    "warnings": {
      "large_rot_frame": true,
      "small_air_mask": false
    }
  },
  "qi_1": 0.0,
  "qi_2": 0.0005114708101393567,
  "rpve_csf": 25.72308425272631,
  "rpve_gm": 10.780082638170374,
  "rpve_wm": 16.049199923498662,
  "size_x": 256,
  "size_y": 256,
  "size_z": 124,
  "snr_csf": 1.6039745600983895,
  "snr_gm": 12.769131575742042,
  "snr_total": 11.755103682179085,
  "snr_wm": 20.892204910696822,
  "snrd_csf": 23.064125944145633,
  "snrd_gm": 56.31670378511323,
  "snrd_total": 53.95999558895131,
  "snrd_wm": 82.49915703759507,
  "spacing_x": 1.0156199932098389,
  "spacing_y": 1.0156199932098389,
  "spacing_z": 1.2000000476837158,
  "summary_bg_k": 7.730660564496093,
  "summary_bg_mad": 7.941128250059272,
  "summary_bg_mean": 12.092749289588685,
  "summary_bg_median": 5.356209609657526,
  "summary_bg_n": 2057424.0,
  "summary_bg_p05": 0.0,
  "summary_bg_p95": 49.294546976685524,
  "summary_bg_stdv": 18.23009566798466,
  "summary_csf_k": 51.32404706087286,
  "summary_csf_mad": 95.09985294583177,
  "summary_csf_mean": 298.3733202510056,
  "summary_csf_median": 279.56801377236843,
  "summary_csf_n": 23565.0,
  "summary_csf_p05": 129.95122534260153,
  "summary_csf_p95": 470.2142387405036,
  "summary_csf_stdv": 174.29333906886637,
  "summary_gm_k": 0.03543375512873137,
  "summary_gm_mad": 53.26366509186097,
  "summary_gm_mean": 682.1033803925066,
  "summary_gm_median": 682.6336735039949,
  "summary_gm_n": 34427.0,
  "summary_gm_p05": 592.6232242099941,
  "summary_gm_p95": 768.4201200976968,
  "summary_gm_stdv": 53.45890244480246,
  "summary_wm_k": 0.5214001893866849,
  "summary_wm_mad": 44.54779262228372,
  "summary_wm_mean": 999.9313706852856,
  "summary_wm_median": 999.999979481101,
  "summary_wm_n": 132837.0,
  "summary_wm_p05": 920.7890422455966,
  "summary_wm_p95": 1078.3399883247912,
  "summary_wm_stdv": 47.864560956443746,
  "tpm_overlap_csf": 0.13016970999762756,
  "tpm_overlap_gm": 0.47211436663990136,
  "tpm_overlap_wm": 0.4856558248036924,
  "wm2max": 0.4599465821836911
}