{
  "bids_meta": {
    "AcquisitionMatrixPE": 160,
    "AcquisitionNumber": 1,
    "AcquisitionTime": "13:56:21.000000",
    "CoilString": "HEAD",
    "ConversionSoftware": "dcm2niix",
    "ConversionSoftwareVersion": "v1.0.20220720",
    "DeviceSerialNumber": "0000000000UM3TMR",
    "EchoTime": 0.00184,
    "FlipAngle": 15,
    "ImageOrientationPatientDICOM": [
      1,
      0,
      0,
      0,
      1,
      0
    ],
    "ImageType": [
      "ORIGINAL",
      "PRIMARY",
      "OTHER"
    ],
    "ImagingFrequency": 128.07,
    "InPlanePhaseEncodingDirectionDICOM": "ROW",
    "InstitutionName": "U of M FMRi",
    "InversionTime": 0.4,
    "MRAcquisitionType": "3D",
    "MagneticFieldStrength": 3,
    "Manufacturer": "GE",
    "ManufacturersModelName": "SIGNA EXCITE",
    "Modality": "MR",
    "PatientPosition": "HFS",
    "PercentPhaseFOV": 100,
    "PercentSampling": 100,
    "PixelBandwidth": 122.109,
    "ProtocolName": "neuropsych adole. 3-15-/",
    "PulseSequenceName": "efgre3d",
    "ReconMatrixPE": 256,
    "RepetitionTime": 0.00904,
    "SAR": 0.014928,
    "ScanOptions": "FAST_GEMS\\VB_GEMS\\EDR_GEMS\\PFF",
    "ScanningSequence": "GR",
    "SequenceVariant": "SS\\SP\\SK",
    "SeriesDescription": "3d spgr IR ax",
    "SeriesNumber": 6,
    "ShimSetting": [
      -2,
      -4,
      25
    ],
    "SliceThickness": 1.2,
    "SoftwareVersions": "11",
    "SpacingBetweenSlices": 1.2,
    "SpoilingState": true,
    "StationName": "um3te2",
    "dataset": "MLS",
    "modality": "T1w",
    "session_id": "2",
    "subject_id": "63"
  },
  "cjv": 0.35021104138094233,
  "cnr": 3.853200210078544,
  "efc": 0.5759152911722725,
  "fber": 8779.933378310003,
  "fwhm_avg": 4.425112911449088,
  "fwhm_x": 4.828124724585716,
  "fwhm_y": 4.687422492495574,
  "fwhm_z": 3.759791517265975,
  "icvs_csf": 0.20672134441184406,
  "icvs_gm": 0.43564504420640515,
  "icvs_wm": 0.35763361138175076,
  "inu_med": 0.7353545427322388,
  "inu_range": 0.5267083525657652,
  "provenance": {
    "md5sum": "9e359c95783530075faea479a059e797",
    "settings": {
      "testing": false
    },
    "software": "mriqc",
    "version": "23.1.0rc0",
    "warnings": {
      "large_rot_frame": true,
      "small_air_mask": false
    }
  },
  "qi_1": 0.0,
  "qi_2": 0.0008929617052654519,
  "rpve_csf": 24.264671960890073,
  "rpve_gm": 11.824357125640125,
  "rpve_wm": 16.433942338361483,
  "size_x": 256,
  "size_y": 256,
  "size_z": 130,
  "snr_csf": 2.3586738085420604,
  "snr_gm": 10.803557622964318,
  "snr_total": 10.297722477225008,
  "snr_wm": 17.730936000168647,
  "snrd_csf": 16.842410103326245,
  "snrd_gm": 44.96395781454255,
  "snrd_total": 43.045953392306465,
  "snrd_wm": 67.33149225905058,
  "spacing_x": 1.0156199932098389,
  "spacing_y": 1.0156199932098389,
  "spacing_z": 1.2000000476837158,
  "summary_bg_k": 6.029837010283503,
  "summary_bg_mad": 9.730014236273282,
  "summary_bg_mean": 14.121262071755272,
  "summary_bg_median": 6.5627948716282845,
  "summary_bg_n": 1726601.0,
  "summary_bg_p05": 0.0,
  "summary_bg_p95": 57.17657978087664,
  "summary_bg_stdv": 20.771515837946605,
  "summary_csf_k": 4.903211360265966,
  "summary_csf_mad": 93.52013683209428,
  "summary_csf_mean": 258.8459875145056,
  "summary_csf_median": 250.14163474738598,
  "summary_csf_n": 18621.0,
  "summary_csf_p05": 100.09442538022995,
  "summary_csf_p95": 440.4154716730118,
  "summary_csf_stdv": 106.04896577778456,
  "summary_gm_k": 0.11360771530350666,
  "summary_gm_mad": 60.69008879747435,
  "summary_gm_mean": 666.2010164569647,
  "summary_gm_median": 667.7997889518738,
  "summary_gm_n": 18696.0,
  "summary_gm_p05": 561.4730691611767,
  "summary_gm_p95": 764.966924533248,
  "summary_gm_stdv": 61.81129888769885,
  "summary_wm_k": 0.3032995524152815,
  "summary_wm_mad": 55.650081423289635,
  "summary_wm_mean": 1001.9604899633151,
  "summary_wm_median": 999.9999667704105,
  "summary_wm_n": 132272.0,
  "summary_wm_p05": 912.9839167818427,
  "summary_wm_p95": 1096.7421731874347,
  "summary_wm_stdv": 56.39838678930248,
  "tpm_overlap_csf": 0.16433203720536269,
  "tpm_overlap_gm": 0.4641143909378699,
  "tpm_overlap_wm": 0.4947603655815951,
  "wm2max": 0.43720439742163536
}