{
  "bids_meta": {
    "AcquisitionMatrixPE": 160,
    "AcquisitionNumber": 1,
    "AcquisitionTime": "11:02:8.000000",
    "CoilString": "HEAD",
    "ConversionSoftware": "dcm2niix",
    "ConversionSoftwareVersion": "v1.0.20220720",
    "DeviceSerialNumber": "000000000000GEHC",
    "EchoTime": 0.005168,
    "FlipAngle": 15,
    "ImageOrientationPatientDICOM": [
      1,
      0,
      0,
      0,
      1,
      0
    ],
    "ImageType": [
      "ORIGINAL",
      "PRIMARY",
      "OTHER"
    ],
    "ImagingFrequency": 127.789,
    "InPlanePhaseEncodingDirectionDICOM": "ROW",
    "InstitutionName": "U Of M research",
    "InversionTime": 0.5,
    "MRAcquisitionType": "3D",
    "MagneticFieldStrength": 3,
    "Manufacturer": "GE",
    "ManufacturersModelName": "DISCOVERY MR750",
    "Modality": "MR",
    "PatientPosition": "HFS",
    "PercentPhaseFOV": 80,
    "PercentSampling": 100,
    "PixelBandwidth": 122.109,
    "PrescanReuseString": "TG/s1,CF/s1,AS/s1",
    "ProtocolName": "childrisk2 12/22/14",
    "PulseSequenceName": "BRAVO",
    "ReconMatrixPE": 256,
    "RepetitionTime": 0.012208,
    "SAR": 0.0324372,
    "ScanOptions": "FAST_GEMS\\EDR_GEMS",
    "ScanningSequence": "GR",
    "SequenceVariant": "SS\\SK",
    "SeriesDescription": "t1spgr_124sl",
    "SeriesNumber": 6,
    "ShimSetting": [
      0,
      0,
      -20
    ],
    "SliceThickness": 1.2,
    "SoftwareVersions": "24\\LX\\MR Software release:DV24.0_R01_1344.a",
    "SpacingBetweenSlices": 1.2,
    "StationName": "GEHCGEHC",
    "dataset": "MLS",
    "modality": "T1w",
    "session_id": "1",
    "subject_id": "243"
  },
  "cjv": 0.3051179478991989,
  "cnr": 4.312629705180888,
  "efc": 0.5872751231757529,
  "fber": 12848.812188846938,
  "fwhm_avg": 4.691277264742042,
  "fwhm_x": 5.217447988515718,
  "fwhm_y": 4.851358964855795,
  "fwhm_z": 4.005024840854611,
  "icvs_csf": 0.18147375777702407,
  "icvs_gm": 0.4655996508009632,
  "icvs_wm": 0.3529265914220127,
  "inu_med": 0.6231533288955688,
  "inu_range": 0.4242613673210144,
  "provenance": {
    "md5sum": "a128745c2702e96c520fa86de787ca51",
    "settings": {
      "testing": false
    },
    "software": "mriqc",
    "version": "23.1.0rc0",
    "warnings": {
      "large_rot_frame": true,
      "small_air_mask": false
    }
  },
  "qi_1": 0.0,
  "qi_2": 0.0007572789877295105,
  "rpve_csf": 22.746119896605826,
  "rpve_gm": 9.712982040650417,
  "rpve_wm": 14.208918405401969,
  "size_x": 256,
  "size_y": 256,
  "size_z": 124,
  "snr_csf": 1.944406517690532,
  "snr_gm": 12.120270262466985,
  "snr_total": 11.78740649800018,
  "snr_wm": 21.297542713843022,
  "snrd_csf": 22.869688719897827,
  "snrd_gm": 60.267401307207095,
  "snrd_total": 57.339552094118176,
  "snrd_wm": 88.8815662552496,
  "spacing_x": 1.0155999660491943,
  "spacing_y": 1.0155999660491943,
  "spacing_z": 1.2000000476837158,
  "summary_bg_k": 10.586280103807509,
  "summary_bg_mad": 7.371140894073863,
  "summary_bg_mean": 10.66229371773712,
  "summary_bg_median": 4.971758980304003,
  "summary_bg_n": 1487666.0,
  "summary_bg_p05": 0.0,
  "summary_bg_p95": 41.60043228417635,
  "summary_bg_stdv": 15.434220491756466,
  "summary_csf_k": 6.614000578532947,
  "summary_csf_mad": 125.20910756804379,
  "summary_csf_mean": 264.7855245649644,
  "summary_csf_median": 257.3138933479786,
  "summary_csf_n": 16111.0,
  "summary_csf_p05": 70.88984233140945,
  "summary_csf_p95": 474.8706255983561,
  "summary_csf_stdv": 132.331333609709,
  "summary_gm_k": 0.16954721251613725,
  "summary_gm_mad": 54.90747808850939,
  "summary_gm_mean": 676.6393948345356,
  "summary_gm_median": 678.0870462320745,
  "summary_gm_n": 35283.0,
  "summary_gm_p05": 581.8344688031823,
  "summary_gm_p95": 765.2416429419071,
  "summary_gm_stdv": 55.94573571545898,
  "summary_wm_k": 0.6903674616064186,
  "summary_wm_mad": 43.32425668353618,
  "summary_wm_mean": 1000.9624260760557,
  "summary_wm_median": 1000.0338063240051,
  "summary_wm_n": 157531.0,
  "summary_wm_p05": 924.3413124606013,
  "summary_wm_p95": 1079.0408061742783,
  "summary_wm_stdv": 46.95521195425096,
  "tpm_overlap_csf": 0.14200585132918297,
  "tpm_overlap_gm": 0.4674954036113561,
  "tpm_overlap_wm": 0.49815656782397133,
  "wm2max": 0.5072327281899448
}