{
  "bids_meta": {
    "AcquisitionMatrixPE": 160,
    "AcquisitionNumber": 1,
    "AcquisitionTime": "11:48:49.000000",
    "CoilString": "HEAD",
    "ConversionSoftware": "dcm2niix",
    "ConversionSoftwareVersion": "v1.0.20220720",
    "DeviceSerialNumber": "0000000000UM3TMR",
    "EchoTime": 0.001796,
    "FlipAngle": 15,
    "ImageOrientationPatientDICOM": [
      1,
      0,
      0,
      0,
      1,
      0
    ],
    "ImageType": [
      "ORIGINAL",
      "PRIMARY",
      "OTHER"
    ],
    "ImagingFrequency": 128.07,
    "InPlanePhaseEncodingDirectionDICOM": "ROW",
    "InstitutionName": "U of M FMRi",
    "InversionTime": 0.4,
    "MRAcquisitionType": "3D",
    "MagneticFieldStrength": 3,
    "Manufacturer": "GE",
    "ManufacturersModelName": "SIGNA EXCITE",
    "Modality": "MR",
    "PatientPosition": "HFS",
    "PercentPhaseFOV": 100,
    "PercentSampling": 100,
    "PixelBandwidth": 122.109,
    "ProtocolName": "childrisk w.o hoshim 4-/",
    "PulseSequenceName": "efgre3d",
    "ReconMatrixPE": 256,
    "RepetitionTime": 0.008964,
    "SAR": 0.019423,
    "ScanOptions": "FAST_GEMS\\VB_GEMS\\EDR_GEMS\\PFF",
    "ScanningSequence": "GR",
    "SequenceVariant": "SS\\SP\\SK",
    "SeriesDescription": "3d spgr IR axial",
    "SeriesNumber": 7,
    "ShimSetting": [
      -1,
      -4,
      25
    ],
    "SliceThickness": 1.4,
    "SoftwareVersions": "11",
    "SpacingBetweenSlices": 1.4,
    "SpoilingState": true,
    "StationName": "um3te2",
    "dataset": "MLS",
    "modality": "T1w",
    "session_id": "1",
    "subject_id": "170"
  },
  "cjv": 0.30559642783610236,
  "cnr": 4.442701477353935,
  "efc": 0.5610987086816256,
  "fber": 13516.470151605334,
  "fwhm_avg": 3.7911962049658743,
  "fwhm_x": 4.55847662605383,
  "fwhm_y": 3.839369081024335,
  "fwhm_z": 2.975742907819457,
  "icvs_csf": 0.1735468600797328,
  "icvs_gm": 0.4859647259567794,
  "icvs_wm": 0.3404884139634878,
  "inu_med": 0.6916292309761047,
  "inu_range": 0.42316803038120254,
  "provenance": {
    "md5sum": "8305c9355c3362a2a1a10deaf899dac2",
    "settings": {
      "testing": false
    },
    "software": "mriqc",
    "version": "23.1.0rc0",
    "warnings": {
      "large_rot_frame": true,
      "small_air_mask": false
    }
  },
  "qi_1": 0.0,
  "qi_2": 0.0010068038469607742,
  "rpve_csf": 24.834614038437063,
  "rpve_gm": 9.83591665951284,
  "rpve_wm": 15.324173258151893,
  "size_x": 256,
  "size_y": 256,
  "size_z": 96,
  "snr_csf": 0.8572375813156028,
  "snr_gm": 10.867790929929075,
  "snr_total": 10.271902565936843,
  "snr_wm": 19.090679186565854,
  "snrd_csf": 21.66856766181679,
  "snrd_gm": 55.05444331403092,
  "snrd_total": 54.13162993268983,
  "snrd_wm": 85.67187882222179,
  "spacing_x": 1.0156199932098389,
  "spacing_y": 1.0156199932098389,
  "spacing_z": 1.399999976158142,
  "summary_bg_k": 10.313905835531592,
  "summary_bg_mad": 7.6473059527874385,
  "summary_bg_mean": 10.172735249200132,
  "summary_bg_median": 5.158029481768608,
  "summary_bg_n": 1278345.0,
  "summary_bg_p05": 0.0,
  "summary_bg_p95": 40.71035349369049,
  "summary_bg_stdv": 15.193028165785845,
  "summary_csf_k": 9.4483911868294,
  "summary_csf_mad": 107.49853904774021,
  "summary_csf_mean": 323.6180128367678,
  "summary_csf_median": 252.93384166806936,
  "summary_csf_n": 9254.0,
  "summary_csf_p05": 93.14397332295775,
  "summary_csf_p95": 1232.2843990772967,
  "summary_csf_stdv": 295.0409322009075,
  "summary_gm_k": -0.06119166937570242,
  "summary_gm_mad": 59.7926941946132,
  "summary_gm_mean": 640.8858695923522,
  "summary_gm_median": 642.6420087218285,
  "summary_gm_n": 29008.0,
  "summary_gm_p05": 540.2083896845579,
  "summary_gm_p95": 734.6782173238694,
  "summary_gm_stdv": 59.13169804156705,
  "summary_wm_k": 0.46062985144085733,
  "summary_wm_mad": 49.425205587478544,
  "summary_wm_mean": 999.4953004499275,
  "summary_wm_median": 1000.0346018075943,
  "summary_wm_n": 101512.0,
  "summary_wm_p05": 911.1364829540253,
  "summary_wm_p95": 1083.9823970645666,
  "summary_wm_stdv": 52.38313767289683,
  "tpm_overlap_csf": 0.13561157870837467,
  "tpm_overlap_gm": 0.4627834081288299,
  "tpm_overlap_wm": 0.46479889373626226,
  "wm2max": 0.5029399169343057
}