{
  "bids_meta": {
    "AcquisitionMatrixPE": 160,
    "AcquisitionNumber": 1,
    "AcquisitionTime": "09:30:47.000000",
    "CoilString": "HEAD",
    "ConversionSoftware": "dcm2niix",
    "ConversionSoftwareVersion": "v1.0.20220720",
    "DeviceSerialNumber": "0000000000UM3TMR",
    "EchoTime": 0.00184,
    "FlipAngle": 15,
    "ImageOrientationPatientDICOM": [
      1,
      0,
      0,
      0,
      1,
      0
    ],
    "ImageType": [
      "ORIGINAL",
      "PRIMARY",
      "OTHER"
    ],
    "ImagingFrequency": 128.07,
    "InPlanePhaseEncodingDirectionDICOM": "ROW",
    "InstitutionName": "U of M FMRi",
    "InversionTime": 0.5,
    "MRAcquisitionType": "3D",
    "MagneticFieldStrength": 3,
    "Manufacturer": "GE",
    "ManufacturersModelName": "SIGNA EXCITE",
    "Modality": "MR",
    "PatientPosition": "HFS",
    "PercentPhaseFOV": 80,
    "PercentSampling": 100,
    "PixelBandwidth": 122.109,
    "ProtocolName": "neuropsych adole. 3-15-/",
    "PulseSequenceName": "efgre3d",
    "ReconMatrixPE": 256,
    "RepetitionTime": 0.009036,
    "SAR": 0.013699,
    "ScanOptions": "FAST_GEMS\\VB_GEMS\\EDR_GEMS\\PFF",
    "ScanningSequence": "GR",
    "SequenceVariant": "SS\\SP\\SK",
    "SeriesDescription": "3d spgr IR ax",
    "SeriesNumber": 6,
    "ShimSetting": [
      -2,
      -6,
      22
    ],
    "SliceThickness": 1.2,
    "SoftwareVersions": "11",
    "SpacingBetweenSlices": 1.2,
    "SpoilingState": true,
    "StationName": "um3te2",
    "dataset": "MLS",
    "modality": "T1w",
    "session_id": "2",
    "subject_id": "33"
  },
  "cjv": 0.3202501721618495,
  "cnr": 4.2340201668068564,
  "efc": 0.6194432942578225,
  "fber": 22356.750472589792,
  "fwhm_avg": 4.900415433344446,
  "fwhm_x": 5.336789386027903,
  "fwhm_y": 5.067623751412912,
  "fwhm_z": 4.296833162592524,
  "icvs_csf": 0.1929241167068563,
  "icvs_gm": 0.45295295240144584,
  "icvs_wm": 0.3541229308916979,
  "inu_med": 0.5490230321884155,
  "inu_range": 0.3371158540248871,
  "provenance": {
    "md5sum": "905c048c6d10dd419080b9d727e302eb",
    "settings": {
      "testing": false
    },
    "software": "mriqc",
    "version": "23.1.0rc0",
    "warnings": {
      "large_rot_frame": true,
      "small_air_mask": false
    }
  },
  "qi_1": 0.0,
  "qi_2": 0.0008681390746424038,
  "rpve_csf": 19.360836463474204,
  "rpve_gm": 8.983475471932088,
  "rpve_wm": 13.324172377263547,
  "size_x": 256,
  "size_y": 256,
  "size_z": 124,
  "snr_csf": 2.8114393548880714,
  "snr_gm": 11.288439233740604,
  "snr_total": 12.433363971648248,
  "snr_wm": 23.20021332631607,
  "snrd_csf": 12.689432010058267,
  "snrd_gm": 29.769784328309708,
  "snrd_total": 28.745327278792416,
  "snrd_wm": 43.776765498009276,
  "spacing_x": 1.0156199932098389,
  "spacing_y": 1.0156199932098389,
  "spacing_z": 1.2000000476837158,
  "summary_bg_k": 6.776966704297083,
  "summary_bg_mad": 0.0,
  "summary_bg_mean": 9.931352282937084,
  "summary_bg_median": 0.0,
  "summary_bg_n": 1595212.0,
  "summary_bg_p05": 0.0,
  "summary_bg_p95": 40.82587465457618,
  "summary_bg_stdv": 14.965390934693232,
  "summary_csf_k": 0.9360068524400296,
  "summary_csf_mad": 95.94859021830445,
  "summary_csf_mean": 290.62501118053063,
  "summary_csf_median": 289.86682890728116,
  "summary_csf_n": 17681.0,
  "summary_csf_p05": 119.57708435878158,
  "summary_csf_p95": 461.77838054671884,
  "summary_csf_stdv": 103.09972760384791,
  "summary_gm_k": -0.007508331751724384,
  "summary_gm_mad": 60.852214326404166,
  "summary_gm_mean": 679.1944773540538,
  "summary_gm_median": 680.0361886695027,
  "summary_gm_n": 30957.0,
  "summary_gm_p05": 578.4237367026508,
  "summary_gm_p95": 776.0658816117793,
  "summary_gm_stdv": 60.24085269355508,
  "summary_wm_k": 0.3560718518345092,
  "summary_wm_mad": 41.61625599830072,
  "summary_wm_mean": 1000.0367174329753,
  "summary_wm_median": 1000.0000145528466,
  "summary_wm_n": 186070.0,
  "summary_wm_p05": 929.2642745096236,
  "summary_wm_p95": 1070.6110002044588,
  "summary_wm_stdv": 43.10293674128208,
  "tpm_overlap_csf": 0.15201897664620306,
  "tpm_overlap_gm": 0.4670844169252126,
  "tpm_overlap_wm": 0.5070114409233767,
  "wm2max": 0.6246566268581114
}