{
  "bids_meta": {
    "AcquisitionMatrixPE": 160,
    "AcquisitionNumber": 1,
    "AcquisitionTime": "16:12:32.000000",
    "CoilString": "HEAD",
    "ConversionSoftware": "dcm2niix",
    "ConversionSoftwareVersion": "v1.0.20220720",
    "DeviceSerialNumber": "0000000000UM3TMR",
    "EchoTime": 0.001784,
    "FlipAngle": 15,
    "ImageOrientationPatientDICOM": [
      1,
      0,
      0,
      0,
      1,
      0
    ],
    "ImageType": [
      "ORIGINAL",
      "PRIMARY",
      "OTHER"
    ],
    "ImagingFrequency": 128.07,
    "InPlanePhaseEncodingDirectionDICOM": "ROW",
    "InstitutionName": "U of M FMRi",
    "InversionTime": 0.4,
    "MRAcquisitionType": "3D",
    "MagneticFieldStrength": 3,
    "Manufacturer": "GE",
    "ManufacturersModelName": "SIGNA EXCITE",
    "Modality": "MR",
    "PatientPosition": "HFS",
    "PercentPhaseFOV": 100,
    "PercentSampling": 100,
    "PixelBandwidth": 122.109,
    "ProtocolName": "childrisk special 09030/",
    "PulseSequenceName": "efgre3d",
    "ReconMatrixPE": 256,
    "RepetitionTime": 0.008948,
    "SAR": 0.020054,
    "ScanOptions": "FAST_GEMS\\VB_GEMS\\EDR_GEMS\\PFF",
    "ScanningSequence": "GR",
    "SequenceVariant": "SS\\SP\\SK",
    "SeriesDescription": "3d spgr IR axial",
    "SeriesNumber": 6,
    "ShimSetting": [
      -5,
      -6,
      16
    ],
    "SliceThickness": 1.4,
    "SoftwareVersions": "11",
    "SpacingBetweenSlices": 1.4,
    "SpoilingState": true,
    "StationName": "um3te2",
    "dataset": "MLS",
    "modality": "T1w",
    "session_id": "1",
    "subject_id": "173"
  },
  "cjv": 0.29290469632980176,
  "cnr": 4.432574048800853,
  "efc": 0.565571585862038,
  "fber": 12825.219320477501,
  "fwhm_avg": 4.068493772370548,
  "fwhm_x": 4.804424915443591,
  "fwhm_y": 4.221106347513826,
  "fwhm_z": 3.1799500541542267,
  "icvs_csf": 0.1726698812051874,
  "icvs_gm": 0.5048220682144781,
  "icvs_wm": 0.32250805058033455,
  "inu_med": 0.7024590373039246,
  "inu_range": 0.45747224390506736,
  "provenance": {
    "md5sum": "906e8d65b0c316116751947b3cd94498",
    "settings": {
      "testing": false
    },
    "software": "mriqc",
    "version": "23.1.0rc0",
    "warnings": {
      "large_rot_frame": true,
      "small_air_mask": false
    }
  },
  "qi_1": 0.0,
  "qi_2": 0.0010851793521816397,
  "rpve_csf": 30.244765671735074,
  "rpve_gm": 11.587614373676988,
  "rpve_wm": 18.65494912373637,
  "size_x": 256,
  "size_y": 256,
  "size_z": 104,
  "snr_csf": 1.617996982336964,
  "snr_gm": 11.829747842533873,
  "snr_total": 10.211772236302776,
  "snr_wm": 17.187571884037492,
  "snrd_csf": 22.40596442614316,
  "snrd_gm": 56.83051386861739,
  "snrd_total": 55.9786098198718,
  "snrd_wm": 88.69935116485486,
  "spacing_x": 1.0156199932098389,
  "spacing_y": 1.0156199932098389,
  "spacing_z": 1.399999976158142,
  "summary_bg_k": 7.194452631960832,
  "summary_bg_mad": 7.386033428144221,
  "summary_bg_mean": 10.685963098176122,
  "summary_bg_median": 4.981803841888905,
  "summary_bg_n": 1044743.0,
  "summary_bg_p05": 0.0,
  "summary_bg_p95": 42.998973585665226,
  "summary_bg_stdv": 15.870635598665904,
  "summary_csf_k": 24.085644004366916,
  "summary_csf_mad": 97.56373943204689,
  "summary_csf_mean": 278.0270583322844,
  "summary_csf_median": 252.6057203374803,
  "summary_csf_n": 6282.0,
  "summary_csf_p05": 107.92141726985574,
  "summary_csf_p95": 488.9163489595055,
  "summary_csf_stdv": 156.1100649613641,
  "summary_gm_k": 0.029788618147136958,
  "summary_gm_mad": 53.48326333429255,
  "summary_gm_mean": 640.1083674783463,
  "summary_gm_median": 640.7094387859106,
  "summary_gm_n": 25491.0,
  "summary_gm_p05": 548.2634121738374,
  "summary_gm_p95": 727.4140248000622,
  "summary_gm_stdv": 54.15980795408974,
  "summary_wm_k": 0.8282159383173662,
  "summary_wm_mad": 51.754617212811986,
  "summary_wm_mean": 997.7848127764142,
  "summary_wm_median": 999.9999584183097,
  "summary_wm_n": 78325.0,
  "summary_wm_p05": 894.28678753227,
  "summary_wm_p95": 1088.471141539514,
  "summary_wm_stdv": 58.18120101473329,
  "tpm_overlap_csf": 0.148384191382672,
  "tpm_overlap_gm": 0.48903550400156587,
  "tpm_overlap_wm": 0.47371089501956737,
  "wm2max": 0.4666457824968674
}