{
  "bids_meta": {
    "AcquisitionMatrixPE": 160,
    "AcquisitionNumber": 1,
    "AcquisitionTime": "09:58:41.000000",
    "CoilString": "HEAD",
    "ConversionSoftware": "dcm2niix",
    "ConversionSoftwareVersion": "v1.0.20220720",
    "DeviceSerialNumber": "0000000000UM3TMR",
    "EchoTime": 0.00184,
    "FlipAngle": 15,
    "ImageOrientationPatientDICOM": [
      1,
      0,
      0,
      0,
      1,
      0
    ],
    "ImageType": [
      "ORIGINAL",
      "PRIMARY",
      "OTHER"
    ],
    "ImagingFrequency": 128.07,
    "InPlanePhaseEncodingDirectionDICOM": "ROW",
    "InstitutionName": "U of M FMRi",
    "InversionTime": 0.5,
    "MRAcquisitionType": "3D",
    "MagneticFieldStrength": 3,
    "Manufacturer": "GE",
    "ManufacturersModelName": "SIGNA EXCITE",
    "Modality": "MR",
    "PatientPosition": "HFS",
    "PercentPhaseFOV": 80,
    "PercentSampling": 100,
    "PixelBandwidth": 122.109,
    "ProtocolName": "neuropsych adole. 3-15-/",
    "PulseSequenceName": "efgre3d",
    "ReconMatrixPE": 256,
    "RepetitionTime": 0.009036,
    "SAR": 0.014753,
    "ScanOptions": "FAST_GEMS\\VB_GEMS\\EDR_GEMS\\PFF",
    "ScanningSequence": "GR",
    "SequenceVariant": "SS\\SP\\SK",
    "SeriesDescription": "3d spgr IR ax",
    "SeriesNumber": 7,
    "ShimSetting": [
      -9,
      -10,
      15
    ],
    "SliceThickness": 1.2,
    "SoftwareVersions": "11",
    "SpacingBetweenSlices": 1.2,
    "SpoilingState": true,
    "StationName": "um3te2",
    "dataset": "MLS",
    "modality": "T1w",
    "session_id": "1",
    "subject_id": "89"
  },
  "cjv": 0.3461260908928655,
  "cnr": 3.8887682243394437,
  "efc": 0.5994704612465728,
  "fber": 10089.81826868524,
  "fwhm_avg": 4.833164022116719,
  "fwhm_x": 5.24429416081763,
  "fwhm_y": 5.04440640618768,
  "fwhm_z": 4.210791499344846,
  "icvs_csf": 0.18715035177110437,
  "icvs_gm": 0.44661872931371654,
  "icvs_wm": 0.3662309189151791,
  "inu_med": 0.5790516138076782,
  "inu_range": 0.3529103010892868,
  "provenance": {
    "md5sum": "5a8fc80529e38a196befa05669e89630",
    "settings": {
      "testing": false
    },
    "software": "mriqc",
    "version": "23.1.0rc0",
    "warnings": {
      "large_rot_frame": true,
      "small_air_mask": false
    }
  },
  "qi_1": 0.0,
  "qi_2": 0.0007059130025459233,
  "rpve_csf": 24.114007737858355,
  "rpve_gm": 11.160558123174033,
  "rpve_wm": 15.966221152989396,
  "size_x": 256,
  "size_y": 256,
  "size_z": 124,
  "snr_csf": 2.252910333963531,
  "snr_gm": 12.20671620274933,
  "snr_total": 12.411505804296581,
  "snr_wm": 22.774890876176883,
  "snrd_csf": 22.379037451547454,
  "snrd_gm": 54.69171623486129,
  "snrd_total": 51.404728487582815,
  "snrd_wm": 77.14343177633972,
  "spacing_x": 1.0156199932098389,
  "spacing_y": 1.0156199932098389,
  "spacing_z": 1.2000000476837158,
  "summary_bg_k": 9.450103960789924,
  "summary_bg_mad": 8.492445211205158,
  "summary_bg_mean": 11.578383878739638,
  "summary_bg_median": 5.728067249059677,
  "summary_bg_n": 1131250.0,
  "summary_bg_p05": 0.0,
  "summary_bg_p95": 46.16369986906648,
  "summary_bg_stdv": 17.32410171478614,
  "summary_csf_k": 4.864077592055717,
  "summary_csf_mad": 117.3298351548081,
  "summary_csf_mean": 298.4652783856962,
  "summary_csf_median": 290.0964584425092,
  "summary_csf_n": 10331.0,
  "summary_csf_p05": 96.26544597186148,
  "summary_csf_p95": 510.06177773699164,
  "summary_csf_stdv": 128.75897173264033,
  "summary_gm_k": 0.06951928962805809,
  "summary_gm_mad": 57.659233276077124,
  "summary_gm_mean": 706.5572287813426,
  "summary_gm_median": 708.9613760299981,
  "summary_gm_n": 28205.0,
  "summary_gm_p05": 606.3837506882846,
  "summary_gm_p95": 798.266466601193,
  "summary_gm_stdv": 58.078585275057584,
  "summary_wm_k": 0.2245146233330595,
  "summary_wm_mad": 43.07681090683669,
  "summary_wm_mean": 1001.9502915184953,
  "summary_wm_median": 999.9999507963657,
  "summary_wm_n": 161583.0,
  "summary_wm_p05": 932.9966378435493,
  "summary_wm_p95": 1077.3288586586714,
  "summary_wm_stdv": 43.90786598467629,
  "tpm_overlap_csf": 0.16184009539189262,
  "tpm_overlap_gm": 0.47627910334547346,
  "tpm_overlap_wm": 0.5305428779922885,
  "wm2max": 0.4687842278203724
}