{
  "bids_meta": {
    "AcquisitionMatrixPE": 160,
    "CoilString": "HEAD",
    "EchoTime": 0.001784,
    "FlipAngle": 15,
    "ImageType": [
      "ORIGINAL",
      "PRIMARY",
      "OTHER"
    ],
    "InPlanePhaseEncodingDirectionDICOM": "ROW",
    "InstitutionName": "U of M FMRi",
    "InversionTime": 0.4,
    "MRAcquisitionType": "3D",
    "Modality": "MR",
    "PatientPosition": "HFS",
    "PercentPhaseFOV": 100,
    "PercentSampling": 100,
    "ReconMatrixPE": 256,
    "RepetitionTime": 0.008948,
    "SAR": 0.017417,
    "ScanningSequence": "GR",
    "SeriesDescription": "3d spgr IR axial",
    "dataset": "MLS",
    "modality": "T1w",
    "session_id": "1",
    "subject_id": "122"
  },
  "cjv": 0.32210324136407575,
  "cnr": 4.239277853299136,
  "efc": 0.6571168037277058,
  "fber": 5749.2076124567475,
  "fwhm_avg": 5.228803355030844,
  "fwhm_x": 5.92368,
  "fwhm_y": 5.94048,
  "fwhm_z": 3.8222500650925304,
  "icvs_csf": 0.19174341914288787,
  "icvs_gm": 0.45382856241235625,
  "icvs_wm": 0.35442801844475585,
  "inu_med": 0.5660702586174011,
  "inu_range": 0.3117735877633094,
  "provenance": {
    "md5sum": "e1e60f37fafa9c62ffe1390df7719d59",
    "settings": {
      "testing": false
    },
    "software": "mriqc",
    "version": "23.1.0rc0",
    "warnings": {
      "large_rot_frame": true,
      "small_air_mask": false
    }
  },
  "qi_1": 0.0,
  "qi_2": 0.001676867236347914,
  "rpve_csf": 13.861926121843558,
  "rpve_gm": 6.3614679120648505,
  "rpve_wm": 9.260086581017655,
  "size_x": 202,
  "size_y": 182,
  "size_z": 107,
  "snr_csf": 1.5511129924066072,
  "snr_gm": 13.095442454436554,
  "snr_total": 12.594764742057762,
  "snr_wm": 23.137738779330125,
  "snrd_csf": 10.693073911452316,
  "snrd_gm": 26.332136670447376,
  "snrd_total": 24.88946989118936,
  "snrd_wm": 37.64319909166839,
  "spacing_x": 1.0,
  "spacing_y": 1.0,
  "spacing_z": 1.399999976158142,
  "summary_bg_k": 8.162707725193188,
  "summary_bg_mad": 0.0,
  "summary_bg_mean": 11.183433054347537,
  "summary_bg_median": 0.0,
  "summary_bg_n": 526213.0,
  "summary_bg_p05": 0.0,
  "summary_bg_p95": 46.76358340680599,
  "summary_bg_stdv": 17.40384468007004,
  "summary_csf_k": 115.33164288000025,
  "summary_csf_mad": 76.62556263762313,
  "summary_csf_mean": 303.6137569256036,
  "summary_csf_median": 284.0638949498534,
  "summary_csf_n": 14760.0,
  "summary_csf_p05": 143.81460180692375,
  "summary_csf_p95": 481.0292339019475,
  "summary_csf_stdv": 183.12932289057252,
  "summary_gm_k": -0.22229083137367933,
  "summary_gm_mad": 56.629159125772816,
  "summary_gm_mean": 697.5409774334752,
  "summary_gm_median": 699.5190874859691,
  "summary_gm_n": 17130.0,
  "summary_gm_p05": 608.2278390515596,
  "summary_gm_p95": 779.4234586369246,
  "summary_gm_stdv": 53.41542843384248,
  "summary_wm_k": 0.8630114156708744,
  "summary_wm_mad": 40.156711970519076,
  "summary_wm_mean": 1004.4827545867875,
  "summary_wm_median": 999.9999851211905,
  "summary_wm_n": 107472.0,
  "summary_wm_p05": 941.5178678110242,
  "summary_wm_p95": 1081.3664092049003,
  "summary_wm_stdv": 43.2192334036203,
  "tpm_overlap_csf": 0.16062186192647396,
  "tpm_overlap_gm": 0.4824705370690945,
  "tpm_overlap_wm": 0.4949145110589622,
  "wm2max": 0.30890991052523736
}