{
  "bids_meta": {
    "AcquisitionMatrixPE": 160,
    "AcquisitionNumber": 1,
    "AcquisitionTime": "15:27:55.000000",
    "CoilString": "HEAD",
    "ConversionSoftware": "dcm2niix",
    "ConversionSoftwareVersion": "v1.0.20220720",
    "DeviceSerialNumber": "000000000000GEHC",
    "EchoTime": 0.005176,
    "FlipAngle": 15,
    "ImageOrientationPatientDICOM": [
      1,
      0,
      0,
      0,
      1,
      0
    ],
    "ImageType": [
      "ORIGINAL",
      "PRIMARY",
      "OTHER"
    ],
    "ImagingFrequency": 127.789,
    "InPlanePhaseEncodingDirectionDICOM": "ROW",
    "InstitutionName": "U Of M research",
    "InversionTime": 0.5,
    "MRAcquisitionType": "3D",
    "MagneticFieldStrength": 3,
    "Manufacturer": "GE",
    "ManufacturersModelName": "DISCOVERY MR750",
    "Modality": "MR",
    "PatientPosition": "HFS",
    "PercentPhaseFOV": 75,
    "PercentSampling": 100,
    "PixelBandwidth": 122.109,
    "PrescanReuseString": "TG/s1,CF/s2,AS/s2",
    "ProtocolName": "neuropsych2 12/22/14",
    "PulseSequenceName": "BRAVO",
    "ReconMatrixPE": 256,
    "RepetitionTime": 0.012224,
    "SAR": 0.0324045,
    "ScanOptions": "FAST_GEMS\\EDR_GEMS",
    "ScanningSequence": "GR",
    "SequenceVariant": "SS\\SK",
    "SeriesDescription": "t1spgr_124sl",
    "SeriesNumber": 7,
    "ShimSetting": [
      1,
      1,
      -16
    ],
    "SliceThickness": 1.2,
    "SoftwareVersions": "24\\LX\\MR Software release:DV24.0_R01_1344.a",
    "SpacingBetweenSlices": 1.2,
    "StationName": "GEHCGEHC",
    "dataset": "MLS",
    "modality": "T1w",
    "session_id": "2",
    "subject_id": "162"
  },
  "cjv": 0.3379283807299734,
  "cnr": 3.9915792553702683,
  "efc": 0.576951468002363,
  "fber": 15446.550688285704,
  "fwhm_avg": 5.094816553372105,
  "fwhm_x": 5.454618142170816,
  "fwhm_y": 5.333556696611409,
  "fwhm_z": 4.496274821334091,
  "icvs_csf": 0.21474568879299802,
  "icvs_gm": 0.4176893719170793,
  "icvs_wm": 0.3675649392899227,
  "inu_med": 0.5274787545204163,
  "inu_range": 0.30048969388008107,
  "provenance": {
    "md5sum": "6c97b40d356a523eeb86b7a1ce147694",
    "settings": {
      "testing": false
    },
    "software": "mriqc",
    "version": "23.1.0rc0",
    "warnings": {
      "large_rot_frame": true,
      "small_air_mask": false
    }
  },
  "qi_1": 5.258027592510951e-05,
  "qi_2": 0.0007839958439668396,
  "rpve_csf": 20.155799893901328,
  "rpve_gm": 10.513402735338124,
  "rpve_wm": 14.321222832271278,
  "size_x": 256,
  "size_y": 256,
  "size_z": 124,
  "snr_csf": 2.2015492967468417,
  "snr_gm": 12.007542265305695,
  "snr_total": 13.603527386203107,
  "snr_wm": 26.60149059655679,
  "snrd_csf": 31.12756592952791,
  "snrd_gm": 77.52525854146573,
  "snrd_total": 72.3867397213532,
  "snrd_wm": 108.50739469306593,
  "spacing_x": 1.0155999660491943,
  "spacing_y": 1.0155999660491943,
  "spacing_z": 1.2000000476837158,
  "summary_bg_k": 29.318613631301567,
  "summary_bg_mad": 6.037711811214887,
  "summary_bg_mean": 8.544548047491357,
  "summary_bg_median": 4.072374731302261,
  "summary_bg_n": 1561171.0,
  "summary_bg_p05": 0.0,
  "summary_bg_p95": 33.171811893582344,
  "summary_bg_stdv": 12.789071078138123,
  "summary_csf_k": 6.568492317697009,
  "summary_csf_mad": 119.14927485675962,
  "summary_csf_mean": 285.8814330665134,
  "summary_csf_median": 286.8704478442669,
  "summary_csf_n": 22203.0,
  "summary_csf_p05": 78.3055801972747,
  "summary_csf_p95": 485.0713795453309,
  "summary_csf_stdv": 130.30096033838026,
  "summary_gm_k": -0.09580502842264593,
  "summary_gm_mad": 60.64461167340523,
  "summary_gm_mean": 712.271988989524,
  "summary_gm_median": 714.4697946310043,
  "summary_gm_n": 20705.0,
  "summary_gm_p05": 611.9181200683117,
  "summary_gm_p95": 806.0209025144577,
  "summary_gm_stdv": 59.50031447567861,
  "summary_wm_k": 0.6514200654649844,
  "summary_wm_mad": 35.844137208351675,
  "summary_wm_mean": 1000.8074133862393,
  "summary_wm_median": 999.9999672472477,
  "summary_wm_n": 181823.0,
  "summary_wm_p05": 941.1051807850599,
  "summary_wm_p95": 1063.5315905079244,
  "summary_wm_stdv": 37.59177380255022,
  "tpm_overlap_csf": 0.15287007312655285,
  "tpm_overlap_gm": 0.46101618755003704,
  "tpm_overlap_wm": 0.5191406198460703,
  "wm2max": 0.6798281463553671
}