{
  "bids_meta": {
    "AcquisitionMatrixPE": 160,
    "CoilString": "HEAD",
    "EchoTime": 0.001784,
    "FlipAngle": 15,
    "ImageType": [
      "ORIGINAL",
      "PRIMARY",
      "OTHER"
    ],
    "InPlanePhaseEncodingDirectionDICOM": "ROW",
    "InstitutionName": "U of M FMRi",
    "InversionTime": 0.4,
    "MRAcquisitionType": "3D",
    "Modality": "MR",
    "PatientPosition": "HFS",
    "PercentPhaseFOV": 100,
    "PercentSampling": 100,
    "ReconMatrixPE": 256,
    "RepetitionTime": 0.008948,
    "SAR": 0.017417,
    "ScanningSequence": "GR",
    "SeriesDescription": "3d spgr IR axial",
    "dataset": "MLS",
    "modality": "T1w",
    "session_id": "1",
    "subject_id": "88"
  },
  "cjv": 0.43169345989309404,
  "cnr": 2.8378023584953613,
  "efc": 0.5329423981326049,
  "fber": 2590.761292094961,
  "fwhm_avg": 3.210806219272173,
  "fwhm_x": 3.8917340524240607,
  "fwhm_y": 3.8037766053924575,
  "fwhm_z": 1.936908,
  "icvs_csf": 0.23754401057278934,
  "icvs_gm": 0.37407295313784966,
  "icvs_wm": 0.388383036289361,
  "inu_med": 0.883631020784378,
  "inu_range": 0.6556961119174958,
  "provenance": {
    "md5sum": "27b1e267a7d3e5256b3c349f723bde68",
    "settings": {
      "testing": false
    },
    "software": "mriqc",
    "version": "23.1.0rc0",
    "warnings": {
      "large_rot_frame": true,
      "small_air_mask": false
    }
  },
  "qi_1": 0.00011626800832901732,
  "qi_2": 0.0011983119683205486,
  "rpve_csf": 16.077430901639005,
  "rpve_gm": 9.54462008735793,
  "rpve_wm": 11.605046632990602,
  "size_x": 256,
  "size_y": 256,
  "size_z": 60,
  "snr_csf": 1.006275547086961,
  "snr_gm": 7.505817651965877,
  "snr_total": 6.578807468853796,
  "snr_wm": 11.224329207508552,
  "snrd_csf": 8.543067211086964,
  "snrd_gm": 22.48620200768098,
  "snrd_total": 22.194140590601478,
  "snrd_wm": 35.55315255303648,
  "spacing_x": 0.9399999976158142,
  "spacing_y": 0.9399999976158142,
  "spacing_z": 2.5,
  "summary_bg_k": 30.41706084473872,
  "summary_bg_mad": 18.259529802930544,
  "summary_bg_mean": 26.41069788779178,
  "summary_bg_median": 12.315865695476532,
  "summary_bg_n": 1040578.0,
  "summary_bg_p05": 0.0,
  "summary_bg_p95": 103.59816437959671,
  "summary_bg_stdv": 41.28657122475169,
  "summary_csf_k": 19.16688243599291,
  "summary_csf_mad": 116.09122624706332,
  "summary_csf_mean": 271.7653569429506,
  "summary_csf_median": 238.10673677921295,
  "summary_csf_n": 107266.0,
  "summary_csf_p05": 58.21359557285905,
  "summary_csf_p95": 494.9740385822952,
  "summary_csf_stdv": 236.62070252702895,
  "summary_gm_k": 0.181785668359137,
  "summary_gm_mad": 80.0197041363721,
  "summary_gm_mean": 624.7535270656182,
  "summary_gm_median": 626.7205969840288,
  "summary_gm_n": 140176.0,
  "summary_gm_p05": 482.7336377501488,
  "summary_gm_p95": 759.9009877890348,
  "summary_gm_stdv": 83.49768014126535,
  "summary_wm_k": 2.1926334747952536,
  "summary_wm_mad": 77.20021791680193,
  "summary_wm_mean": 1000.7691598712339,
  "summary_wm_median": 990.914027415216,
  "summary_wm_n": 205936.0,
  "summary_wm_p05": 878.2902653813362,
  "summary_wm_p95": 1159.0346499420702,
  "summary_wm_stdv": 88.2824802457531,
  "tpm_overlap_csf": 0.14405658418281383,
  "tpm_overlap_gm": 0.41174569796529414,
  "tpm_overlap_wm": 0.44417557960473164,
  "wm2max": 0.2837844074978456
}