{
	"Modality": "MR",
	"MagneticFieldStrength": 3,
	"ImagingFrequency": 127.789,
	"Manufacturer": "GE",
	"ManufacturersModelName": "DISCOVERY MR750",
	"InstitutionName": "U Of M research",
	"DeviceSerialNumber": "000000000000GEHC",
	"StationName": "GEHCGEHC",
	"PatientPosition": "HFS",
	"SoftwareVersions": "24\\LX\\MR Software release:DV24.0_R01_1344.a",
	"MRAcquisitionType": "2D",
	"SeriesDescription": "t1overlay_29sl",
	"ProtocolName": "neuropsych2_rev._w_delay",
	"ScanningSequence": "GR",
	"SequenceVariant": "SS\\SK",
	"ScanOptions": "FAST_GEMS\\FC\\EDR_GEMS\\PFF",
	"PulseSequenceName": "fgre",
	"ImageType": ["ORIGINAL", "PRIMARY", "OTHER"],
	"SeriesNumber": 2,
	"AcquisitionTime": "13:40:7.000000",
	"AcquisitionNumber": 1,
	"SliceThickness": 4,
	"SpacingBetweenSlices": 4,
	"SAR": 0.125652,
	"NumberOfAverages": 2,
	"EchoTime": 0.003568,
	"RepetitionTime": 0.325,
	"FlipAngle": 90,
	"ShimSetting": [
		3,
		4,
		-17	],
	"PrescanReuseString": "TG/s1,CF/s1,AS/s1",
	"CoilString": "HEAD",
	"NumberOfExcitations": 2,
	"PercentPhaseFOV": 100,
	"PercentSampling": 100,
	"AcquisitionMatrixPE": 160,
	"ReconMatrixPE": 256,
	"PixelBandwidth": 122.109,
	"PhaseEncodingAxis": "i",
	"ImageOrientationPatientDICOM": [
		1,
		-0,
		0,
		-0,
		0.977069,
		-0.212921	],
	"InPlanePhaseEncodingDirectionDICOM": "ROW",
	"ConversionSoftware": "dcm2niix",
	"ConversionSoftwareVersion": "v1.0.20220720"
}
