{
  "bids_meta": {
    "AcquisitionMatrixPE": 160,
    "AcquisitionNumber": 1,
    "AcquisitionTime": "14:15:49.000000",
    "CoilString": "HEAD",
    "ConversionSoftware": "dcm2niix",
    "ConversionSoftwareVersion": "v1.0.20220720",
    "DeviceSerialNumber": "0000000000UM3TMR",
    "EchoTime": 0.00184,
    "FlipAngle": 15,
    "ImageOrientationPatientDICOM": [
      1,
      0,
      0,
      0,
      1,
      0
    ],
    "ImageType": [
      "ORIGINAL",
      "PRIMARY",
      "OTHER"
    ],
    "ImagingFrequency": 128.07,
    "InPlanePhaseEncodingDirectionDICOM": "ROW",
    "InstitutionName": "U of M FMRi",
    "InversionTime": 0.5,
    "MRAcquisitionType": "3D",
    "MagneticFieldStrength": 3,
    "Manufacturer": "GE",
    "ManufacturersModelName": "SIGNA EXCITE",
    "Modality": "MR",
    "PatientPosition": "HFS",
    "PercentPhaseFOV": 80,
    "PercentSampling": 100,
    "PixelBandwidth": 122.109,
    "ProtocolName": "neuropsych adole. 3-15-/",
    "PulseSequenceName": "efgre3d",
    "ReconMatrixPE": 256,
    "RepetitionTime": 0.009036,
    "SAR": 0.012284,
    "ScanOptions": "FAST_GEMS\\VB_GEMS\\EDR_GEMS\\PFF",
    "ScanningSequence": "GR",
    "SequenceVariant": "SS\\SP\\SK",
    "SeriesDescription": "3d spgr IR ax",
    "SeriesNumber": 7,
    "ShimSetting": [
      -2,
      -6,
      21
    ],
    "SliceThickness": 1.2,
    "SoftwareVersions": "11",
    "SpacingBetweenSlices": 1.2,
    "SpoilingState": true,
    "StationName": "um3te2",
    "dataset": "MLS",
    "modality": "T1w",
    "session_id": "1",
    "subject_id": "156"
  },
  "cjv": 0.3776879029521852,
  "cnr": 3.434900054367808,
  "efc": 0.5912349992053211,
  "fber": 10411.117495943754,
  "fwhm_avg": 4.612076740021739,
  "fwhm_x": 5.054833534514025,
  "fwhm_y": 4.722888513488484,
  "fwhm_z": 4.058508172062708,
  "icvs_csf": 0.19806882906782064,
  "icvs_gm": 0.41569852202067603,
  "icvs_wm": 0.38623264891150333,
  "inu_med": 0.7079998850822449,
  "inu_range": 0.5441824585199354,
  "provenance": {
    "md5sum": "cb4bd2e625e74e3405c7c7b6a00b23e9",
    "settings": {
      "testing": false
    },
    "software": "mriqc",
    "version": "23.1.0rc0",
    "warnings": {
      "large_rot_frame": true,
      "small_air_mask": false
    }
  },
  "qi_1": 0.0,
  "qi_2": 0.0004547090138579549,
  "rpve_csf": 22.82712845000099,
  "rpve_gm": 10.849396820650142,
  "rpve_wm": 13.488076190284515,
  "size_x": 256,
  "size_y": 256,
  "size_z": 124,
  "snr_csf": 1.6041788189298967,
  "snr_gm": 11.154944899513689,
  "snr_total": 9.581936382674522,
  "snr_wm": 15.986685429579982,
  "snrd_csf": 20.624084839206226,
  "snrd_gm": 46.53343438304029,
  "snrd_total": 44.94496684886252,
  "snrd_wm": 67.67738132434106,
  "spacing_x": 1.0156199932098389,
  "spacing_y": 1.0156199932098389,
  "spacing_z": 1.2000000476837158,
  "summary_bg_k": 10.251832880458915,
  "summary_bg_mad": 9.680698640675933,
  "summary_bg_mean": 15.731763881722792,
  "summary_bg_median": 6.529532007873058,
  "summary_bg_n": 1750442.0,
  "summary_bg_p05": 0.0,
  "summary_bg_p95": 62.734719291329384,
  "summary_bg_stdv": 23.687103642576513,
  "summary_csf_k": 35.221239427175554,
  "summary_csf_mad": 102.12187977811084,
  "summary_csf_mean": 324.6480405617295,
  "summary_csf_median": 304.75417038053274,
  "summary_csf_n": 19643.0,
  "summary_csf_p05": 121.85472380444408,
  "summary_csf_p95": 516.8145922571421,
  "summary_csf_stdv": 189.97035078833903,
  "summary_gm_k": 0.07104268326270446,
  "summary_gm_mad": 60.425275829055664,
  "summary_gm_mean": 687.5824827465572,
  "summary_gm_median": 687.6066647768021,
  "summary_gm_n": 17011.0,
  "summary_gm_p05": 584.4357913844287,
  "summary_gm_p95": 788.1742607019842,
  "summary_gm_stdv": 61.639610058655656,
  "summary_wm_k": 0.815550662530169,
  "summary_wm_mad": 57.578011522974506,
  "summary_wm_mean": 1006.4721633310363,
  "summary_wm_median": 1000.0426375195384,
  "summary_wm_n": 149488.0,
  "summary_wm_p05": 915.2013980969787,
  "summary_wm_p95": 1119.2386041730642,
  "summary_wm_stdv": 62.55451119160016,
  "tpm_overlap_csf": 0.16453122376925647,
  "tpm_overlap_gm": 0.4438069113932862,
  "tpm_overlap_wm": 0.4759606204427128,
  "wm2max": 0.4359160077862136
}