{
  "bids_meta": {
    "AcquisitionMatrixPE": 160,
    "AcquisitionNumber": 1,
    "AcquisitionTime": "13:58:14.000000",
    "CoilString": "HEAD",
    "ConversionSoftware": "dcm2niix",
    "ConversionSoftwareVersion": "v1.0.20220720",
    "DeviceSerialNumber": "000000000000MR01",
    "EchoTime": 0.005176,
    "FlipAngle": 15,
    "ImageOrientationPatientDICOM": [
      1,
      0,
      0,
      0,
      1,
      0
    ],
    "ImageType": [
      "ORIGINAL",
      "PRIMARY",
      "OTHER"
    ],
    "ImagingFrequency": 127.768,
    "InPlanePhaseEncodingDirectionDICOM": "ROW",
    "InstitutionName": "UOFMResearch",
    "InversionTime": 0.5,
    "MRAcquisitionType": "3D",
    "MagneticFieldStrength": 3,
    "Manufacturer": "GE",
    "ManufacturersModelName": "DISCOVERY MR750",
    "Modality": "MR",
    "PatientPosition": "HFS",
    "PercentPhaseFOV": 75,
    "PercentSampling": 100,
    "PixelBandwidth": 122.109,
    "PrescanReuseString": "TG/s1,CF/s1,AS/s1",
    "ProtocolName": "neuropsych 12/13/12",
    "PulseSequenceName": "BRAVO",
    "ReconMatrixPE": 256,
    "RepetitionTime": 0.012224,
    "SAR": 0.0324045,
    "ScanOptions": "FAST_GEMS\\EDR_GEMS",
    "ScanningSequence": "GR",
    "SequenceVariant": "SS\\SK",
    "SeriesDescription": "AxFSPGR 124sl",
    "SeriesNumber": 8,
    "ShimSetting": [
      2,
      10,
      -19
    ],
    "SliceThickness": 1.2,
    "SoftwareVersions": "23\\LX\\MR Software release:DV22.0_V02_1122.a",
    "SpacingBetweenSlices": 1.2,
    "StationName": "MR01MR01",
    "dataset": "MLS",
    "modality": "T1w",
    "session_id": "1",
    "subject_id": "238"
  },
  "cjv": 0.318751162843237,
  "cnr": 4.2297511343410035,
  "efc": 0.5879315794706089,
  "fber": 11411.95081364572,
  "fwhm_avg": 4.792438640071878,
  "fwhm_x": 5.168698479205866,
  "fwhm_y": 5.042792606544773,
  "fwhm_z": 4.165824834464994,
  "icvs_csf": 0.19133905117716238,
  "icvs_gm": 0.447411539039663,
  "icvs_wm": 0.3612494097831746,
  "inu_med": 0.5839171409606934,
  "inu_range": 0.3398818075656891,
  "provenance": {
    "md5sum": "a0db0aff35a18ca1317550de1323a3a7",
    "settings": {
      "testing": false
    },
    "software": "mriqc",
    "version": "23.1.0rc0",
    "warnings": {
      "large_rot_frame": true,
      "small_air_mask": false
    }
  },
  "qi_1": 0.0,
  "qi_2": 0.0007907307599593328,
  "rpve_csf": 26.046054012171304,
  "rpve_gm": 12.020972547158761,
  "rpve_wm": 17.121278741427997,
  "size_x": 256,
  "size_y": 256,
  "size_z": 124,
  "snr_csf": 2.0895290294933258,
  "snr_gm": 10.731167517062374,
  "snr_total": 11.598276309663715,
  "snr_wm": 21.974132382435446,
  "snrd_csf": 22.66379546173486,
  "snrd_gm": 61.71984514632188,
  "snrd_total": 58.986028146180736,
  "snrd_wm": 92.57444383048546,
  "spacing_x": 1.0155999660491943,
  "spacing_y": 1.0155999660491943,
  "spacing_z": 1.2000000476837158,
  "summary_bg_k": 6.866290759472898,
  "summary_bg_mad": 7.077063759876308,
  "summary_bg_mean": 11.539327676652345,
  "summary_bg_median": 4.773406967520714,
  "summary_bg_n": 1399343.0,
  "summary_bg_p05": 0.0,
  "summary_bg_p95": 45.203588873147964,
  "summary_bg_stdv": 16.685629899082926,
  "summary_csf_k": 0.3031704320978914,
  "summary_csf_mad": 121.3759067733003,
  "summary_csf_mean": 251.48812101410178,
  "summary_csf_median": 244.82401759922504,
  "summary_csf_n": 12800.0,
  "summary_csf_p05": 70.87934237495065,
  "summary_csf_p95": 448.29911622889335,
  "summary_csf_stdv": 117.1625043341023,
  "summary_gm_k": -0.12079390651425781,
  "summary_gm_mad": 63.7362067531029,
  "summary_gm_mean": 665.6855029105017,
  "summary_gm_median": 666.7241804152727,
  "summary_gm_n": 25783.0,
  "summary_gm_p05": 563.0664850145579,
  "summary_gm_p95": 765.3841762319207,
  "summary_gm_stdv": 62.12849158296479,
  "summary_wm_k": 0.6805420489129155,
  "summary_wm_mad": 42.50501547347397,
  "summary_wm_mean": 1000.7790040255427,
  "summary_wm_median": 1000.0287596955895,
  "summary_wm_n": 140646.0,
  "summary_wm_p05": 927.2486811727285,
  "summary_wm_p95": 1076.4895375669003,
  "summary_wm_stdv": 45.50920087118915,
  "tpm_overlap_csf": 0.14461740343377755,
  "tpm_overlap_gm": 0.47156232575208906,
  "tpm_overlap_wm": 0.5157663311285493,
  "wm2max": 0.6063700307684337
}