{
  "bids_meta": {
    "AcquisitionMatrixPE": 160,
    "AcquisitionNumber": 1,
    "AcquisitionTime": "18:10:29.000000",
    "CoilString": "HEAD",
    "ConversionSoftware": "dcm2niix",
    "ConversionSoftwareVersion": "v1.0.20220720",
    "DeviceSerialNumber": "0007347633TMRFIX",
    "EchoTime": 0.005176,
    "FlipAngle": 15,
    "ImageOrientationPatientDICOM": [
      1,
      0,
      0,
      0,
      1,
      0
    ],
    "ImageType": [
      "ORIGINAL",
      "PRIMARY",
      "OTHER"
    ],
    "ImagingFrequency": 127.789,
    "InPlanePhaseEncodingDirectionDICOM": "ROW",
    "InstitutionName": "U Of M research",
    "InversionTime": 0.5,
    "MRAcquisitionType": "3D",
    "MagneticFieldStrength": 3,
    "Manufacturer": "GE",
    "ManufacturersModelName": "DISCOVERY MR750",
    "Modality": "MR",
    "PatientPosition": "HFS",
    "PercentPhaseFOV": 75,
    "PercentSampling": 100,
    "PixelBandwidth": 122.109,
    "PrescanReuseString": "TG/s2,CF/s2,AS/s2",
    "ProtocolName": "neuropsych2 12/22/14",
    "PulseSequenceName": "BRAVO",
    "ReconMatrixPE": 256,
    "RepetitionTime": 0.012224,
    "SAR": 0.0324045,
    "ScanOptions": "FAST_GEMS\\EDR_GEMS",
    "ScanningSequence": "GR",
    "SequenceVariant": "SS\\SK",
    "SeriesDescription": "t1spgr_124sl",
    "SeriesNumber": 7,
    "ShimSetting": [
      -2,
      5,
      -17
    ],
    "SliceThickness": 1.2,
    "SoftwareVersions": "25\\LX\\MR Software release:DV25.0_R01_1451.a",
    "SpacingBetweenSlices": 1.2,
    "StationName": "GEHCGEHC",
    "dataset": "MLS",
    "modality": "T1w",
    "session_id": "2",
    "subject_id": "199"
  },
  "cjv": 0.3078198769103571,
  "cnr": 4.490238456942812,
  "efc": 0.5849847011650622,
  "fber": 13838.09125434028,
  "fwhm_avg": 4.705465484585286,
  "fwhm_x": 5.126457438014337,
  "fwhm_y": 4.8517725135108165,
  "fwhm_z": 4.138166502230703,
  "icvs_csf": 0.20305328888858645,
  "icvs_gm": 0.44902857751460373,
  "icvs_wm": 0.3479181335968098,
  "inu_med": 0.5430582165718079,
  "inu_range": 0.26434106528759,
  "provenance": {
    "md5sum": "633156efa0d3b3f22d3cb2bc127e5827",
    "settings": {
      "testing": false
    },
    "software": "mriqc",
    "version": "23.1.0rc0",
    "warnings": {
      "large_rot_frame": true,
      "small_air_mask": false
    }
  },
  "qi_1": 0.0,
  "qi_2": 0.0005874277090530281,
  "rpve_csf": 24.152854117555435,
  "rpve_gm": 11.692865316071671,
  "rpve_wm": 17.467339252026743,
  "size_x": 256,
  "size_y": 256,
  "size_z": 124,
  "snr_csf": 2.183944161032274,
  "snr_gm": 10.80677288270488,
  "snr_total": 12.675925072142533,
  "snr_wm": 25.037058172690443,
  "snrd_csf": 27.297926691412815,
  "snrd_gm": 72.45505396406665,
  "snrd_total": 69.50276462050512,
  "snrd_wm": 108.75531320603586,
  "spacing_x": 1.0155999660491943,
  "spacing_y": 1.0155999660491943,
  "spacing_z": 1.2000000476837158,
  "summary_bg_k": 10.174326615158114,
  "summary_bg_mad": 6.023948565385454,
  "summary_bg_mean": 7.8029118688303996,
  "summary_bg_median": 4.06309156306088,
  "summary_bg_n": 1262891.0,
  "summary_bg_p05": 0.0,
  "summary_bg_p95": 30.561514800414443,
  "summary_bg_stdv": 11.399298551134658,
  "summary_csf_k": 4.906849628016173,
  "summary_csf_mad": 107.70146549976417,
  "summary_csf_mean": 250.39291140874437,
  "summary_csf_median": 251.0031595416367,
  "summary_csf_n": 15308.0,
  "summary_csf_p05": 68.91356603261083,
  "summary_csf_p95": 437.7955922604538,
  "summary_csf_stdv": 114.92737106347704,
  "summary_gm_k": -0.07715502201547864,
  "summary_gm_mad": 63.30758368094527,
  "summary_gm_mean": 665.2810615934718,
  "summary_gm_median": 666.2208333741874,
  "summary_gm_n": 29561.0,
  "summary_gm_p05": 562.649853406474,
  "summary_gm_p95": 764.2397627588362,
  "summary_gm_stdv": 61.64741055747364,
  "summary_wm_k": 0.27147237489659526,
  "summary_wm_mad": 39.436284396995454,
  "summary_wm_mean": 998.651924957263,
  "summary_wm_median": 1000.0000197906047,
  "summary_wm_n": 142501.0,
  "summary_wm_p05": 931.0031729992479,
  "summary_wm_p95": 1061.6530178561807,
  "summary_wm_stdv": 39.94065533337435,
  "tpm_overlap_csf": 0.14439461237483575,
  "tpm_overlap_gm": 0.47940463492973756,
  "tpm_overlap_wm": 0.5065428907487284,
  "wm2max": 0.6633046009309657
}