{
  "bids_meta": {
    "AcquisitionMatrixPE": 160,
    "CoilString": "HEAD",
    "EchoTime": 0.001784,
    "FlipAngle": 15,
    "ImageType": [
      "ORIGINAL",
      "PRIMARY",
      "OTHER"
    ],
    "InPlanePhaseEncodingDirectionDICOM": "ROW",
    "InstitutionName": "U of M FMRi",
    "InversionTime": 0.4,
    "MRAcquisitionType": "3D",
    "Modality": "MR",
    "PatientPosition": "HFS",
    "PercentPhaseFOV": 100,
    "PercentSampling": 100,
    "ReconMatrixPE": 256,
    "RepetitionTime": 0.008948,
    "SAR": 0.017417,
    "ScanningSequence": "GR",
    "SeriesDescription": "3d spgr IR axial",
    "dataset": "MLS",
    "modality": "T1w",
    "session_id": "1",
    "subject_id": "37"
  },
  "cjv": 0.29702008698351984,
  "cnr": 4.694455065501317,
  "efc": 0.7068668349402996,
  "fber": -1.0,
  "fwhm_avg": 5.300139069246776,
  "fwhm_x": 5.87351,
  "fwhm_y": 6.21695,
  "fwhm_z": 3.8099572077403274,
  "icvs_csf": 0.18575528124392365,
  "icvs_gm": 0.45250487971015824,
  "icvs_wm": 0.3617398390459181,
  "inu_med": 0.5093113780021667,
  "inu_range": 0.270203560590744,
  "provenance": {
    "md5sum": "6f5c9f47b78ae902f95ebda847c3bc82",
    "settings": {
      "testing": false
    },
    "software": "mriqc",
    "version": "23.1.0rc0",
    "warnings": {
      "large_rot_frame": true,
      "small_air_mask": false
    }
  },
  "qi_1": 0.0,
  "qi_2": 0.0022646734030419753,
  "rpve_csf": 13.518117270820191,
  "rpve_gm": 6.172222977289098,
  "rpve_wm": 9.160337498338693,
  "size_x": 202,
  "size_y": 207,
  "size_z": 112,
  "snr_csf": 2.1947683061728194,
  "snr_gm": 13.056648134286432,
  "snr_total": 13.625433408584135,
  "snr_wm": 25.62488378529315,
  "snrd_csf": 18.436030385195515,
  "snrd_gm": 44.041761470179054,
  "snrd_total": 42.15304031512192,
  "snrd_wm": 63.981329089991206,
  "spacing_x": 1.0,
  "spacing_y": 1.0,
  "spacing_z": 1.399999976158142,
  "summary_bg_k": 10.200438847873533,
  "summary_bg_mad": 0.0,
  "summary_bg_mean": 6.006056092927343,
  "summary_bg_median": 0.0,
  "summary_bg_n": 598440.0,
  "summary_bg_p05": 0.0,
  "summary_bg_p95": 27.194299083203077,
  "summary_bg_stdv": 10.239493639311766,
  "summary_csf_k": 62.999299676148226,
  "summary_csf_mad": 85.19679824557157,
  "summary_csf_mean": 303.66056567512476,
  "summary_csf_median": 288.1470421478152,
  "summary_csf_n": 10897.0,
  "summary_csf_p05": 145.00375364944338,
  "summary_csf_p95": 475.65642299875594,
  "summary_csf_stdv": 131.28211285034124,
  "summary_gm_k": -0.1498437631973899,
  "summary_gm_mad": 55.13878946506802,
  "summary_gm_mean": 686.4709511183977,
  "summary_gm_median": 688.35335120745,
  "summary_gm_n": 30760.0,
  "summary_gm_p05": 598.6496736109257,
  "summary_gm_p95": 769.0922874510288,
  "summary_gm_stdv": 52.71966855032677,
  "summary_wm_k": 0.45803264649871744,
  "summary_wm_mad": 37.426530821977586,
  "summary_wm_mean": 1002.2802515441209,
  "summary_wm_median": 1000.0000187009573,
  "summary_wm_n": 146861.0,
  "summary_wm_p05": 942.1980671323836,
  "summary_wm_p95": 1069.4298774637282,
  "summary_wm_stdv": 39.024435095747975,
  "tpm_overlap_csf": 0.16482533553153716,
  "tpm_overlap_gm": 0.476408657465426,
  "tpm_overlap_wm": 0.5116533412935264,
  "wm2max": 0.450608686388378
}