{
  "bids_meta": {
    "AcquisitionMatrixPE": 160,
    "AcquisitionNumber": 1,
    "AcquisitionTime": "15:58:0.000000",
    "CoilString": "HEAD",
    "ConversionSoftware": "dcm2niix",
    "ConversionSoftwareVersion": "v1.0.20220720",
    "DeviceSerialNumber": "0000000000UM3TMR",
    "EchoTime": 0.00184,
    "FlipAngle": 15,
    "ImageOrientationPatientDICOM": [
      1,
      0,
      0,
      0,
      1,
      0
    ],
    "ImageType": [
      "ORIGINAL",
      "PRIMARY",
      "OTHER"
    ],
    "ImagingFrequency": 128.07,
    "InPlanePhaseEncodingDirectionDICOM": "ROW",
    "InstitutionName": "U of M FMRi",
    "InversionTime": 0.5,
    "MRAcquisitionType": "3D",
    "MagneticFieldStrength": 3,
    "Manufacturer": "GE",
    "ManufacturersModelName": "SIGNA EXCITE",
    "Modality": "MR",
    "PatientPosition": "HFS",
    "PercentPhaseFOV": 80,
    "PercentSampling": 100,
    "PixelBandwidth": 122.109,
    "ProtocolName": "neuropsych adole. 3-15-/",
    "PulseSequenceName": "efgre3d",
    "ReconMatrixPE": 256,
    "RepetitionTime": 0.009036,
    "SAR": 0.013955,
    "ScanOptions": "FAST_GEMS\\VB_GEMS\\EDR_GEMS\\PFF",
    "ScanningSequence": "GR",
    "SequenceVariant": "SS\\SP\\SK",
    "SeriesDescription": "3d spgr IR ax",
    "SeriesNumber": 6,
    "ShimSetting": [
      -5,
      -10,
      22
    ],
    "SliceThickness": 1.2,
    "SoftwareVersions": "11",
    "SpacingBetweenSlices": 1.2,
    "SpoilingState": true,
    "StationName": "um3te2",
    "dataset": "MLS",
    "modality": "T1w",
    "session_id": "2",
    "subject_id": "75"
  },
  "cjv": 0.33059740721394215,
  "cnr": 4.110495706204255,
  "efc": 0.6000502200077561,
  "fber": 16766.228501986807,
  "fwhm_avg": 4.615856563546758,
  "fwhm_x": 4.973464517999473,
  "fwhm_y": 4.826805333466046,
  "fwhm_z": 4.047299839174754,
  "icvs_csf": 0.1589882600585197,
  "icvs_gm": 0.47835066088128514,
  "icvs_wm": 0.3626610790601951,
  "inu_med": 0.5765408277511597,
  "inu_range": 0.35620136708021166,
  "provenance": {
    "md5sum": "b635f766d2e0f4d996974ce7cb6da0a2",
    "settings": {
      "testing": false
    },
    "software": "mriqc",
    "version": "23.1.0rc0",
    "warnings": {
      "large_rot_frame": true,
      "small_air_mask": false
    }
  },
  "qi_1": 0.0,
  "qi_2": 0.000966222745939322,
  "rpve_csf": 25.81685224291291,
  "rpve_gm": 9.717407659491718,
  "rpve_wm": 14.021222410865875,
  "size_x": 256,
  "size_y": 256,
  "size_z": 124,
  "snr_csf": 2.874342009252242,
  "snr_gm": 13.083574356893381,
  "snr_total": 12.70429763453886,
  "snr_wm": 22.154976537470954,
  "snrd_csf": 28.712844102159806,
  "snrd_gm": 65.93272660305519,
  "snrd_total": 62.792921573726154,
  "snrd_wm": 93.73319401596346,
  "spacing_x": 1.0156199932098389,
  "spacing_y": 1.0156199932098389,
  "spacing_z": 1.2000000476837158,
  "summary_bg_k": 7.7472680592700645,
  "summary_bg_mad": 6.989374384781583,
  "summary_bg_mean": 11.304755240122223,
  "summary_bg_median": 4.714261382818222,
  "summary_bg_n": 1494925.0,
  "summary_bg_p05": 0.0,
  "summary_bg_p95": 45.819907397031784,
  "summary_bg_stdv": 16.69215540891663,
  "summary_csf_k": 1.0559996213124085,
  "summary_csf_mad": 94.2308460221632,
  "summary_csf_mean": 307.1979082249158,
  "summary_csf_median": 306.3252432346344,
  "summary_csf_n": 14020.0,
  "summary_csf_p05": 124.80074333399536,
  "summary_csf_p95": 485.57061820775266,
  "summary_csf_stdv": 106.568500711854,
  "summary_gm_k": -0.04889643159283308,
  "summary_gm_mad": 53.9539475889974,
  "summary_gm_mean": 703.80985297761,
  "summary_gm_median": 703.4084969758987,
  "summary_gm_n": 48049.0,
  "summary_gm_p05": 616.0759569704533,
  "summary_gm_p95": 792.6063922047615,
  "summary_gm_stdv": 53.762156888538684,
  "summary_wm_k": 0.21746875956214584,
  "summary_wm_mad": 44.09842687376582,
  "summary_wm_mean": 1001.0697234745993,
  "summary_wm_median": 999.9999774992466,
  "summary_wm_n": 173043.0,
  "summary_wm_p05": 929.0825634598732,
  "summary_wm_p95": 1077.3613459467888,
  "summary_wm_stdv": 45.1364543920238,
  "tpm_overlap_csf": 0.16590898103599172,
  "tpm_overlap_gm": 0.4902439067105325,
  "tpm_overlap_wm": 0.5246826501865642,
  "wm2max": 0.5726465847074133
}