{
  "bids_meta": {
    "AcquisitionMatrixPE": 192,
    "AcquisitionNumber": 1,
    "AcquisitionTime": "13:19:38.000000",
    "CoilString": "HEAD",
    "ConversionSoftware": "dcm2niix",
    "ConversionSoftwareVersion": "v1.0.20220720",
    "DeviceSerialNumber": "0000000000UM3TMR",
    "EchoTime": 0.001828,
    "FlipAngle": 15,
    "ImageOrientationPatientDICOM": [
      0,
      1,
      0,
      0,
      0,
      -1
    ],
    "ImageType": [
      "ORIGINAL",
      "PRIMARY",
      "OTHER"
    ],
    "ImagingFrequency": 128.071,
    "InPlanePhaseEncodingDirectionDICOM": "ROW",
    "InstitutionName": "U of M FMRi",
    "InversionTime": 0.4,
    "MRAcquisitionType": "3D",
    "MagneticFieldStrength": 3,
    "Manufacturer": "GE",
    "ManufacturersModelName": "SIGNA EXCITE",
    "Modality": "MR",
    "PatientPosition": "HFS",
    "PercentPhaseFOV": 100,
    "PercentSampling": 100,
    "PixelBandwidth": 122.109,
    "ProtocolName": "childrisk ext trigger /",
    "PulseSequenceName": "efgre3d",
    "ReconMatrixPE": 256,
    "RepetitionTime": 0.009,
    "SAR": 0.013126,
    "ScanOptions": "FAST_GEMS\\VB_GEMS\\EDR_GEMS\\PFF",
    "ScanningSequence": "GR",
    "SequenceVariant": "SS\\SP\\SK",
    "SeriesDescription": "3d spgr IR sag",
    "SeriesNumber": 6,
    "ShimSetting": [
      5,
      6,
      -3
    ],
    "SliceThickness": 1.4,
    "SoftwareVersions": "11",
    "SpacingBetweenSlices": 1.4,
    "SpoilingState": true,
    "StationName": "um3te2",
    "dataset": "MLS",
    "modality": "T1w",
    "session_id": "1",
    "subject_id": "169"
  },
  "cjv": 0.299631841198631,
  "cnr": 4.466082617596099,
  "efc": 0.5563966694750333,
  "fber": 6116.625901297868,
  "fwhm_avg": 3.7480186357037035,
  "fwhm_x": 3.3208857708400616,
  "fwhm_y": 4.320533299203558,
  "fwhm_z": 3.6026368370674904,
  "icvs_csf": 0.1477769613527311,
  "icvs_gm": 0.513966801709876,
  "icvs_wm": 0.33825623693739293,
  "inu_med": 0.6910889148712158,
  "inu_range": 0.42918763160705553,
  "provenance": {
    "md5sum": "488a9428f9eac54310cdc11d48bd9f77",
    "settings": {
      "testing": false
    },
    "software": "mriqc",
    "version": "23.1.0rc0",
    "warnings": {
      "large_rot_frame": true,
      "small_air_mask": false
    }
  },
  "qi_1": 0.0,
  "qi_2": 0.0015609848319848112,
  "rpve_csf": 28.54084571879521,
  "rpve_gm": 9.465747916522975,
  "rpve_wm": 15.189694654702983,
  "size_x": 100,
  "size_y": 256,
  "size_z": 256,
  "snr_csf": 0.4909215101398408,
  "snr_gm": 10.237820875167253,
  "snr_total": 10.356175948564006,
  "snr_wm": 20.339785460384924,
  "snrd_csf": 10.290034697710338,
  "snrd_gm": 24.985713587106364,
  "snrd_total": 24.81710251310358,
  "snrd_wm": 39.17555925449405,
  "spacing_x": 1.399999976158142,
  "spacing_y": 1.0156199932098389,
  "spacing_z": 1.0156199932098389,
  "summary_bg_k": 6.6408459097308405,
  "summary_bg_mad": 0.0,
  "summary_bg_mean": 10.937229701447357,
  "summary_bg_median": 0.0,
  "summary_bg_n": 1415173.0,
  "summary_bg_p05": 0.0,
  "summary_bg_p95": 45.400114715099335,
  "summary_bg_stdv": 16.723089981896656,
  "summary_csf_k": 5.016424972925456,
  "summary_csf_mad": 134.15747725368377,
  "summary_csf_mean": 447.35516959881414,
  "summary_csf_median": 262.66465451568365,
  "summary_csf_n": 7539.0,
  "summary_csf_p05": 90.61279776394369,
  "summary_csf_p95": 1940.2926090717315,
  "summary_csf_stdv": 535.0086075312093,
  "summary_gm_k": 0.03193919041753057,
  "summary_gm_mad": 62.29291377659539,
  "summary_gm_mean": 638.407388582979,
  "summary_gm_median": 637.7883087843657,
  "summary_gm_n": 39210.0,
  "summary_gm_p05": 535.4011578749866,
  "summary_gm_p95": 739.186237010732,
  "summary_gm_stdv": 62.29647730009451,
  "summary_wm_k": 0.6148516071070085,
  "summary_wm_mad": 46.23724331125234,
  "summary_wm_mean": 999.798791818315,
  "summary_wm_median": 1000.0000038221478,
  "summary_wm_n": 104810.0,
  "summary_wm_p05": 919.1674945320934,
  "summary_wm_p95": 1079.5543332770467,
  "summary_wm_stdv": 49.16449267477493,
  "tpm_overlap_csf": 0.15187137446003424,
  "tpm_overlap_gm": 0.49648457999037815,
  "tpm_overlap_wm": 0.5014876990820143,
  "wm2max": 0.36048497588258477
}