{
  "bids_meta": {
    "AcquisitionMatrixPE": 160,
    "AcquisitionNumber": 1,
    "AcquisitionTime": "14:03:45.000000",
    "CoilString": "HEAD",
    "ConversionSoftware": "dcm2niix",
    "ConversionSoftwareVersion": "v1.0.20220720",
    "DeviceSerialNumber": "0000000000UM3TMR",
    "EchoTime": 0.00184,
    "FlipAngle": 15,
    "ImageOrientationPatientDICOM": [
      1,
      0,
      0,
      0,
      1,
      0
    ],
    "ImageType": [
      "ORIGINAL",
      "PRIMARY",
      "OTHER"
    ],
    "ImagingFrequency": 128.07,
    "InPlanePhaseEncodingDirectionDICOM": "ROW",
    "InstitutionName": "U of M FMRi",
    "InversionTime": 0.5,
    "MRAcquisitionType": "3D",
    "MagneticFieldStrength": 3,
    "Manufacturer": "GE",
    "ManufacturersModelName": "SIGNA EXCITE",
    "Modality": "MR",
    "PatientPosition": "HFS",
    "PercentPhaseFOV": 80,
    "PercentSampling": 100,
    "PixelBandwidth": 122.109,
    "ProtocolName": "neuropsych adole. 3-15-/",
    "PulseSequenceName": "efgre3d",
    "ReconMatrixPE": 256,
    "RepetitionTime": 0.009036,
    "SAR": 0.015633,
    "ScanOptions": "FAST_GEMS\\VB_GEMS\\EDR_GEMS\\PFF",
    "ScanningSequence": "GR",
    "SequenceVariant": "SS\\SP\\SK",
    "SeriesDescription": "3d spgr IR ax",
    "SeriesNumber": 5,
    "ShimSetting": [
      -5,
      -15,
      19
    ],
    "SliceThickness": 1.2,
    "SoftwareVersions": "11",
    "SpacingBetweenSlices": 1.2,
    "SpoilingState": true,
    "StationName": "um3te2",
    "dataset": "MLS",
    "modality": "T1w",
    "session_id": "2",
    "subject_id": "116"
  },
  "cjv": 0.3347618712011137,
  "cnr": 4.084566098441651,
  "efc": 0.6069418529369466,
  "fber": 19968.99325349975,
  "fwhm_avg": 5.04162233926531,
  "fwhm_x": 5.504253596202092,
  "fwhm_y": 5.238888595707939,
  "fwhm_z": 4.3817248258858985,
  "icvs_csf": 0.21182923183201727,
  "icvs_gm": 0.4364880039907091,
  "icvs_wm": 0.3516827641772737,
  "inu_med": 0.5286159515380859,
  "inu_range": 0.3366350248456001,
  "provenance": {
    "md5sum": "01dac9af09e80f4337a33686b56717d7",
    "settings": {
      "testing": false
    },
    "software": "mriqc",
    "version": "23.1.0rc0",
    "warnings": {
      "large_rot_frame": true,
      "small_air_mask": false
    }
  },
  "qi_1": 0.0,
  "qi_2": 0.0008137966315342139,
  "rpve_csf": 20.788310391021653,
  "rpve_gm": 10.658327151137346,
  "rpve_wm": 15.55913764715647,
  "size_x": 256,
  "size_y": 256,
  "size_z": 124,
  "snr_csf": 2.506791523906758,
  "snr_gm": 11.501605510805097,
  "snr_total": 13.284720348661407,
  "snr_wm": 25.84576401127236,
  "snrd_csf": 35.477945101331635,
  "snrd_gm": 86.9572897612436,
  "snrd_total": 82.1864535717675,
  "snrd_wm": 124.12412585272727,
  "spacing_x": 1.0156199932098389,
  "spacing_y": 1.0156199932098389,
  "spacing_z": 1.2000000476837158,
  "summary_bg_k": 6.021685297198614,
  "summary_bg_mad": 5.278154348087816,
  "summary_bg_mean": 8.732084385855885,
  "summary_bg_median": 3.5600610077381134,
  "summary_bg_n": 1406045.0,
  "summary_bg_p05": 0.0,
  "summary_bg_p95": 35.44976003468037,
  "summary_bg_stdv": 12.931563196181498,
  "summary_csf_k": 35.79038810403254,
  "summary_csf_mad": 79.70907668044481,
  "summary_csf_mean": 293.57014993125233,
  "summary_csf_median": 285.8306609094143,
  "summary_csf_n": 21212.0,
  "summary_csf_p05": 140.82002336159348,
  "summary_csf_p95": 459.6672331169248,
  "summary_csf_stdv": 114.01982200300849,
  "summary_gm_k": -0.09365620945514719,
  "summary_gm_mad": 63.24839193386586,
  "summary_gm_mean": 699.4009263934624,
  "summary_gm_median": 700.5777683109045,
  "summary_gm_n": 21959.0,
  "summary_gm_p05": 597.7825152128935,
  "summary_gm_p95": 795.5529551953077,
  "summary_gm_stdv": 60.909915187102335,
  "summary_wm_k": 0.5764828570412965,
  "summary_wm_mad": 36.99181055820868,
  "summary_wm_mean": 1000.5082109361089,
  "summary_wm_median": 1000.015103071928,
  "summary_wm_n": 157537.0,
  "summary_wm_p05": 938.4682856500149,
  "summary_wm_p95": 1064.4280713051558,
  "summary_wm_stdv": 38.6915213156493,
  "tpm_overlap_csf": 0.15802035070602774,
  "tpm_overlap_gm": 0.4687992887042249,
  "tpm_overlap_wm": 0.5089365504215567,
  "wm2max": 0.6495424332563815
}