{
  "bids_meta": {
    "AcquisitionMatrixPE": 160,
    "AcquisitionNumber": 1,
    "AcquisitionTime": "11:26:41.000000",
    "CoilString": "HEAD",
    "ConversionSoftware": "dcm2niix",
    "ConversionSoftwareVersion": "v1.0.20220720",
    "DeviceSerialNumber": "0000000000UM3TMR",
    "EchoTime": 0.00184,
    "FlipAngle": 15,
    "ImageOrientationPatientDICOM": [
      1,
      0,
      0,
      0,
      1,
      0
    ],
    "ImageType": [
      "ORIGINAL",
      "PRIMARY",
      "OTHER"
    ],
    "ImagingFrequency": 128.07,
    "InPlanePhaseEncodingDirectionDICOM": "ROW",
    "InstitutionName": "U of M FMRi",
    "InversionTime": 0.5,
    "MRAcquisitionType": "3D",
    "MagneticFieldStrength": 3,
    "Manufacturer": "GE",
    "ManufacturersModelName": "SIGNA EXCITE",
    "Modality": "MR",
    "PatientPosition": "HFS",
    "PercentPhaseFOV": 80,
    "PercentSampling": 100,
    "PixelBandwidth": 122.109,
    "ProtocolName": "neuropsych adole. 3-15-/",
    "PulseSequenceName": "efgre3d",
    "ReconMatrixPE": 256,
    "RepetitionTime": 0.009036,
    "SAR": 0.015882,
    "ScanOptions": "FAST_GEMS\\VB_GEMS\\EDR_GEMS\\PFF",
    "ScanningSequence": "GR",
    "SequenceVariant": "SS\\SP\\SK",
    "SeriesDescription": "3d spgr IR ax",
    "SeriesNumber": 6,
    "ShimSetting": [
      -3,
      -10,
      13
    ],
    "SliceThickness": 1.2,
    "SoftwareVersions": "11",
    "SpacingBetweenSlices": 1.2,
    "SpoilingState": true,
    "StationName": "um3te2",
    "dataset": "MLS",
    "modality": "T1w",
    "session_id": "2",
    "subject_id": "128"
  },
  "cjv": 0.31128312339013775,
  "cnr": 4.380292643109272,
  "efc": 0.6003548215903433,
  "fber": 23933.54357911806,
  "fwhm_avg": 4.926646816290095,
  "fwhm_x": 5.464041705659325,
  "fwhm_y": 5.027707246941713,
  "fwhm_z": 4.2881914962692464,
  "icvs_csf": 0.212375956297253,
  "icvs_gm": 0.4489274667449784,
  "icvs_wm": 0.3386965769577686,
  "inu_med": 0.5561763048171997,
  "inu_range": 0.3154275268316269,
  "provenance": {
    "md5sum": "efb381ab03daeb5c2dc94e6a84a16a6c",
    "settings": {
      "testing": false
    },
    "software": "mriqc",
    "version": "23.1.0rc0",
    "warnings": {
      "large_rot_frame": true,
      "small_air_mask": false
    }
  },
  "qi_1": 0.0,
  "qi_2": 0.0008600901915934612,
  "rpve_csf": 20.09857183839946,
  "rpve_gm": 10.050478582956686,
  "rpve_wm": 15.191279367855959,
  "size_x": 256,
  "size_y": 256,
  "size_z": 124,
  "snr_csf": 2.4152226096334792,
  "snr_gm": 11.265315267097488,
  "snr_total": 12.841547361780698,
  "snr_wm": 24.844104208611128,
  "snrd_csf": 13.445584960267464,
  "snrd_gm": 31.744138336979937,
  "snrd_total": 30.687539342260596,
  "snrd_wm": 46.872894729534394,
  "spacing_x": 1.0156199932098389,
  "spacing_y": 1.0156199932098389,
  "spacing_z": 1.2000000476837158,
  "summary_bg_k": 6.845667669537011,
  "summary_bg_mad": 0.0,
  "summary_bg_mean": 9.252519908845786,
  "summary_bg_median": 0.0,
  "summary_bg_n": 1548731.0,
  "summary_bg_p05": 0.0,
  "summary_bg_p95": 38.21799397841096,
  "summary_bg_stdv": 13.977264078863831,
  "summary_csf_k": 1.8982207582451256,
  "summary_csf_mad": 103.41455955146628,
  "summary_csf_mean": 290.1173801953441,
  "summary_csf_median": 286.8600976597518,
  "summary_csf_n": 22778.0,
  "summary_csf_p05": 94.33062085164711,
  "summary_csf_p95": 498.3536357656121,
  "summary_csf_stdv": 118.76909382138906,
  "summary_gm_k": -0.08718291077334328,
  "summary_gm_mad": 61.79421533012772,
  "summary_gm_mean": 677.163254296994,
  "summary_gm_median": 677.257750434801,
  "summary_gm_n": 36779.0,
  "summary_gm_p05": 578.4735231420025,
  "summary_gm_p95": 774.1817351635545,
  "summary_gm_stdv": 60.11802840747606,
  "summary_wm_k": 0.3525937369618837,
  "summary_wm_mad": 38.678755983138686,
  "summary_wm_mean": 999.5659585151867,
  "summary_wm_median": 1000.0281281508505,
  "summary_wm_n": 168978.0,
  "summary_wm_p05": 933.1607101149857,
  "summary_wm_p95": 1065.263260729611,
  "summary_wm_stdv": 40.25201153163554,
  "tpm_overlap_csf": 0.14802704086269577,
  "tpm_overlap_gm": 0.4723333385382351,
  "tpm_overlap_wm": 0.5030696798612363,
  "wm2max": 0.6393421975926159
}