{
  "bids_meta": {
    "AcquisitionMatrixPE": 160,
    "AcquisitionNumber": 1,
    "AcquisitionTime": "16:16:34.000000",
    "CoilString": "HEAD",
    "ConversionSoftware": "dcm2niix",
    "ConversionSoftwareVersion": "v1.0.20220720",
    "DeviceSerialNumber": "0000000000UM3TMR",
    "EchoTime": 0.001784,
    "FlipAngle": 15,
    "ImageOrientationPatientDICOM": [
      1,
      0,
      0,
      0,
      1,
      0
    ],
    "ImageType": [
      "ORIGINAL",
      "PRIMARY",
      "OTHER"
    ],
    "ImagingFrequency": 128.07,
    "InPlanePhaseEncodingDirectionDICOM": "ROW",
    "InstitutionName": "U of M FMRi",
    "InversionTime": 0.4,
    "MRAcquisitionType": "3D",
    "MagneticFieldStrength": 3,
    "Manufacturer": "GE",
    "ManufacturersModelName": "SIGNA EXCITE",
    "Modality": "MR",
    "PatientPosition": "HFS",
    "PercentPhaseFOV": 100,
    "PercentSampling": 100,
    "PixelBandwidth": 122.109,
    "ProtocolName": "111015st   Childrisk/",
    "PulseSequenceName": "efgre3d",
    "ReconMatrixPE": 256,
    "RepetitionTime": 0.008948,
    "SAR": 0.019269,
    "ScanOptions": "FAST_GEMS\\VB_GEMS\\EDR_GEMS\\PFF",
    "ScanningSequence": "GR",
    "SequenceVariant": "SS\\SP\\SK",
    "SeriesDescription": "3d spgr IR axial",
    "SeriesNumber": 6,
    "ShimSetting": [
      -8,
      -4,
      12
    ],
    "SliceThickness": 1.4,
    "SoftwareVersions": "11",
    "SpacingBetweenSlices": 1.4,
    "SpoilingState": true,
    "StationName": "um3te2",
    "dataset": "MLS",
    "modality": "T1w",
    "session_id": "1",
    "subject_id": "178"
  },
  "cjv": 0.3422850930714406,
  "cnr": 3.899022995543165,
  "efc": 0.5788519122968989,
  "fber": 8544.304411529041,
  "fwhm_avg": 4.343154200302165,
  "fwhm_x": 4.83332351944531,
  "fwhm_y": 4.499881875657159,
  "fwhm_z": 3.696257205804028,
  "icvs_csf": 0.17048220621942672,
  "icvs_gm": 0.47108680239917095,
  "icvs_wm": 0.35843099138140233,
  "inu_med": 0.7517650723457336,
  "inu_range": 0.511914086341858,
  "provenance": {
    "md5sum": "43af6be5181df6854a126e5b2a935965",
    "settings": {
      "testing": false
    },
    "software": "mriqc",
    "version": "23.1.0rc0",
    "warnings": {
      "large_rot_frame": true,
      "small_air_mask": false
    }
  },
  "qi_1": 0.0,
  "qi_2": 0.0006216955665169108,
  "rpve_csf": 25.043437543955758,
  "rpve_gm": 9.961259088902137,
  "rpve_wm": 14.174927542319486,
  "size_x": 256,
  "size_y": 256,
  "size_z": 104,
  "snr_csf": 2.3047924827208575,
  "snr_gm": 10.704848153296757,
  "snr_total": 9.718225615511423,
  "snr_wm": 16.145036210516658,
  "snrd_csf": 18.104197705442406,
  "snrd_gm": 44.34778182299685,
  "snrd_total": 43.59201260033061,
  "snrd_wm": 68.3240582725526,
  "spacing_x": 1.0156199932098389,
  "spacing_y": 1.0156199932098389,
  "spacing_z": 1.399999976158142,
  "summary_bg_k": 8.57273995503119,
  "summary_bg_mad": 9.588995313368025,
  "summary_bg_mean": 15.84573308536646,
  "summary_bg_median": 6.467679053544998,
  "summary_bg_n": 1174093.0,
  "summary_bg_p05": 0.0,
  "summary_bg_p95": 65.09182876348495,
  "summary_bg_stdv": 24.241975522077094,
  "summary_csf_k": 13.547188825364152,
  "summary_csf_mad": 83.94216752932331,
  "summary_csf_mean": 271.4222590782887,
  "summary_csf_median": 264.9846153408289,
  "summary_csf_n": 10548.0,
  "summary_csf_p05": 100.3597021907568,
  "summary_csf_p95": 450.67271856367586,
  "summary_csf_stdv": 114.96568829334001,
  "summary_gm_k": -0.01105018002146485,
  "summary_gm_mad": 60.790128042768956,
  "summary_gm_mean": 648.144987107381,
  "summary_gm_median": 649.1024953871965,
  "summary_gm_n": 28682.0,
  "summary_gm_p05": 547.0895575881004,
  "summary_gm_p95": 746.5845991969109,
  "summary_gm_stdv": 60.635253344158116,
  "summary_wm_k": 0.4682544254142855,
  "summary_wm_mad": 59.328703623351906,
  "summary_wm_mean": 1002.9818843637238,
  "summary_wm_median": 1000.0346104502678,
  "summary_wm_n": 126151.0,
  "summary_wm_p05": 906.996874332428,
  "summary_wm_p95": 1109.8122217655182,
  "summary_wm_stdv": 61.94044000655589,
  "tpm_overlap_csf": 0.15577715067219233,
  "tpm_overlap_gm": 0.47621818750047873,
  "tpm_overlap_wm": 0.49024154036322354,
  "wm2max": 0.48927997292495135
}