{
  "bids_meta": {
    "AcquisitionMatrixPE": 192,
    "AcquisitionNumber": 1,
    "AcquisitionTime": "12:42:22.000000",
    "CoilString": "HEAD",
    "ConversionSoftware": "dcm2niix",
    "ConversionSoftwareVersion": "v1.0.20220720",
    "DeviceSerialNumber": "0000000000UM3TMR",
    "EchoTime": 0.001828,
    "FlipAngle": 15,
    "ImageOrientationPatientDICOM": [
      0,
      1,
      0,
      0,
      0,
      -1
    ],
    "ImageType": [
      "ORIGINAL",
      "PRIMARY",
      "OTHER"
    ],
    "ImagingFrequency": 128.071,
    "InPlanePhaseEncodingDirectionDICOM": "ROW",
    "InstitutionName": "U of M FMRi",
    "InversionTime": 0.4,
    "MRAcquisitionType": "3D",
    "MagneticFieldStrength": 3,
    "Manufacturer": "GE",
    "ManufacturersModelName": "SIGNA EXCITE",
    "Modality": "MR",
    "PatientPosition": "HFS",
    "PercentPhaseFOV": 100,
    "PercentSampling": 100,
    "PixelBandwidth": 122.109,
    "ProtocolName": "Neuropsych rev 12 01 06/",
    "PulseSequenceName": "efgre3d",
    "ReconMatrixPE": 256,
    "RepetitionTime": 0.008996,
    "SAR": 0.012509,
    "ScanOptions": "FAST_GEMS\\VB_GEMS\\EDR_GEMS\\PFF",
    "ScanningSequence": "GR",
    "SequenceVariant": "SS\\SP\\SK",
    "SeriesDescription": "3d spgr IR sag",
    "SeriesNumber": 7,
    "ShimSetting": [
      2,
      12,
      19
    ],
    "SliceThickness": 1.4,
    "SoftwareVersions": "11",
    "SpacingBetweenSlices": 1.4,
    "SpoilingState": true,
    "StationName": "um3te2",
    "dataset": "MLS",
    "modality": "T1w",
    "session_id": "2",
    "subject_id": "44"
  },
  "cjv": 0.3317504370930721,
  "cnr": 3.802453752840758,
  "efc": 0.5722869806422513,
  "fber": 11607.963568898633,
  "fwhm_avg": 4.081869586769694,
  "fwhm_x": 3.521450059969937,
  "fwhm_y": 4.8388669313884,
  "fwhm_z": 3.8852917689507467,
  "icvs_csf": 0.1727339076593743,
  "icvs_gm": 0.4745215399920437,
  "icvs_wm": 0.352744552348582,
  "inu_med": 0.6786258816719055,
  "inu_range": 0.40386555194854734,
  "provenance": {
    "md5sum": "677d7e760c4144ec579f181928ef13d5",
    "settings": {
      "testing": false
    },
    "software": "mriqc",
    "version": "23.1.0rc0",
    "warnings": {
      "large_rot_frame": true,
      "small_air_mask": false
    }
  },
  "qi_1": 0.00895482588511933,
  "qi_2": 0.0002456855361253859,
  "rpve_csf": 27.812241220130705,
  "rpve_gm": 11.359100663366156,
  "rpve_wm": 16.95107699724755,
  "size_x": 106,
  "size_y": 256,
  "size_z": 256,
  "snr_csf": 2.1332862580616143,
  "snr_gm": 10.348870281718222,
  "snr_total": 10.78782413703908,
  "snr_wm": 19.881315871337403,
  "snrd_csf": 26.46877892814358,
  "snrd_gm": 63.72656797831644,
  "snrd_total": 62.231825804900744,
  "snrd_wm": 96.5001305082422,
  "spacing_x": 1.399999976158142,
  "spacing_y": 1.0156199932098389,
  "spacing_z": 1.0156199932098389,
  "summary_bg_k": 287.86139468394776,
  "summary_bg_mad": 6.78921760391448,
  "summary_bg_mean": 13.310062560574538,
  "summary_bg_median": 4.579257685691118,
  "summary_bg_n": 1449002.0,
  "summary_bg_p05": 0.0,
  "summary_bg_p95": 49.492617066949606,
  "summary_bg_stdv": 37.09294766797559,
  "summary_csf_k": 24.19635958933354,
  "summary_csf_mad": 77.91306122252257,
  "summary_csf_mean": 283.40093441045747,
  "summary_csf_median": 274.297535372898,
  "summary_csf_n": 8868.0,
  "summary_csf_p05": 113.46851034220307,
  "summary_csf_p95": 461.9793274724856,
  "summary_csf_stdv": 128.5725571614677,
  "summary_gm_k": -0.10185420922827504,
  "summary_gm_mad": 64.9863909046694,
  "summary_gm_mean": 660.1886595470268,
  "summary_gm_median": 660.4022263996303,
  "summary_gm_n": 22600.0,
  "summary_gm_p05": 553.8703755997121,
  "summary_gm_p95": 763.1974029280245,
  "summary_gm_stdv": 63.81253195683448,
  "summary_wm_k": 0.5499141324365096,
  "summary_wm_mad": 47.68746444989531,
  "summary_wm_mean": 1002.4025929896992,
  "summary_wm_median": 1000.0366104319692,
  "summary_wm_n": 110077.0,
  "summary_wm_p05": 924.0209328494966,
  "summary_wm_p95": 1088.6910392269492,
  "summary_wm_stdv": 50.30009454364821,
  "tpm_overlap_csf": 0.16616668098850218,
  "tpm_overlap_gm": 0.4954161929467286,
  "tpm_overlap_wm": 0.5201544935615763,
  "wm2max": 0.5187783243667192
}