{
  "bids_meta": {
    "AcquisitionMatrixPE": 160,
    "AcquisitionNumber": 1,
    "AcquisitionTime": "14:35:35.000000",
    "CoilString": "HEAD",
    "ConversionSoftware": "dcm2niix",
    "ConversionSoftwareVersion": "v1.0.20220720",
    "DeviceSerialNumber": "000000000000MR01",
    "EchoTime": 0.005176,
    "FlipAngle": 15,
    "ImageOrientationPatientDICOM": [
      1,
      0,
      0,
      0,
      1,
      0
    ],
    "ImageType": [
      "ORIGINAL",
      "PRIMARY",
      "OTHER"
    ],
    "ImagingFrequency": 127.768,
    "InPlanePhaseEncodingDirectionDICOM": "ROW",
    "InstitutionName": "UOFMResearch",
    "InversionTime": 0.5,
    "MRAcquisitionType": "3D",
    "MagneticFieldStrength": 3,
    "Manufacturer": "GE",
    "ManufacturersModelName": "DISCOVERY MR750",
    "Modality": "MR",
    "PatientPosition": "HFS",
    "PercentPhaseFOV": 75,
    "PercentSampling": 100,
    "PixelBandwidth": 122.109,
    "PrescanReuseString": "TG/s1,CF/s2,AS/s2",
    "ProtocolName": "neuropsych 12/13/12",
    "PulseSequenceName": "BRAVO",
    "ReconMatrixPE": 256,
    "RepetitionTime": 0.012224,
    "SAR": 0.0324045,
    "ScanOptions": "FAST_GEMS\\EDR_GEMS",
    "ScanningSequence": "GR",
    "SequenceVariant": "SS\\SK",
    "SeriesDescription": "AxFSPGR 124sl",
    "SeriesNumber": 7,
    "ShimSetting": [
      12,
      5,
      -27
    ],
    "SliceThickness": 1.2,
    "SoftwareVersions": "24\\LX\\MR Software release:DV24.0_R01_1344.a",
    "SpacingBetweenSlices": 1.2,
    "StationName": "MR01MR01",
    "dataset": "MLS",
    "modality": "T1w",
    "session_id": "2",
    "subject_id": "155"
  },
  "cjv": 0.3097763857558173,
  "cnr": 4.279341712209605,
  "efc": 0.5642773801305044,
  "fber": 17347.746262157063,
  "fwhm_avg": 4.765132693023474,
  "fwhm_x": 5.063381421726938,
  "fwhm_y": 5.110791821106242,
  "fwhm_z": 4.121224836237238,
  "icvs_csf": 0.20984996036765188,
  "icvs_gm": 0.44398699372727407,
  "icvs_wm": 0.3461630459050741,
  "inu_med": 0.5611892938613892,
  "inu_range": 0.3235074043273926,
  "provenance": {
    "md5sum": "24e4c9d272996e756294f21671dfccdc",
    "settings": {
      "testing": false
    },
    "software": "mriqc",
    "version": "23.1.0rc0",
    "warnings": {
      "large_rot_frame": true,
      "small_air_mask": false
    }
  },
  "qi_1": 7.548916359244267e-05,
  "qi_2": 0.0008299682904204852,
  "rpve_csf": 24.734280223502044,
  "rpve_gm": 12.246800228123744,
  "rpve_wm": 17.971223983281572,
  "size_x": 256,
  "size_y": 256,
  "size_z": 124,
  "snr_csf": 2.456037167584898,
  "snr_gm": 12.345205143309629,
  "snr_total": 14.08447049806418,
  "snr_wm": 27.452169183298015,
  "snrd_csf": 16.349481034413802,
  "snrd_gm": 41.19761665895965,
  "snrd_total": 38.63575080946075,
  "snrd_wm": 58.360154735008805,
  "spacing_x": 1.0155999660491943,
  "spacing_y": 1.0155999660491943,
  "spacing_z": 1.2000000476837158,
  "summary_bg_k": 11.516549179644343,
  "summary_bg_mad": 0.0,
  "summary_bg_mean": 7.49240830042593,
  "summary_bg_median": 0.0,
  "summary_bg_n": 1452416.0,
  "summary_bg_p05": 0.0,
  "summary_bg_p95": 29.76957966014743,
  "summary_bg_stdv": 11.225748005563064,
  "summary_csf_k": 0.8531986756886876,
  "summary_csf_mad": 109.1774393747599,
  "summary_csf_mean": 274.77623718377305,
  "summary_csf_median": 280.1480029411614,
  "summary_csf_n": 18527.0,
  "summary_csf_p05": 79.37433311268687,
  "summary_csf_p95": 457.54330230206256,
  "summary_csf_stdv": 114.06197186390884,
  "summary_gm_k": 0.04512291696621684,
  "summary_gm_mad": 57.26932297617782,
  "summary_gm_mean": 704.1973069793859,
  "summary_gm_median": 705.9202679675072,
  "summary_gm_n": 23697.0,
  "summary_gm_p05": 606.693942090869,
  "summary_gm_p95": 794.9094464883209,
  "summary_gm_stdv": 57.18053000316975,
  "summary_wm_k": 0.7753982293682435,
  "summary_wm_mad": 33.829629102038275,
  "summary_wm_mean": 1000.7667051592748,
  "summary_wm_median": 999.9999856837094,
  "summary_wm_n": 131166.0,
  "summary_wm_p05": 942.1707551386207,
  "summary_wm_p95": 1061.5293899718672,
  "summary_wm_stdv": 36.42685454238833,
  "tpm_overlap_csf": 0.1655395754697008,
  "tpm_overlap_gm": 0.48518887906199926,
  "tpm_overlap_wm": 0.533634783784584,
  "wm2max": 0.6464194858382849
}