{
  "bids_meta": {
    "AcquisitionMatrixPE": 160,
    "AcquisitionNumber": 1,
    "AcquisitionTime": "14:04:36.000000",
    "CoilString": "HEAD",
    "ConversionSoftware": "dcm2niix",
    "ConversionSoftwareVersion": "v1.0.20220720",
    "DeviceSerialNumber": "0000000000UM3TMR",
    "EchoTime": 0.00184,
    "FlipAngle": 15,
    "ImageOrientationPatientDICOM": [
      1,
      0,
      0,
      0,
      1,
      0
    ],
    "ImageType": [
      "ORIGINAL",
      "PRIMARY",
      "OTHER"
    ],
    "ImagingFrequency": 128.07,
    "InPlanePhaseEncodingDirectionDICOM": "ROW",
    "InstitutionName": "U of M FMRi",
    "InversionTime": 0.5,
    "MRAcquisitionType": "3D",
    "MagneticFieldStrength": 3,
    "Manufacturer": "GE",
    "ManufacturersModelName": "SIGNA EXCITE",
    "Modality": "MR",
    "PatientPosition": "HFS",
    "PercentPhaseFOV": 80,
    "PercentSampling": 100,
    "PixelBandwidth": 122.109,
    "ProtocolName": "neuropsych adole. 3-15-/",
    "PulseSequenceName": "efgre3d",
    "ReconMatrixPE": 256,
    "RepetitionTime": 0.009036,
    "SAR": 0.017033,
    "ScanOptions": "FAST_GEMS\\VB_GEMS\\EDR_GEMS\\PFF",
    "ScanningSequence": "GR",
    "SequenceVariant": "SS\\SP\\SK",
    "SeriesDescription": "3d spgr IR ax",
    "SeriesNumber": 7,
    "ShimSetting": [
      -3,
      -21,
      11
    ],
    "SliceThickness": 1.2,
    "SoftwareVersions": "11",
    "SpacingBetweenSlices": 1.2,
    "SpoilingState": true,
    "StationName": "um3te2",
    "dataset": "MLS",
    "modality": "T1w",
    "session_id": "1",
    "subject_id": "41"
  },
  "cjv": 0.2768222477599207,
  "cnr": 4.924046794727375,
  "efc": 0.5366422231216811,
  "fber": 20843.46807607731,
  "fwhm_avg": 5.1528201677202,
  "fwhm_x": 5.656987887607431,
  "fwhm_y": 5.310322794015427,
  "fwhm_z": 4.49114982153774,
  "icvs_csf": 0.20764691073454966,
  "icvs_gm": 0.45014912650652705,
  "icvs_wm": 0.3422039627589233,
  "inu_med": 0.5469215512275696,
  "inu_range": 0.2967574387788773,
  "provenance": {
    "md5sum": "51ee6e16eab5bb1c0a31d32f47468ea6",
    "settings": {
      "testing": false
    },
    "software": "mriqc",
    "version": "23.1.0rc0",
    "warnings": {
      "large_rot_frame": true,
      "small_air_mask": false
    }
  },
  "qi_1": 0.0,
  "qi_2": 0.0009457906396187252,
  "rpve_csf": 22.94116215800887,
  "rpve_gm": 11.377370293178503,
  "rpve_wm": 17.347454729970888,
  "size_x": 256,
  "size_y": 256,
  "size_z": 124,
  "snr_csf": 2.5809580683262965,
  "snr_gm": 12.437314032239854,
  "snr_total": 14.397625069613255,
  "snr_wm": 28.17460310827361,
  "snrd_csf": 28.535670104055658,
  "snrd_gm": 75.21965297221738,
  "snrd_total": 71.697038080419,
  "snrd_wm": 111.33579116498399,
  "spacing_x": 1.0156199932098389,
  "spacing_y": 1.0156199932098389,
  "spacing_z": 1.2000000476837158,
  "summary_bg_k": 8.167477890699772,
  "summary_bg_mad": 5.884164267735587,
  "summary_bg_mean": 7.782104724660224,
  "summary_bg_median": 3.968808487057686,
  "summary_bg_n": 1823121.0,
  "summary_bg_p05": 0.0,
  "summary_bg_p95": 30.856088519096375,
  "summary_bg_stdv": 11.381047907248027,
  "summary_csf_k": 5.939163735412652,
  "summary_csf_mad": 88.71827955790064,
  "summary_csf_mean": 259.0101822847222,
  "summary_csf_median": 256.29559032619,
  "summary_csf_n": 26199.0,
  "summary_csf_p05": 104.136503816396,
  "summary_csf_p95": 424.64014863073817,
  "summary_csf_stdv": 99.30060550026774,
  "summary_gm_k": 0.005328785552469739,
  "summary_gm_mad": 55.56805833122128,
  "summary_gm_mean": 674.3649500455394,
  "summary_gm_median": 675.5918221771717,
  "summary_gm_n": 33381.0,
  "summary_gm_p05": 585.0638595744967,
  "summary_gm_p95": 761.0050527155399,
  "summary_gm_stdv": 54.31893903648067,
  "summary_wm_k": 0.39260214357132117,
  "summary_wm_mad": 34.227603416546444,
  "summary_wm_mean": 998.8423780149118,
  "summary_wm_median": 999.9720426052809,
  "summary_wm_n": 152471.0,
  "summary_wm_p05": 938.7350046113133,
  "summary_wm_p95": 1054.7807288244367,
  "summary_wm_stdv": 35.49184914998173,
  "tpm_overlap_csf": 0.13560839692820997,
  "tpm_overlap_gm": 0.45943149630862,
  "tpm_overlap_wm": 0.49047420741524156,
  "wm2max": 0.5856509142099491
}