{
  "bids_meta": {
    "AcquisitionMatrixPE": 160,
    "AcquisitionNumber": 1,
    "AcquisitionTime": "13:57:51.000000",
    "CoilString": "HEAD",
    "ConversionSoftware": "dcm2niix",
    "ConversionSoftwareVersion": "v1.0.20220720",
    "DeviceSerialNumber": "0000000000UM3TMR",
    "EchoTime": 0.00184,
    "FlipAngle": 15,
    "ImageOrientationPatientDICOM": [
      1,
      0,
      0,
      0,
      1,
      0
    ],
    "ImageType": [
      "ORIGINAL",
      "PRIMARY",
      "OTHER"
    ],
    "ImagingFrequency": 128.07,
    "InPlanePhaseEncodingDirectionDICOM": "ROW",
    "InstitutionName": "U of M FMRi",
    "InversionTime": 0.4,
    "MRAcquisitionType": "3D",
    "MagneticFieldStrength": 3,
    "Manufacturer": "GE",
    "ManufacturersModelName": "SIGNA EXCITE",
    "Modality": "MR",
    "PatientPosition": "HFS",
    "PercentPhaseFOV": 100,
    "PercentSampling": 100,
    "PixelBandwidth": 122.109,
    "ProtocolName": "imagery2 new 6-12-08/5",
    "PulseSequenceName": "efgre3d",
    "ReconMatrixPE": 256,
    "RepetitionTime": 0.00904,
    "SAR": 0.014038,
    "ScanOptions": "FAST_GEMS\\VB_GEMS\\EDR_GEMS\\PFF",
    "ScanningSequence": "GR",
    "SequenceVariant": "SS\\SP\\SK",
    "SeriesDescription": "3d axial spgr IR ",
    "SeriesNumber": 6,
    "ShimSetting": [
      1,
      5,
      10
    ],
    "SliceThickness": 1.2,
    "SoftwareVersions": "11",
    "SpacingBetweenSlices": 1.2,
    "SpoilingState": true,
    "StationName": "um3te2",
    "dataset": "MLS",
    "modality": "T1w",
    "session_id": "2",
    "subject_id": "01"
  },
  "cjv": 0.32920716980050335,
  "cnr": 4.040931407235763,
  "efc": 0.5507618328966295,
  "fber": 12571.631638206043,
  "fwhm_avg": 4.412228989565128,
  "fwhm_x": 5.053297526941872,
  "fwhm_y": 4.509097921090075,
  "fwhm_z": 3.6742915206634397,
  "icvs_csf": 0.19566309494460957,
  "icvs_gm": 0.45321538448086557,
  "icvs_wm": 0.35112152057452484,
  "inu_med": 0.6564983427524567,
  "inu_range": 0.42369879782199854,
  "provenance": {
    "md5sum": "140357e8754b3884bcaef2730d9284ef",
    "settings": {
      "testing": false
    },
    "software": "mriqc",
    "version": "23.1.0rc0",
    "warnings": {
      "large_rot_frame": true,
      "small_air_mask": false
    }
  },
  "qi_1": 7.176353363639626e-06,
  "qi_2": 0.0007023776488461679,
  "rpve_csf": 25.17009879924754,
  "rpve_gm": 11.717073381286543,
  "rpve_wm": 17.21959399597369,
  "size_x": 256,
  "size_y": 256,
  "size_z": 124,
  "snr_csf": 0.7832538263125786,
  "snr_gm": 9.852257008751916,
  "snr_total": 10.610714179665488,
  "snr_wm": 21.19663170393197,
  "snrd_csf": 20.727385603162478,
  "snrd_gm": 54.92020713526757,
  "snrd_total": 52.92773823880315,
  "snrd_wm": 83.1356219779794,
  "spacing_x": 1.0156199932098389,
  "spacing_y": 1.0156199932098389,
  "spacing_z": 1.2000000476837158,
  "summary_bg_k": 10.667463313291107,
  "summary_bg_mad": 7.880657800436099,
  "summary_bg_mean": 11.96758160847202,
  "summary_bg_median": 5.315422911196947,
  "summary_bg_n": 1636468.0,
  "summary_bg_p05": 0.0,
  "summary_bg_p95": 48.20964965969324,
  "summary_bg_stdv": 18.237339871627814,
  "summary_csf_k": 18.951353943415704,
  "summary_csf_mad": 106.41942549116034,
  "summary_csf_mean": 315.9214179264287,
  "summary_csf_median": 249.3304188810289,
  "summary_csf_n": 9250.0,
  "summary_csf_p05": 88.17627332415434,
  "summary_csf_p95": 595.3026431567959,
  "summary_csf_stdv": 318.3092540646219,
  "summary_gm_k": 0.04635632096206965,
  "summary_gm_mad": 66.95504611843383,
  "summary_gm_mean": 659.1232785397859,
  "summary_gm_median": 660.6370196528733,
  "summary_gm_n": 26063.0,
  "summary_gm_p05": 547.0353067368269,
  "summary_gm_p95": 765.95244150348,
  "summary_gm_stdv": 67.05309708182578,
  "summary_wm_k": 0.4744038248355351,
  "summary_wm_mad": 44.779241610229924,
  "summary_wm_mean": 1000.7712207521729,
  "summary_wm_median": 1000.0411942228675,
  "summary_wm_n": 137657.0,
  "summary_wm_p05": 924.3808876372874,
  "summary_wm_p95": 1079.0308509729803,
  "summary_wm_stdv": 47.17907900738926,
  "tpm_overlap_csf": 0.15736000309400808,
  "tpm_overlap_gm": 0.48824116970465004,
  "tpm_overlap_wm": 0.5340723037563487,
  "wm2max": 0.46138256012133444
}