{
  "bids_meta": {
    "AcquisitionMatrixPE": 160,
    "AcquisitionNumber": 1,
    "AcquisitionTime": "14:00:50.000000",
    "CoilString": "HEAD",
    "ConversionSoftware": "dcm2niix",
    "ConversionSoftwareVersion": "v1.0.20220720",
    "DeviceSerialNumber": "0000000000UM3TMR",
    "EchoTime": 0.001784,
    "FlipAngle": 15,
    "ImageOrientationPatientDICOM": [
      1,
      0,
      0,
      0,
      1,
      0
    ],
    "ImageType": [
      "ORIGINAL",
      "PRIMARY",
      "OTHER"
    ],
    "ImagingFrequency": 128.07,
    "InPlanePhaseEncodingDirectionDICOM": "ROW",
    "InstitutionName": "U of M FMRi",
    "InversionTime": 0.4,
    "MRAcquisitionType": "3D",
    "MagneticFieldStrength": 3,
    "Manufacturer": "GE",
    "ManufacturersModelName": "SIGNA EXCITE",
    "Modality": "MR",
    "PatientPosition": "HFS",
    "PercentPhaseFOV": 100,
    "PercentSampling": 100,
    "PixelBandwidth": 122.109,
    "ProtocolName": "childrisk w.o hoshim 4-/",
    "PulseSequenceName": "efgre3d",
    "ReconMatrixPE": 256,
    "RepetitionTime": 0.008948,
    "SAR": 0.020054,
    "ScanOptions": "FAST_GEMS\\VB_GEMS\\EDR_GEMS\\PFF",
    "ScanningSequence": "GR",
    "SequenceVariant": "SS\\SP\\SK",
    "SeriesDescription": "3d spgr IR axial",
    "SeriesNumber": 5,
    "ShimSetting": [
      -5,
      -1,
      -4
    ],
    "SliceThickness": 1.4,
    "SoftwareVersions": "11",
    "SpacingBetweenSlices": 1.4,
    "SpoilingState": true,
    "StationName": "um3te2",
    "dataset": "MLS",
    "modality": "T1w",
    "session_id": "1",
    "subject_id": "172"
  },
  "cjv": 0.2977316036105195,
  "cnr": 4.515930494009197,
  "efc": 0.5662473788383746,
  "fber": 11071.090851897396,
  "fwhm_avg": 3.9586443057905627,
  "fwhm_x": 4.708631212434144,
  "fwhm_y": 4.021937365658024,
  "fwhm_z": 3.145364339279521,
  "icvs_csf": 0.1684880114005192,
  "icvs_gm": 0.5056763624444275,
  "icvs_wm": 0.32583562615505335,
  "inu_med": 0.7268379330635071,
  "inu_range": 0.4597796440124512,
  "provenance": {
    "md5sum": "80f4480f1911edd8c23ac7ce4b15efae",
    "settings": {
      "testing": false
    },
    "software": "mriqc",
    "version": "23.1.0rc0",
    "warnings": {
      "large_rot_frame": true,
      "small_air_mask": false
    }
  },
  "qi_1": 0.0,
  "qi_2": 0.0009138225410111267,
  "rpve_csf": 28.985234342241505,
  "rpve_gm": 10.835002781966407,
  "rpve_wm": 17.34783099719458,
  "size_x": 256,
  "size_y": 256,
  "size_z": 104,
  "snr_csf": 0.8537803054999868,
  "snr_gm": 11.803980637465534,
  "snr_total": 10.41229402863231,
  "snr_wm": 18.57912114293141,
  "snrd_csf": 22.034655117720657,
  "snrd_gm": 53.620776626616795,
  "snrd_total": 52.91640791093699,
  "snrd_wm": 83.09379198847351,
  "spacing_x": 1.0156199932098389,
  "spacing_y": 1.0156199932098389,
  "spacing_z": 1.399999976158142,
  "summary_bg_k": 6.040248459685177,
  "summary_bg_mad": 7.884300361244939,
  "summary_bg_mean": 11.745217279191332,
  "summary_bg_median": 5.317879781126976,
  "summary_bg_n": 1191082.0,
  "summary_bg_p05": 0.0,
  "summary_bg_p95": 46.429181165993214,
  "summary_bg_stdv": 16.837836207910936,
  "summary_csf_k": 10.393920225572419,
  "summary_csf_mad": 115.73748607212123,
  "summary_csf_mean": 342.11116469768257,
  "summary_csf_median": 265.178120624274,
  "summary_csf_n": 7234.0,
  "summary_csf_p05": 94.7639359202236,
  "summary_csf_p95": 1059.9386628109933,
  "summary_csf_stdv": 310.5714546085317,
  "summary_gm_k": -0.005152021758542347,
  "summary_gm_mad": 54.70996885286954,
  "summary_gm_mean": 643.6057581527942,
  "summary_gm_median": 645.304258055985,
  "summary_gm_n": 37076.0,
  "summary_gm_p05": 550.5028242655098,
  "summary_gm_p95": 730.7994022294879,
  "summary_gm_stdv": 54.667622335523745,
  "summary_wm_k": 0.4709698292675797,
  "summary_wm_mad": 50.894169639574706,
  "summary_wm_mean": 999.3373152353454,
  "summary_wm_median": 1000.0000216625631,
  "summary_wm_n": 94190.0,
  "summary_wm_p05": 910.2437558695674,
  "summary_wm_p95": 1086.620101943612,
  "summary_wm_stdv": 53.823574621002045,
  "tpm_overlap_csf": 0.13169894757277037,
  "tpm_overlap_gm": 0.4826197376374348,
  "tpm_overlap_wm": 0.4705493404010036,
  "wm2max": 0.47239846693935394
}