{
  "bids_meta": {
    "AcquisitionMatrixPE": 160,
    "CoilString": "HEAD",
    "EchoTime": 0.001784,
    "FlipAngle": 15,
    "ImageType": [
      "ORIGINAL",
      "PRIMARY",
      "OTHER"
    ],
    "InPlanePhaseEncodingDirectionDICOM": "ROW",
    "InstitutionName": "U of M FMRi",
    "InversionTime": 0.4,
    "MRAcquisitionType": "3D",
    "Modality": "MR",
    "PatientPosition": "HFS",
    "PercentPhaseFOV": 100,
    "PercentSampling": 100,
    "ReconMatrixPE": 256,
    "RepetitionTime": 0.008948,
    "SAR": 0.017417,
    "ScanningSequence": "GR",
    "SeriesDescription": "3d spgr IR axial",
    "dataset": "MLS",
    "modality": "T1w",
    "session_id": "1",
    "subject_id": "112"
  },
  "cjv": 0.30697268218141116,
  "cnr": 4.413855114369111,
  "efc": 0.7651954136701767,
  "fber": 12231.583871960604,
  "fwhm_avg": 5.410817720750264,
  "fwhm_x": 5.67916,
  "fwhm_y": 6.24786,
  "fwhm_z": 4.30543316225079,
  "icvs_csf": 0.2061201000785669,
  "icvs_gm": 0.43027436861588236,
  "icvs_wm": 0.36360553130555073,
  "inu_med": 0.528465986251831,
  "inu_range": 0.28329988718032834,
  "provenance": {
    "md5sum": "078cc19ad45d86bf7abd33ff0e63f04e",
    "settings": {
      "testing": false
    },
    "software": "mriqc",
    "version": "23.1.0rc0",
    "warnings": {
      "large_rot_frame": true,
      "small_air_mask": false
    }
  },
  "qi_1": 0.0,
  "qi_2": 0.0022266510563363606,
  "rpve_csf": 11.032198064795908,
  "rpve_gm": 5.612492906799432,
  "rpve_wm": 8.066401762880117,
  "size_x": 202,
  "size_y": 202,
  "size_z": 122,
  "snr_csf": 2.1873001958648146,
  "snr_gm": 12.398947198082514,
  "snr_total": 13.213722127194595,
  "snr_wm": 25.054918987636455,
  "snrd_csf": 15.486998528223175,
  "snrd_gm": 38.383046884581994,
  "snrd_total": 36.43130230069971,
  "snrd_wm": 55.42386148929398,
  "spacing_x": 1.0,
  "spacing_y": 1.0,
  "spacing_z": 1.2000000476837158,
  "summary_bg_k": 8.626903009450803,
  "summary_bg_mad": 0.0,
  "summary_bg_mean": 7.126080229542675,
  "summary_bg_median": 0.0,
  "summary_bg_n": 414125.0,
  "summary_bg_p05": 0.0,
  "summary_bg_p95": 31.831235989928246,
  "summary_bg_stdv": 11.820879579292509,
  "summary_csf_k": 40.01322644338982,
  "summary_csf_mad": 92.76401912619833,
  "summary_csf_mean": 293.1644756295194,
  "summary_csf_median": 279.43790735304356,
  "summary_csf_n": 20117.0,
  "summary_csf_p05": 131.40727433264257,
  "summary_csf_p95": 462.17176758050925,
  "summary_csf_stdv": 127.75153702149808,
  "summary_gm_k": 0.00617460802922043,
  "summary_gm_mad": 57.02706093823668,
  "summary_gm_mean": 690.2866090217791,
  "summary_gm_median": 692.5601677894592,
  "summary_gm_n": 33870.0,
  "summary_gm_p05": 595.3039461620152,
  "summary_gm_p95": 778.0549015752971,
  "summary_gm_stdv": 55.85554425312413,
  "summary_wm_k": 0.7547142335559078,
  "summary_wm_mad": 37.359061254649276,
  "summary_wm_mean": 1002.4740214527069,
  "summary_wm_median": 1000.0341798812151,
  "summary_wm_n": 193663.0,
  "summary_wm_p05": 941.7054058760405,
  "summary_wm_p95": 1072.0391025394201,
  "summary_wm_stdv": 39.913583375728926,
  "tpm_overlap_csf": 0.1714198683954688,
  "tpm_overlap_gm": 0.48576934755037576,
  "tpm_overlap_wm": 0.5292044601337084,
  "wm2max": 0.5000085474468776
}