{
  "bids_meta": {
    "AcquisitionMatrixPE": 160,
    "AcquisitionNumber": 1,
    "AcquisitionTime": "14:27:55.000000",
    "CoilString": "HEAD",
    "ConversionSoftware": "dcm2niix",
    "ConversionSoftwareVersion": "v1.0.20220720",
    "DeviceSerialNumber": "0000000000UM3TMR",
    "EchoTime": 0.00184,
    "FlipAngle": 15,
    "ImageOrientationPatientDICOM": [
      1,
      0,
      0,
      0,
      1,
      0
    ],
    "ImageType": [
      "ORIGINAL",
      "PRIMARY",
      "OTHER"
    ],
    "ImagingFrequency": 128.07,
    "InPlanePhaseEncodingDirectionDICOM": "ROW",
    "InstitutionName": "U of M FMRi",
    "InversionTime": 0.4,
    "MRAcquisitionType": "3D",
    "MagneticFieldStrength": 3,
    "Manufacturer": "GE",
    "ManufacturersModelName": "SIGNA EXCITE",
    "Modality": "MR",
    "PatientPosition": "HFS",
    "PercentPhaseFOV": 100,
    "PercentSampling": 100,
    "PixelBandwidth": 122.109,
    "ProtocolName": "neuropsych adole. 3-15-/",
    "PulseSequenceName": "efgre3d",
    "ReconMatrixPE": 256,
    "RepetitionTime": 0.00904,
    "SAR": 0.013912,
    "ScanOptions": "FAST_GEMS\\VB_GEMS\\EDR_GEMS\\PFF",
    "ScanningSequence": "GR",
    "SequenceVariant": "SS\\SP\\SK",
    "SeriesDescription": "3d spgr IR ax",
    "SeriesNumber": 6,
    "ShimSetting": [
      -4,
      -5,
      21
    ],
    "SliceThickness": 1.2,
    "SoftwareVersions": "11",
    "SpacingBetweenSlices": 1.2,
    "SpoilingState": true,
    "StationName": "um3te2",
    "dataset": "MLS",
    "modality": "T1w",
    "session_id": "3",
    "subject_id": "54"
  },
  "cjv": 0.34019804426977135,
  "cnr": 3.9783214275342926,
  "efc": 0.5931514332111415,
  "fber": 10317.964321145126,
  "fwhm_avg": 4.244631397563194,
  "fwhm_x": 4.831748127063614,
  "fwhm_y": 4.307329541804475,
  "fwhm_z": 3.594816523821492,
  "icvs_csf": 0.1857763155977974,
  "icvs_gm": 0.4582271779822201,
  "icvs_wm": 0.3559965064199825,
  "inu_med": 0.6603320240974426,
  "inu_range": 0.4254489317536354,
  "provenance": {
    "md5sum": "b556f77f2049f820c9f6fb90f3a46a7f",
    "settings": {
      "testing": false
    },
    "software": "mriqc",
    "version": "23.1.0rc0",
    "warnings": {
      "large_rot_frame": true,
      "small_air_mask": false
    }
  },
  "qi_1": 0.0,
  "qi_2": 0.0018754545977909642,
  "rpve_csf": 21.734365400848098,
  "rpve_gm": 9.761403842258964,
  "rpve_wm": 14.471298817443458,
  "size_x": 256,
  "size_y": 256,
  "size_z": 134,
  "snr_csf": 1.1584696191381354,
  "snr_gm": 9.946301366568477,
  "snr_total": 10.53471596782145,
  "snr_wm": 20.499376917757736,
  "snrd_csf": 8.727603952194187,
  "snrd_gm": 23.077170030571047,
  "snrd_total": 22.204432584009172,
  "snrd_wm": 34.80852376926229,
  "spacing_x": 1.0156199932098389,
  "spacing_y": 1.0156199932098389,
  "spacing_z": 1.2000000476837158,
  "summary_bg_k": 5.185755300110134,
  "summary_bg_mad": 0.0,
  "summary_bg_mean": 12.575675165692315,
  "summary_bg_median": 0.0,
  "summary_bg_n": 1563520.0,
  "summary_bg_p05": 0.0,
  "summary_bg_p95": 52.05902038514614,
  "summary_bg_stdv": 18.821892843916853,
  "summary_csf_k": 20.858450043753223,
  "summary_csf_mad": 109.17615333198478,
  "summary_csf_mean": 289.26842635171937,
  "summary_csf_median": 250.7417178656906,
  "summary_csf_n": 11354.0,
  "summary_csf_p05": 83.37552759479732,
  "summary_csf_p95": 543.3680031962693,
  "summary_csf_stdv": 216.432672450991,
  "summary_gm_k": -0.0365586947317067,
  "summary_gm_mad": 67.50564194741578,
  "summary_gm_mean": 661.8652432740256,
  "summary_gm_median": 663.0008979141712,
  "summary_gm_n": 32517.0,
  "summary_gm_p05": 550.4568910785019,
  "summary_gm_p95": 768.1870188899338,
  "summary_gm_stdv": 66.65700934651188,
  "summary_wm_k": 0.38103894095568025,
  "summary_wm_mad": 47.1542451135728,
  "summary_wm_mean": 1000.7979939104309,
  "summary_wm_median": 1000.0395405292511,
  "summary_wm_n": 179845.0,
  "summary_wm_p05": 922.1883611083031,
  "summary_wm_p95": 1081.4905458278954,
  "summary_wm_stdv": 48.78376373368466,
  "tpm_overlap_csf": 0.15661616332941983,
  "tpm_overlap_gm": 0.4723487489889781,
  "tpm_overlap_wm": 0.5062273560851827,
  "wm2max": 0.4646965841501453
}