{
  "bids_meta": {
    "AcquisitionMatrixPE": 192,
    "AcquisitionNumber": 1,
    "AcquisitionTime": "15:07:20.000000",
    "CoilString": "HEAD",
    "ConversionSoftware": "dcm2niix",
    "ConversionSoftwareVersion": "v1.0.20220720",
    "DeviceSerialNumber": "0000000000UM3TMR",
    "EchoTime": 0.001828,
    "FlipAngle": 15,
    "ImageOrientationPatientDICOM": [
      0,
      1,
      0,
      0,
      0,
      -1
    ],
    "ImageType": [
      "ORIGINAL",
      "PRIMARY",
      "OTHER"
    ],
    "ImagingFrequency": 128.071,
    "InPlanePhaseEncodingDirectionDICOM": "ROW",
    "InstitutionName": "U of M FMRi",
    "InversionTime": 0.4,
    "MRAcquisitionType": "3D",
    "MagneticFieldStrength": 3,
    "Manufacturer": "GE",
    "ManufacturersModelName": "SIGNA EXCITE",
    "Modality": "MR",
    "PatientPosition": "HFS",
    "PercentPhaseFOV": 100,
    "PercentSampling": 100,
    "PixelBandwidth": 122.109,
    "ProtocolName": "childrisk rev. 9-9-06/7",
    "PulseSequenceName": "efgre3d",
    "ReconMatrixPE": 256,
    "RepetitionTime": 0.009012,
    "SAR": 0.010733,
    "ScanOptions": "FAST_GEMS\\VB_GEMS\\EDR_GEMS\\PFF",
    "ScanningSequence": "GR",
    "SequenceVariant": "SS\\SP\\SK",
    "SeriesDescription": "3d spgr IR sag",
    "SeriesNumber": 7,
    "ShimSetting": [
      1,
      28,
      17
    ],
    "SliceThickness": 1.3,
    "SoftwareVersions": "11",
    "SpacingBetweenSlices": 1.3,
    "SpoilingState": true,
    "StationName": "um3te2",
    "dataset": "MLS",
    "modality": "T1w",
    "session_id": "2",
    "subject_id": "54"
  },
  "cjv": 0.3951081263450434,
  "cnr": 3.484445207461083,
  "efc": 0.5561911241521967,
  "fber": 9863.626038781164,
  "fwhm_avg": 3.880741419628823,
  "fwhm_x": 3.438900126138105,
  "fwhm_y": 4.615919370771387,
  "fwhm_z": 3.587404761976976,
  "icvs_csf": 0.17270052767692373,
  "icvs_gm": 0.44171452220882124,
  "icvs_wm": 0.38558495011425503,
  "inu_med": 0.6921217441558838,
  "inu_range": 0.4178589880466461,
  "provenance": {
    "md5sum": "7e3806b5135b272a04ff9ab820ab157b",
    "settings": {
      "testing": false
    },
    "software": "mriqc",
    "version": "23.1.0rc0",
    "warnings": {
      "large_rot_frame": true,
      "small_air_mask": false
    }
  },
  "qi_1": 0.0,
  "qi_2": 0.0016063896822227134,
  "rpve_csf": 23.63417609063428,
  "rpve_gm": 9.87163427095101,
  "rpve_wm": 13.032635007048073,
  "size_x": 124,
  "size_y": 256,
  "size_z": 256,
  "snr_csf": 0.9780302957697783,
  "snr_gm": 10.227871706815698,
  "snr_total": 9.414360308345751,
  "snr_wm": 17.03717892245178,
  "snrd_csf": 10.453502533716012,
  "snrd_gm": 23.41825055149387,
  "snrd_total": 22.717856118349548,
  "snrd_wm": 34.281815269838766,
  "spacing_x": 1.2999999523162842,
  "spacing_y": 1.0156199932098389,
  "spacing_z": 1.0156199932098389,
  "summary_bg_k": 7.969273570512174,
  "summary_bg_mad": 0.0,
  "summary_bg_mean": 12.047689062366262,
  "summary_bg_median": 0.0,
  "summary_bg_n": 2403215.0,
  "summary_bg_p05": 0.0,
  "summary_bg_p95": 51.08602809906006,
  "summary_bg_stdv": 19.111177758041077,
  "summary_csf_k": 9.780290001158022,
  "summary_csf_mad": 126.2115400695609,
  "summary_csf_mean": 379.7080743647045,
  "summary_csf_median": 304.94221526384354,
  "summary_csf_n": 11835.0,
  "summary_csf_p05": 112.89292688369751,
  "summary_csf_p95": 1086.3201036751261,
  "summary_csf_stdv": 311.77902488580236,
  "summary_gm_k": -0.06334756481346426,
  "summary_gm_mad": 68.67294573251333,
  "summary_gm_mean": 680.4086113922127,
  "summary_gm_median": 683.1407155394554,
  "summary_gm_n": 18489.0,
  "summary_gm_p05": 565.9396535396576,
  "summary_gm_p95": 783.7388184070587,
  "summary_gm_stdv": 66.79026298180453,
  "summary_wm_k": 0.40900248756532376,
  "summary_wm_mad": 56.53850289434107,
  "summary_wm_mean": 1004.9531929191035,
  "summary_wm_median": 1000.0449761152267,
  "summary_wm_n": 165745.0,
  "summary_wm_p05": 917.6597617864609,
  "summary_wm_p95": 1108.9175764918327,
  "summary_wm_stdv": 58.69762616479179,
  "tpm_overlap_csf": 0.15809829133305622,
  "tpm_overlap_gm": 0.46898657702348107,
  "tpm_overlap_wm": 0.50353013677695,
  "wm2max": 0.4320194273918344
}