{
  "bids_meta": {
    "AcquisitionMatrixPE": 160,
    "AcquisitionNumber": 1,
    "AcquisitionTime": "11:45:31.000000",
    "CoilString": "HEAD",
    "ConversionSoftware": "dcm2niix",
    "ConversionSoftwareVersion": "v1.0.20220720",
    "DeviceSerialNumber": "0007347633TMRFIX",
    "EchoTime": 0.005176,
    "FlipAngle": 15,
    "ImageOrientationPatientDICOM": [
      1,
      0,
      0,
      0,
      1,
      0
    ],
    "ImageType": [
      "ORIGINAL",
      "PRIMARY",
      "OTHER"
    ],
    "ImagingFrequency": 127.789,
    "InPlanePhaseEncodingDirectionDICOM": "ROW",
    "InstitutionName": "U Of M research",
    "InversionTime": 0.5,
    "MRAcquisitionType": "3D",
    "MagneticFieldStrength": 3,
    "Manufacturer": "GE",
    "ManufacturersModelName": "DISCOVERY MR750",
    "Modality": "MR",
    "PatientPosition": "HFS",
    "PercentPhaseFOV": 75,
    "PercentSampling": 100,
    "PixelBandwidth": 122.109,
    "PrescanReuseString": "TG/s2,CF/s2,AS/s2",
    "ProtocolName": "neuropsych1_rev._w_delay",
    "PulseSequenceName": "BRAVO",
    "ReconMatrixPE": 256,
    "RepetitionTime": 0.012224,
    "SAR": 0.0324045,
    "ScanOptions": "FAST_GEMS\\EDR_GEMS",
    "ScanningSequence": "GR",
    "SequenceVariant": "SS\\SK",
    "SeriesDescription": "t1spgr_124sl",
    "SeriesNumber": 8,
    "ShimSetting": [
      1,
      0,
      -12
    ],
    "SliceThickness": 1.2,
    "SoftwareVersions": "25\\LX\\MR Software release:DV25.0_R02_1549.b",
    "SpacingBetweenSlices": 1.2,
    "StationName": "GEHCGEHC",
    "dataset": "MLS",
    "modality": "T1w",
    "session_id": "2",
    "subject_id": "226"
  },
  "cjv": 0.29265175592051645,
  "cnr": 4.479980099045829,
  "efc": 0.5829074328596819,
  "fber": 12825.86530927393,
  "fwhm_avg": 4.859005834153762,
  "fwhm_x": 5.333477925439024,
  "fwhm_y": 5.034856410926971,
  "fwhm_z": 4.20868316609529,
  "icvs_csf": 0.2112690088723078,
  "icvs_gm": 0.4345619895223844,
  "icvs_wm": 0.35416900160530784,
  "inu_med": 0.5877088308334351,
  "inu_range": 0.33391347080469136,
  "provenance": {
    "md5sum": "ffcfd4f5d492231cc01273f26ace43e5",
    "settings": {
      "testing": false
    },
    "software": "mriqc",
    "version": "23.1.0rc0",
    "warnings": {
      "large_rot_frame": true,
      "small_air_mask": false
    }
  },
  "qi_1": 0.0,
  "qi_2": 0.000782217942971205,
  "rpve_csf": 22.07621129445796,
  "rpve_gm": 11.044821502152926,
  "rpve_wm": 15.745553576978486,
  "size_x": 256,
  "size_y": 256,
  "size_z": 124,
  "snr_csf": 2.261981129812101,
  "snr_gm": 11.414539645767574,
  "snr_total": 12.946648290642,
  "snr_wm": 25.163424096346326,
  "snrd_csf": 25.989462758788832,
  "snrd_gm": 65.83209161014412,
  "snrd_total": 63.121689548555025,
  "snrd_wm": 97.54351427673213,
  "spacing_x": 1.0155999660491943,
  "spacing_y": 1.0155999660491943,
  "spacing_z": 1.2000000476837158,
  "summary_bg_k": 6.822043379580332,
  "summary_bg_mad": 6.716350390009985,
  "summary_bg_mean": 9.624850097322733,
  "summary_bg_median": 4.53010949678719,
  "summary_bg_n": 1650851.0,
  "summary_bg_p05": 0.0,
  "summary_bg_p95": 37.22191879525781,
  "summary_bg_stdv": 13.819596793007564,
  "summary_csf_k": 0.5022997622423997,
  "summary_csf_mad": 117.12972845762636,
  "summary_csf_mean": 263.0860717298629,
  "summary_csf_median": 266.43968849256635,
  "summary_csf_n": 20173.0,
  "summary_csf_p05": 69.48668592460453,
  "summary_csf_p95": 455.21541060581797,
  "summary_csf_stdv": 117.78749213708443,
  "summary_gm_k": 0.06293499921964063,
  "summary_gm_mad": 58.99265724728515,
  "summary_gm_mean": 673.2067114356381,
  "summary_gm_median": 674.8997524194419,
  "summary_gm_n": 22166.0,
  "summary_gm_p05": 572.9867158420384,
  "summary_gm_p95": 766.9446523860097,
  "summary_gm_stdv": 59.12498878020323,
  "summary_wm_k": 1.0191471783400186,
  "summary_wm_mad": 36.14851006088176,
  "summary_wm_mean": 1000.2486265956369,
  "summary_wm_median": 1000.0000307653099,
  "summary_wm_n": 149011.0,
  "summary_wm_p05": 935.8571427948773,
  "summary_wm_p95": 1065.4702119641006,
  "summary_wm_stdv": 39.74008749658973,
  "tpm_overlap_csf": 0.1417426145182298,
  "tpm_overlap_gm": 0.4507568342069673,
  "tpm_overlap_wm": 0.503210377432466,
  "wm2max": 0.6255463569478454
}