{
  "bids_meta": {
    "AcquisitionMatrixPE": 160,
    "CoilString": "HEAD",
    "EchoTime": 0.001784,
    "FlipAngle": 15,
    "ImageType": [
      "ORIGINAL",
      "PRIMARY",
      "OTHER"
    ],
    "InPlanePhaseEncodingDirectionDICOM": "ROW",
    "InstitutionName": "U of M FMRi",
    "InversionTime": 0.4,
    "MRAcquisitionType": "3D",
    "Modality": "MR",
    "PatientPosition": "HFS",
    "PercentPhaseFOV": 100,
    "PercentSampling": 100,
    "ReconMatrixPE": 256,
    "RepetitionTime": 0.008948,
    "SAR": 0.017417,
    "ScanningSequence": "GR",
    "SeriesDescription": "3d spgr IR axial",
    "dataset": "MLS",
    "modality": "T1w",
    "session_id": "1",
    "subject_id": "92"
  },
  "cjv": 0.4822124674935233,
  "cnr": 2.3514397066483403,
  "efc": 0.5435973909652966,
  "fber": 348.77468138275714,
  "fwhm_avg": 2.8411651973100382,
  "fwhm_x": 3.4912766045998427,
  "fwhm_y": 3.3933829873302717,
  "fwhm_z": 1.638836,
  "icvs_csf": 0.22794810505215532,
  "icvs_gm": 0.39780422130765186,
  "icvs_wm": 0.37424767364019285,
  "inu_med": 1.0268528461456299,
  "inu_range": 0.46320804953575134,
  "provenance": {
    "md5sum": "d2c4769b17ab121e590e0c266268f89d",
    "settings": {
      "testing": false
    },
    "software": "mriqc",
    "version": "23.1.0rc0",
    "warnings": {
      "large_rot_frame": true,
      "small_air_mask": false
    }
  },
  "qi_1": 0.0007139428244290964,
  "qi_2": 0.0006875537368700415,
  "rpve_csf": 19.492101311442585,
  "rpve_gm": 10.582328834827496,
  "rpve_wm": 13.70558694342786,
  "size_x": 256,
  "size_y": 256,
  "size_z": 60,
  "snr_csf": 0.5068663422291267,
  "snr_gm": 5.402125508640111,
  "snr_total": 4.327183386445775,
  "snr_wm": 7.0725583084680865,
  "snrd_csf": 4.369116054290812,
  "snrd_gm": 14.44956712771778,
  "snrd_total": 14.935024467083425,
  "snrd_wm": 25.986390219241684,
  "spacing_x": 0.9399999976158142,
  "spacing_y": 0.9399999976158142,
  "spacing_z": 2.5,
  "summary_bg_k": 31.35960411949231,
  "summary_bg_mad": 24.851553837053327,
  "summary_bg_mean": 43.6144081283153,
  "summary_bg_median": 16.762118339538574,
  "summary_bg_n": 897190.0,
  "summary_bg_p05": 0.0,
  "summary_bg_p95": 172.44029241800308,
  "summary_bg_stdv": 70.1209270802003,
  "summary_csf_k": 37.49093220050081,
  "summary_csf_mad": 95.05719342672897,
  "summary_csf_mean": 226.18439802285766,
  "summary_csf_median": 165.73544508218765,
  "summary_csf_n": 84069.0,
  "summary_csf_p05": 38.90208297967911,
  "summary_csf_p95": 414.9462394952762,
  "summary_csf_stdv": 326.9786244625441,
  "summary_gm_k": 0.18340627242344398,
  "summary_gm_mad": 97.12815624648341,
  "summary_gm_mean": 545.4509519069678,
  "summary_gm_median": 548.1212697029114,
  "summary_gm_n": 127658.0,
  "summary_gm_p05": 372.8174487352371,
  "summary_gm_p95": 709.6661852002144,
  "summary_gm_stdv": 101.4636039068819,
  "summary_wm_k": 3.0673883068884296,
  "summary_wm_mad": 113.90295508649442,
  "summary_wm_mean": 1006.4643956456578,
  "summary_wm_median": 985.7522426843643,
  "summary_wm_n": 165214.0,
  "summary_wm_p05": 824.2771693468094,
  "summary_wm_p95": 1265.0754842728381,
  "summary_wm_stdv": 139.3766182515293,
  "tpm_overlap_csf": 0.14438638215017777,
  "tpm_overlap_gm": 0.39604379824310426,
  "tpm_overlap_wm": 0.4050634273354386,
  "wm2max": 0.26212314678782
}