{
  "bids_meta": {
    "AcquisitionMatrixPE": 192,
    "AcquisitionNumber": 1,
    "AcquisitionTime": "09:34:52.000000",
    "CoilString": "HEAD",
    "ConversionSoftware": "dcm2niix",
    "ConversionSoftwareVersion": "v1.0.20220720",
    "DeviceSerialNumber": "0000000000UM3TMR",
    "EchoTime": 0.001828,
    "FlipAngle": 15,
    "ImageOrientationPatientDICOM": [
      0,
      1,
      0,
      0,
      0,
      -1
    ],
    "ImageType": [
      "ORIGINAL",
      "PRIMARY",
      "OTHER"
    ],
    "ImagingFrequency": 128.071,
    "InPlanePhaseEncodingDirectionDICOM": "ROW",
    "InstitutionName": "U of M FMRi",
    "InversionTime": 0.4,
    "MRAcquisitionType": "3D",
    "MagneticFieldStrength": 3,
    "Manufacturer": "GE",
    "ManufacturersModelName": "SIGNA EXCITE",
    "Modality": "MR",
    "PatientPosition": "HFS",
    "PercentPhaseFOV": 100,
    "PercentSampling": 100,
    "PixelBandwidth": 122.109,
    "ProtocolName": "Neuropsych rev 12 01 06/",
    "PulseSequenceName": "efgre3d",
    "ReconMatrixPE": 256,
    "RepetitionTime": 0.008996,
    "SAR": 0.013197,
    "ScanOptions": "FAST_GEMS\\VB_GEMS\\EDR_GEMS\\PFF",
    "ScanningSequence": "GR",
    "SequenceVariant": "SS\\SP\\SK",
    "SeriesDescription": "3d spgr IR sag",
    "SeriesNumber": 7,
    "ShimSetting": [
      1,
      27,
      10
    ],
    "SliceThickness": 1.4,
    "SoftwareVersions": "11",
    "SpacingBetweenSlices": 1.4,
    "SpoilingState": true,
    "StationName": "um3te2",
    "dataset": "MLS",
    "modality": "T1w",
    "session_id": "2",
    "subject_id": "88"
  },
  "cjv": 0.33755373972581987,
  "cnr": 3.1452547059582847,
  "efc": 0.5832972166823717,
  "fber": 6574.031590111361,
  "fwhm_avg": 3.6785400004573536,
  "fwhm_x": 3.168592911103673,
  "fwhm_y": 4.410330664960178,
  "fwhm_z": 3.4566964253082113,
  "icvs_csf": 0.1808975809861109,
  "icvs_gm": 0.45642897508694247,
  "icvs_wm": 0.3626734439269466,
  "inu_med": 0.7072803974151611,
  "inu_range": 0.381984931230545,
  "provenance": {
    "md5sum": "7101501f28130d754f29d36053b30d5d",
    "settings": {
      "testing": false
    },
    "software": "mriqc",
    "version": "23.1.0rc0",
    "warnings": {
      "large_rot_frame": true,
      "small_air_mask": false
    }
  },
  "qi_1": 0.002163107542292962,
  "qi_2": 0.00022190538776675162,
  "rpve_csf": 24.725702210942877,
  "rpve_gm": 10.448379353576124,
  "rpve_wm": 14.608009229580508,
  "size_x": 106,
  "size_y": 256,
  "size_z": 256,
  "snr_csf": 1.264481960544112,
  "snr_gm": 9.60869346405595,
  "snr_total": 10.164607018428228,
  "snr_wm": 19.62064563068462,
  "snrd_csf": 2.4535701342678164,
  "snrd_gm": 6.025028257503843,
  "snrd_total": 5.905821035803129,
  "snrd_wm": 9.238864715637726,
  "spacing_x": 1.399999976158142,
  "spacing_y": 1.0156199932098389,
  "spacing_z": 1.0156199932098389,
  "summary_bg_k": 223.79271776161156,
  "summary_bg_mad": 0.0,
  "summary_bg_mean": 19.113128713976916,
  "summary_bg_median": 0.0,
  "summary_bg_n": 1305545.0,
  "summary_bg_p05": 0.0,
  "summary_bg_p95": 62.32171053811908,
  "summary_bg_stdv": 70.91091917981751,
  "summary_csf_k": 26.670236491524225,
  "summary_csf_mad": 103.6176810691717,
  "summary_csf_mean": 297.5512501685159,
  "summary_csf_median": 265.5705185867846,
  "summary_csf_n": 9175.0,
  "summary_csf_p05": 92.48811257481576,
  "summary_csf_p95": 524.0847773853689,
  "summary_csf_stdv": 210.01173126291343,
  "summary_gm_k": -0.12189117148040385,
  "summary_gm_mad": 69.54837550221048,
  "summary_gm_mean": 651.99448928868,
  "summary_gm_median": 652.1394503861666,
  "summary_gm_n": 21915.0,
  "summary_gm_p05": 539.9365996271372,
  "summary_gm_p95": 760.8953915350139,
  "summary_gm_stdv": 67.86818351717886,
  "summary_wm_k": 0.6579702597528931,
  "summary_wm_mad": 47.87324833978171,
  "summary_wm_mean": 1003.2311808748018,
  "summary_wm_median": 999.9999834597111,
  "summary_wm_n": 120029.0,
  "summary_wm_p05": 925.594279460609,
  "summary_wm_p95": 1091.719474811107,
  "summary_wm_stdv": 50.96650928893237,
  "tpm_overlap_csf": 0.15532171635722059,
  "tpm_overlap_gm": 0.4848768301463747,
  "tpm_overlap_wm": 0.5131423162992131,
  "wm2max": 0.42758080868591564
}