{
	"Modality": "MR",
	"MagneticFieldStrength": 3,
	"ImagingFrequency": 127.789,
	"Manufacturer": "GE",
	"ManufacturersModelName": "DISCOVERY MR750",
	"InstitutionName": "U Of M research",
	"DeviceSerialNumber": "0007347633TMRFIX",
	"StationName": "GEHCGEHC",
	"PatientPosition": "HFS",
	"SoftwareVersions": "25\\LX\\MR Software release:DV25.0_R01_1451.a",
	"MRAcquisitionType": "3D",
	"SeriesDescription": "t1spgr_124sl",
	"ProtocolName": "neuropsych1_rev._w_delay",
	"ScanningSequence": "GR",
	"SequenceVariant": "SS\\SK",
	"ScanOptions": "FAST_GEMS\\EDR_GEMS",
	"PulseSequenceName": "BRAVO",
	"ImageType": ["ORIGINAL", "PRIMARY", "OTHER"],
	"SeriesNumber": 8,
	"AcquisitionTime": "15:41:30.000000",
	"AcquisitionNumber": 1,
	"SliceThickness": 1.2,
	"SpacingBetweenSlices": 1.2,
	"SAR": 0.0324045,
	"EchoTime": 0.005176,
	"RepetitionTime": 0.012224,
	"InversionTime": 0.5,
	"FlipAngle": 15,
	"ShimSetting": [
		1,
		5,
		-20	],
	"PrescanReuseString": "TG/s2,CF/s2,AS/s2",
	"CoilString": "HEAD",
	"PercentPhaseFOV": 75,
	"PercentSampling": 100,
	"AcquisitionMatrixPE": 160,
	"ReconMatrixPE": 256,
	"PixelBandwidth": 122.109,
	"ImageOrientationPatientDICOM": [
		1,
		-0,
		0,
		-0,
		1,
		0	],
	"InPlanePhaseEncodingDirectionDICOM": "ROW",
	"ConversionSoftware": "dcm2niix",
	"ConversionSoftwareVersion": "v1.0.20220720"
}
