{
  "bids_meta": {
    "AcquisitionMatrixPE": 160,
    "CoilString": "HEAD",
    "EchoTime": 0.001784,
    "FlipAngle": 15,
    "ImageType": [
      "ORIGINAL",
      "PRIMARY",
      "OTHER"
    ],
    "InPlanePhaseEncodingDirectionDICOM": "ROW",
    "InstitutionName": "U of M FMRi",
    "InversionTime": 0.4,
    "MRAcquisitionType": "3D",
    "Modality": "MR",
    "PatientPosition": "HFS",
    "PercentPhaseFOV": 100,
    "PercentSampling": 100,
    "ReconMatrixPE": 256,
    "RepetitionTime": 0.008948,
    "SAR": 0.017417,
    "ScanningSequence": "GR",
    "SeriesDescription": "3d spgr IR axial",
    "dataset": "MLS",
    "modality": "T1w",
    "session_id": "2",
    "subject_id": "92"
  },
  "cjv": 0.3233388456058292,
  "cnr": 4.103151917080368,
  "efc": 0.6537231091330556,
  "fber": 6485.2822265625,
  "fwhm_avg": 5.061797639725565,
  "fwhm_x": 5.73601,
  "fwhm_y": 5.80674,
  "fwhm_z": 3.6426429191766965,
  "icvs_csf": 0.22406987113474733,
  "icvs_gm": 0.4223158402992786,
  "icvs_wm": 0.3536142885659741,
  "inu_med": 0.6143793165683746,
  "inu_range": 0.3453795090317726,
  "provenance": {
    "md5sum": "58c12a5ece7540c6b4446da500635165",
    "settings": {
      "testing": false
    },
    "software": "mriqc",
    "version": "23.1.0rc0",
    "warnings": {
      "large_rot_frame": true,
      "small_air_mask": false
    }
  },
  "qi_1": 0.0,
  "qi_2": 0.0012297195099788569,
  "rpve_csf": 13.364227462306879,
  "rpve_gm": 7.052167630057803,
  "rpve_wm": 9.621991205647861,
  "size_x": 202,
  "size_y": 187,
  "size_z": 102,
  "snr_csf": 2.6238845589298814,
  "snr_gm": 12.421939368773712,
  "snr_total": 12.060400914435787,
  "snr_wm": 21.135378815603765,
  "snrd_csf": 7.82002346669609,
  "snrd_gm": 19.651686878687713,
  "snrd_total": 18.692968608586607,
  "snrd_wm": 28.60719548037602,
  "spacing_x": 1.0,
  "spacing_y": 1.0,
  "spacing_z": 1.399999976158142,
  "summary_bg_k": 15.053479537536361,
  "summary_bg_mad": 0.0,
  "summary_bg_mean": 13.412890934826153,
  "summary_bg_median": 0.0,
  "summary_bg_n": 521214.0,
  "summary_bg_p05": 0.0,
  "summary_bg_p95": 56.733800299465656,
  "summary_bg_stdv": 22.901105606967374,
  "summary_csf_k": 35.244550565745335,
  "summary_csf_mad": 79.24266950784906,
  "summary_csf_mean": 283.09562563447224,
  "summary_csf_median": 273.35862159356475,
  "summary_csf_n": 21676.0,
  "summary_csf_p05": 142.15503069385886,
  "summary_csf_p95": 451.69346985127777,
  "summary_csf_stdv": 104.1784841604005,
  "summary_gm_k": -0.17156379868125304,
  "summary_gm_mad": 58.92708257255342,
  "summary_gm_mean": 685.3582214670727,
  "summary_gm_median": 686.94909420982,
  "summary_gm_n": 9485.0,
  "summary_gm_p05": 592.4568663664162,
  "summary_gm_p95": 770.863833861798,
  "summary_gm_stdv": 55.29836046286944,
  "summary_wm_k": 1.3428843302687934,
  "summary_wm_mad": 42.29443829804237,
  "summary_wm_mean": 1004.0875571505001,
  "summary_wm_median": 1000.0000073499978,
  "summary_wm_n": 89126.0,
  "summary_wm_p05": 934.5584768727422,
  "summary_wm_p95": 1088.0388989634812,
  "summary_wm_stdv": 47.313767405044864,
  "tpm_overlap_csf": 0.17528588176943546,
  "tpm_overlap_gm": 0.4763769901911176,
  "tpm_overlap_wm": 0.5025455871314429,
  "wm2max": 0.3133306551504804
}