{
	"Modality": "MR",
	"MagneticFieldStrength": 3,
	"ImagingFrequency": 128.071,
	"Manufacturer": "GE",
	"ManufacturersModelName": "SIGNA EXCITE",
	"InstitutionName": "U of M FMRi",
	"DeviceSerialNumber": "0000000000UM3TMR",
	"StationName": "um3te2",
	"PatientPosition": "HFS",
	"SoftwareVersions": "11",
	"MRAcquisitionType": "3D",
	"SeriesDescription": "3d spgr IR ",
	"ProtocolName": "neuropsych adole. 3-15-/",
	"ScanningSequence": "GR",
	"SequenceVariant": "SS\\SP\\SK",
	"ScanOptions": "FAST_GEMS\\VB_GEMS\\EDR_GEMS\\PFF",
	"PulseSequenceName": "efgre3d",
	"ImageType": ["ORIGINAL", "PRIMARY", "OTHER"],
	"SeriesNumber": 6,
	"AcquisitionTime": "15:04:30.000000",
	"AcquisitionNumber": 1,
	"SliceThickness": 1.2,
	"SpacingBetweenSlices": 1.2,
	"SAR": 0.017117,
	"EchoTime": 0.001844,
	"RepetitionTime": 0.009048,
	"SpoilingState": true,
	"InversionTime": 0.4,
	"FlipAngle": 15,
	"ShimSetting": [
		1,
		-6,
		15	],
	"CoilString": "HEAD",
	"PercentPhaseFOV": 100,
	"PercentSampling": 100,
	"AcquisitionMatrixPE": 160,
	"ReconMatrixPE": 256,
	"PixelBandwidth": 122.109,
	"ImageOrientationPatientDICOM": [
		1,
		-0,
		0,
		-0,
		1,
		0	],
	"InPlanePhaseEncodingDirectionDICOM": "ROW",
	"ConversionSoftware": "dcm2niix",
	"ConversionSoftwareVersion": "v1.0.20220720"
}
