{
  "bids_meta": {
    "AcquisitionMatrixPE": 160,
    "AcquisitionNumber": 1,
    "AcquisitionTime": "10:37:58.000000",
    "CoilString": "HEAD",
    "ConversionSoftware": "dcm2niix",
    "ConversionSoftwareVersion": "v1.0.20220720",
    "DeviceSerialNumber": "0000000000UM3TMR",
    "EchoTime": 0.001784,
    "FlipAngle": 15,
    "ImageOrientationPatientDICOM": [
      1,
      0,
      0,
      0,
      1,
      0
    ],
    "ImageType": [
      "ORIGINAL",
      "PRIMARY",
      "OTHER"
    ],
    "ImagingFrequency": 128.07,
    "InPlanePhaseEncodingDirectionDICOM": "ROW",
    "InstitutionName": "U of M FMRi",
    "InversionTime": 0.4,
    "MRAcquisitionType": "3D",
    "MagneticFieldStrength": 3,
    "Manufacturer": "GE",
    "ManufacturersModelName": "SIGNA EXCITE",
    "Modality": "MR",
    "PatientPosition": "HFS",
    "PercentPhaseFOV": 100,
    "PercentSampling": 100,
    "PixelBandwidth": 122.109,
    "ProtocolName": "childrisk w.o hoshim 4-/",
    "PulseSequenceName": "efgre3d",
    "ReconMatrixPE": 256,
    "RepetitionTime": 0.008948,
    "SAR": 0.016921,
    "ScanOptions": "FAST_GEMS\\VB_GEMS\\EDR_GEMS\\PFF",
    "ScanningSequence": "GR",
    "SequenceVariant": "SS\\SP\\SK",
    "SeriesDescription": "3d spgr IR axial",
    "SeriesNumber": 6,
    "ShimSetting": [
      -5,
      -11,
      18
    ],
    "SliceThickness": 1.4,
    "SoftwareVersions": "11",
    "SpacingBetweenSlices": 1.4,
    "SpoilingState": true,
    "StationName": "um3te2",
    "dataset": "MLS",
    "modality": "T1w",
    "session_id": "1",
    "subject_id": "157"
  },
  "cjv": 0.33143559676824264,
  "cnr": 4.053213854805817,
  "efc": 0.5594757404639774,
  "fber": 7817.031593247774,
  "fwhm_avg": 3.9781758135830514,
  "fwhm_x": 4.590880478104821,
  "fwhm_y": 4.129704050768354,
  "fwhm_z": 3.213942911875979,
  "icvs_csf": 0.17409601493588986,
  "icvs_gm": 0.48616226041489197,
  "icvs_wm": 0.33974172464921815,
  "inu_med": 0.7287084460258484,
  "inu_range": 0.4998882293701171,
  "provenance": {
    "md5sum": "b2ce4109f2e60c87336da78809134c09",
    "settings": {
      "testing": false
    },
    "software": "mriqc",
    "version": "23.1.0rc0",
    "warnings": {
      "large_rot_frame": true,
      "small_air_mask": false
    }
  },
  "qi_1": 0.0,
  "qi_2": 0.0011866322230371451,
  "rpve_csf": 25.58437237718615,
  "rpve_gm": 10.021149632472731,
  "rpve_wm": 15.291005752332639,
  "size_x": 256,
  "size_y": 256,
  "size_z": 104,
  "snr_csf": 1.47790678301104,
  "snr_gm": 11.360519783173459,
  "snr_total": 10.045737585763286,
  "snr_wm": 17.29878619110536,
  "snrd_csf": 8.134086966344327,
  "snrd_gm": 20.202204716153393,
  "snrd_total": 19.68893731990966,
  "snrd_wm": 30.73052027723126,
  "spacing_x": 1.0156199932098389,
  "spacing_y": 1.0156199932098389,
  "spacing_z": 1.399999976158142,
  "summary_bg_k": 5.2987563576502446,
  "summary_bg_mad": 0.0,
  "summary_bg_mean": 14.417764044276021,
  "summary_bg_median": 0.0,
  "summary_bg_n": 1310820.0,
  "summary_bg_p05": 0.0,
  "summary_bg_p95": 58.55010670796037,
  "summary_bg_stdv": 21.318753967978182,
  "summary_csf_k": 27.25100460410812,
  "summary_csf_mad": 89.33547711131317,
  "summary_csf_mean": 289.3593496041427,
  "summary_csf_median": 264.6908320002258,
  "summary_csf_n": 9500.0,
  "summary_csf_p05": 110.78891276568174,
  "summary_csf_p95": 482.10874281246186,
  "summary_csf_stdv": 179.08903564129622,
  "summary_gm_k": 0.08333606844739316,
  "summary_gm_mad": 57.40736958037675,
  "summary_gm_mean": 656.0654674917793,
  "summary_gm_median": 657.3987217843533,
  "summary_gm_n": 24961.0,
  "summary_gm_p05": 559.1471224725246,
  "summary_gm_p95": 749.552240062505,
  "summary_gm_stdv": 57.865798896703495,
  "summary_wm_k": 0.2937166442110888,
  "summary_wm_mad": 56.142890074201055,
  "summary_wm_mean": 1001.834090629832,
  "summary_wm_median": 1000.0000016763806,
  "summary_wm_n": 100470.0,
  "summary_wm_p05": 909.5948842540383,
  "summary_wm_p95": 1099.530918687582,
  "summary_wm_stdv": 57.80723653132555,
  "tpm_overlap_csf": 0.1602131108412009,
  "tpm_overlap_gm": 0.47171373187663257,
  "tpm_overlap_wm": 0.4741407298792243,
  "wm2max": 0.36667479058510466
}