{
	"Modality": "MR",
	"MagneticFieldStrength": 3,
	"ImagingFrequency": 128.071,
	"Manufacturer": "GE",
	"ManufacturersModelName": "SIGNA EXCITE",
	"InstitutionName": "U of M FMRi",
	"DeviceSerialNumber": "0000000000UM3TMR",
	"StationName": "um3te2",
	"PatientPosition": "HFS",
	"SoftwareVersions": "11",
	"MRAcquisitionType": "2D",
	"SeriesDescription": "t1 axial overlay ",
	"ProtocolName": "wmrec new 2-13-07/",
	"ScanningSequence": "GR",
	"SequenceVariant": "SS\\SK",
	"ScanOptions": "FAST_GEMS\\VB_GEMS",
	"PulseSequenceName": "fgre",
	"ImageType": ["ORIGINAL", "PRIMARY", "OTHER"],
	"SeriesNumber": 2,
	"AcquisitionTime": "11:29:17.000000",
	"AcquisitionNumber": 1,
	"SliceThickness": 3,
	"SpacingBetweenSlices": 3,
	"SAR": 0.115832,
	"NumberOfAverages": 2,
	"EchoTime": 0.00572,
	"RepetitionTime": 0.25,
	"FlipAngle": 90,
	"ShimSetting": [
		3,
		-3,
		9	],
	"CoilString": "HEAD",
	"NumberOfExcitations": 2,
	"PercentPhaseFOV": 100,
	"PercentSampling": 100,
	"AcquisitionMatrixPE": 160,
	"ReconMatrixPE": 256,
	"PixelBandwidth": 122.109,
	"PhaseEncodingAxis": "i",
	"ImageOrientationPatientDICOM": [
		1,
		-0,
		0,
		-0,
		0.988843,
		-0.148963	],
	"InPlanePhaseEncodingDirectionDICOM": "ROW",
	"ConversionSoftware": "dcm2niix",
	"ConversionSoftwareVersion": "v1.0.20220720"
}
