{
	"Modality": "MR",
	"MagneticFieldStrength": 3,
	"ImagingFrequency": 128.071,
	"Manufacturer": "GE",
	"ManufacturersModelName": "SIGNA EXCITE",
	"InstitutionName": "U of M FMRi",
	"DeviceSerialNumber": "0000000000UM3TMR",
	"StationName": "um3te2",
	"PatientPosition": "HFS",
	"SoftwareVersions": "11",
	"MRAcquisitionType": "3D",
	"SeriesDescription": "3d spgr IR sag",
	"ProtocolName": "wmrec new 2-13-07/",
	"ScanningSequence": "GR",
	"SequenceVariant": "SS\\SP\\SK",
	"ScanOptions": "FAST_GEMS\\VB_GEMS\\EDR_GEMS\\PFF",
	"PulseSequenceName": "efgre3d",
	"ImageType": ["ORIGINAL", "PRIMARY", "OTHER"],
	"SeriesNumber": 4,
	"AcquisitionTime": "12:47:46.000000",
	"AcquisitionNumber": 1,
	"SliceThickness": 1.2,
	"SpacingBetweenSlices": 1.2,
	"SAR": 0.012757,
	"EchoTime": 0.001852,
	"RepetitionTime": 0.00906,
	"SpoilingState": true,
	"InversionTime": 0.4,
	"FlipAngle": 15,
	"ShimSetting": [
		2,
		-2,
		7	],
	"CoilString": "HEAD",
	"PercentPhaseFOV": 100,
	"PercentSampling": 100,
	"AcquisitionMatrixPE": 192,
	"ReconMatrixPE": 256,
	"PixelBandwidth": 122.109,
	"ImageOrientationPatientDICOM": [
		-0,
		1,
		0,
		-0,
		-0,
		-1	],
	"InPlanePhaseEncodingDirectionDICOM": "ROW",
	"ConversionSoftware": "dcm2niix",
	"ConversionSoftwareVersion": "v1.0.20220720"
}
