{
  "bids_meta": {
    "AcquisitionMatrixPE": 160,
    "CoilString": "HEAD",
    "EchoTime": 0.001784,
    "FlipAngle": 15,
    "ImageType": [
      "ORIGINAL",
      "PRIMARY",
      "OTHER"
    ],
    "InPlanePhaseEncodingDirectionDICOM": "ROW",
    "InstitutionName": "U of M FMRi",
    "InversionTime": 0.4,
    "MRAcquisitionType": "3D",
    "Modality": "MR",
    "PatientPosition": "HFS",
    "PercentPhaseFOV": 100,
    "PercentSampling": 100,
    "ReconMatrixPE": 256,
    "RepetitionTime": 0.008948,
    "SAR": 0.017417,
    "ScanningSequence": "GR",
    "SeriesDescription": "3d spgr IR axial",
    "dataset": "MLS",
    "modality": "T1w",
    "session_id": "1",
    "subject_id": "118"
  },
  "cjv": 0.5097894973382011,
  "cnr": 2.147419716201437,
  "efc": 0.590922006099727,
  "fber": 418.4334189646202,
  "fwhm_avg": 2.971615353569702,
  "fwhm_x": 3.60006383891832,
  "fwhm_y": 3.558170221790786,
  "fwhm_z": 1.756612,
  "icvs_csf": 0.28142682122545587,
  "icvs_gm": 0.34938835833340337,
  "icvs_wm": 0.36918482044114076,
  "inu_med": 0.9403412342071533,
  "inu_range": 0.4961230874061584,
  "provenance": {
    "md5sum": "a9a769318c36b16850045a41d847a39f",
    "settings": {
      "testing": false
    },
    "software": "mriqc",
    "version": "23.1.0rc0",
    "warnings": {
      "large_rot_frame": true,
      "small_air_mask": false
    }
  },
  "qi_1": 0.00016723806338322602,
  "qi_2": 0.000918558308774312,
  "rpve_csf": 12.815231721339643,
  "rpve_gm": 9.159390019234165,
  "rpve_wm": 11.150833220974965,
  "size_x": 256,
  "size_y": 256,
  "size_z": 60,
  "snr_csf": 0.7044003125019108,
  "snr_gm": 4.6779294640642535,
  "snr_total": 3.745740667676428,
  "snr_wm": 5.85489222646312,
  "snrd_csf": 4.4685396813163925,
  "snrd_gm": 17.07140499594792,
  "snrd_total": 17.773507646054487,
  "snrd_wm": 31.78057826089916,
  "spacing_x": 0.9399999976158142,
  "spacing_y": 0.9399999976158142,
  "spacing_z": 2.5,
  "summary_bg_k": 40.369687043469774,
  "summary_bg_mad": 20.346781949206107,
  "summary_bg_mean": 36.904738115293355,
  "summary_bg_median": 13.723695874214172,
  "summary_bg_n": 896775.0,
  "summary_bg_p05": 0.0,
  "summary_bg_p95": 142.32616262882948,
  "summary_bg_stdv": 63.17104967885266,
  "summary_csf_k": 78.88941527512107,
  "summary_csf_mad": 90.54317967396719,
  "summary_csf_mean": 167.21411775565986,
  "summary_csf_median": 138.78087452799082,
  "summary_csf_n": 142382.0,
  "summary_csf_p05": 27.73330207914114,
  "summary_csf_p95": 342.74930445849895,
  "summary_csf_stdv": 197.01920159605035,
  "summary_gm_k": 0.35598641820620314,
  "summary_gm_mad": 106.4814922008453,
  "summary_gm_mean": 527.9160451922461,
  "summary_gm_median": 530.1921172738075,
  "summary_gm_n": 136164.0,
  "summary_gm_p05": 334.98112077303233,
  "summary_gm_p95": 711.9167234748602,
  "summary_gm_stdv": 113.33864147698982,
  "summary_wm_k": 5.070903413118389,
  "summary_wm_mad": 126.40438285944295,
  "summary_wm_mean": 1013.7437146636742,
  "summary_wm_median": 987.0196436867118,
  "summary_wm_n": 219080.0,
  "summary_wm_p05": 803.5195343319327,
  "summary_wm_p95": 1326.0521138459444,
  "summary_wm_stdv": 168.5799418435695,
  "tpm_overlap_csf": 0.12874500367837124,
  "tpm_overlap_gm": 0.357018793530595,
  "tpm_overlap_wm": 0.4223616594194211,
  "wm2max": 0.29767611717488063
}