{
  "bids_meta": {
    "AcquisitionMatrixPE": 160,
    "AcquisitionNumber": 1,
    "AcquisitionTime": "12:46:26.000000",
    "CoilString": "HEAD",
    "ConversionSoftware": "dcm2niix",
    "ConversionSoftwareVersion": "v1.0.20220720",
    "DeviceSerialNumber": "000000000000MR01",
    "EchoTime": 0.005168,
    "FlipAngle": 18,
    "ImageOrientationPatientDICOM": [
      1,
      0,
      0,
      0,
      1,
      0
    ],
    "ImageType": [
      "ORIGINAL",
      "PRIMARY",
      "OTHER"
    ],
    "ImagingFrequency": 127.768,
    "InPlanePhaseEncodingDirectionDICOM": "ROW",
    "InstitutionName": "UOFMResearch",
    "InversionTime": 0.5,
    "MRAcquisitionType": "3D",
    "MagneticFieldStrength": 3,
    "Manufacturer": "GE",
    "ManufacturersModelName": "DISCOVERY MR750",
    "Modality": "MR",
    "PatientPosition": "HFS",
    "PercentPhaseFOV": 75,
    "PercentSampling": 100,
    "PixelBandwidth": 122.109,
    "PrescanReuseString": "TG/s1,CF/s2,AS/s2",
    "ProtocolName": "neuropsych 12/13/12",
    "PulseSequenceName": "BRAVO",
    "ReconMatrixPE": 256,
    "RepetitionTime": 0.012208,
    "SAR": 0.0417389,
    "ScanOptions": "FAST_GEMS\\EDR_GEMS",
    "ScanningSequence": "GR",
    "SequenceVariant": "SS\\SK",
    "SeriesDescription": "AxFSPGR 124sl",
    "SeriesNumber": 7,
    "ShimSetting": [
      8,
      9,
      -31
    ],
    "SliceThickness": 1.2,
    "SoftwareVersions": "23\\LX\\MR Software release:DV22.0_V02_1122.a",
    "SpacingBetweenSlices": 1.2,
    "StationName": "MR01MR01",
    "dataset": "MLS",
    "modality": "T1w",
    "session_id": "2",
    "subject_id": "158"
  },
  "cjv": 0.36480303688111826,
  "cnr": 3.72757520878688,
  "efc": 0.5993222019498775,
  "fber": 17642.394375105414,
  "fwhm_avg": 5.575747548439867,
  "fwhm_x": 6.030277869961394,
  "fwhm_y": 5.708881640233488,
  "fwhm_z": 4.988083135124717,
  "icvs_csf": 0.13873103169384,
  "icvs_gm": 0.4692071130549815,
  "icvs_wm": 0.39206185525117854,
  "inu_med": 0.5039631128311157,
  "inu_range": 0.3622971415519714,
  "provenance": {
    "md5sum": "8091e50f31cbef9c2f7df08b868ce8ca",
    "settings": {
      "testing": false
    },
    "software": "mriqc",
    "version": "23.1.0rc0",
    "warnings": {
      "large_rot_frame": true,
      "small_air_mask": false
    }
  },
  "qi_1": 0.0,
  "qi_2": 0.0008298475689099569,
  "rpve_csf": 32.72640764351848,
  "rpve_gm": 11.099792092583295,
  "rpve_wm": 14.428427775318118,
  "size_x": 256,
  "size_y": 256,
  "size_z": 124,
  "snr_csf": 2.5880766936550095,
  "snr_gm": 16.85423466717675,
  "snr_total": 13.528648442125254,
  "snr_wm": 21.143633965544005,
  "snrd_csf": 39.82057774424007,
  "snrd_gm": 79.86392284379916,
  "snrd_total": 75.3124084091662,
  "snrd_wm": 106.25272463945934,
  "spacing_x": 1.0155999660491943,
  "spacing_y": 1.0155999660491943,
  "spacing_z": 1.2000000476837158,
  "summary_bg_k": 8.563033534127014,
  "summary_bg_mad": 6.165831285500369,
  "summary_bg_mean": 9.91942827026253,
  "summary_bg_median": 4.158790003508329,
  "summary_bg_n": 1619363.0,
  "summary_bg_p05": 0.0,
  "summary_bg_p95": 39.11324813216925,
  "summary_bg_stdv": 14.613589198196948,
  "summary_csf_k": 2.7974824840333605,
  "summary_csf_mad": 124.8963014938959,
  "summary_csf_mean": 373.3151160367136,
  "summary_csf_median": 374.77228263020515,
  "summary_csf_n": 9100.0,
  "summary_csf_p05": 123.45419680662454,
  "summary_csf_p95": 593.6793025586753,
  "summary_csf_stdv": 144.79929868367202,
  "summary_gm_k": 0.1387588095872232,
  "summary_gm_mad": 44.63858021568863,
  "summary_gm_mean": 751.0884204732747,
  "summary_gm_median": 751.6411453448236,
  "summary_gm_n": 39065.0,
  "summary_gm_p05": 677.3328479267657,
  "summary_gm_p95": 822.6842770576477,
  "summary_gm_stdv": 44.59600448996279,
  "summary_wm_k": 0.3474340643341005,
  "summary_wm_mad": 45.963469582820935,
  "summary_wm_mean": 1002.6966747196764,
  "summary_wm_median": 999.9999599345028,
  "summary_wm_n": 161271.0,
  "summary_wm_p05": 930.0394884292036,
  "summary_wm_p95": 1084.8598981052637,
  "summary_wm_stdv": 47.29541105318068,
  "tpm_overlap_csf": 0.1315345739842954,
  "tpm_overlap_gm": 0.4635605042087759,
  "tpm_overlap_wm": 0.5013368865390188,
  "wm2max": 0.5835014957101682
}