{
  "bids_meta": {
    "AcquisitionMatrixPE": 160,
    "AcquisitionNumber": 1,
    "AcquisitionTime": "10:05:54.000000",
    "CoilString": "HEAD",
    "ConversionSoftware": "dcm2niix",
    "ConversionSoftwareVersion": "v1.0.20220720",
    "DeviceSerialNumber": "0000000000UM3TMR",
    "EchoTime": 0.00184,
    "FlipAngle": 15,
    "ImageOrientationPatientDICOM": [
      1,
      0,
      0,
      0,
      1,
      0
    ],
    "ImageType": [
      "ORIGINAL",
      "PRIMARY",
      "OTHER"
    ],
    "ImagingFrequency": 128.07,
    "InPlanePhaseEncodingDirectionDICOM": "ROW",
    "InstitutionName": "U of M FMRi",
    "InversionTime": 0.4,
    "MRAcquisitionType": "3D",
    "MagneticFieldStrength": 3,
    "Manufacturer": "GE",
    "ManufacturersModelName": "SIGNA EXCITE",
    "Modality": "MR",
    "PatientPosition": "HFS",
    "PercentPhaseFOV": 100,
    "PercentSampling": 100,
    "PixelBandwidth": 122.109,
    "ProtocolName": "neuropsych adole. 3-15-/",
    "PulseSequenceName": "efgre3d",
    "ReconMatrixPE": 256,
    "RepetitionTime": 0.00904,
    "SAR": 0.01611,
    "ScanOptions": "FAST_GEMS\\VB_GEMS\\EDR_GEMS\\PFF",
    "ScanningSequence": "GR",
    "SequenceVariant": "SS\\SP\\SK",
    "SeriesDescription": "3d spgr IR ",
    "SeriesNumber": 7,
    "ShimSetting": [
      -4,
      -6,
      22
    ],
    "SliceThickness": 1.2,
    "SoftwareVersions": "11",
    "SpacingBetweenSlices": 1.2,
    "SpoilingState": true,
    "StationName": "um3te2",
    "dataset": "MLS",
    "modality": "T1w",
    "session_id": "1",
    "subject_id": "33"
  },
  "cjv": 0.31992766252796223,
  "cnr": 4.164216659891673,
  "efc": 0.6141900211467283,
  "fber": 10981.807093425607,
  "fwhm_avg": 4.360574452928507,
  "fwhm_x": 4.82901088280042,
  "fwhm_y": 4.53717929029379,
  "fwhm_z": 3.7155331856913096,
  "icvs_csf": 0.18345820449857544,
  "icvs_gm": 0.46914660581997647,
  "icvs_wm": 0.3473951896814481,
  "inu_med": 0.6650408506393433,
  "inu_range": 0.40322104692459104,
  "provenance": {
    "md5sum": "8accae6261574c6faab8c7d00c6e4269",
    "settings": {
      "testing": false
    },
    "software": "mriqc",
    "version": "23.1.0rc0",
    "warnings": {
      "large_rot_frame": true,
      "small_air_mask": false
    }
  },
  "qi_1": 0.0,
  "qi_2": 0.0017514680432159948,
  "rpve_csf": 20.991039192972295,
  "rpve_gm": 9.251691437206468,
  "rpve_wm": 14.31284418302932,
  "size_x": 256,
  "size_y": 256,
  "size_z": 134,
  "snr_csf": 2.041060132696795,
  "snr_gm": 9.406135599716338,
  "snr_total": 10.52492399421857,
  "snr_wm": 20.127576250242576,
  "snrd_csf": 19.733554978059768,
  "snrd_gm": 52.72650068312759,
  "snrd_total": 51.63536029296381,
  "snrd_wm": 82.44602521770406,
  "spacing_x": 1.0156199932098389,
  "spacing_y": 1.0156199932098389,
  "spacing_z": 1.2000000476837158,
  "summary_bg_k": 7.532875548102373,
  "summary_bg_mad": 7.9463861698915155,
  "summary_bg_mean": 13.3442812387402,
  "summary_bg_median": 5.359756022691727,
  "summary_bg_n": 1652131.0,
  "summary_bg_p05": 0.0,
  "summary_bg_p95": 54.972760785371065,
  "summary_bg_stdv": 20.0603922329152,
  "summary_csf_k": 2.6151140531359003,
  "summary_csf_mad": 104.348597336207,
  "summary_csf_mean": 252.5617083033993,
  "summary_csf_median": 239.35542027652264,
  "summary_csf_n": 9358.0,
  "summary_csf_p05": 81.8773255571723,
  "summary_csf_p95": 461.337473497912,
  "summary_csf_stdv": 117.26388031783164,
  "summary_gm_k": 0.07691509811898367,
  "summary_gm_mad": 67.23060930579268,
  "summary_gm_mean": 638.1112667672594,
  "summary_gm_median": 639.5387827865779,
  "summary_gm_n": 36920.0,
  "summary_gm_p05": 524.1629820875823,
  "summary_gm_p95": 748.0050822181626,
  "summary_gm_stdv": 67.99074017223786,
  "summary_wm_k": 0.41108095250629617,
  "summary_wm_mad": 48.096547870396016,
  "summary_wm_mean": 1000.2043667868355,
  "summary_wm_median": 1000.0176368653774,
  "summary_wm_n": 183021.0,
  "summary_wm_p05": 919.0218501277268,
  "summary_wm_p95": 1081.4718237891793,
  "summary_wm_stdv": 49.683821462331984,
  "tpm_overlap_csf": 0.147137881332212,
  "tpm_overlap_gm": 0.46630949625829465,
  "tpm_overlap_wm": 0.5021123933927704,
  "wm2max": 0.5544467435281114
}