{
  "bids_meta": {
    "AcquisitionMatrixPE": 160,
    "AcquisitionNumber": 1,
    "AcquisitionTime": "15:41:30.000000",
    "CoilString": "HEAD",
    "ConversionSoftware": "dcm2niix",
    "ConversionSoftwareVersion": "v1.0.20220720",
    "DeviceSerialNumber": "0007347633TMRFIX",
    "EchoTime": 0.005176,
    "FlipAngle": 15,
    "ImageOrientationPatientDICOM": [
      1,
      0,
      0,
      0,
      1,
      0
    ],
    "ImageType": [
      "ORIGINAL",
      "PRIMARY",
      "OTHER"
    ],
    "ImagingFrequency": 127.789,
    "InPlanePhaseEncodingDirectionDICOM": "ROW",
    "InstitutionName": "U Of M research",
    "InversionTime": 0.5,
    "MRAcquisitionType": "3D",
    "MagneticFieldStrength": 3,
    "Manufacturer": "GE",
    "ManufacturersModelName": "DISCOVERY MR750",
    "Modality": "MR",
    "PatientPosition": "HFS",
    "PercentPhaseFOV": 75,
    "PercentSampling": 100,
    "PixelBandwidth": 122.109,
    "PrescanReuseString": "TG/s2,CF/s2,AS/s2",
    "ProtocolName": "neuropsych1_rev._w_delay",
    "PulseSequenceName": "BRAVO",
    "ReconMatrixPE": 256,
    "RepetitionTime": 0.012224,
    "SAR": 0.0324045,
    "ScanOptions": "FAST_GEMS\\EDR_GEMS",
    "ScanningSequence": "GR",
    "SequenceVariant": "SS\\SK",
    "SeriesDescription": "t1spgr_124sl",
    "SeriesNumber": 8,
    "ShimSetting": [
      1,
      5,
      -20
    ],
    "SliceThickness": 1.2,
    "SoftwareVersions": "25\\LX\\MR Software release:DV25.0_R01_1451.a",
    "SpacingBetweenSlices": 1.2,
    "StationName": "GEHCGEHC",
    "dataset": "MLS",
    "modality": "T1w",
    "session_id": "2",
    "subject_id": "238"
  },
  "cjv": 0.2998316544749573,
  "cnr": 4.468899808475094,
  "efc": 0.5975035679635108,
  "fber": 16240.624724245577,
  "fwhm_avg": 5.2675133130307,
  "fwhm_x": 5.590705188862688,
  "fwhm_y": 5.5326016028321,
  "fwhm_z": 4.679233147397314,
  "icvs_csf": 0.1912449123789653,
  "icvs_gm": 0.4542040290335536,
  "icvs_wm": 0.3545510585874811,
  "inu_med": 0.5178211331367493,
  "inu_range": 0.33543798327445984,
  "provenance": {
    "md5sum": "c8992c580d12e402d53dc2bf3a2aa837",
    "settings": {
      "testing": false
    },
    "software": "mriqc",
    "version": "23.1.0rc0",
    "warnings": {
      "large_rot_frame": true,
      "small_air_mask": false
    }
  },
  "qi_1": 0.0,
  "qi_2": 0.0006006123622528352,
  "rpve_csf": 26.117666668824402,
  "rpve_gm": 12.048050125660072,
  "rpve_wm": 17.67541914862387,
  "size_x": 256,
  "size_y": 256,
  "size_z": 124,
  "snr_csf": 2.2551851898488544,
  "snr_gm": 12.182037559596505,
  "snr_total": 13.901216325482517,
  "snr_wm": 27.26642622700219,
  "snrd_csf": 32.601130046906576,
  "snrd_gm": 83.42898085451417,
  "snrd_total": 78.77473395215806,
  "snrd_wm": 120.29409095505345,
  "spacing_x": 1.0155999660491943,
  "spacing_y": 1.0155999660491943,
  "spacing_z": 1.2000000476837158,
  "summary_bg_k": 7.100432765578436,
  "summary_bg_mad": 5.446122756399942,
  "summary_bg_mean": 7.377069758866028,
  "summary_bg_median": 3.6733539775013924,
  "summary_bg_n": 1262241.0,
  "summary_bg_p05": 0.0,
  "summary_bg_p95": 29.167058505117893,
  "summary_bg_stdv": 10.793114732333684,
  "summary_csf_k": 4.042178971685146,
  "summary_csf_mad": 113.15832838297656,
  "summary_csf_mean": 274.83020499531943,
  "summary_csf_median": 271.01189345121384,
  "summary_csf_n": 14328.0,
  "summary_csf_p05": 81.38048869557679,
  "summary_csf_p95": 467.0700978580862,
  "summary_csf_stdv": 120.168595059838,
  "summary_gm_k": -0.02364526603653072,
  "summary_gm_mad": 57.90578383727801,
  "summary_gm_mean": 693.7649485743524,
  "summary_gm_median": 693.5417894273996,
  "summary_gm_n": 29469.0,
  "summary_gm_p05": 600.6216318905354,
  "summary_gm_p95": 786.147985085845,
  "summary_gm_stdv": 56.93054373075736,
  "summary_wm_k": 0.7047910213013258,
  "summary_wm_mad": 33.98008215531587,
  "summary_wm_mean": 1001.3955630048303,
  "summary_wm_median": 999.9999789521098,
  "summary_wm_n": 142199.0,
  "summary_wm_p05": 943.2356713339686,
  "summary_wm_p95": 1063.451674580574,
  "summary_wm_stdv": 36.67501030100406,
  "tpm_overlap_csf": 0.1433417132471735,
  "tpm_overlap_gm": 0.48350844720362823,
  "tpm_overlap_wm": 0.5199083108347011,
  "wm2max": 0.6014048073110402
}