{
  "bids_meta": {
    "AcquisitionMatrixPE": 160,
    "AcquisitionNumber": 1,
    "AcquisitionTime": "10:51:55.000000",
    "CoilString": "HEAD",
    "ConversionSoftware": "dcm2niix",
    "ConversionSoftwareVersion": "v1.0.20220720",
    "DeviceSerialNumber": "0000000000UM3TMR",
    "EchoTime": 0.001784,
    "FlipAngle": 15,
    "ImageOrientationPatientDICOM": [
      1,
      0,
      0,
      0,
      1,
      0
    ],
    "ImageType": [
      "ORIGINAL",
      "PRIMARY",
      "OTHER"
    ],
    "ImagingFrequency": 128.07,
    "InPlanePhaseEncodingDirectionDICOM": "ROW",
    "InstitutionName": "U of M FMRi",
    "InversionTime": 0.4,
    "MRAcquisitionType": "3D",
    "MagneticFieldStrength": 3,
    "Manufacturer": "GE",
    "ManufacturersModelName": "SIGNA EXCITE",
    "Modality": "MR",
    "PatientPosition": "HFS",
    "PercentPhaseFOV": 100,
    "PercentSampling": 100,
    "PixelBandwidth": 122.109,
    "ProtocolName": "childrisk w.o hoshim 4-9",
    "PulseSequenceName": "efgre3d",
    "ReconMatrixPE": 256,
    "RepetitionTime": 0.008948,
    "SAR": 0.015677,
    "ScanOptions": "FAST_GEMS\\VB_GEMS\\EDR_GEMS\\PFF",
    "ScanningSequence": "GR",
    "SequenceVariant": "SS\\SP\\SK",
    "SeriesDescription": "3d spgr IR axial",
    "SeriesNumber": 7,
    "ShimSetting": [
      0,
      -1,
      21
    ],
    "SliceThickness": 1.4,
    "SoftwareVersions": "11",
    "SpacingBetweenSlices": 1.4,
    "SpoilingState": true,
    "StationName": "um3te2",
    "dataset": "MLS",
    "modality": "T1w",
    "session_id": "1",
    "subject_id": "113"
  },
  "cjv": 0.33356901848102916,
  "cnr": 4.0925014496374015,
  "efc": 0.5930882835901505,
  "fber": 10585.43478734214,
  "fwhm_avg": 4.340683149734563,
  "fwhm_x": 4.887901019268659,
  "fwhm_y": 4.622476941560193,
  "fwhm_z": 3.5116714883748377,
  "icvs_csf": 0.21202271019765978,
  "icvs_gm": 0.44554657614208215,
  "icvs_wm": 0.34243071366025807,
  "inu_med": 0.6560482084751129,
  "inu_range": 0.3786406725645065,
  "provenance": {
    "md5sum": "0bf5c7f94d73c87c3c6b2b0f91d3100d",
    "settings": {
      "testing": false
    },
    "software": "mriqc",
    "version": "23.1.0rc0",
    "warnings": {
      "large_rot_frame": true,
      "small_air_mask": false
    }
  },
  "qi_1": 0.0,
  "qi_2": 0.0009798520967203642,
  "rpve_csf": 20.038146043240197,
  "rpve_gm": 10.132281193440797,
  "rpve_wm": 15.360261467910757,
  "size_x": 256,
  "size_y": 256,
  "size_z": 104,
  "snr_csf": 2.180169808154768,
  "snr_gm": 10.07326230349344,
  "snr_total": 10.901128895463314,
  "snr_wm": 20.44995457474173,
  "snrd_csf": 9.438149722098403,
  "snrd_gm": 24.176795597843846,
  "snrd_total": 23.449960816701125,
  "snrd_wm": 36.734937130161136,
  "spacing_x": 1.0156199932098389,
  "spacing_y": 1.0156199932098389,
  "spacing_z": 1.399999976158142,
  "summary_bg_k": 5.729674718562146,
  "summary_bg_mad": 0.0,
  "summary_bg_mean": 12.039277514483569,
  "summary_bg_median": 0.0,
  "summary_bg_n": 1358387.0,
  "summary_bg_p05": 0.0,
  "summary_bg_p95": 49.05947008356452,
  "summary_bg_stdv": 17.834149952922264,
  "summary_csf_k": 20.29495146223889,
  "summary_csf_mad": 92.11683614781117,
  "summary_csf_mean": 263.3864695048975,
  "summary_csf_median": 256.92569886520505,
  "summary_csf_n": 12117.0,
  "summary_csf_p05": 92.89758370742203,
  "summary_csf_p95": 442.23445170447224,
  "summary_csf_stdv": 117.84178269796067,
  "summary_gm_k": -0.048120585907843516,
  "summary_gm_mad": 66.81991906501776,
  "summary_gm_mean": 655.6297345514123,
  "summary_gm_median": 658.1417214386165,
  "summary_gm_n": 18623.0,
  "summary_gm_p05": 543.7240928757935,
  "summary_gm_p95": 756.8648797113448,
  "summary_gm_stdv": 65.33375496849375,
  "summary_wm_k": 0.4191471648119287,
  "summary_wm_mad": 47.213399811538686,
  "summary_wm_mean": 1000.8512632056709,
  "summary_wm_median": 999.9999653361738,
  "summary_wm_n": 128242.0,
  "summary_wm_p05": 921.9076252728701,
  "summary_wm_p95": 1081.968421548605,
  "summary_wm_stdv": 48.89967177165013,
  "tpm_overlap_csf": 0.16084410589507403,
  "tpm_overlap_gm": 0.47842769819110303,
  "tpm_overlap_wm": 0.5201143366785927,
  "wm2max": 0.4754967095275298
}