{
  "bids_meta": {
    "AcquisitionMatrixPE": 160,
    "AcquisitionNumber": 1,
    "AcquisitionTime": "14:14:18.000000",
    "CoilString": "HEAD",
    "ConversionSoftware": "dcm2niix",
    "ConversionSoftwareVersion": "v1.0.20220720",
    "DeviceSerialNumber": "0000000000UM3TMR",
    "EchoTime": 0.001844,
    "FlipAngle": 15,
    "ImageOrientationPatientDICOM": [
      1,
      0,
      0,
      0,
      1,
      0
    ],
    "ImageType": [
      "ORIGINAL",
      "PRIMARY",
      "OTHER"
    ],
    "ImagingFrequency": 128.07,
    "InPlanePhaseEncodingDirectionDICOM": "ROW",
    "InstitutionName": "U of M FMRi",
    "InversionTime": 0.4,
    "MRAcquisitionType": "3D",
    "MagneticFieldStrength": 3,
    "Manufacturer": "GE",
    "ManufacturersModelName": "SIGNA EXCITE",
    "Modality": "MR",
    "PatientPosition": "HFS",
    "PercentPhaseFOV": 100,
    "PercentSampling": 100,
    "PixelBandwidth": 122.109,
    "ProtocolName": "neuropsych adole. 3-15-/",
    "PulseSequenceName": "efgre3d",
    "ReconMatrixPE": 256,
    "RepetitionTime": 0.009048,
    "SAR": 0.017613,
    "ScanOptions": "FAST_GEMS\\VB_GEMS\\EDR_GEMS\\PFF",
    "ScanningSequence": "GR",
    "SequenceVariant": "SS\\SP\\SK",
    "SeriesDescription": "3d spgr IR ax",
    "SeriesNumber": 6,
    "ShimSetting": [
      4,
      -10,
      28
    ],
    "SliceThickness": 1.2,
    "SoftwareVersions": "11",
    "SpacingBetweenSlices": 1.2,
    "SpoilingState": true,
    "StationName": "um3te2",
    "dataset": "MLS",
    "modality": "T1w",
    "session_id": "2",
    "subject_id": "81"
  },
  "cjv": 0.33871262649827544,
  "cnr": 4.044694757033914,
  "efc": 0.5742815301523747,
  "fber": 7800.006782006921,
  "fwhm_avg": 4.409775031708871,
  "fwhm_x": 4.8830271490877895,
  "fwhm_y": 4.534481430840136,
  "fwhm_z": 3.811816515198687,
  "icvs_csf": 0.19609827784713701,
  "icvs_gm": 0.46266585214627803,
  "icvs_wm": 0.3412358700065849,
  "inu_med": 0.6572572588920593,
  "inu_range": 0.41159068048000336,
  "provenance": {
    "md5sum": "0dbe462c727f65751fc46dcee75f53ae",
    "settings": {
      "testing": false
    },
    "software": "mriqc",
    "version": "23.1.0rc0",
    "warnings": {
      "large_rot_frame": true,
      "small_air_mask": false
    }
  },
  "qi_1": 0.0,
  "qi_2": 0.00214071863421053,
  "rpve_csf": 24.18636351974549,
  "rpve_gm": 11.28449212937347,
  "rpve_wm": 17.446307964438073,
  "size_x": 256,
  "size_y": 256,
  "size_z": 116,
  "snr_csf": 1.8931780092758579,
  "snr_gm": 10.546578736945133,
  "snr_total": 11.097535315063917,
  "snr_wm": 20.852849198970763,
  "snrd_csf": 9.369497880125047,
  "snrd_gm": 22.91319469215926,
  "snrd_total": 22.175009384862346,
  "snrd_wm": 34.24233558230273,
  "spacing_x": 1.0156199932098389,
  "spacing_y": 1.0156199932098389,
  "spacing_z": 1.2000000476837158,
  "summary_bg_k": 5.538216197629078,
  "summary_bg_mad": 0.0,
  "summary_bg_mean": 12.830623044039235,
  "summary_bg_median": 0.0,
  "summary_bg_n": 1114988.0,
  "summary_bg_p05": 0.0,
  "summary_bg_p95": 52.74511396512389,
  "summary_bg_stdv": 19.132351244277295,
  "summary_csf_k": 19.703763996203257,
  "summary_csf_mad": 119.21270544107831,
  "summary_csf_mean": 283.0735278131977,
  "summary_csf_median": 273.6232094950974,
  "summary_csf_n": 7655.0,
  "summary_csf_p05": 83.50393263027073,
  "summary_csf_p95": 488.97723775655004,
  "summary_csf_stdv": 144.52171712437337,
  "summary_gm_k": -0.049148418223764256,
  "summary_gm_mad": 64.77997092090158,
  "summary_gm_mean": 666.8954917421004,
  "summary_gm_median": 669.1481178253889,
  "summary_gm_n": 25165.0,
  "summary_gm_p05": 557.9223345994949,
  "summary_gm_p95": 766.2211222760379,
  "summary_gm_stdv": 63.445676476614395,
  "summary_wm_k": 0.19168589913436263,
  "summary_wm_mad": 47.28373482513048,
  "summary_wm_mean": 1000.5526184935738,
  "summary_wm_median": 999.9999874606729,
  "summary_wm_n": 124619.0,
  "summary_wm_p05": 922.8026277992875,
  "summary_wm_p95": 1080.0693545304239,
  "summary_wm_stdv": 47.95488451874271,
  "tpm_overlap_csf": 0.1607085076803728,
  "tpm_overlap_gm": 0.4816381621555329,
  "tpm_overlap_wm": 0.5274746807666645,
  "wm2max": 0.40415808270222425
}