{
  "bids_meta": {
    "AcquisitionMatrixPE": 160,
    "AcquisitionNumber": 1,
    "AcquisitionTime": "09:38:22.000000",
    "CoilString": "HEAD",
    "ConversionSoftware": "dcm2niix",
    "ConversionSoftwareVersion": "v1.0.20220720",
    "DeviceSerialNumber": "0000000000UM3TMR",
    "EchoTime": 0.00184,
    "FlipAngle": 15,
    "ImageOrientationPatientDICOM": [
      1,
      0,
      0,
      0,
      1,
      0
    ],
    "ImageType": [
      "ORIGINAL",
      "PRIMARY",
      "OTHER"
    ],
    "ImagingFrequency": 128.07,
    "InPlanePhaseEncodingDirectionDICOM": "ROW",
    "InstitutionName": "U of M FMRi",
    "InversionTime": 0.5,
    "MRAcquisitionType": "3D",
    "MagneticFieldStrength": 3,
    "Manufacturer": "GE",
    "ManufacturersModelName": "SIGNA EXCITE",
    "Modality": "MR",
    "PatientPosition": "HFS",
    "PercentPhaseFOV": 80,
    "PercentSampling": 100,
    "PixelBandwidth": 122.109,
    "ProtocolName": "neuropsych adole. 3-15-/",
    "PulseSequenceName": "efgre3d",
    "ReconMatrixPE": 256,
    "RepetitionTime": 0.00904,
    "SAR": 0.013284,
    "ScanOptions": "FAST_GEMS\\VB_GEMS\\EDR_GEMS\\PFF",
    "ScanningSequence": "GR",
    "SequenceVariant": "SS\\SP\\SK",
    "SeriesDescription": "3d spgr IR ax",
    "SeriesNumber": 7,
    "ShimSetting": [
      -4,
      0,
      11
    ],
    "SliceThickness": 1.2,
    "SoftwareVersions": "11",
    "SpacingBetweenSlices": 1.2,
    "SpoilingState": true,
    "StationName": "um3te2",
    "dataset": "MLS",
    "modality": "T1w",
    "session_id": "1",
    "subject_id": "79"
  },
  "cjv": 0.3305478860585748,
  "cnr": 4.05223378575152,
  "efc": 0.587925650435833,
  "fber": 17029.44939591253,
  "fwhm_avg": 4.633570507278589,
  "fwhm_x": 5.075362866487989,
  "fwhm_y": 4.825515480953534,
  "fwhm_z": 3.9998331743942432,
  "icvs_csf": 0.19522111372704654,
  "icvs_gm": 0.45717259456225945,
  "icvs_wm": 0.347606291710694,
  "inu_med": 0.6334743499755859,
  "inu_range": 0.3999744236469269,
  "provenance": {
    "md5sum": "f3add656fbad100d08aea333bcff737f",
    "settings": {
      "testing": false
    },
    "software": "mriqc",
    "version": "23.1.0rc0",
    "warnings": {
      "large_rot_frame": true,
      "small_air_mask": false
    }
  },
  "qi_1": 0.0,
  "qi_2": 0.0015519083433806267,
  "rpve_csf": 20.8405802907916,
  "rpve_gm": 9.357151735459663,
  "rpve_wm": 13.331547770035364,
  "size_x": 256,
  "size_y": 256,
  "size_z": 124,
  "snr_csf": 2.5386157804706864,
  "snr_gm": 12.277923775165776,
  "snr_total": 11.678931524238893,
  "snr_wm": 20.220255017080216,
  "snrd_csf": 25.53664510359744,
  "snrd_gm": 63.15341017552824,
  "snrd_total": 60.17169659626257,
  "snrd_wm": 91.82503450966203,
  "spacing_x": 1.0156199932098389,
  "spacing_y": 1.0156199932098389,
  "spacing_z": 1.2000000476837158,
  "summary_bg_k": 5.13973863338116,
  "summary_bg_mad": 7.134616343269334,
  "summary_bg_mean": 12.713909452346359,
  "summary_bg_median": 4.812225595116615,
  "summary_bg_n": 1837935.0,
  "summary_bg_p05": 0.0,
  "summary_bg_p95": 51.894000336527824,
  "summary_bg_stdv": 18.811034104974098,
  "summary_csf_k": 11.310431890451868,
  "summary_csf_mad": 83.25325962720365,
  "summary_csf_mean": 278.65507533454183,
  "summary_csf_median": 278.1011183448136,
  "summary_csf_n": 24386.0,
  "summary_csf_p05": 97.26060683373362,
  "summary_csf_p95": 454.1863055769354,
  "summary_csf_stdv": 109.54608348401145,
  "summary_gm_k": 0.026575250443792164,
  "summary_gm_mad": 56.16100026965388,
  "summary_gm_mean": 686.4339747035458,
  "summary_gm_median": 687.7580796480179,
  "summary_gm_n": 36839.0,
  "summary_gm_p05": 591.9655267711729,
  "summary_gm_p95": 775.2560463808477,
  "summary_gm_stdv": 56.01506879602319,
  "summary_wm_k": 0.5329930165339705,
  "summary_wm_mad": 47.04990237183021,
  "summary_wm_mean": 1000.8310000663672,
  "summary_wm_median": 999.9999876879156,
  "summary_wm_n": 159459.0,
  "summary_wm_p05": 921.8663518428802,
  "summary_wm_p95": 1083.856270186603,
  "summary_wm_stdv": 49.4552047556313,
  "tpm_overlap_csf": 0.15224113981723467,
  "tpm_overlap_gm": 0.47296520038541107,
  "tpm_overlap_wm": 0.487284432784031,
  "wm2max": 0.5532071806310034
}