{
  "bids_meta": {
    "AcquisitionMatrixPE": 160,
    "CoilString": "HEAD",
    "EchoTime": 0.001784,
    "FlipAngle": 15,
    "ImageType": [
      "ORIGINAL",
      "PRIMARY",
      "OTHER"
    ],
    "InPlanePhaseEncodingDirectionDICOM": "ROW",
    "InstitutionName": "U of M FMRi",
    "InversionTime": 0.4,
    "MRAcquisitionType": "3D",
    "Modality": "MR",
    "PatientPosition": "HFS",
    "PercentPhaseFOV": 100,
    "PercentSampling": 100,
    "ReconMatrixPE": 256,
    "RepetitionTime": 0.008948,
    "SAR": 0.017417,
    "ScanningSequence": "GR",
    "SeriesDescription": "3d spgr IR axial",
    "dataset": "MLS",
    "modality": "T1w",
    "session_id": "1",
    "subject_id": "101"
  },
  "cjv": 0.32512382279309054,
  "cnr": 4.075886923301792,
  "efc": 0.5884202003343567,
  "fber": 4549.227820888188,
  "fwhm_avg": 4.428111119619357,
  "fwhm_x": 5.06268086390465,
  "fwhm_y": 5.000819161620088,
  "fwhm_z": 3.220833333333333,
  "icvs_csf": 0.1765828201602108,
  "icvs_gm": 0.4323197737957725,
  "icvs_wm": 0.39109740604401666,
  "inu_med": 0.6777621805667877,
  "inu_range": 0.4004347622394562,
  "provenance": {
    "md5sum": "cb26d7cc207c59828d509fbebef51da8",
    "settings": {
      "testing": false
    },
    "software": "mriqc",
    "version": "23.1.0rc0",
    "warnings": {
      "large_rot_frame": true,
      "small_air_mask": false
    }
  },
  "qi_1": 1.1591571585275531e-05,
  "qi_2": 0.0017840639634994493,
  "rpve_csf": 22.619591618362403,
  "rpve_gm": 9.59053687666111,
  "rpve_wm": 12.028613070150545,
  "size_x": 256,
  "size_y": 256,
  "size_z": 106,
  "snr_csf": 1.7009960552058032,
  "snr_gm": 11.606431023067135,
  "snr_total": 10.812742717382088,
  "snr_wm": 19.13080107387333,
  "snrd_csf": 14.612051110773475,
  "snrd_gm": 36.46223432792316,
  "snrd_total": 35.23094635434247,
  "snrd_wm": 54.61855362433078,
  "spacing_x": 0.9399999976158142,
  "spacing_y": 0.9399999976158142,
  "spacing_z": 1.5,
  "summary_bg_k": 18.313491429395945,
  "summary_bg_mad": 11.99526489389196,
  "summary_bg_mean": 16.556547014627203,
  "summary_bg_median": 8.090683221817017,
  "summary_bg_n": 1460513.0,
  "summary_bg_p05": 0.0,
  "summary_bg_p95": 64.38835397362709,
  "summary_bg_stdv": 24.722932432624315,
  "summary_csf_k": 35.99408203918744,
  "summary_csf_mad": 94.8375630673333,
  "summary_csf_mean": 275.06064136590027,
  "summary_csf_median": 267.54035299643874,
  "summary_csf_n": 14803.0,
  "summary_csf_p05": 87.99460783228278,
  "summary_csf_p95": 449.1129828635603,
  "summary_csf_stdv": 157.27921022002153,
  "summary_gm_k": -0.02898213375105474,
  "summary_gm_mad": 58.91424372364645,
  "summary_gm_mean": 667.7178188913223,
  "summary_gm_median": 667.6077827252448,
  "summary_gm_n": 23340.0,
  "summary_gm_p05": 573.0057835951447,
  "summary_gm_p95": 761.0298905521631,
  "summary_gm_stdv": 57.519273534682256,
  "summary_wm_k": 0.7247637329268346,
  "summary_wm_mad": 49.16809099735923,
  "summary_wm_mean": 1001.6543311922441,
  "summary_wm_median": 1000.0421573966742,
  "summary_wm_n": 145457.0,
  "summary_wm_p05": 918.9246303029358,
  "summary_wm_p95": 1088.9975338615477,
  "summary_wm_stdv": 52.27375037470846,
  "tpm_overlap_csf": 0.1523384350383029,
  "tpm_overlap_gm": 0.4728247386638261,
  "tpm_overlap_wm": 0.4934292799536417,
  "wm2max": 0.4186010967641518
}