{
  "bids_meta": {
    "AcquisitionMatrixPE": 160,
    "CoilString": "HEAD",
    "EchoTime": 0.001784,
    "FlipAngle": 15,
    "ImageType": [
      "ORIGINAL",
      "PRIMARY",
      "OTHER"
    ],
    "InPlanePhaseEncodingDirectionDICOM": "ROW",
    "InstitutionName": "U of M FMRi",
    "InversionTime": 0.4,
    "MRAcquisitionType": "3D",
    "Modality": "MR",
    "PatientPosition": "HFS",
    "PercentPhaseFOV": 100,
    "PercentSampling": 100,
    "ReconMatrixPE": 256,
    "RepetitionTime": 0.008948,
    "SAR": 0.017417,
    "ScanningSequence": "GR",
    "SeriesDescription": "3d spgr IR axial",
    "dataset": "MLS",
    "modality": "T1w",
    "session_id": "1",
    "subject_id": "01"
  },
  "cjv": 0.32665990668627426,
  "cnr": 4.083871208709438,
  "efc": 0.5399125685274412,
  "fber": 5357.426697530865,
  "fwhm_avg": 4.315339913730942,
  "fwhm_x": 5.017893629748501,
  "fwhm_y": 4.791712778110993,
  "fwhm_z": 3.1364133333333335,
  "icvs_csf": 0.18492507492311266,
  "icvs_gm": 0.4384093099706315,
  "icvs_wm": 0.37666561510625585,
  "inu_med": 0.5964258909225464,
  "inu_range": 0.31291406005620953,
  "provenance": {
    "md5sum": "bb9b90a00afc20a56abc8273855f9d00",
    "settings": {
      "testing": false
    },
    "software": "mriqc",
    "version": "23.1.0rc0",
    "warnings": {
      "large_rot_frame": true,
      "small_air_mask": false
    }
  },
  "qi_1": 1.9575319207245632e-05,
  "qi_2": 0.0013531641513178626,
  "rpve_csf": 24.868322302967385,
  "rpve_gm": 10.948581029004341,
  "rpve_wm": 14.329741810244276,
  "size_x": 256,
  "size_y": 256,
  "size_z": 106,
  "snr_csf": 0.5151991607204397,
  "snr_gm": 11.119622417150358,
  "snr_total": 11.046387153758248,
  "snr_wm": 21.50433988340395,
  "snrd_csf": 14.53848921937852,
  "snrd_gm": 37.37182754122046,
  "snrd_total": 35.789778057685844,
  "snrd_wm": 55.45901741245854,
  "spacing_x": 0.9399999976158142,
  "spacing_y": 0.9399999976158142,
  "spacing_z": 1.5,
  "summary_bg_k": 19.958885933130396,
  "summary_bg_mad": 11.812982029247465,
  "summary_bg_mean": 15.496163124866168,
  "summary_bg_median": 7.967735297977924,
  "summary_bg_n": 1564349.0,
  "summary_bg_p05": 0.0,
  "summary_bg_p95": 58.67597660794854,
  "summary_bg_stdv": 23.296897476843238,
  "summary_csf_k": 11.349735449435615,
  "summary_csf_mad": 141.3547263191124,
  "summary_csf_mean": 394.63886252583495,
  "summary_csf_median": 262.1483280137181,
  "summary_csf_n": 7902.0,
  "summary_csf_p05": 58.34152845963836,
  "summary_csf_p95": 1559.7112355323504,
  "summary_csf_stdv": 508.7969080837966,
  "summary_gm_k": -0.15153834354047468,
  "summary_gm_mad": 63.00257082265314,
  "summary_gm_mean": 672.8954699665125,
  "summary_gm_median": 673.8638352937996,
  "summary_gm_n": 23188.0,
  "summary_gm_p05": 572.1522513665259,
  "summary_gm_p95": 769.1643433192744,
  "summary_gm_stdv": 60.60001674648537,
  "summary_wm_k": 0.5533732017272746,
  "summary_wm_mad": 43.53302636704158,
  "summary_wm_mean": 1000.8399132343577,
  "summary_wm_median": 999.9999634474516,
  "summary_wm_n": 123029.0,
  "summary_wm_p05": 925.5360668972135,
  "summary_wm_p95": 1078.3001769930124,
  "summary_wm_stdv": 46.50205050603017,
  "tpm_overlap_csf": 0.149340657908467,
  "tpm_overlap_gm": 0.4907699848202621,
  "tpm_overlap_wm": 0.5158024453770637,
  "wm2max": 0.37302594224619984
}