{
  "bids_meta": {
    "AcquisitionMatrixPE": 160,
    "AcquisitionNumber": 1,
    "AcquisitionTime": "12:28:57.000000",
    "CoilString": "HEAD",
    "ConversionSoftware": "dcm2niix",
    "ConversionSoftwareVersion": "v1.0.20220720",
    "DeviceSerialNumber": "0000000000UM3TMR",
    "EchoTime": 0.001784,
    "FlipAngle": 15,
    "ImageOrientationPatientDICOM": [
      1,
      0,
      0,
      0,
      1,
      0
    ],
    "ImageType": [
      "ORIGINAL",
      "PRIMARY",
      "OTHER"
    ],
    "ImagingFrequency": 128.07,
    "InPlanePhaseEncodingDirectionDICOM": "ROW",
    "InstitutionName": "U of M FMRi",
    "InversionTime": 0.4,
    "MRAcquisitionType": "3D",
    "MagneticFieldStrength": 3,
    "Manufacturer": "GE",
    "ManufacturersModelName": "SIGNA EXCITE",
    "Modality": "MR",
    "PatientPosition": "HFS",
    "PercentPhaseFOV": 100,
    "PercentSampling": 100,
    "PixelBandwidth": 122.109,
    "ProtocolName": "childrisk w.o hoshim 4-/",
    "PulseSequenceName": "efgre3d",
    "ReconMatrixPE": 256,
    "RepetitionTime": 0.008948,
    "SAR": 0.019196,
    "ScanOptions": "FAST_GEMS\\VB_GEMS\\EDR_GEMS\\PFF",
    "ScanningSequence": "GR",
    "SequenceVariant": "SS\\SP\\SK",
    "SeriesDescription": "3d spgr IR axial",
    "SeriesNumber": 7,
    "ShimSetting": [
      -3,
      -16,
      20
    ],
    "SliceThickness": 1.4,
    "SoftwareVersions": "11",
    "SpacingBetweenSlices": 1.4,
    "SpoilingState": true,
    "StationName": "um3te2",
    "dataset": "MLS",
    "modality": "T1w",
    "session_id": "1",
    "subject_id": "249"
  },
  "cjv": 0.27778908617266573,
  "cnr": 4.754156661016111,
  "efc": 0.5299163258001836,
  "fber": 18883.198024767564,
  "fwhm_avg": 4.408243037765886,
  "fwhm_x": 5.018451816699255,
  "fwhm_y": 4.606270092433505,
  "fwhm_z": 3.6000072041649,
  "icvs_csf": 0.1701205989645822,
  "icvs_gm": 0.48904262203025833,
  "icvs_wm": 0.34083677900515946,
  "inu_med": 0.6227418780326843,
  "inu_range": 0.38758641481399536,
  "provenance": {
    "md5sum": "b23249c204f0987c4f1ae09207f085b5",
    "settings": {
      "testing": false
    },
    "software": "mriqc",
    "version": "23.1.0rc0",
    "warnings": {
      "large_rot_frame": true,
      "small_air_mask": false
    }
  },
  "qi_1": 0.0,
  "qi_2": 0.001138360811355051,
  "rpve_csf": 27.36932463511542,
  "rpve_gm": 10.5486804500469,
  "rpve_wm": 16.258583897493637,
  "size_x": 256,
  "size_y": 256,
  "size_z": 104,
  "snr_csf": 1.410457682309619,
  "snr_gm": 11.710944969475744,
  "snr_total": 11.32582462146918,
  "snr_wm": 20.856071212622172,
  "snrd_csf": 27.441238960345824,
  "snrd_gm": 67.93232568855768,
  "snrd_total": 66.78152303521603,
  "snrd_wm": 104.97100445674457,
  "spacing_x": 1.0156199932098389,
  "spacing_y": 1.0156199932098389,
  "spacing_z": 1.399999976158142,
  "summary_bg_k": 8.000576118377726,
  "summary_bg_mad": 6.241117912009285,
  "summary_bg_mean": 8.363016495050429,
  "summary_bg_median": 4.209570061415434,
  "summary_bg_n": 1462208.0,
  "summary_bg_p05": 0.0,
  "summary_bg_p95": 33.918837904930115,
  "summary_bg_stdv": 12.481914833586055,
  "summary_csf_k": 18.657332017312985,
  "summary_csf_mad": 113.7320264109318,
  "summary_csf_mean": 280.21528129734116,
  "summary_csf_median": 261.4173292815685,
  "summary_csf_n": 7739.0,
  "summary_csf_p05": 70.26044994592667,
  "summary_csf_p95": 500.0242400720711,
  "summary_csf_stdv": 185.3302246554457,
  "summary_gm_k": 0.0547728214743346,
  "summary_gm_mad": 54.37405605354852,
  "summary_gm_mean": 646.950171946299,
  "summary_gm_median": 647.1532564200461,
  "summary_gm_n": 35441.0,
  "summary_gm_p05": 554.5124303922057,
  "summary_gm_p95": 737.3410236351192,
  "summary_gm_stdv": 55.25977007269623,
  "summary_wm_k": 0.7031715389288165,
  "summary_wm_mad": 43.64292525520162,
  "summary_wm_mean": 999.6144041171469,
  "summary_wm_median": 1000.0000246614218,
  "summary_wm_n": 107020.0,
  "summary_wm_p05": 919.927339464426,
  "summary_wm_p95": 1077.8937273697925,
  "summary_wm_stdv": 47.94744621035198,
  "tpm_overlap_csf": 0.12845726451795592,
  "tpm_overlap_gm": 0.4733600719998791,
  "tpm_overlap_wm": 0.48356253693317935,
  "wm2max": 0.5763356780060391
}