{
  "bids_meta": {
    "AcquisitionMatrixPE": 160,
    "AcquisitionNumber": 1,
    "AcquisitionTime": "00:42:42.000000",
    "CoilString": "HEAD",
    "ConversionSoftware": "dcm2niix",
    "ConversionSoftwareVersion": "v1.0.20220720",
    "DeviceSerialNumber": "0000000000UM3TMR",
    "EchoTime": 0.00184,
    "FlipAngle": 15,
    "ImageOrientationPatientDICOM": [
      1,
      0,
      0,
      0,
      1,
      0
    ],
    "ImageType": [
      "ORIGINAL",
      "PRIMARY",
      "OTHER"
    ],
    "ImagingFrequency": 128.07,
    "InPlanePhaseEncodingDirectionDICOM": "ROW",
    "InstitutionName": "U of M FMRi",
    "InversionTime": 0.4,
    "MRAcquisitionType": "3D",
    "MagneticFieldStrength": 3,
    "Manufacturer": "GE",
    "ManufacturersModelName": "SIGNA EXCITE",
    "Modality": "MR",
    "PatientPosition": "HFS",
    "PercentPhaseFOV": 100,
    "PercentSampling": 100,
    "PixelBandwidth": 122.109,
    "ProtocolName": "neuropsych adole. 3-15-/",
    "PulseSequenceName": "efgre3d",
    "ReconMatrixPE": 256,
    "RepetitionTime": 0.00904,
    "SAR": 0.016026,
    "ScanOptions": "FAST_GEMS\\VB_GEMS\\EDR_GEMS\\PFF",
    "ScanningSequence": "GR",
    "SequenceVariant": "SS\\SP\\SK",
    "SeriesDescription": "3d spgr IR ax",
    "SeriesNumber": 5,
    "ShimSetting": [
      -4,
      -2,
      15
    ],
    "SliceThickness": 1.2,
    "SoftwareVersions": "11",
    "SpacingBetweenSlices": 1.2,
    "SpoilingState": true,
    "StationName": "um3te2",
    "dataset": "MLS",
    "modality": "T1w",
    "session_id": "1",
    "subject_id": "17"
  },
  "cjv": 0.3358380715951916,
  "cnr": 4.024375046523282,
  "efc": 0.5593722669313422,
  "fber": 8630.837131721495,
  "fwhm_avg": 4.426178337699251,
  "fwhm_x": 4.920866104855628,
  "fwhm_y": 4.56824405882034,
  "fwhm_z": 3.7894248494217857,
  "icvs_csf": 0.21001760321320018,
  "icvs_gm": 0.4406357496593601,
  "icvs_wm": 0.34934664712743974,
  "inu_med": 0.6526177525520325,
  "inu_range": 0.3459448784589768,
  "provenance": {
    "md5sum": "20f216c0709e1c49776c150ed9f0f654",
    "settings": {
      "testing": false
    },
    "software": "mriqc",
    "version": "23.1.0rc0",
    "warnings": {
      "large_rot_frame": true,
      "small_air_mask": false
    }
  },
  "qi_1": 0.0,
  "qi_2": 0.0008538649278651788,
  "rpve_csf": 22.599169881719185,
  "rpve_gm": 11.372242942800943,
  "rpve_wm": 16.861252015863613,
  "size_x": 256,
  "size_y": 256,
  "size_z": 126,
  "snr_csf": 2.2094638632363797,
  "snr_gm": 9.216910879448367,
  "snr_total": 10.742041178480301,
  "snr_wm": 20.79974879275616,
  "snrd_csf": 17.560421946651513,
  "snrd_gm": 48.150494332833254,
  "snrd_total": 46.66282228400604,
  "snrd_wm": 74.27755057253334,
  "spacing_x": 1.0156199932098389,
  "spacing_y": 1.0156199932098389,
  "spacing_z": 1.2000000476837158,
  "summary_bg_k": 6.054860414743416,
  "summary_bg_mad": 8.82011311637897,
  "summary_bg_mean": 13.276020766165018,
  "summary_bg_median": 5.949075892567635,
  "summary_bg_n": 1344097.0,
  "summary_bg_p05": 0.0,
  "summary_bg_p95": 53.42270151525736,
  "summary_bg_stdv": 19.534834588660594,
  "summary_csf_k": 3.1013070454383627,
  "summary_csf_mad": 95.90402995209399,
  "summary_csf_mean": 244.84136858621025,
  "summary_csf_median": 236.4162759706378,
  "summary_csf_n": 13749.0,
  "summary_csf_p05": 83.80264907330275,
  "summary_csf_p95": 431.7442677766082,
  "summary_csf_stdv": 106.99775731441349,
  "summary_gm_k": -0.09073082275735178,
  "summary_gm_mad": 71.26651398034207,
  "summary_gm_mean": 646.6182789318264,
  "summary_gm_median": 648.2509697601199,
  "summary_gm_n": 28896.0,
  "summary_gm_p05": 527.1376997139305,
  "summary_gm_p95": 758.7847998440266,
  "summary_gm_stdv": 70.33156348959363,
  "summary_wm_k": 0.259471992822379,
  "summary_wm_mad": 46.86420102502692,
  "summary_wm_mean": 1000.5973479571156,
  "summary_wm_median": 999.9999970346689,
  "summary_wm_n": 154887.0,
  "summary_wm_p05": 922.2654053717852,
  "summary_wm_p95": 1080.233200572431,
  "summary_wm_stdv": 48.07734837729619,
  "tpm_overlap_csf": 0.1517053954528295,
  "tpm_overlap_gm": 0.4705367239066638,
  "tpm_overlap_wm": 0.51448449059477,
  "wm2max": 0.4556939148036363
}