{
  "bids_meta": {
    "AcquisitionMatrixPE": 160,
    "AcquisitionNumber": 1,
    "AcquisitionTime": "10:55:11.000000",
    "CoilString": "HEAD",
    "ConversionSoftware": "dcm2niix",
    "ConversionSoftwareVersion": "v1.0.20220720",
    "DeviceSerialNumber": "0000000000UM3TMR",
    "EchoTime": 0.00184,
    "FlipAngle": 15,
    "ImageOrientationPatientDICOM": [
      1,
      0,
      0,
      0,
      1,
      0
    ],
    "ImageType": [
      "ORIGINAL",
      "PRIMARY",
      "OTHER"
    ],
    "ImagingFrequency": 128.07,
    "InPlanePhaseEncodingDirectionDICOM": "ROW",
    "InstitutionName": "U of M FMRi",
    "InversionTime": 0.5,
    "MRAcquisitionType": "3D",
    "MagneticFieldStrength": 3,
    "Manufacturer": "GE",
    "ManufacturersModelName": "SIGNA EXCITE",
    "Modality": "MR",
    "PatientPosition": "HFS",
    "PercentPhaseFOV": 80,
    "PercentSampling": 100,
    "PixelBandwidth": 122.109,
    "ProtocolName": "neuropsych adole. 3-15-/",
    "PulseSequenceName": "efgre3d",
    "ReconMatrixPE": 256,
    "RepetitionTime": 0.009036,
    "SAR": 0.0134,
    "ScanOptions": "FAST_GEMS\\VB_GEMS\\EDR_GEMS\\PFF",
    "ScanningSequence": "GR",
    "SequenceVariant": "SS\\SP\\SK",
    "SeriesDescription": "3d spgr IR ax",
    "SeriesNumber": 6,
    "ShimSetting": [
      -4,
      -5,
      23
    ],
    "SliceThickness": 1.2,
    "SoftwareVersions": "11",
    "SpacingBetweenSlices": 1.2,
    "SpoilingState": true,
    "StationName": "um3te2",
    "dataset": "MLS",
    "modality": "T1w",
    "session_id": "2",
    "subject_id": "113"
  },
  "cjv": 0.3112708229158445,
  "cnr": 4.275728699058257,
  "efc": 0.5960975145881702,
  "fber": 22483.786705624545,
  "fwhm_avg": 5.105460671162531,
  "fwhm_x": 5.577588111569999,
  "fwhm_y": 5.264252413053231,
  "fwhm_z": 4.474541488864363,
  "icvs_csf": 0.20815764203866977,
  "icvs_gm": 0.4428760916808789,
  "icvs_wm": 0.34896626628045135,
  "inu_med": 0.57454052567482,
  "inu_range": 0.4320688992738724,
  "provenance": {
    "md5sum": "98541a75aa2cccd25886a98ee6d70ccc",
    "settings": {
      "testing": false
    },
    "software": "mriqc",
    "version": "23.1.0rc0",
    "warnings": {
      "large_rot_frame": true,
      "small_air_mask": false
    }
  },
  "qi_1": 0.0,
  "qi_2": 0.000577404999222403,
  "rpve_csf": 20.705652001809547,
  "rpve_gm": 10.36568663198612,
  "rpve_wm": 15.245963287480516,
  "size_x": 256,
  "size_y": 256,
  "size_z": 124,
  "snr_csf": 1.5093514629677942,
  "snr_gm": 11.345614349263249,
  "snr_total": 12.213789094925472,
  "snr_wm": 23.78640147254537,
  "snrd_csf": 32.302533515250005,
  "snrd_gm": 75.46275836281742,
  "snrd_total": 72.85955772777122,
  "snrd_wm": 110.81338130524625,
  "spacing_x": 1.0156199932098389,
  "spacing_y": 1.0156199932098389,
  "spacing_z": 1.2000000476837158,
  "summary_bg_k": 8.615404368705775,
  "summary_bg_mad": 5.9120695738769955,
  "summary_bg_mean": 9.166444004894187,
  "summary_bg_median": 3.9876303300261497,
  "summary_bg_n": 1691612.0,
  "summary_bg_p05": 0.0,
  "summary_bg_p95": 37.27213655412197,
  "summary_bg_stdv": 14.022352271357873,
  "summary_csf_k": 38.25799696706459,
  "summary_csf_mad": 99.60027414766245,
  "summary_csf_mean": 311.60145307238434,
  "summary_csf_median": 291.50391514599323,
  "summary_csf_n": 24167.0,
  "summary_csf_p05": 122.27376675233245,
  "summary_csf_p95": 490.6006009094417,
  "summary_csf_stdv": 193.1279037409483,
  "summary_gm_k": 0.022268568209167228,
  "summary_gm_mad": 59.84462262536714,
  "summary_gm_mean": 680.1912457224053,
  "summary_gm_median": 680.9896041154861,
  "summary_gm_n": 28247.0,
  "summary_gm_p05": 580.2815932296216,
  "summary_gm_p95": 777.1403231956065,
  "summary_gm_stdv": 60.02121426413378,
  "summary_wm_k": 0.4827382343382238,
  "summary_wm_mad": 39.45401531954648,
  "summary_wm_mean": 999.8022830198088,
  "summary_wm_median": 1000.0000305175781,
  "summary_wm_n": 164422.0,
  "summary_wm_p05": 929.8502887934446,
  "summary_wm_p95": 1068.4000977091491,
  "summary_wm_stdv": 42.04070089002255,
  "tpm_overlap_csf": 0.14851001740003525,
  "tpm_overlap_gm": 0.4769598782395125,
  "tpm_overlap_wm": 0.5171038396379956,
  "wm2max": 0.5144113029827315
}