{
  "bids_meta": {
    "AcquisitionMatrixPE": 160,
    "AcquisitionNumber": 1,
    "AcquisitionTime": "14:04:48.000000",
    "CoilString": "HEAD",
    "ConversionSoftware": "dcm2niix",
    "ConversionSoftwareVersion": "v1.0.20220720",
    "DeviceSerialNumber": "000000000000MR01",
    "EchoTime": 0.005176,
    "FlipAngle": 15,
    "ImageOrientationPatientDICOM": [
      1,
      0,
      0,
      0,
      1,
      0
    ],
    "ImageType": [
      "ORIGINAL",
      "PRIMARY",
      "OTHER"
    ],
    "ImagingFrequency": 127.768,
    "InPlanePhaseEncodingDirectionDICOM": "ROW",
    "InstitutionName": "UOFMResearch",
    "InversionTime": 0.5,
    "MRAcquisitionType": "3D",
    "MagneticFieldStrength": 3,
    "Manufacturer": "GE",
    "ManufacturersModelName": "DISCOVERY MR750",
    "Modality": "MR",
    "PatientPosition": "HFS",
    "PercentPhaseFOV": 75,
    "PercentSampling": 100,
    "PixelBandwidth": 122.109,
    "PrescanReuseString": "TG/s1,CF/s2,AS/s2",
    "ProtocolName": "neuropsych 12/13/12",
    "PulseSequenceName": "BRAVO",
    "ReconMatrixPE": 256,
    "RepetitionTime": 0.012224,
    "SAR": 0.0324045,
    "ScanOptions": "FAST_GEMS\\EDR_GEMS",
    "ScanningSequence": "GR",
    "SequenceVariant": "SS\\SK",
    "SeriesDescription": "AxFSPGR 124sl",
    "SeriesNumber": 8,
    "ShimSetting": [
      7,
      12,
      -29
    ],
    "SliceThickness": 1.2,
    "SoftwareVersions": "23\\LX\\MR Software release:DV22.0_V02_1122.a",
    "SpacingBetweenSlices": 1.2,
    "StationName": "MR01MR01",
    "dataset": "MLS",
    "modality": "T1w",
    "session_id": "1",
    "subject_id": "199"
  },
  "cjv": 0.3045774477205538,
  "cnr": 4.432161371003192,
  "efc": 0.5788013978433469,
  "fber": 13401.756903576277,
  "fwhm_avg": 4.491461316212109,
  "fwhm_x": 4.906892641387317,
  "fwhm_y": 4.630258130367265,
  "fwhm_z": 3.9372331768817435,
  "icvs_csf": 0.19940740096858847,
  "icvs_gm": 0.44958282529344196,
  "icvs_wm": 0.3510097737379696,
  "inu_med": 0.5930818915367126,
  "inu_range": 0.3304618984460831,
  "provenance": {
    "md5sum": "84691f40a9c8cb216b8720e590133428",
    "settings": {
      "testing": false
    },
    "software": "mriqc",
    "version": "23.1.0rc0",
    "warnings": {
      "large_rot_frame": true,
      "small_air_mask": false
    }
  },
  "qi_1": 0.0,
  "qi_2": 0.0009197910898484052,
  "rpve_csf": 24.365292443079824,
  "rpve_gm": 11.621556484334482,
  "rpve_wm": 17.29768618122304,
  "size_x": 256,
  "size_y": 256,
  "size_z": 124,
  "snr_csf": 2.138079434556512,
  "snr_gm": 10.309995958889328,
  "snr_total": 11.875134536116311,
  "snr_wm": 23.177328214903095,
  "snrd_csf": 26.991439014163404,
  "snrd_gm": 69.66549514896482,
  "snrd_total": 67.6981316587771,
  "snrd_wm": 106.43746081320307,
  "spacing_x": 1.0155999660491943,
  "spacing_y": 1.0155999660491943,
  "spacing_z": 1.2000000476837158,
  "summary_bg_k": 8.003012574027318,
  "summary_bg_mad": 6.155129711471846,
  "summary_bg_mean": 9.261436544433648,
  "summary_bg_median": 4.151571901515126,
  "summary_bg_n": 1436124.0,
  "summary_bg_p05": 0.0,
  "summary_bg_p95": 36.57085311971605,
  "summary_bg_stdv": 13.576954330337069,
  "summary_csf_k": 6.59822905751164,
  "summary_csf_mad": 113.96791128183858,
  "summary_csf_mean": 248.17222573942465,
  "summary_csf_median": 253.5896467231214,
  "summary_csf_n": 12119.0,
  "summary_csf_p05": 58.45783441197127,
  "summary_csf_p95": 427.9107132604346,
  "summary_csf_stdv": 118.60138586364182,
  "summary_gm_k": -0.045651067242640675,
  "summary_gm_mad": 64.2172131680948,
  "summary_gm_mean": 652.9109443378208,
  "summary_gm_median": 654.5204312503338,
  "summary_gm_n": 26934.0,
  "summary_gm_p05": 545.6804952844977,
  "summary_gm_p95": 754.5640589802525,
  "summary_gm_stdv": 63.482884309319765,
  "summary_wm_k": 0.46304726507873273,
  "summary_wm_mad": 41.00806164458313,
  "summary_wm_mean": 1000.1692303243366,
  "summary_wm_median": 999.999965602532,
  "summary_wm_n": 139826.0,
  "summary_wm_p05": 929.1588119454682,
  "summary_wm_p95": 1070.3651428632438,
  "summary_wm_stdv": 43.1454557855547,
  "tpm_overlap_csf": 0.14291178258483558,
  "tpm_overlap_gm": 0.47014004109384916,
  "tpm_overlap_wm": 0.5029735857422745,
  "wm2max": 0.670374303191715
}