{
	"Modality": "MR",
	"MagneticFieldStrength": 3,
	"ImagingFrequency": 128.07,
	"Manufacturer": "GE",
	"ManufacturersModelName": "SIGNA EXCITE",
	"InstitutionName": "U of M FMRi",
	"DeviceSerialNumber": "0000000000UM3TMR",
	"StationName": "um3te2",
	"PatientPosition": "HFS",
	"SoftwareVersions": "11",
	"MRAcquisitionType": "2D",
	"SeriesDescription": "T1 ax overlay f/s",
	"ProtocolName": "neuropsych adole. 3-15-/",
	"ScanningSequence": "GR",
	"SequenceVariant": "SS",
	"ScanOptions": "VB_GEMS\\EDR_GEMS\\PFF",
	"PulseSequenceName": "2dfast",
	"ImageType": ["ORIGINAL", "PRIMARY", "OTHER"],
	"SeriesNumber": 2,
	"AcquisitionTime": "12:51:47.000000",
	"AcquisitionNumber": 1,
	"SliceThickness": 4,
	"SpacingBetweenSlices": 4,
	"SAR": 0.023684,
	"NumberOfAverages": 2,
	"EchoTime": 0.0036,
	"RepetitionTime": 0.2,
	"FlipAngle": 90,
	"ShimSetting": [
		-1,
		-6,
		22	],
	"CoilString": "HEAD",
	"NumberOfExcitations": 2,
	"PercentPhaseFOV": 100,
	"PercentSampling": 100,
	"AcquisitionMatrixPE": 160,
	"ReconMatrixPE": 256,
	"PixelBandwidth": 122.109,
	"PhaseEncodingAxis": "i",
	"ImageOrientationPatientDICOM": [
		0.998921,
		-0,
		0.0464487,
		-0.00775182,
		0.985978,
		0.166695	],
	"InPlanePhaseEncodingDirectionDICOM": "ROW",
	"ConversionSoftware": "dcm2niix",
	"ConversionSoftwareVersion": "v1.0.20220720"
}
