{
  "bids_meta": {
    "AcquisitionMatrixPE": 160,
    "AcquisitionNumber": 1,
    "AcquisitionTime": "11:37:38.000000",
    "CoilString": "HEAD",
    "ConversionSoftware": "dcm2niix",
    "ConversionSoftwareVersion": "v1.0.20220720",
    "DeviceSerialNumber": "0000000000UM3TMR",
    "EchoTime": 0.00184,
    "FlipAngle": 15,
    "ImageOrientationPatientDICOM": [
      0,
      1,
      0,
      0,
      0,
      -1
    ],
    "ImageType": [
      "ORIGINAL",
      "PRIMARY",
      "OTHER"
    ],
    "ImagingFrequency": 128.07,
    "InPlanePhaseEncodingDirectionDICOM": "ROW",
    "InstitutionName": "U of M FMRi",
    "InversionTime": 0.4,
    "MRAcquisitionType": "3D",
    "MagneticFieldStrength": 3,
    "Manufacturer": "GE",
    "ManufacturersModelName": "SIGNA EXCITE",
    "Modality": "MR",
    "PatientPosition": "HFS",
    "PercentPhaseFOV": 100,
    "PercentSampling": 100,
    "PixelBandwidth": 122.109,
    "ProtocolName": "neuropsych adole. 3-15-/",
    "PulseSequenceName": "efgre3d",
    "ReconMatrixPE": 256,
    "RepetitionTime": 0.00904,
    "SAR": 0.009865,
    "ScanOptions": "FAST_GEMS\\VB_GEMS\\EDR_GEMS\\PFF",
    "ScanningSequence": "GR",
    "SequenceVariant": "SS\\SP\\SK",
    "SeriesDescription": "3d spgr IR sag",
    "SeriesNumber": 7,
    "ShimSetting": [
      -6,
      -4,
      24
    ],
    "SliceThickness": 1.2,
    "SoftwareVersions": "11",
    "SpacingBetweenSlices": 1.2,
    "SpoilingState": true,
    "StationName": "um3te2",
    "dataset": "MLS",
    "modality": "T1w",
    "session_id": "1",
    "subject_id": "48"
  },
  "cjv": 0.3684791595788821,
  "cnr": 3.4927637144265598,
  "efc": 0.579679756821865,
  "fber": 4901.67679013231,
  "fwhm_avg": 4.180230371883476,
  "fwhm_x": 3.728241518519659,
  "fwhm_y": 5.01209116995816,
  "fwhm_z": 3.80035842717261,
  "icvs_csf": 0.2118981455494072,
  "icvs_gm": 0.42769604381903964,
  "icvs_wm": 0.36040581063155314,
  "inu_med": 0.7482748031616211,
  "inu_range": 0.46459181308746333,
  "provenance": {
    "md5sum": "1a0831e604adcb294c123c591dc60cd2",
    "settings": {
      "testing": false
    },
    "software": "mriqc",
    "version": "23.1.0rc0",
    "warnings": {
      "large_rot_frame": true,
      "small_air_mask": false
    }
  },
  "qi_1": 6.311517572842802e-06,
  "qi_2": 0.0011355933324362956,
  "rpve_csf": 19.15701841597906,
  "rpve_gm": 9.768914331275656,
  "rpve_wm": 13.440479262954499,
  "size_x": 122,
  "size_y": 256,
  "size_z": 256,
  "snr_csf": 2.286012775985654,
  "snr_gm": 10.644201531001888,
  "snr_total": 9.950759731117522,
  "snr_wm": 16.922064886365025,
  "snrd_csf": 6.696307039919303,
  "snrd_gm": 17.103666977727542,
  "snrd_total": 16.29109306197425,
  "snrd_wm": 25.073305168275912,
  "spacing_x": 1.2000000476837158,
  "spacing_y": 1.0156199932098389,
  "spacing_z": 1.0156199932098389,
  "summary_bg_k": 15.001156407478895,
  "summary_bg_mad": 0.0,
  "summary_bg_mean": 15.810065618540543,
  "summary_bg_median": 0.0,
  "summary_bg_n": 2046272.0,
  "summary_bg_p05": 0.0,
  "summary_bg_p95": 65.39893843978643,
  "summary_bg_stdv": 26.128840544621596,
  "summary_csf_k": 100.90496551508707,
  "summary_csf_mad": 84.32812433864414,
  "summary_csf_mean": 276.30571587372,
  "summary_csf_median": 267.06917656213045,
  "summary_csf_n": 25367.0,
  "summary_csf_p05": 126.56584893912077,
  "summary_csf_p95": 442.0324970282613,
  "summary_csf_stdv": 116.82520553221849,
  "summary_gm_k": 0.2352682297891442,
  "summary_gm_mad": 60.90364535568744,
  "summary_gm_mean": 676.8862069477236,
  "summary_gm_median": 682.1464769616723,
  "summary_gm_n": 15649.0,
  "summary_gm_p05": 562.8822868958116,
  "summary_gm_p95": 774.6642504438757,
  "summary_gm_stdv": 64.08415693905478,
  "summary_wm_k": 0.7518586134128111,
  "summary_wm_mad": 56.218749559096096,
  "summary_wm_mean": 1003.1726015600813,
  "summary_wm_median": 999.999988809228,
  "summary_wm_n": 154681.0,
  "summary_wm_p05": 912.0866617262363,
  "summary_wm_p95": 1103.6000327914953,
  "summary_wm_stdv": 59.09425138481341,
  "tpm_overlap_csf": 0.16676478047177368,
  "tpm_overlap_gm": 0.46106857400255036,
  "tpm_overlap_wm": 0.4966381442255158,
  "wm2max": 0.32679328784805456
}