{
	"Modality": "MR",
	"MagneticFieldStrength": 3,
	"ImagingFrequency": 127.789,
	"Manufacturer": "GE",
	"ManufacturersModelName": "DISCOVERY MR750",
	"InstitutionName": "U Of M research",
	"DeviceSerialNumber": "0007347633TMRFIX",
	"StationName": "GEHCGEHC",
	"PatientPosition": "HFS",
	"SoftwareVersions": "25\\LX\\MR Software release:DV25.0_R01_1451.a",
	"MRAcquisitionType": "2D",
	"SeriesDescription": "t1overlay_29sl",
	"ProtocolName": "neuropsych1_rev._w_delay",
	"ScanningSequence": "GR",
	"SequenceVariant": "SS\\SK",
	"ScanOptions": "FAST_GEMS\\FC\\EDR_GEMS\\PFF",
	"PulseSequenceName": "fgre",
	"ImageType": ["ORIGINAL", "PRIMARY", "OTHER"],
	"SeriesNumber": 2,
	"AcquisitionTime": "11:59:12.000000",
	"AcquisitionNumber": 1,
	"SliceThickness": 4,
	"SpacingBetweenSlices": 4,
	"SAR": 0.142369,
	"NumberOfAverages": 2,
	"EchoTime": 0.003468,
	"RepetitionTime": 0.325,
	"FlipAngle": 90,
	"ShimSetting": [
		5,
		6,
		-15	],
	"CoilString": "HEAD",
	"NumberOfExcitations": 2,
	"PercentPhaseFOV": 100,
	"PercentSampling": 100,
	"AcquisitionMatrixPE": 160,
	"ReconMatrixPE": 256,
	"PixelBandwidth": 122.109,
	"PhaseEncodingAxis": "i",
	"ImageOrientationPatientDICOM": [
		1,
		-0,
		0,
		-0,
		0.99135,
		0.131243	],
	"InPlanePhaseEncodingDirectionDICOM": "ROW",
	"ConversionSoftware": "dcm2niix",
	"ConversionSoftwareVersion": "v1.0.20220720"
}
