{
  "bids_meta": {
    "AcquisitionMatrixPE": 160,
    "CoilString": "HEAD",
    "EchoTime": 0.001784,
    "FlipAngle": 15,
    "ImageType": [
      "ORIGINAL",
      "PRIMARY",
      "OTHER"
    ],
    "InPlanePhaseEncodingDirectionDICOM": "ROW",
    "InstitutionName": "U of M FMRi",
    "InversionTime": 0.4,
    "MRAcquisitionType": "3D",
    "Modality": "MR",
    "PatientPosition": "HFS",
    "PercentPhaseFOV": 100,
    "PercentSampling": 100,
    "ReconMatrixPE": 256,
    "RepetitionTime": 0.008948,
    "SAR": 0.017417,
    "ScanningSequence": "GR",
    "SeriesDescription": "3d spgr IR axial",
    "dataset": "MLS",
    "modality": "T1w",
    "session_id": "2",
    "subject_id": "24"
  },
  "cjv": 0.3150614712922774,
  "cnr": 4.227560762038877,
  "efc": 0.5636151290451212,
  "fber": 7479.563905713514,
  "fwhm_avg": 4.8461817587267815,
  "fwhm_x": 5.425212779717783,
  "fwhm_y": 5.595819163129226,
  "fwhm_z": 3.5175133333333335,
  "icvs_csf": 0.17268111311609377,
  "icvs_gm": 0.4406259047986453,
  "icvs_wm": 0.386692982085261,
  "inu_med": 0.5546494126319885,
  "inu_range": 0.3455237358808517,
  "provenance": {
    "md5sum": "a47f2697fa3f30f8f8bf1bc4959280f3",
    "settings": {
      "testing": false
    },
    "software": "mriqc",
    "version": "23.1.0rc0",
    "warnings": {
      "large_rot_frame": true,
      "small_air_mask": false
    }
  },
  "qi_1": 0.0002568340840035957,
  "qi_2": 0.0011704871497075398,
  "rpve_csf": 21.877696744847913,
  "rpve_gm": 9.181174067246639,
  "rpve_wm": 11.983912738662443,
  "size_x": 256,
  "size_y": 256,
  "size_z": 106,
  "snr_csf": 1.5000405889444404,
  "snr_gm": 12.503764931756095,
  "snr_total": 12.207003417643639,
  "snr_wm": 22.61720473223038,
  "snrd_csf": 20.387009436132733,
  "snrd_gm": 46.025748107957234,
  "snrd_total": 44.41080957785346,
  "snrd_wm": 66.81967118947044,
  "spacing_x": 0.9399999976158142,
  "spacing_y": 0.9399999976158142,
  "spacing_z": 1.5,
  "summary_bg_k": 18.100772284252177,
  "summary_bg_mad": 9.804543929730695,
  "summary_bg_mean": 12.996283856797758,
  "summary_bg_median": 6.613064385950565,
  "summary_bg_n": 1512845.0,
  "summary_bg_p05": 0.0,
  "summary_bg_p95": 51.905419029295444,
  "summary_bg_stdv": 20.71500905016507,
  "summary_csf_k": 27.427617605608873,
  "summary_csf_mad": 89.79269368738974,
  "summary_csf_mean": 320.3291069476064,
  "summary_csf_median": 305.10490580648184,
  "summary_csf_n": 13111.0,
  "summary_csf_p05": 88.30106115341187,
  "summary_csf_p95": 514.7723500430584,
  "summary_csf_stdv": 203.39000982907828,
  "summary_gm_k": -0.14501269713848552,
  "summary_gm_mad": 56.64063867319243,
  "summary_gm_mean": 688.598000329252,
  "summary_gm_median": 688.8053681999445,
  "summary_gm_n": 33265.0,
  "summary_gm_p05": 597.6592620804906,
  "summary_gm_p95": 777.7724933922291,
  "summary_gm_stdv": 55.08700927894029,
  "summary_wm_k": 0.5821798272553655,
  "summary_wm_mad": 41.404800624114515,
  "summary_wm_mean": 1000.3199667183817,
  "summary_wm_median": 1000.000002361834,
  "summary_wm_n": 163848.0,
  "summary_wm_p05": 928.1602381691337,
  "summary_wm_p95": 1073.3931230451908,
  "summary_wm_stdv": 44.213993841746884,
  "tpm_overlap_csf": 0.1556900348810143,
  "tpm_overlap_gm": 0.4812861420126393,
  "tpm_overlap_wm": 0.5036181222512673,
  "wm2max": 0.4027880120407091
}