{
  "bids_meta": {
    "AcquisitionMatrixPE": 160,
    "AcquisitionNumber": 1,
    "AcquisitionTime": "12:41:51.000000",
    "CoilString": "HEAD",
    "ConversionSoftware": "dcm2niix",
    "ConversionSoftwareVersion": "v1.0.20220720",
    "DeviceSerialNumber": "0000000000UM3TMR",
    "EchoTime": 0.00184,
    "FlipAngle": 15,
    "ImageOrientationPatientDICOM": [
      1,
      0,
      0,
      0,
      1,
      0
    ],
    "ImageType": [
      "ORIGINAL",
      "PRIMARY",
      "OTHER"
    ],
    "ImagingFrequency": 128.07,
    "InPlanePhaseEncodingDirectionDICOM": "ROW",
    "InstitutionName": "U of M FMRi",
    "InversionTime": 0.4,
    "MRAcquisitionType": "3D",
    "MagneticFieldStrength": 3,
    "Manufacturer": "GE",
    "ManufacturersModelName": "SIGNA EXCITE",
    "Modality": "MR",
    "PatientPosition": "HFS",
    "PercentPhaseFOV": 100,
    "PercentSampling": 100,
    "PixelBandwidth": 122.109,
    "ProtocolName": "neuropsych adole. 3-15-/",
    "PulseSequenceName": "efgre3d",
    "ReconMatrixPE": 256,
    "RepetitionTime": 0.00904,
    "SAR": 0.016257,
    "ScanOptions": "FAST_GEMS\\VB_GEMS\\EDR_GEMS\\PFF",
    "ScanningSequence": "GR",
    "SequenceVariant": "SS\\SP\\SK",
    "SeriesDescription": "3d spgr IR sag",
    "SeriesNumber": 6,
    "ShimSetting": [
      -4,
      -2,
      20
    ],
    "SliceThickness": 1.2,
    "SoftwareVersions": "11",
    "SpacingBetweenSlices": 1.2,
    "SpoilingState": true,
    "StationName": "um3te2",
    "dataset": "MLS",
    "modality": "T1w",
    "session_id": "1",
    "subject_id": "46"
  },
  "cjv": 0.3510189508217265,
  "cnr": 3.843576831709987,
  "efc": 0.5908262450029994,
  "fber": 8230.944135680735,
  "fwhm_avg": 4.438006460352941,
  "fwhm_x": 4.998788950535222,
  "fwhm_y": 4.590447245199854,
  "fwhm_z": 3.7247831853237474,
  "icvs_csf": 0.17854747951613315,
  "icvs_gm": 0.4644793246929914,
  "icvs_wm": 0.3569731957908755,
  "inu_med": 0.689486026763916,
  "inu_range": 0.47901653051376325,
  "provenance": {
    "md5sum": "06db3781ca85f3f27f105b7ca4754b3e",
    "settings": {
      "testing": false
    },
    "software": "mriqc",
    "version": "23.1.0rc0",
    "warnings": {
      "large_rot_frame": true,
      "small_air_mask": false
    }
  },
  "qi_1": 0.0,
  "qi_2": 0.0009066196439887652,
  "rpve_csf": 24.07905670183152,
  "rpve_gm": 10.277830195955431,
  "rpve_wm": 15.156394744215874,
  "size_x": 256,
  "size_y": 256,
  "size_z": 124,
  "snr_csf": 2.1876419209757207,
  "snr_gm": 9.996299690831583,
  "snr_total": 10.488547439737028,
  "snr_wm": 19.28170070740378,
  "snrd_csf": 17.650416666325377,
  "snrd_gm": 46.80534504199577,
  "snrd_total": 44.94030924239228,
  "snrd_wm": 70.36516601885569,
  "spacing_x": 1.0156199932098389,
  "spacing_y": 1.0156199932098389,
  "spacing_z": 1.2000000476837158,
  "summary_bg_k": 6.588491111561659,
  "summary_bg_mad": 9.310933641604855,
  "summary_bg_mean": 14.693200273079142,
  "summary_bg_median": 6.2801293060183525,
  "summary_bg_n": 1327062.0,
  "summary_bg_p05": 0.0,
  "summary_bg_p95": 59.17473951727152,
  "summary_bg_stdv": 21.704931601549568,
  "summary_csf_k": 4.1176465988728275,
  "summary_csf_mad": 100.5187413561989,
  "summary_csf_mean": 261.4301640585196,
  "summary_csf_median": 250.8513621389866,
  "summary_csf_n": 10898.0,
  "summary_csf_p05": 90.96678847242147,
  "summary_csf_p95": 461.19810156729073,
  "summary_csf_stdv": 114.66220793031245,
  "summary_gm_k": 0.02025601241870012,
  "summary_gm_mad": 66.71742943896437,
  "summary_gm_mean": 663.1339472982257,
  "summary_gm_median": 665.2072175480425,
  "summary_gm_n": 30506.0,
  "summary_gm_p05": 550.7938758954406,
  "summary_gm_p95": 769.0394258452579,
  "summary_gm_stdv": 66.54425488836375,
  "summary_wm_k": 0.20693458428911038,
  "summary_wm_mad": 50.81671529749129,
  "summary_wm_mean": 1002.3649760406068,
  "summary_wm_median": 1000.044252589345,
  "summary_wm_n": 161426.0,
  "summary_wm_p05": 921.0119211114943,
  "summary_wm_p95": 1091.0619012638927,
  "summary_wm_stdv": 51.86477947295454,
  "tpm_overlap_csf": 0.1583242778813766,
  "tpm_overlap_gm": 0.4824786186187286,
  "tpm_overlap_wm": 0.518983292917926,
  "wm2max": 0.44044488595414794
}