{
  "bids_meta": {
    "AcquisitionMatrixPE": 160,
    "AcquisitionNumber": 1,
    "AcquisitionTime": "17:06:53.000000",
    "CoilString": "HEAD",
    "ConversionSoftware": "dcm2niix",
    "ConversionSoftwareVersion": "v1.0.20220720",
    "DeviceSerialNumber": "0000000000UM3TMR",
    "EchoTime": 0.00184,
    "FlipAngle": 15,
    "ImageOrientationPatientDICOM": [
      1,
      0,
      0,
      0,
      1,
      0
    ],
    "ImageType": [
      "ORIGINAL",
      "PRIMARY",
      "OTHER"
    ],
    "ImagingFrequency": 128.07,
    "InPlanePhaseEncodingDirectionDICOM": "ROW",
    "InstitutionName": "U of M FMRi",
    "InversionTime": 0.4,
    "MRAcquisitionType": "3D",
    "MagneticFieldStrength": 3,
    "Manufacturer": "GE",
    "ManufacturersModelName": "SIGNA EXCITE",
    "Modality": "MR",
    "PatientPosition": "HFS",
    "PercentPhaseFOV": 100,
    "PercentSampling": 100,
    "PixelBandwidth": 122.109,
    "ProtocolName": "neuropsych adole. 3-15-/",
    "PulseSequenceName": "efgre3d",
    "ReconMatrixPE": 256,
    "RepetitionTime": 0.00904,
    "SAR": 0.012896,
    "ScanOptions": "FAST_GEMS\\VB_GEMS\\EDR_GEMS\\PFF",
    "ScanningSequence": "GR",
    "SequenceVariant": "SS\\SP\\SK",
    "SeriesDescription": "3d spgr IR ",
    "SeriesNumber": 6,
    "ShimSetting": [
      3,
      -4,
      22
    ],
    "SliceThickness": 1.2,
    "SoftwareVersions": "11",
    "SpacingBetweenSlices": 1.2,
    "SpoilingState": true,
    "StationName": "um3te2",
    "dataset": "MLS",
    "modality": "T1w",
    "session_id": "2",
    "subject_id": "110"
  },
  "cjv": 0.3325542571055909,
  "cnr": 3.9951968363187773,
  "efc": 0.5769315588225399,
  "fber": 12780.383831064644,
  "fwhm_avg": 4.679721810301916,
  "fwhm_x": 5.227703309797905,
  "fwhm_y": 4.826253946132454,
  "fwhm_z": 3.9852081749753885,
  "icvs_csf": 0.19185482564584158,
  "icvs_gm": 0.4402469103115463,
  "icvs_wm": 0.36789826404261217,
  "inu_med": 0.6473709344863892,
  "inu_range": 0.44498494863510113,
  "provenance": {
    "md5sum": "63a0b380bb3b121fe48c2ed5c413c8e5",
    "settings": {
      "testing": false
    },
    "software": "mriqc",
    "version": "23.1.0rc0",
    "warnings": {
      "large_rot_frame": true,
      "small_air_mask": false
    }
  },
  "qi_1": 0.0,
  "qi_2": 0.0016654840858350826,
  "rpve_csf": 18.435220006508494,
  "rpve_gm": 8.809318368042991,
  "rpve_wm": 12.651727065354605,
  "size_x": 256,
  "size_y": 256,
  "size_z": 132,
  "snr_csf": 1.8066263131888936,
  "snr_gm": 9.007434677790592,
  "snr_total": 10.255061825509523,
  "snr_wm": 19.951124485549084,
  "snrd_csf": 7.897061780025872,
  "snrd_gm": 22.907385006449346,
  "snrd_total": 22.131847994167853,
  "snrd_wm": 35.591097196028336,
  "spacing_x": 1.0156199932098389,
  "spacing_y": 1.0156199932098389,
  "spacing_z": 1.2000000476837158,
  "summary_bg_k": 5.540095018954025,
  "summary_bg_mad": 0.0,
  "summary_bg_mean": 12.161287748516576,
  "summary_bg_median": 0.0,
  "summary_bg_n": 1741732.0,
  "summary_bg_p05": 0.0,
  "summary_bg_p95": 50.8460693731904,
  "summary_bg_stdv": 18.40731136810335,
  "summary_csf_k": 32.90817696718456,
  "summary_csf_mad": 97.1311909046865,
  "summary_csf_mean": 235.35359041419332,
  "summary_csf_median": 221.88306904956698,
  "summary_csf_n": 13734.0,
  "summary_csf_p05": 79.19859153777361,
  "summary_csf_p95": 431.2021194260567,
  "summary_csf_stdv": 122.81177873244809,
  "summary_gm_k": 0.10348864161777893,
  "summary_gm_mad": 70.28191862209023,
  "summary_gm_mean": 640.8432495722521,
  "summary_gm_median": 643.6268362477422,
  "summary_gm_n": 26098.0,
  "summary_gm_p05": 520.0086104545742,
  "summary_gm_p95": 753.7591766789556,
  "summary_gm_stdv": 71.45369666189656,
  "summary_wm_k": 0.37869530419999675,
  "summary_wm_mad": 48.231498172808685,
  "summary_wm_mean": 1000.7201391907901,
  "summary_wm_median": 1000.0000122413039,
  "summary_wm_n": 218517.0,
  "summary_wm_p05": 919.3592114835978,
  "summary_wm_p95": 1083.7546738147728,
  "summary_wm_stdv": 50.12237404520625,
  "tpm_overlap_csf": 0.15079035836772076,
  "tpm_overlap_gm": 0.4507977068293808,
  "tpm_overlap_wm": 0.5041677186879187,
  "wm2max": 0.45367857541172535
}