{
  "bids_meta": {
    "AcquisitionMatrixPE": 160,
    "AcquisitionNumber": 1,
    "AcquisitionTime": "14:07:11.000000",
    "CoilString": "HEAD",
    "ConversionSoftware": "dcm2niix",
    "ConversionSoftwareVersion": "v1.0.20220720",
    "DeviceSerialNumber": "000000000000GEHC",
    "EchoTime": 0.005176,
    "FlipAngle": 15,
    "ImageOrientationPatientDICOM": [
      1,
      0,
      0,
      0,
      1,
      0
    ],
    "ImageType": [
      "ORIGINAL",
      "PRIMARY",
      "OTHER"
    ],
    "ImagingFrequency": 127.789,
    "InPlanePhaseEncodingDirectionDICOM": "ROW",
    "InstitutionName": "U Of M research",
    "InversionTime": 0.5,
    "MRAcquisitionType": "3D",
    "MagneticFieldStrength": 3,
    "Manufacturer": "GE",
    "ManufacturersModelName": "DISCOVERY MR750",
    "Modality": "MR",
    "PatientPosition": "HFS",
    "PercentPhaseFOV": 75,
    "PercentSampling": 100,
    "PixelBandwidth": 122.109,
    "PrescanReuseString": "TG/s1,CF/s2,AS/s2",
    "ProtocolName": "neuropsych2_rev._w_delay",
    "PulseSequenceName": "BRAVO",
    "ReconMatrixPE": 256,
    "RepetitionTime": 0.012224,
    "SAR": 0.0324045,
    "ScanOptions": "FAST_GEMS\\EDR_GEMS",
    "ScanningSequence": "GR",
    "SequenceVariant": "SS\\SK",
    "SeriesDescription": "t1spgr_124sl",
    "SeriesNumber": 7,
    "ShimSetting": [
      1,
      4,
      -23
    ],
    "SliceThickness": 1.2,
    "SoftwareVersions": "24\\LX\\MR Software release:DV24.0_R01_1344.a",
    "SpacingBetweenSlices": 1.2,
    "StationName": "GEHCGEHC",
    "dataset": "MLS",
    "modality": "T1w",
    "session_id": "2",
    "subject_id": "171"
  },
  "cjv": 0.3294445034198254,
  "cnr": 3.9846542134495144,
  "efc": 0.5997922578220798,
  "fber": 12919.325861096942,
  "fwhm_avg": 4.796905251442213,
  "fwhm_x": 5.259856418448566,
  "fwhm_y": 4.934551169291047,
  "fwhm_z": 4.196308166587028,
  "icvs_csf": 0.2218153331629864,
  "icvs_gm": 0.4247408926393961,
  "icvs_wm": 0.3534437741976175,
  "inu_med": 0.5771253705024719,
  "inu_range": 0.32430033385753626,
  "provenance": {
    "md5sum": "8b65e32e4c6464f045330e0d180eb6c1",
    "settings": {
      "testing": false
    },
    "software": "mriqc",
    "version": "23.1.0rc0",
    "warnings": {
      "large_rot_frame": true,
      "small_air_mask": false
    }
  },
  "qi_1": 0.0008528947271251395,
  "qi_2": 0.0005693455905781946,
  "rpve_csf": 21.263490280458605,
  "rpve_gm": 11.152504701896943,
  "rpve_wm": 15.422659126196306,
  "size_x": 256,
  "size_y": 256,
  "size_z": 124,
  "snr_csf": 2.1756889790927407,
  "snr_gm": 12.092263183685453,
  "snr_total": 12.18542304142008,
  "snr_wm": 22.288316961482046,
  "snrd_csf": 22.969721898008725,
  "snrd_gm": 69.4369701337916,
  "snrd_total": 63.864337211617055,
  "snrd_wm": 99.18631960305085,
  "spacing_x": 1.0155999660491943,
  "spacing_y": 1.0155999660491943,
  "spacing_z": 1.2000000476837158,
  "summary_bg_k": 30.843044987766724,
  "summary_bg_mad": 6.6051990866132435,
  "summary_bg_mean": 11.302134375483165,
  "summary_bg_median": 4.455139081925154,
  "summary_bg_n": 1476551.0,
  "summary_bg_p05": 0.0,
  "summary_bg_p95": 43.45135647803545,
  "summary_bg_stdv": 17.36121405033624,
  "summary_csf_k": 1.0246998922867423,
  "summary_csf_mad": 104.54154603750837,
  "summary_csf_mean": 241.59957078126845,
  "summary_csf_median": 231.5847296845168,
  "summary_csf_n": 34323.0,
  "summary_csf_p05": 84.87039951067418,
  "summary_csf_p95": 429.00789290256785,
  "summary_csf_stdv": 106.44046933031963,
  "summary_gm_k": 0.09879174144961755,
  "summary_gm_mad": 57.46930933692202,
  "summary_gm_mean": 698.0712812994453,
  "summary_gm_median": 700.0756051791832,
  "summary_gm_n": 20472.0,
  "summary_gm_p05": 598.6386884897947,
  "summary_gm_p95": 789.0821338128299,
  "summary_gm_stdv": 57.89309213400564,
  "summary_wm_k": 0.6745518319790373,
  "summary_wm_mad": 41.343653542134746,
  "summary_wm_mean": 1001.6518280050219,
  "summary_wm_median": 1000.0137187410146,
  "summary_wm_n": 148000.0,
  "summary_wm_p05": 929.9140303470194,
  "summary_wm_p95": 1077.9786526747048,
  "summary_wm_stdv": 44.86701898751566,
  "tpm_overlap_csf": 0.1463913905953001,
  "tpm_overlap_gm": 0.4514715799237608,
  "tpm_overlap_wm": 0.4842382406862401,
  "wm2max": 0.6167297026848255
}