{
  "bids_meta": {
    "AcquisitionMatrixPE": 160,
    "AcquisitionNumber": 1,
    "AcquisitionTime": "13:58:10.000000",
    "CoilString": "HEAD",
    "ConversionSoftware": "dcm2niix",
    "ConversionSoftwareVersion": "v1.0.20220720",
    "DeviceSerialNumber": "0000000000UM3TMR",
    "EchoTime": 0.00184,
    "FlipAngle": 15,
    "ImageOrientationPatientDICOM": [
      1,
      0,
      0,
      0,
      1,
      0
    ],
    "ImageType": [
      "ORIGINAL",
      "PRIMARY",
      "OTHER"
    ],
    "ImagingFrequency": 128.07,
    "InPlanePhaseEncodingDirectionDICOM": "ROW",
    "InstitutionName": "U of M FMRi",
    "InversionTime": 0.5,
    "MRAcquisitionType": "3D",
    "MagneticFieldStrength": 3,
    "Manufacturer": "GE",
    "ManufacturersModelName": "SIGNA EXCITE",
    "Modality": "MR",
    "PatientPosition": "HFS",
    "PercentPhaseFOV": 75,
    "PercentSampling": 100,
    "PixelBandwidth": 122.109,
    "ProtocolName": "120816eb/",
    "PulseSequenceName": "efgre3d",
    "ReconMatrixPE": 256,
    "RepetitionTime": 0.00904,
    "SAR": 0.015878,
    "ScanOptions": "FAST_GEMS\\VB_GEMS\\EDR_GEMS\\PFF",
    "ScanningSequence": "GR",
    "SequenceVariant": "SS\\SP\\SK",
    "SeriesDescription": "3d spgr IR axial",
    "SeriesNumber": 6,
    "ShimSetting": [
      2,
      1,
      23
    ],
    "SliceThickness": 1.2,
    "SoftwareVersions": "11",
    "SpacingBetweenSlices": 1.2,
    "SpoilingState": true,
    "StationName": "um3te2",
    "dataset": "MLS",
    "modality": "T1w",
    "session_id": "1",
    "subject_id": "177"
  },
  "cjv": 0.3205078859901424,
  "cnr": 4.078650477963319,
  "efc": 0.5593278752311166,
  "fber": 10449.103993375738,
  "fwhm_avg": 4.466826781112508,
  "fwhm_x": 5.16392945694641,
  "fwhm_y": 4.3616510403658,
  "fwhm_z": 3.874899846025314,
  "icvs_csf": 0.17025388103772704,
  "icvs_gm": 0.4725051663731333,
  "icvs_wm": 0.3572409525891397,
  "inu_med": 0.6411242485046387,
  "inu_range": 0.4766874313354492,
  "provenance": {
    "md5sum": "77ada7b40ef8ab38df3ef3198a0f272f",
    "settings": {
      "testing": false
    },
    "software": "mriqc",
    "version": "23.1.0rc0",
    "warnings": {
      "large_rot_frame": true,
      "small_air_mask": false
    }
  },
  "qi_1": 0.0,
  "qi_2": 0.0006131897303995863,
  "rpve_csf": 23.772043517999823,
  "rpve_gm": 9.468275946313597,
  "rpve_wm": 13.769213262421541,
  "size_x": 256,
  "size_y": 256,
  "size_z": 124,
  "snr_csf": 1.1167808035860742,
  "snr_gm": 12.256154069821564,
  "snr_total": 11.006974939311519,
  "snr_wm": 19.64798994452692,
  "snrd_csf": 22.36915729722397,
  "snrd_gm": 48.41552100192087,
  "snrd_total": 47.27115788743839,
  "snrd_wm": 71.02879536317035,
  "spacing_x": 1.0156199932098389,
  "spacing_y": 1.0156199932098389,
  "spacing_z": 1.2000000476837158,
  "summary_bg_k": 8.479202952942416,
  "summary_bg_mad": 9.22353225874719,
  "summary_bg_mean": 13.33237258608438,
  "summary_bg_median": 6.2211779691278934,
  "summary_bg_n": 1626511.0,
  "summary_bg_p05": 0.0,
  "summary_bg_p95": 54.424431044608355,
  "summary_bg_stdv": 20.237291130109327,
  "summary_csf_k": 20.74919898857615,
  "summary_csf_mad": 108.61837988622565,
  "summary_csf_mean": 367.7101017674476,
  "summary_csf_median": 314.93082040920854,
  "summary_csf_n": 16572.0,
  "summary_csf_p05": 135.10614854563028,
  "summary_csf_p95": 660.5324832536261,
  "summary_csf_stdv": 281.9902682417584,
  "summary_gm_k": 0.13316816632082773,
  "summary_gm_mad": 54.50269061986976,
  "summary_gm_mean": 681.059656654917,
  "summary_gm_median": 681.6322826594114,
  "summary_gm_n": 36328.0,
  "summary_gm_p05": 588.4886320866644,
  "summary_gm_p95": 771.6870966181159,
  "summary_gm_stdv": 55.614746442795045,
  "summary_wm_k": 0.5559395848013167,
  "summary_wm_mad": 47.53666625662013,
  "summary_wm_mean": 1001.3385105404556,
  "summary_wm_median": 999.9999776110053,
  "summary_wm_n": 161514.0,
  "summary_wm_p05": 919.2986829765141,
  "summary_wm_p95": 1086.5309075452387,
  "summary_wm_stdv": 50.89563282161416,
  "tpm_overlap_csf": 0.14446835398886582,
  "tpm_overlap_gm": 0.47438696516633105,
  "tpm_overlap_wm": 0.49489860887917714,
  "wm2max": 0.4197129605959902
}