{
  "bids_meta": {
    "AcquisitionMatrixPE": 160,
    "CoilString": "HEAD",
    "EchoTime": 0.001784,
    "FlipAngle": 15,
    "ImageType": [
      "ORIGINAL",
      "PRIMARY",
      "OTHER"
    ],
    "InPlanePhaseEncodingDirectionDICOM": "ROW",
    "InstitutionName": "U of M FMRi",
    "InversionTime": 0.4,
    "MRAcquisitionType": "3D",
    "Modality": "MR",
    "PatientPosition": "HFS",
    "PercentPhaseFOV": 100,
    "PercentSampling": 100,
    "ReconMatrixPE": 256,
    "RepetitionTime": 0.008948,
    "SAR": 0.017417,
    "ScanningSequence": "GR",
    "SeriesDescription": "3d spgr IR axial",
    "dataset": "MLS",
    "modality": "T1w",
    "session_id": "1",
    "subject_id": "05"
  },
  "cjv": 0.43414056326382416,
  "cnr": 2.630884237695706,
  "efc": 0.5674035677224588,
  "fber": 758.7136400206697,
  "fwhm_avg": 3.3914334536798463,
  "fwhm_x": 4.0924787337842865,
  "fwhm_y": 4.034893627255252,
  "fwhm_z": 2.0469280000000003,
  "icvs_csf": 0.19882673279703061,
  "icvs_gm": 0.3918885752662037,
  "icvs_wm": 0.4092846919367657,
  "inu_med": 0.8794041275978088,
  "inu_range": 0.5126691401004791,
  "provenance": {
    "md5sum": "351f56655327618594413aadea7e8900",
    "settings": {
      "testing": false
    },
    "software": "mriqc",
    "version": "23.1.0rc0",
    "warnings": {
      "large_rot_frame": true,
      "small_air_mask": false
    }
  },
  "qi_1": 0.0,
  "qi_2": 0.0010312315212070004,
  "rpve_csf": 21.45163407144901,
  "rpve_gm": 10.676947804836196,
  "rpve_wm": 12.353268358819346,
  "size_x": 256,
  "size_y": 256,
  "size_z": 60,
  "snr_csf": 1.1896716736838346,
  "snr_gm": 9.325919660535751,
  "snr_total": 8.185949108056425,
  "snr_wm": 14.042255989949686,
  "snrd_csf": 5.0663952254126725,
  "snrd_gm": 11.791828637509663,
  "snrd_total": 11.381966342524981,
  "snrd_wm": 17.287675164652608,
  "spacing_x": 0.9399999976158142,
  "spacing_y": 0.9399999976158142,
  "spacing_z": 2.5,
  "summary_bg_k": 10.409584107943767,
  "summary_bg_mad": 37.77268894665085,
  "summary_bg_mean": 49.419762465586025,
  "summary_bg_median": 25.47729153186083,
  "summary_bg_n": 911770.0,
  "summary_bg_p05": 0.0,
  "summary_bg_p95": 189.0923274308443,
  "summary_bg_stdv": 64.44696423053011,
  "summary_csf_k": 25.095527000261118,
  "summary_csf_mad": 139.49811467765684,
  "summary_csf_mean": 319.674582701841,
  "summary_csf_median": 292.10920188575983,
  "summary_csf_n": 81208.0,
  "summary_csf_p05": 72.71779373288155,
  "summary_csf_p95": 573.7929136306047,
  "summary_csf_stdv": 245.53615070191674,
  "summary_gm_k": 0.035832302614484224,
  "summary_gm_mad": 72.06758556061773,
  "summary_gm_mean": 678.9579969085704,
  "summary_gm_median": 679.872275814414,
  "summary_gm_n": 142818.0,
  "summary_gm_p05": 556.7211735248566,
  "summary_gm_p95": 797.354517839849,
  "summary_gm_stdv": 72.90111006232377,
  "summary_wm_k": 1.1485453277515258,
  "summary_wm_mad": 65.49842226554802,
  "summary_wm_mean": 1003.7593113527611,
  "summary_wm_median": 996.7420167848468,
  "summary_wm_n": 194752.0,
  "summary_wm_p05": 901.7397378757596,
  "summary_wm_p95": 1131.4263175427914,
  "summary_wm_stdv": 70.98143336025632,
  "tpm_overlap_csf": 0.1508125475777912,
  "tpm_overlap_gm": 0.44723773231117747,
  "tpm_overlap_wm": 0.4832685902109671,
  "wm2max": 0.2628308945732224
}