{
  "bids_meta": {
    "AcquisitionMatrixPE": 192,
    "AcquisitionNumber": 1,
    "AcquisitionTime": "13:26:42.000000",
    "CoilString": "HEAD",
    "ConversionSoftware": "dcm2niix",
    "ConversionSoftwareVersion": "v1.0.20220720",
    "DeviceSerialNumber": "000000000000MR01",
    "EchoTime": 0.005156,
    "FlipAngle": 15,
    "ImageOrientationPatientDICOM": [
      1,
      0,
      0,
      0,
      1,
      0
    ],
    "ImageType": [
      "ORIGINAL",
      "PRIMARY",
      "OTHER"
    ],
    "ImagingFrequency": 127.768,
    "InPlanePhaseEncodingDirectionDICOM": "ROW",
    "InstitutionName": "UOFMResearch",
    "InversionTime": 0.5,
    "MRAcquisitionType": "3D",
    "MagneticFieldStrength": 3,
    "Manufacturer": "GE",
    "ManufacturersModelName": "DISCOVERY MR750",
    "Modality": "MR",
    "PatientPosition": "HFS",
    "PercentPhaseFOV": 80,
    "PercentSampling": 100,
    "PixelBandwidth": 122.109,
    "PrescanReuseString": "TG/s1",
    "ProtocolName": "neuropsych 12/13/12",
    "PulseSequenceName": "BRAVO",
    "ReconMatrixPE": 256,
    "RepetitionTime": 0.012188,
    "SAR": 0.0324781,
    "ScanOptions": "FAST_GEMS\\EDR_GEMS",
    "ScanningSequence": "GR",
    "SequenceVariant": "SS\\SK",
    "SeriesDescription": "AxFSPGR 124sl",
    "SeriesNumber": 7,
    "ShimSetting": [
      -1,
      -2,
      -36
    ],
    "SliceThickness": 1.2,
    "SoftwareVersions": "23\\LX\\MR Software release:DV22.0_V02_1122.a",
    "SpacingBetweenSlices": 1.2,
    "StationName": "MR01MR01",
    "dataset": "MLS",
    "modality": "T1w",
    "session_id": "2",
    "subject_id": "168"
  },
  "cjv": 0.31950480312674556,
  "cnr": 4.138039497457737,
  "efc": 0.566682595250044,
  "fber": 18236.8144140625,
  "fwhm_avg": 4.711984060622021,
  "fwhm_x": 4.8328969713280285,
  "fwhm_y": 5.121888710015998,
  "fwhm_z": 4.181166500522037,
  "icvs_csf": 0.20695920265121093,
  "icvs_gm": 0.4408402512679794,
  "icvs_wm": 0.3522005460808097,
  "inu_med": 0.5392433106899261,
  "inu_range": 0.30183573365211486,
  "provenance": {
    "md5sum": "7cd6989ed0e0a6d52d5d62a9a55fb148",
    "settings": {
      "testing": false
    },
    "software": "mriqc",
    "version": "23.1.0rc0",
    "warnings": {
      "large_rot_frame": true,
      "small_air_mask": false
    }
  },
  "qi_1": 0.0,
  "qi_2": 0.000805343544956763,
  "rpve_csf": 24.12860500372274,
  "rpve_gm": 11.898971526860766,
  "rpve_wm": 17.15151292893603,
  "size_x": 256,
  "size_y": 256,
  "size_z": 124,
  "snr_csf": 2.1479086360410053,
  "snr_gm": 11.654285535610898,
  "snr_total": 13.004573329243277,
  "snr_wm": 25.211525816077927,
  "snrd_csf": 30.47291679604561,
  "snrd_gm": 83.98492227514723,
  "snrd_total": 78.2506433420821,
  "snrd_wm": 120.29409095505345,
  "spacing_x": 1.0155999660491943,
  "spacing_y": 1.0155999660491943,
  "spacing_z": 1.2000000476837158,
  "summary_bg_k": 4.861520466320246,
  "summary_bg_mad": 5.446122756399942,
  "summary_bg_mean": 8.740719405507642,
  "summary_bg_median": 3.6733539775013924,
  "summary_bg_n": 1757310.0,
  "summary_bg_p05": 0.0,
  "summary_bg_p95": 34.72732337191701,
  "summary_bg_stdv": 12.596144345594261,
  "summary_csf_k": 1.8570683865452793,
  "summary_csf_mad": 118.76736934149103,
  "summary_csf_mean": 254.5596603729165,
  "summary_csf_median": 253.32014160230756,
  "summary_csf_n": 21427.0,
  "summary_csf_p05": 73.43882298097014,
  "summary_csf_p95": 447.20824150554836,
  "summary_csf_stdv": 117.93529112273924,
  "summary_gm_k": 0.12170716688755556,
  "summary_gm_mad": 59.278951540814745,
  "summary_gm_mean": 696.4805727886855,
  "summary_gm_median": 698.1633082777262,
  "summary_gm_n": 26639.0,
  "summary_gm_p05": 596.5498602893203,
  "summary_gm_p95": 792.5204693321137,
  "summary_gm_stdv": 59.90501964825553,
  "summary_wm_k": 0.6474031594254139,
  "summary_wm_mad": 37.159314499436526,
  "summary_wm_mean": 1001.0808418077178,
  "summary_wm_median": 999.9999789521098,
  "summary_wm_n": 148941.0,
  "summary_wm_p05": 937.7790138870478,
  "summary_wm_p95": 1067.3071264475584,
  "summary_wm_stdv": 39.664264241985435,
  "tpm_overlap_csf": 0.14547613385931124,
  "tpm_overlap_gm": 0.4644083775577168,
  "tpm_overlap_wm": 0.5093921918768929,
  "wm2max": 0.6685684059394718
}