{
  "bids_meta": {
    "AcquisitionMatrixPE": 160,
    "AcquisitionNumber": 1,
    "AcquisitionTime": "14:32:44.000000",
    "CoilString": "HEAD",
    "ConversionSoftware": "dcm2niix",
    "ConversionSoftwareVersion": "v1.0.20220720",
    "DeviceSerialNumber": "000000000000MR01",
    "EchoTime": 0.005176,
    "FlipAngle": 15,
    "ImageOrientationPatientDICOM": [
      1,
      0,
      0,
      0,
      1,
      0
    ],
    "ImageType": [
      "ORIGINAL",
      "PRIMARY",
      "OTHER"
    ],
    "ImagingFrequency": 127.767,
    "InPlanePhaseEncodingDirectionDICOM": "ROW",
    "InstitutionName": "UOFMResearch",
    "InversionTime": 0.5,
    "MRAcquisitionType": "3D",
    "MagneticFieldStrength": 3,
    "Manufacturer": "GE",
    "ManufacturersModelName": "DISCOVERY MR750",
    "Modality": "MR",
    "PatientPosition": "HFS",
    "PercentPhaseFOV": 75,
    "PercentSampling": 100,
    "PixelBandwidth": 122.109,
    "PrescanReuseString": "TG/s1,CF/s2,AS/s2",
    "ProtocolName": "neuropsych 12/13/12",
    "PulseSequenceName": "BRAVO",
    "ReconMatrixPE": 256,
    "RepetitionTime": 0.012224,
    "SAR": 0.0324045,
    "ScanOptions": "FAST_GEMS\\EDR_GEMS",
    "ScanningSequence": "GR",
    "SequenceVariant": "SS\\SK",
    "SeriesDescription": "AxFSPGR 124sl",
    "SeriesNumber": 8,
    "ShimSetting": [
      7,
      -4,
      -31
    ],
    "SliceThickness": 1.2,
    "SoftwareVersions": "23\\LX\\MR Software release:DV22.0_V02_1122.a",
    "SpacingBetweenSlices": 1.2,
    "StationName": "MR01MR01",
    "dataset": "MLS",
    "modality": "T1w",
    "session_id": "1",
    "subject_id": "162"
  },
  "cjv": 0.353690409920673,
  "cnr": 3.734204728636629,
  "efc": 0.6059987823573061,
  "fber": 6946.385385480826,
  "fwhm_avg": 4.330431171605781,
  "fwhm_x": 4.753407011994877,
  "fwhm_y": 4.5493699827242775,
  "fwhm_z": 3.6885165200981884,
  "icvs_csf": 0.209810079280152,
  "icvs_gm": 0.4113431575818508,
  "icvs_wm": 0.3788467631379972,
  "inu_med": 0.6613255441188812,
  "inu_range": 0.41666249632835384,
  "provenance": {
    "md5sum": "9c71c23a5d2e4247b14ab87ce3d72522",
    "settings": {
      "testing": false
    },
    "software": "mriqc",
    "version": "23.1.0rc0",
    "warnings": {
      "large_rot_frame": true,
      "small_air_mask": false
    }
  },
  "qi_1": 4.721655061513047e-06,
  "qi_2": 0.0006426249575658635,
  "rpve_csf": 20.431247336053097,
  "rpve_gm": 10.481459000907835,
  "rpve_wm": 13.705656776486931,
  "size_x": 256,
  "size_y": 256,
  "size_z": 124,
  "snr_csf": 2.010238877089834,
  "snr_gm": 9.942249396325684,
  "snr_total": 10.330355143443377,
  "snr_wm": 19.038577156914616,
  "snrd_csf": 18.808093863844725,
  "snrd_gm": 52.91607405228899,
  "snrd_total": 50.20781269979352,
  "snrd_wm": 78.89927018324686,
  "spacing_x": 1.0155999660491943,
  "spacing_y": 1.0155999660491943,
  "spacing_z": 1.2000000476837158,
  "summary_bg_k": 7.957284215086853,
  "summary_bg_mad": 8.303710186553241,
  "summary_bg_mean": 15.08846554994567,
  "summary_bg_median": 5.600767409428954,
  "summary_bg_n": 1325564.0,
  "summary_bg_p05": 0.0,
  "summary_bg_p95": 58.04994287341833,
  "summary_bg_stdv": 21.644890797313394,
  "summary_csf_k": 1.11654760194725,
  "summary_csf_mad": 115.74729724129185,
  "summary_csf_mean": 245.2412631468525,
  "summary_csf_median": 238.38846476376057,
  "summary_csf_n": 15099.0,
  "summary_csf_p05": 63.551691190525894,
  "summary_csf_p95": 451.50849490575473,
  "summary_csf_stdv": 118.58320579173109,
  "summary_gm_k": 0.03697485418535118,
  "summary_gm_mad": 67.2554648258953,
  "summary_gm_mean": 668.379684191559,
  "summary_gm_median": 670.6996331457049,
  "summary_gm_n": 16139.0,
  "summary_gm_p05": 552.1521192105487,
  "summary_gm_p95": 775.2916437568142,
  "summary_gm_stdv": 67.457456279902,
  "summary_wm_k": 0.864931618803845,
  "summary_wm_mad": 49.22586204514711,
  "summary_wm_mean": 1001.238077237133,
  "summary_wm_median": 1000.0309455133975,
  "summary_wm_n": 175067.0,
  "summary_wm_p05": 918.4639682136476,
  "summary_wm_p95": 1089.2007324954488,
  "summary_wm_stdv": 52.526408939563986,
  "tpm_overlap_csf": 0.160344935765913,
  "tpm_overlap_gm": 0.45674051268556615,
  "tpm_overlap_wm": 0.5075518987974381,
  "wm2max": 0.5858637129960299
}