{
  "bids_meta": {
    "AcquisitionMatrixPE": 160,
    "AcquisitionNumber": 1,
    "AcquisitionTime": "09:43:36.000000",
    "CoilString": "HEAD",
    "ConversionSoftware": "dcm2niix",
    "ConversionSoftwareVersion": "v1.0.20220720",
    "DeviceSerialNumber": "0000000000UM3TMR",
    "EchoTime": 0.001784,
    "FlipAngle": 15,
    "ImageOrientationPatientDICOM": [
      1,
      0,
      0,
      0,
      1,
      0
    ],
    "ImageType": [
      "ORIGINAL",
      "PRIMARY",
      "OTHER"
    ],
    "ImagingFrequency": 128.07,
    "InPlanePhaseEncodingDirectionDICOM": "ROW",
    "InstitutionName": "U of M FMRi",
    "InversionTime": 0.4,
    "MRAcquisitionType": "3D",
    "MagneticFieldStrength": 3,
    "Manufacturer": "GE",
    "ManufacturersModelName": "SIGNA EXCITE",
    "Modality": "MR",
    "PatientPosition": "HFS",
    "PercentPhaseFOV": 100,
    "PercentSampling": 100,
    "PixelBandwidth": 122.109,
    "ProtocolName": "childrisk w.o hoshim 4-9",
    "PulseSequenceName": "efgre3d",
    "ReconMatrixPE": 256,
    "RepetitionTime": 0.008948,
    "SAR": 0.01647,
    "ScanOptions": "FAST_GEMS\\VB_GEMS\\EDR_GEMS\\PFF",
    "ScanningSequence": "GR",
    "SequenceVariant": "SS\\SP\\SK",
    "SeriesDescription": "3d spgr IR axial",
    "SeriesNumber": 7,
    "ShimSetting": [
      -1,
      -3,
      22
    ],
    "SliceThickness": 1.4,
    "SoftwareVersions": "11",
    "SpacingBetweenSlices": 1.4,
    "SpoilingState": true,
    "StationName": "um3te2",
    "dataset": "MLS",
    "modality": "T1w",
    "session_id": "2",
    "subject_id": "40"
  },
  "cjv": 0.3142097644536351,
  "cnr": 4.260590261684944,
  "efc": 0.6094289213300227,
  "fber": 8840.0434732339,
  "fwhm_avg": 4.590894504015103,
  "fwhm_x": 5.105118090097255,
  "fwhm_y": 4.956765358753506,
  "fwhm_z": 3.7108000631945486,
  "icvs_csf": 0.1621950628315313,
  "icvs_gm": 0.476481434247936,
  "icvs_wm": 0.3613235029205328,
  "inu_med": 0.6699632406234741,
  "inu_range": 0.4694510221481323,
  "provenance": {
    "md5sum": "d7c6840b544fea64134ebb29fc374068",
    "settings": {
      "testing": false
    },
    "software": "mriqc",
    "version": "23.1.0rc0",
    "warnings": {
      "large_rot_frame": true,
      "small_air_mask": false
    }
  },
  "qi_1": 0.0,
  "qi_2": 0.0020966372859379427,
  "rpve_csf": 23.130913692198636,
  "rpve_gm": 9.047094185665857,
  "rpve_wm": 13.450903916406416,
  "size_x": 256,
  "size_y": 256,
  "size_z": 104,
  "snr_csf": 2.413758794961984,
  "snr_gm": 10.677729346157367,
  "snr_total": 10.787648380151674,
  "snr_wm": 19.27145699933568,
  "snrd_csf": 18.430957183519286,
  "snrd_gm": 44.62754677377035,
  "snrd_total": 43.95992899334874,
  "snrd_wm": 68.82128302275657,
  "spacing_x": 1.0156199932098389,
  "spacing_y": 1.0156199932098389,
  "spacing_z": 1.399999976158142,
  "summary_bg_k": 7.822186146992726,
  "summary_bg_mad": 9.51974875280237,
  "summary_bg_mean": 14.376761929257796,
  "summary_bg_median": 6.42097295820713,
  "summary_bg_n": 1203836.0,
  "summary_bg_p05": 0.0,
  "summary_bg_p95": 56.76292070746422,
  "summary_bg_stdv": 20.676333166648114,
  "summary_csf_k": 5.9557166902595995,
  "summary_csf_mad": 88.63505717476052,
  "summary_csf_mean": 275.80905267635984,
  "summary_csf_median": 267.8191620260477,
  "summary_csf_n": 7424.0,
  "summary_csf_p05": 108.81079559177161,
  "summary_csf_p95": 456.74014390408985,
  "summary_csf_stdv": 110.94775691252921,
  "summary_gm_k": -0.009699806281931789,
  "summary_gm_mad": 60.892594093369,
  "summary_gm_mean": 648.1361173123097,
  "summary_gm_median": 648.4802748560905,
  "summary_gm_n": 27668.0,
  "summary_gm_p05": 546.6698595456779,
  "summary_gm_p95": 746.4666018337011,
  "summary_gm_stdv": 60.73094145482305,
  "summary_wm_k": 0.31000437096228106,
  "summary_wm_mad": 49.570289363704646,
  "summary_wm_mean": 1000.9944392776702,
  "summary_wm_median": 1000.0380427986383,
  "summary_wm_n": 140368.0,
  "summary_wm_p05": 917.0973092615604,
  "summary_wm_p95": 1088.525889068842,
  "summary_wm_stdv": 51.89200176332428,
  "tpm_overlap_csf": 0.15949020802484395,
  "tpm_overlap_gm": 0.47620634849059096,
  "tpm_overlap_wm": 0.5139158114205508,
  "wm2max": 0.4608734005317324
}