{
	"Modality": "MR",
	"MagneticFieldStrength": 3,
	"ImagingFrequency": 128.071,
	"Manufacturer": "GE",
	"ManufacturersModelName": "SIGNA EXCITE",
	"InstitutionName": "U of M FMRi",
	"DeviceSerialNumber": "0000000000UM3TMR",
	"StationName": "um3te2",
	"PatientPosition": "HFS",
	"SoftwareVersions": "11",
	"MRAcquisitionType": "3D",
	"SeriesDescription": "3d spgr IR sag",
	"ProtocolName": "Neuropsych rev 12 01 06/",
	"ScanningSequence": "GR",
	"SequenceVariant": "SS\\SP\\SK",
	"ScanOptions": "FAST_GEMS\\VB_GEMS\\EDR_GEMS\\PFF",
	"PulseSequenceName": "efgre3d",
	"ImageType": ["ORIGINAL", "PRIMARY", "OTHER"],
	"SeriesNumber": 7,
	"AcquisitionTime": "09:34:52.000000",
	"AcquisitionNumber": 1,
	"SliceThickness": 1.4,
	"SpacingBetweenSlices": 1.4,
	"SAR": 0.013197,
	"EchoTime": 0.001828,
	"RepetitionTime": 0.008996,
	"SpoilingState": true,
	"InversionTime": 0.4,
	"FlipAngle": 15,
	"ShimSetting": [
		1,
		27,
		10	],
	"CoilString": "HEAD",
	"PercentPhaseFOV": 100,
	"PercentSampling": 100,
	"AcquisitionMatrixPE": 192,
	"ReconMatrixPE": 256,
	"PixelBandwidth": 122.109,
	"ImageOrientationPatientDICOM": [
		-0,
		1,
		0,
		-0,
		-0,
		-1	],
	"InPlanePhaseEncodingDirectionDICOM": "ROW",
	"ConversionSoftware": "dcm2niix",
	"ConversionSoftwareVersion": "v1.0.20220720"
}
