{
  "bids_meta": {
    "AcquisitionMatrixPE": 160,
    "AcquisitionNumber": 1,
    "AcquisitionTime": "11:04:0.000000",
    "CoilString": "HEAD",
    "ConversionSoftware": "dcm2niix",
    "ConversionSoftwareVersion": "v1.0.20220720",
    "DeviceSerialNumber": "0000000000UM3TMR",
    "EchoTime": 0.00184,
    "FlipAngle": 15,
    "ImageOrientationPatientDICOM": [
      1,
      0,
      0,
      0,
      1,
      0
    ],
    "ImageType": [
      "ORIGINAL",
      "PRIMARY",
      "OTHER"
    ],
    "ImagingFrequency": 128.07,
    "InPlanePhaseEncodingDirectionDICOM": "ROW",
    "InstitutionName": "U of M FMRi",
    "InversionTime": 0.5,
    "MRAcquisitionType": "3D",
    "MagneticFieldStrength": 3,
    "Manufacturer": "GE",
    "ManufacturersModelName": "SIGNA EXCITE",
    "Modality": "MR",
    "PatientPosition": "HFS",
    "PercentPhaseFOV": 80,
    "PercentSampling": 100,
    "PixelBandwidth": 122.109,
    "ProtocolName": "neuropsych adole. 3-15-/",
    "PulseSequenceName": "efgre3d",
    "ReconMatrixPE": 256,
    "RepetitionTime": 0.009036,
    "SAR": 0.012692,
    "ScanOptions": "FAST_GEMS\\VB_GEMS\\EDR_GEMS\\PFF",
    "ScanningSequence": "GR",
    "SequenceVariant": "SS\\SP\\SK",
    "SeriesDescription": "3d spgr IR ax",
    "SeriesNumber": 7,
    "ShimSetting": [
      -4,
      -3,
      13
    ],
    "SliceThickness": 1.2,
    "SoftwareVersions": "11",
    "SpacingBetweenSlices": 1.2,
    "SpoilingState": true,
    "StationName": "um3te2",
    "dataset": "MLS",
    "modality": "T1w",
    "session_id": "2",
    "subject_id": "227"
  },
  "cjv": 0.3257252235851155,
  "cnr": 3.9622167152450003,
  "efc": 0.5490213143952986,
  "fber": 12668.753086419752,
  "fwhm_avg": 4.569484183045643,
  "fwhm_x": 5.140751496530721,
  "fwhm_y": 4.609292876565882,
  "fwhm_z": 3.9584081760403245,
  "icvs_csf": 0.21124463748049585,
  "icvs_gm": 0.44456634972951126,
  "icvs_wm": 0.3441890127899929,
  "inu_med": 0.6221367716789246,
  "inu_range": 0.3905465617775916,
  "provenance": {
    "md5sum": "2fdd4de3a504b830b24b424f59a49150",
    "settings": {
      "testing": false
    },
    "software": "mriqc",
    "version": "23.1.0rc0",
    "warnings": {
      "large_rot_frame": true,
      "small_air_mask": false
    }
  },
  "qi_1": 0.0004049940557324078,
  "qi_2": 0.0003049895322862579,
  "rpve_csf": 23.887975530208415,
  "rpve_gm": 11.715216630984662,
  "rpve_wm": 16.795600406744626,
  "size_x": 256,
  "size_y": 256,
  "size_z": 124,
  "snr_csf": 1.585012812978875,
  "snr_gm": 12.09957256676587,
  "snr_total": 11.269510196660661,
  "snr_wm": 20.123945210237242,
  "snrd_csf": 23.444167439319386,
  "snrd_gm": 54.99916961667966,
  "snrd_total": 53.000030939935414,
  "snrd_wm": 80.55675576380719,
  "spacing_x": 1.0156199932098389,
  "spacing_y": 1.0156199932098389,
  "spacing_z": 1.2000000476837158,
  "summary_bg_k": 52.364862796748795,
  "summary_bg_mad": 8.13260625399217,
  "summary_bg_mean": 14.228021037438218,
  "summary_bg_median": 5.485359560698271,
  "summary_bg_n": 1880672.0,
  "summary_bg_p05": 0.0,
  "summary_bg_p95": 54.55095507949591,
  "summary_bg_stdv": 27.538107397405273,
  "summary_csf_k": 27.72810384014242,
  "summary_csf_mad": 127.87822247656653,
  "summary_csf_mean": 301.1353085413927,
  "summary_csf_median": 291.02669724449515,
  "summary_csf_n": 18205.0,
  "summary_csf_p05": 82.62843001708389,
  "summary_csf_p95": 524.7938066884874,
  "summary_csf_stdv": 183.60653094326884,
  "summary_gm_k": 0.04216915868136972,
  "summary_gm_mad": 56.28324397159409,
  "summary_gm_mean": 681.9546089381907,
  "summary_gm_median": 682.7381149772555,
  "summary_gm_n": 32216.0,
  "summary_gm_p05": 587.8697671266273,
  "summary_gm_p95": 773.0195673331618,
  "summary_gm_stdv": 56.42575511402641,
  "summary_wm_k": 0.5813214511850875,
  "summary_wm_mad": 47.05694239378918,
  "summary_wm_mean": 1000.4999771237163,
  "summary_wm_median": 999.9999629482627,
  "summary_wm_n": 135020.0,
  "summary_wm_p05": 919.4597525708377,
  "summary_wm_p95": 1082.0533759631217,
  "summary_wm_stdv": 49.69185959012388,
  "tpm_overlap_csf": 0.13539027011425595,
  "tpm_overlap_gm": 0.47387731793426685,
  "tpm_overlap_wm": 0.509298764573383,
  "wm2max": 0.46273960612691467
}