{
  "bids_meta": {
    "AcquisitionMatrixPE": 160,
    "AcquisitionNumber": 1,
    "AcquisitionTime": "12:58:56.000000",
    "CoilString": "HEAD",
    "ConversionSoftware": "dcm2niix",
    "ConversionSoftwareVersion": "v1.0.20220720",
    "DeviceSerialNumber": "0000000000UM3TMR",
    "EchoTime": 0.00184,
    "FlipAngle": 15,
    "ImageOrientationPatientDICOM": [
      1,
      0,
      0,
      0,
      1,
      0
    ],
    "ImageType": [
      "ORIGINAL",
      "PRIMARY",
      "OTHER"
    ],
    "ImagingFrequency": 128.07,
    "InPlanePhaseEncodingDirectionDICOM": "ROW",
    "InstitutionName": "U of M FMRi",
    "InversionTime": 0.4,
    "MRAcquisitionType": "3D",
    "MagneticFieldStrength": 3,
    "Manufacturer": "GE",
    "ManufacturersModelName": "SIGNA EXCITE",
    "Modality": "MR",
    "PatientPosition": "HFS",
    "PercentPhaseFOV": 75,
    "PercentSampling": 100,
    "PixelBandwidth": 122.109,
    "ProtocolName": "neuropsych adole. 3-15-/",
    "PulseSequenceName": "efgre3d",
    "ReconMatrixPE": 256,
    "RepetitionTime": 0.009036,
    "SAR": 0.016218,
    "ScanOptions": "FAST_GEMS\\VB_GEMS\\EDR_GEMS\\PFF",
    "ScanningSequence": "GR",
    "SequenceVariant": "SS\\SP\\SK",
    "SeriesDescription": "3d spgr IR ax",
    "SeriesNumber": 9,
    "ShimSetting": [
      -6,
      -5,
      10
    ],
    "SliceThickness": 1.2,
    "SoftwareVersions": "11",
    "SpacingBetweenSlices": 1.2,
    "SpoilingState": true,
    "StationName": "um3te2",
    "dataset": "MLS",
    "modality": "T1w",
    "session_id": "1",
    "subject_id": "53"
  },
  "cjv": 0.32249501914385764,
  "cnr": 4.209693368694058,
  "efc": 0.5513677553032947,
  "fber": 10106.496728270931,
  "fwhm_avg": 4.457432586667898,
  "fwhm_x": 4.90772142467086,
  "fwhm_y": 4.598284822298788,
  "fwhm_z": 3.866291513034045,
  "icvs_csf": 0.17468788962508344,
  "icvs_gm": 0.45912829306345065,
  "icvs_wm": 0.3661838173114659,
  "inu_med": 0.6784756481647491,
  "inu_range": 0.38938146531581874,
  "provenance": {
    "md5sum": "69ce5125fed0643fd136b2f66595fa3b",
    "settings": {
      "testing": false
    },
    "software": "mriqc",
    "version": "23.1.0rc0",
    "warnings": {
      "large_rot_frame": true,
      "small_air_mask": false
    }
  },
  "qi_1": 0.0,
  "qi_2": 0.0008902082732646718,
  "rpve_csf": 27.44686934762209,
  "rpve_gm": 11.366147208265918,
  "rpve_wm": 15.991597522102127,
  "size_x": 256,
  "size_y": 256,
  "size_z": 124,
  "snr_csf": 2.2036509188339966,
  "snr_gm": 9.520919361122022,
  "snr_total": 10.461145696981086,
  "snr_wm": 19.65886681098724,
  "snrd_csf": 17.067379562693603,
  "snrd_gm": 47.05639987173464,
  "snrd_total": 46.05232873614159,
  "snrd_wm": 74.03320677399651,
  "spacing_x": 1.0156199932098389,
  "spacing_y": 1.0156199932098389,
  "spacing_z": 1.2000000476837158,
  "summary_bg_k": 6.298205252982724,
  "summary_bg_mad": 8.84922360676509,
  "summary_bg_mean": 14.320402312468056,
  "summary_bg_median": 5.968710619956255,
  "summary_bg_n": 1644472.0,
  "summary_bg_p05": 0.0,
  "summary_bg_p95": 57.98176030814648,
  "summary_bg_stdv": 21.173077743687465,
  "summary_csf_k": 4.739218994953907,
  "summary_csf_mad": 92.9718119928146,
  "summary_csf_mean": 235.48651652719101,
  "summary_csf_median": 230.5368136037141,
  "summary_csf_n": 10236.0,
  "summary_csf_p05": 75.6469193790108,
  "summary_csf_p95": 407.78156810067594,
  "summary_csf_stdv": 104.61073951378388,
  "summary_gm_k": -0.05894390187562548,
  "summary_gm_mad": 67.44097742547059,
  "summary_gm_mean": 635.5190888417604,
  "summary_gm_median": 635.6120719201863,
  "summary_gm_n": 35013.0,
  "summary_gm_p05": 524.9351235672832,
  "summary_gm_p95": 743.7087577939035,
  "summary_gm_stdv": 66.7585735102159,
  "summary_wm_k": 0.3546271556824325,
  "summary_wm_mad": 50.072314942627315,
  "summary_wm_mean": 1000.7695007466775,
  "summary_wm_median": 1000.0000016316772,
  "summary_wm_n": 148823.0,
  "summary_wm_p05": 919.1072899997234,
  "summary_wm_p95": 1084.4516959935427,
  "summary_wm_stdv": 50.86746105687988,
  "tpm_overlap_csf": 0.1364384669971913,
  "tpm_overlap_gm": 0.4709261057996921,
  "tpm_overlap_wm": 0.5069634037103036,
  "wm2max": 0.4565287297960565
}