{
  "bids_meta": {
    "AcquisitionMatrixPE": 192,
    "AcquisitionNumber": 1,
    "AcquisitionTime": "15:01:17.000000",
    "CoilString": "HEAD",
    "ConversionSoftware": "dcm2niix",
    "ConversionSoftwareVersion": "v1.0.20220720",
    "DeviceSerialNumber": "000000000000MR01",
    "EchoTime": 0.005156,
    "FlipAngle": 15,
    "ImageOrientationPatientDICOM": [
      1,
      0,
      0,
      0,
      1,
      0
    ],
    "ImageType": [
      "ORIGINAL",
      "PRIMARY",
      "OTHER"
    ],
    "ImagingFrequency": 127.768,
    "InPlanePhaseEncodingDirectionDICOM": "ROW",
    "InstitutionName": "UOFMResearch",
    "InversionTime": 0.5,
    "MRAcquisitionType": "3D",
    "MagneticFieldStrength": 3,
    "Manufacturer": "GE",
    "ManufacturersModelName": "DISCOVERY MR750",
    "Modality": "MR",
    "PatientPosition": "HFS",
    "PercentPhaseFOV": 80,
    "PercentSampling": 100,
    "PixelBandwidth": 122.109,
    "PrescanReuseString": "TG/s1,CF/s2,AS/s2",
    "ProtocolName": "neuropsych 12/13/12",
    "PulseSequenceName": "BRAVO",
    "ReconMatrixPE": 256,
    "RepetitionTime": 0.012188,
    "SAR": 0.0324781,
    "ScanOptions": "FAST_GEMS\\EDR_GEMS",
    "ScanningSequence": "GR",
    "SequenceVariant": "SS\\SK",
    "SeriesDescription": "AxFSPGR 124sl",
    "SeriesNumber": 7,
    "ShimSetting": [
      6,
      3,
      -34
    ],
    "SliceThickness": 1.2,
    "SoftwareVersions": "23\\LX\\MR Software release:DV22.0_V02_1122.a",
    "SpacingBetweenSlices": 1.2,
    "StationName": "MR01MR01",
    "dataset": "MLS",
    "modality": "T1w",
    "session_id": "2",
    "subject_id": "136"
  },
  "cjv": 0.3083663977045981,
  "cnr": 4.304536005028494,
  "efc": 0.5909445763457294,
  "fber": 11950.059246147439,
  "fwhm_avg": 4.210047932514534,
  "fwhm_x": 4.400935554761036,
  "fwhm_y": 4.532591723006243,
  "fwhm_z": 3.696616519776324,
  "icvs_csf": 0.22871009178451476,
  "icvs_gm": 0.44178689141696237,
  "icvs_wm": 0.32950301679852284,
  "inu_med": 0.6188403964042664,
  "inu_range": 0.3386047422885894,
  "provenance": {
    "md5sum": "16bada33657caffe55d642eeef58c6a0",
    "settings": {
      "testing": false
    },
    "software": "mriqc",
    "version": "23.1.0rc0",
    "warnings": {
      "large_rot_frame": true,
      "small_air_mask": false
    }
  },
  "qi_1": 0.0,
  "qi_2": 0.0008082375079819949,
  "rpve_csf": 22.21968885080873,
  "rpve_gm": 11.816037074481038,
  "rpve_wm": 18.12492359893937,
  "size_x": 256,
  "size_y": 256,
  "size_z": 124,
  "snr_csf": 2.2925888717825833,
  "snr_gm": 10.478172887590441,
  "snr_total": 11.783279059705118,
  "snr_wm": 22.579075419742328,
  "snrd_csf": 10.610857490132545,
  "snrd_gm": 28.814164171765384,
  "snrd_total": 27.65643640266434,
  "snrd_wm": 43.54428754609509,
  "spacing_x": 1.0155999660491943,
  "spacing_y": 1.0155999660491943,
  "spacing_z": 1.2000000476837158,
  "summary_bg_k": 6.420569060160952,
  "summary_bg_mad": 0.0,
  "summary_bg_mean": 10.153875063657372,
  "summary_bg_median": 0.0,
  "summary_bg_n": 1362793.0,
  "summary_bg_p05": 0.0,
  "summary_bg_p95": 41.05647240579128,
  "summary_bg_stdv": 15.045289398455159,
  "summary_csf_k": 0.7418157819876026,
  "summary_csf_mad": 97.72406445580194,
  "summary_csf_mean": 246.19429562570417,
  "summary_csf_median": 243.67966992035508,
  "summary_csf_n": 15890.0,
  "summary_csf_p05": 71.65356438830496,
  "summary_csf_p95": 426.70212726071475,
  "summary_csf_stdv": 106.28682931060854,
  "summary_gm_k": 0.059380275530459325,
  "summary_gm_mad": 62.94641064635069,
  "summary_gm_mean": 660.342561030649,
  "summary_gm_median": 661.7208855114877,
  "summary_gm_n": 20524.0,
  "summary_gm_p05": 555.3414587303996,
  "summary_gm_p95": 760.7445750899612,
  "summary_gm_stdv": 63.150777502246456,
  "summary_wm_k": 0.6552667468907685,
  "summary_wm_mad": 41.36750496940203,
  "summary_wm_mean": 999.3078259291044,
  "summary_wm_median": 1000.0000118762255,
  "summary_wm_n": 132042.0,
  "summary_wm_p05": 925.4933052722365,
  "summary_wm_p95": 1070.4999870210886,
  "summary_wm_stdv": 44.28862593375782,
  "tpm_overlap_csf": 0.16865331618050103,
  "tpm_overlap_gm": 0.4815149379109246,
  "tpm_overlap_wm": 0.5261470500445522,
  "wm2max": 0.6723700188926758
}