{
  "bids_meta": {
    "AcquisitionMatrixPE": 160,
    "AcquisitionNumber": 1,
    "AcquisitionTime": "14:09:31.000000",
    "CoilString": "HEAD",
    "ConversionSoftware": "dcm2niix",
    "ConversionSoftwareVersion": "v1.0.20220720",
    "DeviceSerialNumber": "000000000000GEHC",
    "EchoTime": 0.005176,
    "FlipAngle": 15,
    "ImageOrientationPatientDICOM": [
      1,
      0,
      0,
      0,
      1,
      0
    ],
    "ImageType": [
      "ORIGINAL",
      "PRIMARY",
      "OTHER"
    ],
    "ImagingFrequency": 127.789,
    "InPlanePhaseEncodingDirectionDICOM": "ROW",
    "InstitutionName": "U Of M research",
    "InversionTime": 0.5,
    "MRAcquisitionType": "3D",
    "MagneticFieldStrength": 3,
    "Manufacturer": "GE",
    "ManufacturersModelName": "DISCOVERY MR750",
    "Modality": "MR",
    "PatientPosition": "HFS",
    "PercentPhaseFOV": 75,
    "PercentSampling": 100,
    "PixelBandwidth": 122.109,
    "PrescanReuseString": "TG/s1",
    "ProtocolName": "neuropsych2_rev._w_delay",
    "PulseSequenceName": "BRAVO",
    "ReconMatrixPE": 256,
    "RepetitionTime": 0.012224,
    "SAR": 0.0324045,
    "ScanOptions": "FAST_GEMS\\EDR_GEMS",
    "ScanningSequence": "GR",
    "SequenceVariant": "SS\\SK",
    "SeriesDescription": "t1spgr_124sl",
    "SeriesNumber": 7,
    "ShimSetting": [
      3,
      3,
      -21
    ],
    "SliceThickness": 1.2,
    "SoftwareVersions": "24\\LX\\MR Software release:DV24.0_R01_1344.a",
    "SpacingBetweenSlices": 1.2,
    "StationName": "GEHCGEHC",
    "dataset": "MLS",
    "modality": "T1w",
    "session_id": "2",
    "subject_id": "160"
  },
  "cjv": 0.30420245916801164,
  "cnr": 4.374517720362261,
  "efc": 0.5879193208356327,
  "fber": 16326.19796354815,
  "fwhm_avg": 4.838621654619595,
  "fwhm_x": 5.158458226795799,
  "fwhm_y": 5.111106905795783,
  "fwhm_z": 4.246299831267205,
  "icvs_csf": 0.19116413264025503,
  "icvs_gm": 0.45479378770678197,
  "icvs_wm": 0.35404207965296297,
  "inu_med": 0.5404812097549438,
  "inu_range": 0.307606416940689,
  "provenance": {
    "md5sum": "0df11c4ee6c6068d834a24b02162fb29",
    "settings": {
      "testing": false
    },
    "software": "mriqc",
    "version": "23.1.0rc0",
    "warnings": {
      "large_rot_frame": true,
      "small_air_mask": false
    }
  },
  "qi_1": 0.0,
  "qi_2": 0.001063797863071057,
  "rpve_csf": 21.3094222495065,
  "rpve_gm": 9.755858983326078,
  "rpve_wm": 14.452435141276604,
  "size_x": 256,
  "size_y": 256,
  "size_z": 124,
  "snr_csf": 2.2000289317577955,
  "snr_gm": 12.394318796550808,
  "snr_total": 13.538567730420917,
  "snr_wm": 26.02135546295415,
  "snrd_csf": 17.525015418987284,
  "snrd_gm": 40.27068379573363,
  "snrd_total": 38.504218516411434,
  "snrd_wm": 57.716956334513384,
  "spacing_x": 1.0155999660491943,
  "spacing_y": 1.0155999660491943,
  "spacing_z": 1.2000000476837158,
  "summary_bg_k": 6.223365516473107,
  "summary_bg_mad": 0.0,
  "summary_bg_mean": 7.618514900406282,
  "summary_bg_median": 0.0,
  "summary_bg_n": 1487604.0,
  "summary_bg_p05": 0.0,
  "summary_bg_p95": 30.91447304189205,
  "summary_bg_stdv": 11.350692968468465,
  "summary_csf_k": 4.177800178713169,
  "summary_csf_mad": 129.28952934283066,
  "summary_csf_mean": 302.79758818556206,
  "summary_csf_median": 303.6330591440201,
  "summary_csf_n": 15791.0,
  "summary_csf_p05": 80.86058328300714,
  "summary_csf_p95": 515.0956946909428,
  "summary_csf_stdv": 138.00884183450574,
  "summary_gm_k": 0.12573766161093225,
  "summary_gm_mad": 56.31133443217155,
  "summary_gm_mean": 695.624232489432,
  "summary_gm_median": 697.7175552994013,
  "summary_gm_n": 28889.0,
  "summary_gm_p05": 600.4829426497221,
  "summary_gm_p95": 783.7378268897533,
  "summary_gm_stdv": 56.29236191300335,
  "summary_wm_k": 0.6448121264201676,
  "summary_wm_mad": 35.6395730134649,
  "summary_wm_mean": 1000.99341909987,
  "summary_wm_median": 999.9863393753767,
  "summary_wm_n": 164087.0,
  "summary_wm_p05": 939.1396713405848,
  "summary_wm_p95": 1065.3815004870291,
  "summary_wm_stdv": 38.42933138790571,
  "tpm_overlap_csf": 0.16167533309275076,
  "tpm_overlap_gm": 0.4696093166044654,
  "tpm_overlap_wm": 0.5072233080147902,
  "wm2max": 0.7227031610498709
}