{
  "bids_meta": {
    "AcquisitionMatrixPE": 160,
    "AcquisitionNumber": 1,
    "AcquisitionTime": "12:45:46.000000",
    "CoilString": "HEAD",
    "ConversionSoftware": "dcm2niix",
    "ConversionSoftwareVersion": "v1.0.20220720",
    "DeviceSerialNumber": "0000000000UM3TMR",
    "EchoTime": 0.00184,
    "FlipAngle": 15,
    "ImageOrientationPatientDICOM": [
      1,
      0,
      0,
      0,
      1,
      0
    ],
    "ImageType": [
      "ORIGINAL",
      "PRIMARY",
      "OTHER"
    ],
    "ImagingFrequency": 128.07,
    "InPlanePhaseEncodingDirectionDICOM": "ROW",
    "InstitutionName": "U of M FMRi",
    "InversionTime": 0.5,
    "MRAcquisitionType": "3D",
    "MagneticFieldStrength": 3,
    "Manufacturer": "GE",
    "ManufacturersModelName": "SIGNA EXCITE",
    "Modality": "MR",
    "PatientPosition": "HFS",
    "PercentPhaseFOV": 80,
    "PercentSampling": 100,
    "PixelBandwidth": 122.109,
    "ProtocolName": "neuropsych adole. 3-15-/",
    "PulseSequenceName": "efgre3d",
    "ReconMatrixPE": 256,
    "RepetitionTime": 0.009036,
    "SAR": 0.013607,
    "ScanOptions": "FAST_GEMS\\VB_GEMS\\EDR_GEMS\\PFF",
    "ScanningSequence": "GR",
    "SequenceVariant": "SS\\SP\\SK",
    "SeriesDescription": "3d spgr IR ax",
    "SeriesNumber": 8,
    "ShimSetting": [
      -2,
      -5,
      27
    ],
    "SliceThickness": 1.2,
    "SoftwareVersions": "11",
    "SpacingBetweenSlices": 1.2,
    "SpoilingState": true,
    "StationName": "um3te2",
    "dataset": "MLS",
    "modality": "T1w",
    "session_id": "1",
    "subject_id": "153"
  },
  "cjv": 0.3376070077530207,
  "cnr": 3.525733543252045,
  "efc": 0.6053657284645033,
  "fber": 1915.6607554137136,
  "fwhm_avg": 5.039466126086217,
  "fwhm_x": 5.5926921860295,
  "fwhm_y": 5.119739700639863,
  "fwhm_z": 4.405966491589289,
  "icvs_csf": 0.19947862411418044,
  "icvs_gm": 0.4272562509001549,
  "icvs_wm": 0.3732651249856647,
  "inu_med": 0.6929094791412354,
  "inu_range": 0.4796559512615204,
  "provenance": {
    "md5sum": "b3544db7fc78ab384db46ee19f14b265",
    "settings": {
      "testing": false
    },
    "software": "mriqc",
    "version": "23.1.0rc0",
    "warnings": {
      "large_rot_frame": true,
      "small_air_mask": false
    }
  },
  "qi_1": 0.0,
  "qi_2": 0.00030946338943809603,
  "rpve_csf": 20.78763558827629,
  "rpve_gm": 10.032875250703984,
  "rpve_wm": 13.4564182404083,
  "size_x": 256,
  "size_y": 256,
  "size_z": 124,
  "snr_csf": 2.690523141924107,
  "snr_gm": 11.14767840784273,
  "snr_total": 10.997264233586984,
  "snr_wm": 19.153591150994114,
  "snrd_csf": 11.557284845997668,
  "snrd_gm": 25.82508781709136,
  "snrd_total": 25.202503821971263,
  "snrd_wm": 38.225138802824766,
  "spacing_x": 1.0156199932098389,
  "spacing_y": 1.0156199932098389,
  "spacing_z": 1.2000000476837158,
  "summary_bg_k": 4.081736311066808,
  "summary_bg_mad": 17.138888796381575,
  "summary_bg_mean": 31.20929566797785,
  "summary_bg_median": 11.560004822909832,
  "summary_bg_n": 1772462.0,
  "summary_bg_p05": 0.0,
  "summary_bg_p95": 133.9133204743266,
  "summary_bg_stdv": 45.46243403091905,
  "summary_csf_k": 0.4901859602535419,
  "summary_csf_mad": 107.8984339346084,
  "summary_csf_mean": 297.800359465883,
  "summary_csf_median": 302.3477550074458,
  "summary_csf_n": 21135.0,
  "summary_csf_p05": 101.60489462390542,
  "summary_csf_p95": 476.224528580904,
  "summary_csf_stdv": 112.37242209062202,
  "summary_gm_k": 0.08425029808199724,
  "summary_gm_mad": 59.86831773718856,
  "summary_gm_mean": 675.3240186352125,
  "summary_gm_median": 675.6048179492354,
  "summary_gm_n": 21572.0,
  "summary_gm_p05": 574.4289544321597,
  "summary_gm_p95": 772.4903703980149,
  "summary_gm_stdv": 60.60357446201078,
  "summary_wm_k": 0.8297722489453081,
  "summary_wm_mad": 49.64977063694044,
  "summary_wm_mean": 1002.0479399627925,
  "summary_wm_median": 1000.0000048354268,
  "summary_wm_n": 175515.0,
  "summary_wm_p05": 920.7087002769113,
  "summary_wm_p95": 1089.9773619621992,
  "summary_wm_stdv": 52.209381947681806,
  "tpm_overlap_csf": 0.15834920154060889,
  "tpm_overlap_gm": 0.4695105285676835,
  "tpm_overlap_wm": 0.5195829783467144,
  "wm2max": 0.4898137878699434
}