{
  "bids_meta": {
    "AcquisitionMatrixPE": 160,
    "AcquisitionNumber": 1,
    "AcquisitionTime": "12:10:46.000000",
    "CoilString": "HEAD",
    "ConversionSoftware": "dcm2niix",
    "ConversionSoftwareVersion": "v1.0.20220720",
    "DeviceSerialNumber": "000000000000MR01",
    "EchoTime": 0.005176,
    "FlipAngle": 15,
    "ImageOrientationPatientDICOM": [
      1,
      0,
      0,
      0,
      1,
      0
    ],
    "ImageType": [
      "ORIGINAL",
      "PRIMARY",
      "OTHER"
    ],
    "ImagingFrequency": 127.767,
    "InPlanePhaseEncodingDirectionDICOM": "ROW",
    "InstitutionName": "UOFMResearch",
    "InversionTime": 0.5,
    "MRAcquisitionType": "3D",
    "MagneticFieldStrength": 3,
    "Manufacturer": "GE",
    "ManufacturersModelName": "DISCOVERY MR750",
    "Modality": "MR",
    "PatientPosition": "HFS",
    "PercentPhaseFOV": 75,
    "PercentSampling": 100,
    "PixelBandwidth": 122.109,
    "PrescanReuseString": "TG/s1,CF/s1,AS/s1",
    "ProtocolName": "neuropsych 12/13/12",
    "PulseSequenceName": "BRAVO",
    "ReconMatrixPE": 256,
    "RepetitionTime": 0.012224,
    "SAR": 0.0324045,
    "ScanOptions": "FAST_GEMS\\EDR_GEMS",
    "ScanningSequence": "GR",
    "SequenceVariant": "SS\\SK",
    "SeriesDescription": "AxFSPGR 124sl",
    "SeriesNumber": 7,
    "ShimSetting": [
      4,
      -11,
      -28
    ],
    "SliceThickness": 1.2,
    "SoftwareVersions": "23\\LX\\MR Software release:DV22.0_V02_1122.a",
    "SpacingBetweenSlices": 1.2,
    "StationName": "MR01MR01",
    "dataset": "MLS",
    "modality": "T1w",
    "session_id": "2",
    "subject_id": "185"
  },
  "cjv": 0.3513341737584083,
  "cnr": 3.81527603717214,
  "efc": 0.5845740796731907,
  "fber": 11584.13717421125,
  "fwhm_avg": 4.254292546974061,
  "fwhm_x": 4.801260499218848,
  "fwhm_y": 4.3120422867244095,
  "fwhm_z": 3.6495748549789244,
  "icvs_csf": 0.20563410885063332,
  "icvs_gm": 0.4285087105714311,
  "icvs_wm": 0.3658571805779356,
  "inu_med": 0.6526912450790405,
  "inu_range": 0.38918200731277464,
  "provenance": {
    "md5sum": "40e3562a3d16c4eedff870b61f485854",
    "settings": {
      "testing": false
    },
    "software": "mriqc",
    "version": "23.1.0rc0",
    "warnings": {
      "large_rot_frame": true,
      "small_air_mask": false
    }
  },
  "qi_1": 0.0,
  "qi_2": 0.0007987806312247852,
  "rpve_csf": 20.638978634438548,
  "rpve_gm": 10.195108612317915,
  "rpve_wm": 13.91863587865331,
  "size_x": 256,
  "size_y": 256,
  "size_z": 124,
  "snr_csf": 1.8919581058611503,
  "snr_gm": 10.299960183884357,
  "snr_total": 10.527640051005058,
  "snr_wm": 19.39100186326967,
  "snrd_csf": 20.682792498816497,
  "snrd_gm": 58.50528096971969,
  "snrd_total": 55.35318375735312,
  "snrd_wm": 86.87147780352318,
  "spacing_x": 1.0155999660491943,
  "spacing_y": 1.0155999660491943,
  "spacing_z": 1.2000000476837158,
  "summary_bg_k": 4.382105969723511,
  "summary_bg_mad": 7.541676745750774,
  "summary_bg_mean": 13.902549437217523,
  "summary_bg_median": 5.086783664301038,
  "summary_bg_n": 1635603.0,
  "summary_bg_p05": 0.0,
  "summary_bg_p95": 54.659802647307515,
  "summary_bg_stdv": 19.75675245872578,
  "summary_csf_k": 3.9422754935874655,
  "summary_csf_mad": 115.27338638050577,
  "summary_csf_mean": 256.21438807837285,
  "summary_csf_median": 238.09230448119342,
  "summary_csf_n": 15473.0,
  "summary_csf_p05": 76.06745462603868,
  "summary_csf_p95": 477.81237973496314,
  "summary_csf_stdv": 125.84031846175137,
  "summary_gm_k": 0.0037636269233978226,
  "summary_gm_mad": 65.77256264930523,
  "summary_gm_mean": 671.9211382796777,
  "summary_gm_median": 673.4901571534574,
  "summary_gm_n": 16163.0,
  "summary_gm_p05": 562.2745688566938,
  "summary_gm_p95": 777.5626680258662,
  "summary_gm_stdv": 65.38562387523858,
  "summary_wm_k": 0.7920791669436431,
  "summary_wm_mad": 48.952338149691386,
  "summary_wm_mean": 1001.928794398187,
  "summary_wm_median": 1000.0308394096792,
  "summary_wm_n": 160673.0,
  "summary_wm_p05": 920.029605416581,
  "summary_wm_p95": 1087.338544484228,
  "summary_wm_stdv": 51.57174108123771,
  "tpm_overlap_csf": 0.17482320492636852,
  "tpm_overlap_gm": 0.4694229142122768,
  "tpm_overlap_wm": 0.515339618030984,
  "wm2max": 0.5867863432470165
}