{
  "bids_meta": {
    "AcquisitionMatrixPE": 160,
    "AcquisitionNumber": 1,
    "AcquisitionTime": "12:16:28.000000",
    "CoilString": "HEAD",
    "ConversionSoftware": "dcm2niix",
    "ConversionSoftwareVersion": "v1.0.20220720",
    "DeviceSerialNumber": "0000000000UM3TMR",
    "EchoTime": 0.001796,
    "FlipAngle": 15,
    "ImageOrientationPatientDICOM": [
      0,
      1,
      0,
      0,
      0,
      -1
    ],
    "ImageType": [
      "ORIGINAL",
      "PRIMARY",
      "OTHER"
    ],
    "ImagingFrequency": 128.071,
    "InPlanePhaseEncodingDirectionDICOM": "ROW",
    "InstitutionName": "U of M FMRi",
    "InversionTime": 0.4,
    "MRAcquisitionType": "3D",
    "MagneticFieldStrength": 3,
    "Manufacturer": "GE",
    "ManufacturersModelName": "SIGNA EXCITE",
    "Modality": "MR",
    "PatientPosition": "HFS",
    "PercentPhaseFOV": 100,
    "PercentSampling": 100,
    "PixelBandwidth": 122.109,
    "ProtocolName": "childrisk ext trigger /",
    "PulseSequenceName": "efgre3d",
    "ReconMatrixPE": 256,
    "RepetitionTime": 0.008968,
    "SAR": 0.013127,
    "ScanOptions": "FAST_GEMS\\VB_GEMS\\EDR_GEMS\\PFF",
    "ScanningSequence": "GR",
    "SequenceVariant": "SS\\SP\\SK",
    "SeriesDescription": "3d spgr IR sag",
    "SeriesNumber": 6,
    "ShimSetting": [
      1,
      5,
      19
    ],
    "SliceThickness": 1.4,
    "SoftwareVersions": "11",
    "SpacingBetweenSlices": 1.4,
    "SpoilingState": true,
    "StationName": "um3te2",
    "dataset": "MLS",
    "modality": "T1w",
    "session_id": "1",
    "subject_id": "229"
  },
  "cjv": 0.29590992676646355,
  "cnr": 4.544767703994655,
  "efc": 0.5344275281431936,
  "fber": 6752.305588585018,
  "fwhm_avg": 4.055550162592664,
  "fwhm_x": 3.5692714893557596,
  "fwhm_y": 4.744372927093851,
  "fwhm_z": 3.853006071328383,
  "icvs_csf": 0.14512552553209618,
  "icvs_gm": 0.5068760138746871,
  "icvs_wm": 0.34799846059321676,
  "inu_med": 0.7115100026130676,
  "inu_range": 0.4444521784782409,
  "provenance": {
    "md5sum": "3a87068202279d1427e9931075998e9d",
    "settings": {
      "testing": false
    },
    "software": "mriqc",
    "version": "23.1.0rc0",
    "warnings": {
      "large_rot_frame": true,
      "small_air_mask": false
    }
  },
  "qi_1": 7.534639158057893e-06,
  "qi_2": 0.001828429458062361,
  "rpve_csf": 30.3606004778362,
  "rpve_gm": 9.880100526349128,
  "rpve_wm": 14.96960441149722,
  "size_x": 104,
  "size_y": 256,
  "size_z": 256,
  "snr_csf": 0.6850581276686624,
  "snr_gm": 12.010428999263832,
  "snr_total": 10.366757994949095,
  "snr_wm": 18.40478685791479,
  "snrd_csf": 11.241021238571474,
  "snrd_gm": 26.327802105256907,
  "snrd_total": 26.125328326386565,
  "snrd_wm": 40.80716163533132,
  "spacing_x": 1.399999976158142,
  "spacing_y": 1.0156199932098389,
  "spacing_z": 1.0156199932098389,
  "summary_bg_k": 30.560718195307466,
  "summary_bg_mad": 0.0,
  "summary_bg_mean": 10.145586165969014,
  "summary_bg_median": 0.0,
  "summary_bg_n": 1706977.0,
  "summary_bg_p05": 0.0,
  "summary_bg_p95": 40.9570336304605,
  "summary_bg_stdv": 16.054446548792725,
  "summary_csf_k": 6.6171346623432825,
  "summary_csf_mad": 119.68589121238236,
  "summary_csf_mean": 391.64780131919,
  "summary_csf_median": 275.4668716751039,
  "summary_csf_n": 7159.0,
  "summary_csf_p05": 88.85438957065344,
  "summary_csf_p95": 1535.5097830161449,
  "summary_csf_stdv": 402.07921149722205,
  "summary_gm_k": 0.024589075838576946,
  "summary_gm_mad": 53.27646854306839,
  "summary_gm_mean": 645.6723689319189,
  "summary_gm_median": 645.176014713943,
  "summary_gm_n": 34628.0,
  "summary_gm_p05": 557.0521853864193,
  "summary_gm_p95": 733.4368240870535,
  "summary_gm_stdv": 53.71720684350458,
  "summary_wm_k": 0.516316206066338,
  "summary_wm_mad": 51.71946882707021,
  "summary_wm_mean": 1001.6557448787199,
  "summary_wm_median": 999.9999927990139,
  "summary_wm_n": 102324.0,
  "summary_wm_p05": 915.8029247783124,
  "summary_wm_p95": 1093.420383889228,
  "summary_wm_stdv": 54.33342499796017,
  "tpm_overlap_csf": 0.14574884899766552,
  "tpm_overlap_gm": 0.4884093967907083,
  "tpm_overlap_wm": 0.4851080185599703,
  "wm2max": 0.38529521286311047
}