{
  "bids_meta": {
    "AcquisitionMatrixPE": 160,
    "CoilString": "HEAD",
    "EchoTime": 0.001784,
    "FlipAngle": 15,
    "ImageType": [
      "ORIGINAL",
      "PRIMARY",
      "OTHER"
    ],
    "InPlanePhaseEncodingDirectionDICOM": "ROW",
    "InstitutionName": "U of M FMRi",
    "InversionTime": 0.4,
    "MRAcquisitionType": "3D",
    "Modality": "MR",
    "PatientPosition": "HFS",
    "PercentPhaseFOV": 100,
    "PercentSampling": 100,
    "ReconMatrixPE": 256,
    "RepetitionTime": 0.008948,
    "SAR": 0.017417,
    "ScanningSequence": "GR",
    "SeriesDescription": "3d spgr IR axial",
    "dataset": "MLS",
    "modality": "T1w",
    "session_id": "1",
    "subject_id": "117"
  },
  "cjv": 0.33504368524326045,
  "cnr": 4.046939554557354,
  "efc": 0.7115474271845816,
  "fber": 9519.83079634674,
  "fwhm_avg": 5.089991925564981,
  "fwhm_x": 5.71163,
  "fwhm_y": 5.89366,
  "fwhm_z": 3.664685776694941,
  "icvs_csf": 0.18863040321151042,
  "icvs_gm": 0.4444555433011383,
  "icvs_wm": 0.3669140534873513,
  "inu_med": 0.6296192407608032,
  "inu_range": 0.3730887353420257,
  "provenance": {
    "md5sum": "72c38b36a3d5d51a00a383a3bca4f612",
    "settings": {
      "testing": false
    },
    "software": "mriqc",
    "version": "23.1.0rc0",
    "warnings": {
      "large_rot_frame": true,
      "small_air_mask": false
    }
  },
  "qi_1": 0.0,
  "qi_2": 0.003110611127057945,
  "rpve_csf": 14.804488338928934,
  "rpve_gm": 6.689605793298788,
  "rpve_wm": 9.263606318903284,
  "size_x": 202,
  "size_y": 202,
  "size_z": 123,
  "snr_csf": 2.658288168595152,
  "snr_gm": 13.455415051322614,
  "snr_total": 12.190286847581186,
  "snr_wm": 20.45715732282579,
  "snrd_csf": 15.280473301342763,
  "snrd_gm": 37.41680625494712,
  "snrd_total": 35.24181652035811,
  "snrd_wm": 53.02817000478445,
  "spacing_x": 1.0,
  "spacing_y": 1.0,
  "spacing_z": 1.399999976158142,
  "summary_bg_k": 6.916760577914827,
  "summary_bg_mad": 0.0,
  "summary_bg_mean": 7.726748370603531,
  "summary_bg_median": 0.0,
  "summary_bg_n": 645295.0,
  "summary_bg_p05": 0.0,
  "summary_bg_p95": 32.32323110103607,
  "summary_bg_stdv": 12.35505178576127,
  "summary_csf_k": 55.65920125753706,
  "summary_csf_mad": 73.81395277901233,
  "summary_csf_mean": 295.66321712112904,
  "summary_csf_median": 288.1705839410424,
  "summary_csf_n": 19313.0,
  "summary_csf_p05": 150.50953415185214,
  "summary_csf_p95": 446.0156958177686,
  "summary_csf_stdv": 108.40176272642955,
  "summary_gm_k": 0.09208719693469591,
  "summary_gm_mad": 52.64818453399346,
  "summary_gm_mean": 701.98486154541,
  "summary_gm_median": 705.6340922862291,
  "summary_gm_n": 18973.0,
  "summary_gm_p05": 611.8069353401661,
  "summary_gm_p95": 781.2076023355125,
  "summary_gm_stdv": 52.44100561788955,
  "summary_wm_k": 0.8400403781805608,
  "summary_wm_mad": 45.992282570151055,
  "summary_wm_mean": 1004.8440006575247,
  "summary_wm_median": 1000.0448555648327,
  "summary_wm_n": 129555.0,
  "summary_wm_p05": 933.6026583015919,
  "summary_wm_p95": 1091.4926635548472,
  "summary_wm_stdv": 48.884650992232025,
  "tpm_overlap_csf": 0.1665771903858914,
  "tpm_overlap_gm": 0.47267879417953546,
  "tpm_overlap_wm": 0.5006109465996877,
  "wm2max": 0.4042056952992512
}