{
	"Modality": "MR",
	"MagneticFieldStrength": 3,
	"ImagingFrequency": 127.768,
	"Manufacturer": "GE",
	"ManufacturersModelName": "DISCOVERY MR750",
	"InstitutionName": "UOFMResearch",
	"DeviceSerialNumber": "000000000000MR01",
	"StationName": "MR01MR01",
	"PatientPosition": "HFS",
	"SoftwareVersions": "23\\LX\\MR Software release:DV22.0_V02_1122.a",
	"MRAcquisitionType": "2D",
	"SeriesDescription": "AxT1_Overlay 29sl",
	"ProtocolName": "neuropsych 12/13/12",
	"ScanningSequence": "GR",
	"SequenceVariant": "SS\\SK",
	"ScanOptions": "FAST_GEMS\\FC\\EDR_GEMS\\PFF",
	"PulseSequenceName": "fgre",
	"ImageType": ["ORIGINAL", "PRIMARY", "OTHER"],
	"SeriesNumber": 2,
	"AcquisitionTime": "10:52:43.000000",
	"AcquisitionNumber": 1,
	"SliceThickness": 4,
	"SpacingBetweenSlices": 4,
	"SAR": 0.144323,
	"NumberOfAverages": 2,
	"EchoTime": 0.00348,
	"RepetitionTime": 0.3,
	"FlipAngle": 90,
	"ShimSetting": [
		7,
		7,
		-28	],
	"PrescanReuseString": "TG/s1",
	"CoilString": "HEAD",
	"NumberOfExcitations": 2,
	"PercentPhaseFOV": 100,
	"PercentSampling": 100,
	"AcquisitionMatrixPE": 192,
	"ReconMatrixPE": 256,
	"PixelBandwidth": 122.109,
	"PhaseEncodingAxis": "i",
	"ImageOrientationPatientDICOM": [
		1,
		-0,
		0,
		-0,
		0.998198,
		-0.0599993	],
	"InPlanePhaseEncodingDirectionDICOM": "ROW",
	"ConversionSoftware": "dcm2niix",
	"ConversionSoftwareVersion": "v1.0.20220720"
}
