{
  "bids_meta": {
    "AcquisitionMatrixPE": 160,
    "AcquisitionNumber": 1,
    "AcquisitionTime": "17:36:47.000000",
    "CoilString": "HEAD",
    "ConversionSoftware": "dcm2niix",
    "ConversionSoftwareVersion": "v1.0.20220720",
    "DeviceSerialNumber": "0000000000UM3TMR",
    "EchoTime": 0.00184,
    "FlipAngle": 15,
    "ImageOrientationPatientDICOM": [
      1,
      0,
      0,
      0,
      1,
      0
    ],
    "ImageType": [
      "ORIGINAL",
      "PRIMARY",
      "OTHER"
    ],
    "ImagingFrequency": 128.07,
    "InPlanePhaseEncodingDirectionDICOM": "ROW",
    "InstitutionName": "U of M FMRi",
    "InversionTime": 0.5,
    "MRAcquisitionType": "3D",
    "MagneticFieldStrength": 3,
    "Manufacturer": "GE",
    "ManufacturersModelName": "SIGNA EXCITE",
    "Modality": "MR",
    "PatientPosition": "HFS",
    "PercentPhaseFOV": 80,
    "PercentSampling": 100,
    "PixelBandwidth": 122.109,
    "ProtocolName": "neuropsych adole. 3-15-/",
    "PulseSequenceName": "efgre3d",
    "ReconMatrixPE": 256,
    "RepetitionTime": 0.00904,
    "SAR": 0.01475,
    "ScanOptions": "FAST_GEMS\\VB_GEMS\\EDR_GEMS\\PFF",
    "ScanningSequence": "GR",
    "SequenceVariant": "SS\\SP\\SK",
    "SeriesDescription": "3d spgr IR ax",
    "SeriesNumber": 6,
    "ShimSetting": [
      -3,
      -10,
      24
    ],
    "SliceThickness": 1.2,
    "SoftwareVersions": "11",
    "SpacingBetweenSlices": 1.2,
    "SpoilingState": true,
    "StationName": "um3te2",
    "dataset": "MLS",
    "modality": "T1w",
    "session_id": "2",
    "subject_id": "30"
  },
  "cjv": 0.3323759169342104,
  "cnr": 4.0353465445516985,
  "efc": 0.5969523782121816,
  "fber": 15658.889323621228,
  "fwhm_avg": 4.626889166531313,
  "fwhm_x": 5.047301189689046,
  "fwhm_y": 4.817983136128554,
  "fwhm_z": 4.015383173776342,
  "icvs_csf": 0.19838545005556674,
  "icvs_gm": 0.45872691379892705,
  "icvs_wm": 0.3428876361455062,
  "inu_med": 0.6008385717868805,
  "inu_range": 0.36805907934904103,
  "provenance": {
    "md5sum": "26f5a887512639dabee25568a9d2f4d3",
    "settings": {
      "testing": false
    },
    "software": "mriqc",
    "version": "23.1.0rc0",
    "warnings": {
      "large_rot_frame": true,
      "small_air_mask": false
    }
  },
  "qi_1": 9.912091410473117e-06,
  "qi_2": 0.0009088503990067838,
  "rpve_csf": 21.189916965410582,
  "rpve_gm": 9.921948402002311,
  "rpve_wm": 15.02062375558356,
  "size_x": 256,
  "size_y": 256,
  "size_z": 124,
  "snr_csf": 2.7523548804922786,
  "snr_gm": 12.175947455546408,
  "snr_total": 12.633819630658499,
  "snr_wm": 22.973156555936807,
  "snrd_csf": 11.888917589980698,
  "snrd_gm": 28.18284770977069,
  "snrd_total": 26.752279440324845,
  "snrd_wm": 40.18507302122314,
  "spacing_x": 1.0156199932098389,
  "spacing_y": 1.0156199932098389,
  "spacing_z": 1.2000000476837158,
  "summary_bg_k": 7.865170094696573,
  "summary_bg_mad": 0.0,
  "summary_bg_mean": 10.763702700761986,
  "summary_bg_median": 0.0,
  "summary_bg_n": 1539681.0,
  "summary_bg_p05": 0.0,
  "summary_bg_p95": 44.38487682491541,
  "summary_bg_stdv": 16.303546132399067,
  "summary_csf_k": 5.57436241181631,
  "summary_csf_mad": 90.57880789764639,
  "summary_csf_mean": 298.3444476030031,
  "summary_csf_median": 295.8643671646714,
  "summary_csf_n": 20915.0,
  "summary_csf_p05": 123.42128807455302,
  "summary_csf_p95": 475.067872199416,
  "summary_csf_stdv": 107.49242263723976,
  "summary_gm_k": 0.02318049033102909,
  "summary_gm_mad": 57.676249473287655,
  "summary_gm_mean": 699.4923979099025,
  "summary_gm_median": 701.3506771698594,
  "summary_gm_n": 31486.0,
  "summary_gm_p05": 601.3715663924813,
  "summary_gm_p95": 790.433735832572,
  "summary_gm_stdv": 57.60040786489425,
  "summary_wm_k": 0.7479912289549029,
  "summary_wm_mad": 41.599156219659825,
  "summary_wm_mean": 1001.5895321568458,
  "summary_wm_median": 1000.0347894504666,
  "summary_wm_n": 152405.0,
  "summary_wm_p05": 933.2660100385547,
  "summary_wm_p95": 1074.8381018593902,
  "summary_wm_stdv": 43.53043545251332,
  "tpm_overlap_csf": 0.17204812595048863,
  "tpm_overlap_gm": 0.48082054544111247,
  "tpm_overlap_wm": 0.5168944633831847,
  "wm2max": 0.5116867666895794
}