{
  "bids_meta": {
    "AcquisitionMatrixPE": 160,
    "AcquisitionNumber": 1,
    "AcquisitionTime": "10:58:49.000000",
    "CoilString": "HEAD",
    "ConversionSoftware": "dcm2niix",
    "ConversionSoftwareVersion": "v1.0.20220720",
    "DeviceSerialNumber": "0000000000UM3TMR",
    "EchoTime": 0.00184,
    "FlipAngle": 15,
    "ImageOrientationPatientDICOM": [
      1,
      0,
      0,
      0,
      1,
      0
    ],
    "ImageType": [
      "ORIGINAL",
      "PRIMARY",
      "OTHER"
    ],
    "ImagingFrequency": 128.07,
    "InPlanePhaseEncodingDirectionDICOM": "ROW",
    "InstitutionName": "U of M FMRi",
    "InversionTime": 0.4,
    "MRAcquisitionType": "3D",
    "MagneticFieldStrength": 3,
    "Manufacturer": "GE",
    "ManufacturersModelName": "SIGNA EXCITE",
    "Modality": "MR",
    "PatientPosition": "HFS",
    "PercentPhaseFOV": 100,
    "PercentSampling": 100,
    "PixelBandwidth": 122.109,
    "ProtocolName": "neuropsych adole. 3-15-/",
    "PulseSequenceName": "efgre3d",
    "ReconMatrixPE": 256,
    "RepetitionTime": 0.00904,
    "SAR": 0.016273,
    "ScanOptions": "FAST_GEMS\\VB_GEMS\\EDR_GEMS\\PFF",
    "ScanningSequence": "GR",
    "SequenceVariant": "SS\\SP\\SK",
    "SeriesDescription": "3d spgr IR ",
    "SeriesNumber": 6,
    "ShimSetting": [
      3,
      0,
      23
    ],
    "SliceThickness": 1.2,
    "SoftwareVersions": "11",
    "SpacingBetweenSlices": 1.2,
    "SpoilingState": true,
    "StationName": "um3te2",
    "dataset": "MLS",
    "modality": "T1w",
    "session_id": "2",
    "subject_id": "78"
  },
  "cjv": 0.33234315805055925,
  "cnr": 4.094626135567061,
  "efc": 0.5625840695301461,
  "fber": 8115.797168359494,
  "fwhm_avg": 4.547273098712196,
  "fwhm_x": 5.001112654298223,
  "fwhm_y": 4.640731800783085,
  "fwhm_z": 3.9999748410552805,
  "icvs_csf": 0.18761099283216676,
  "icvs_gm": 0.4533185980917049,
  "icvs_wm": 0.35907040907612836,
  "inu_med": 0.6833759546279907,
  "inu_range": 0.4621842145919799,
  "provenance": {
    "md5sum": "faad4237d0d10abe087c4481d19cc38e",
    "settings": {
      "testing": false
    },
    "software": "mriqc",
    "version": "23.1.0rc0",
    "warnings": {
      "large_rot_frame": true,
      "small_air_mask": false
    }
  },
  "qi_1": 3.95886177068576e-06,
  "qi_2": 0.0017077843910720983,
  "rpve_csf": 23.204639587316287,
  "rpve_gm": 10.44204031253193,
  "rpve_wm": 15.060148393024821,
  "size_x": 256,
  "size_y": 256,
  "size_z": 138,
  "snr_csf": 2.054713800880729,
  "snr_gm": 9.833495146271071,
  "snr_total": 10.585747762844191,
  "snr_wm": 19.86903434138077,
  "snrd_csf": 15.507981612244071,
  "snrd_gm": 45.78897652810773,
  "snrd_total": 43.93126522041887,
  "snrd_wm": 70.4968375209048,
  "spacing_x": 1.0156199932098389,
  "spacing_y": 1.0156199932098389,
  "spacing_z": 1.2000000476837158,
  "summary_bg_k": 18.62198074478881,
  "summary_bg_mad": 9.29313195679349,
  "summary_bg_mean": 14.002691578675261,
  "summary_bg_median": 6.268122252076864,
  "summary_bg_n": 1591369.0,
  "summary_bg_p05": 0.0,
  "summary_bg_p95": 56.2425391189754,
  "summary_bg_stdv": 20.757628764673704,
  "summary_csf_k": 16.61444748350408,
  "summary_csf_mad": 86.6726796786658,
  "summary_csf_mean": 230.2151037606499,
  "summary_csf_median": 219.98124284669757,
  "summary_csf_n": 18884.0,
  "summary_csf_p05": 85.66433744505048,
  "summary_csf_p95": 408.35963666532183,
  "summary_csf_stdv": 107.0589091944918,
  "summary_gm_k": -0.15429280953744007,
  "summary_gm_mad": 68.24446222692906,
  "summary_gm_mean": 648.0339679323487,
  "summary_gm_median": 649.5181782636791,
  "summary_gm_n": 30130.0,
  "summary_gm_p05": 537.7984931850806,
  "summary_gm_p95": 753.6052518924698,
  "summary_gm_stdv": 66.05051305942001,
  "summary_wm_k": 0.4827499977532592,
  "summary_wm_mad": 48.23578015669001,
  "summary_wm_mean": 1000.7271358307311,
  "summary_wm_median": 1000.0000207871199,
  "summary_wm_n": 175635.0,
  "summary_wm_p05": 919.2393163964152,
  "summary_wm_p95": 1083.8308258727193,
  "summary_wm_stdv": 50.32943004619731,
  "tpm_overlap_csf": 0.14143371681215605,
  "tpm_overlap_gm": 0.44952588838414714,
  "tpm_overlap_wm": 0.4824969614507499,
  "wm2max": 0.41325838340763715
}