{
  "bids_meta": {
    "AcquisitionMatrixPE": 160,
    "CoilString": "HEAD",
    "EchoTime": 0.001784,
    "FlipAngle": 15,
    "ImageType": [
      "ORIGINAL",
      "PRIMARY",
      "OTHER"
    ],
    "InPlanePhaseEncodingDirectionDICOM": "ROW",
    "InstitutionName": "U of M FMRi",
    "InversionTime": 0.4,
    "MRAcquisitionType": "3D",
    "Modality": "MR",
    "PatientPosition": "HFS",
    "PercentPhaseFOV": 100,
    "PercentSampling": 100,
    "ReconMatrixPE": 256,
    "RepetitionTime": 0.008948,
    "SAR": 0.017417,
    "ScanningSequence": "GR",
    "SeriesDescription": "3d spgr IR axial",
    "dataset": "MLS",
    "modality": "T1w",
    "session_id": "1",
    "subject_id": "111"
  },
  "cjv": 0.3023036438442273,
  "cnr": 4.197544227866859,
  "efc": 0.5593494389854327,
  "fber": 9379.311744176608,
  "fwhm_avg": 5.5895600103559895,
  "fwhm_x": 6.128563845331526,
  "fwhm_y": 6.120436185736444,
  "fwhm_z": 4.51968,
  "icvs_csf": 0.16150881367212902,
  "icvs_gm": 0.47333618870398936,
  "icvs_wm": 0.3651549976238816,
  "inu_med": 0.5871073007583618,
  "inu_range": 0.48940520882606503,
  "provenance": {
    "md5sum": "0df9c86cf50437dc97006ce9a3c46744",
    "settings": {
      "testing": false
    },
    "software": "mriqc",
    "version": "23.1.0rc0",
    "warnings": {
      "large_rot_frame": true,
      "small_air_mask": false
    }
  },
  "qi_1": 4.0244235161269895e-05,
  "qi_2": 0.0007767225203299449,
  "rpve_csf": 23.71395291219039,
  "rpve_gm": 9.05598323013793,
  "rpve_wm": 12.814099061889907,
  "size_x": 256,
  "size_y": 256,
  "size_z": 106,
  "snr_csf": 1.5966780948923116,
  "snr_gm": 14.342724448302011,
  "snr_total": 12.4178059560182,
  "snr_wm": 21.31401532486028,
  "snrd_csf": 9.74114930949566,
  "snrd_gm": 21.068020841145742,
  "snrd_total": 20.284776196911377,
  "snrd_wm": 30.04515844009272,
  "spacing_x": 0.9399999976158142,
  "spacing_y": 0.9399999976158142,
  "spacing_z": 1.5,
  "summary_bg_k": 62.45866606044727,
  "summary_bg_mad": 0.0,
  "summary_bg_mean": 12.970896184576729,
  "summary_bg_median": 0.0,
  "summary_bg_n": 1505694.0,
  "summary_bg_p05": 0.0,
  "summary_bg_p95": 52.71174302697182,
  "summary_bg_stdv": 21.805058115802645,
  "summary_csf_k": 52.004252482229475,
  "summary_csf_mad": 138.57977048565368,
  "summary_csf_mean": 332.5327209759135,
  "summary_csf_median": 324.216952085495,
  "summary_csf_n": 9500.0,
  "summary_csf_p05": 90.4542781252414,
  "summary_csf_p95": 563.9428075276314,
  "summary_csf_stdv": 203.04649298027311,
  "summary_gm_k": 0.13519410796143472,
  "summary_gm_mad": 48.40228611365729,
  "summary_gm_mean": 700.3981556339529,
  "summary_gm_median": 701.211867980659,
  "summary_gm_n": 33206.0,
  "summary_gm_p05": 619.09809743613,
  "summary_gm_p95": 779.0047324541956,
  "summary_gm_stdv": 48.88898980923004,
  "summary_wm_k": 0.7936917052676993,
  "summary_wm_mad": 41.922466877346174,
  "summary_wm_mean": 1000.2351970196788,
  "summary_wm_median": 1000.0000395104289,
  "summary_wm_n": 141323.0,
  "summary_wm_p05": 921.9919574931264,
  "summary_wm_p95": 1077.875679962337,
  "summary_wm_stdv": 46.9173211273396,
  "tpm_overlap_csf": 0.14341472836644237,
  "tpm_overlap_gm": 0.47160969349579585,
  "tpm_overlap_wm": 0.4884036119792672,
  "wm2max": 0.296359532921205
}