{
  "bids_meta": {
    "AcquisitionMatrixPE": 160,
    "AcquisitionNumber": 1,
    "AcquisitionTime": "12:43:42.000000",
    "CoilString": "HEAD",
    "ConversionSoftware": "dcm2niix",
    "ConversionSoftwareVersion": "v1.0.20220720",
    "DeviceSerialNumber": "0007347633TMRFIX",
    "EchoTime": 0.005176,
    "FlipAngle": 15,
    "ImageOrientationPatientDICOM": [
      1,
      0,
      0,
      0,
      1,
      0
    ],
    "ImageType": [
      "ORIGINAL",
      "PRIMARY",
      "OTHER"
    ],
    "ImagingFrequency": 127.789,
    "InPlanePhaseEncodingDirectionDICOM": "ROW",
    "InstitutionName": "U Of M research",
    "InversionTime": 0.5,
    "MRAcquisitionType": "3D",
    "MagneticFieldStrength": 3,
    "Manufacturer": "GE",
    "ManufacturersModelName": "DISCOVERY MR750",
    "Modality": "MR",
    "PatientPosition": "HFS",
    "PercentPhaseFOV": 75,
    "PercentSampling": 100,
    "PixelBandwidth": 122.109,
    "PrescanReuseString": "TG/s4,CF/s4,AS/s4",
    "ProtocolName": "neuropsych1_rev._w_delay",
    "PulseSequenceName": "BRAVO",
    "ReconMatrixPE": 256,
    "RepetitionTime": 0.012224,
    "SAR": 0.0324045,
    "ScanOptions": "FAST_GEMS\\EDR_GEMS",
    "ScanningSequence": "GR",
    "SequenceVariant": "SS\\SK",
    "SeriesDescription": "t1spgr_124sl",
    "SeriesNumber": 8,
    "ShimSetting": [
      3,
      1,
      -17
    ],
    "SliceThickness": 1.2,
    "SoftwareVersions": "25\\LX\\MR Software release:DV25.0_R01_1451.a",
    "SpacingBetweenSlices": 1.2,
    "StationName": "GEHCGEHC",
    "dataset": "MLS",
    "modality": "T1w",
    "session_id": "2",
    "subject_id": "149"
  },
  "cjv": 0.3006819538700177,
  "cnr": 4.40339751279488,
  "efc": 0.5901599654674458,
  "fber": 11460.952356412174,
  "fwhm_avg": 4.973356196762356,
  "fwhm_x": 5.380169537870314,
  "fwhm_y": 5.104440895332691,
  "fwhm_z": 4.435458157084061,
  "icvs_csf": 0.18461352701540426,
  "icvs_gm": 0.44495754080977024,
  "icvs_wm": 0.37042893217482553,
  "inu_med": 0.5818918347358704,
  "inu_range": 0.38152603060007095,
  "provenance": {
    "md5sum": "d33caa07ae6f79ac76c45a8044d97016",
    "settings": {
      "testing": false
    },
    "software": "mriqc",
    "version": "23.1.0rc0",
    "warnings": {
      "large_rot_frame": true,
      "small_air_mask": false
    }
  },
  "qi_1": 0.0,
  "qi_2": 0.000986431261299322,
  "rpve_csf": 20.067002040683953,
  "rpve_gm": 9.162076199265602,
  "rpve_wm": 13.00363271659315,
  "size_x": 256,
  "size_y": 256,
  "size_z": 124,
  "snr_csf": 2.4595150219937127,
  "snr_gm": 11.352925208135465,
  "snr_total": 12.503773576658524,
  "snr_wm": 23.698880499846396,
  "snrd_csf": 26.78510233770464,
  "snrd_gm": 64.01911593842291,
  "snrd_total": 61.97495898169101,
  "snrd_wm": 95.12065866894547,
  "spacing_x": 1.0155999660491943,
  "spacing_y": 1.0155999660491943,
  "spacing_z": 1.2000000476837158,
  "summary_bg_k": 7.488443478106031,
  "summary_bg_mad": 6.8874248456600755,
  "summary_bg_mean": 10.010392293055926,
  "summary_bg_median": 4.645497463643551,
  "summary_bg_n": 1611585.0,
  "summary_bg_p05": 0.0,
  "summary_bg_p95": 39.79831668548286,
  "summary_bg_stdv": 14.792862105993068,
  "summary_csf_k": 1.557571350931247,
  "summary_csf_mad": 110.24079402352255,
  "summary_csf_mean": 279.1166845843606,
  "summary_csf_median": 281.59079442732036,
  "summary_csf_n": 16719.0,
  "summary_csf_p05": 90.27561229653656,
  "summary_csf_p95": 461.3517179274931,
  "summary_csf_stdv": 114.48694986710359,
  "summary_gm_k": 0.11079904557522369,
  "summary_gm_mad": 58.71109715995601,
  "summary_gm_mean": 671.4296465652094,
  "summary_gm_median": 673.0306081473827,
  "summary_gm_n": 31017.0,
  "summary_gm_p05": 571.928720664233,
  "summary_gm_p95": 765.1190975029022,
  "summary_gm_stdv": 59.281616529537494,
  "summary_wm_k": 0.6612019863590648,
  "summary_wm_mad": 39.60269286254543,
  "summary_wm_mean": 1000.7922572896368,
  "summary_wm_median": 999.9999814573675,
  "summary_wm_n": 198443.0,
  "summary_wm_p05": 933.5750329680741,
  "summary_wm_p95": 1071.5519728790969,
  "summary_wm_stdv": 42.19597891324517,
  "tpm_overlap_csf": 0.15438794338377038,
  "tpm_overlap_gm": 0.4653479304117555,
  "tpm_overlap_wm": 0.5168751044638727,
  "wm2max": 0.7145777669824306
}