{
  "bids_meta": {
    "AcquisitionMatrixPE": 160,
    "AcquisitionNumber": 1,
    "AcquisitionTime": "14:49:31.000000",
    "CoilString": "HEAD",
    "ConversionSoftware": "dcm2niix",
    "ConversionSoftwareVersion": "v1.0.20220720",
    "DeviceSerialNumber": "0000000000UM3TMR",
    "EchoTime": 0.00184,
    "FlipAngle": 15,
    "ImageOrientationPatientDICOM": [
      0,
      1,
      0,
      0,
      0,
      -1
    ],
    "ImageType": [
      "ORIGINAL",
      "PRIMARY",
      "OTHER"
    ],
    "ImagingFrequency": 128.07,
    "InPlanePhaseEncodingDirectionDICOM": "ROW",
    "InstitutionName": "U of M FMRi",
    "InversionTime": 0.4,
    "MRAcquisitionType": "3D",
    "MagneticFieldStrength": 3,
    "Manufacturer": "GE",
    "ManufacturersModelName": "SIGNA EXCITE",
    "Modality": "MR",
    "PatientPosition": "HFS",
    "PercentPhaseFOV": 100,
    "PercentSampling": 100,
    "PixelBandwidth": 122.109,
    "ProtocolName": "neuropsych adole. 3-15-/",
    "PulseSequenceName": "efgre3d",
    "ReconMatrixPE": 256,
    "RepetitionTime": 0.00904,
    "SAR": 0.015766,
    "ScanOptions": "FAST_GEMS\\VB_GEMS\\EDR_GEMS\\PFF",
    "ScanningSequence": "GR",
    "SequenceVariant": "SS\\SP\\SK",
    "SeriesDescription": "3d spgr IR sag",
    "SeriesNumber": 6,
    "ShimSetting": [
      -3,
      -6,
      13
    ],
    "SliceThickness": 1.2,
    "SoftwareVersions": "11",
    "SpacingBetweenSlices": 1.2,
    "SpoilingState": true,
    "StationName": "um3te2",
    "dataset": "MLS",
    "modality": "T1w",
    "session_id": "3",
    "subject_id": "29"
  },
  "cjv": 0.3047689848091558,
  "cnr": 4.460155284907678,
  "efc": 0.5493756001424867,
  "fber": 10334.087992871464,
  "fwhm_avg": 4.9302047491983485,
  "fwhm_x": 4.375399826137231,
  "fwhm_y": 5.918690100814143,
  "fwhm_z": 4.496524320643671,
  "icvs_csf": 0.20909805266320772,
  "icvs_gm": 0.4404296006920944,
  "icvs_wm": 0.3504723466446979,
  "inu_med": 0.6271349191665649,
  "inu_range": 0.3406734794378281,
  "provenance": {
    "md5sum": "460200042092d9bef7351f46d3c5431d",
    "settings": {
      "testing": false
    },
    "software": "mriqc",
    "version": "23.1.0rc0",
    "warnings": {
      "large_rot_frame": true,
      "small_air_mask": false
    }
  },
  "qi_1": 0.0003083550860319602,
  "qi_2": 0.0011633020570879914,
  "rpve_csf": 22.447477730621525,
  "rpve_gm": 11.266551077171433,
  "rpve_wm": 16.470209612616877,
  "size_x": 130,
  "size_y": 256,
  "size_z": 256,
  "snr_csf": 1.8820328314318984,
  "snr_gm": 9.361728892998585,
  "snr_total": 11.385803405580518,
  "snr_wm": 22.91364849231107,
  "snrd_csf": 7.816464397030698,
  "snrd_gm": 21.283123988396518,
  "snrd_total": 20.936206963906862,
  "snrd_wm": 33.70903250629337,
  "spacing_x": 1.2000000476837158,
  "spacing_y": 1.0156199932098389,
  "spacing_z": 1.0156199932098389,
  "summary_bg_k": 55.161863033045464,
  "summary_bg_mad": 0.0,
  "summary_bg_mean": 10.589715455156346,
  "summary_bg_median": 0.0,
  "summary_bg_n": 2059425.0,
  "summary_bg_p05": 0.0,
  "summary_bg_p95": 43.13933618366718,
  "summary_bg_stdv": 19.434496895252693,
  "summary_csf_k": 17.768483693613256,
  "summary_csf_mad": 111.347397815216,
  "summary_csf_mean": 244.526172583224,
  "summary_csf_median": 231.8739319872111,
  "summary_csf_n": 19401.0,
  "summary_csf_p05": 76.22027792036533,
  "summary_csf_p95": 442.5693556666374,
  "summary_csf_stdv": 123.20080299000868,
  "summary_gm_k": -0.13792348105732888,
  "summary_gm_mad": 70.66914459552028,
  "summary_gm_mean": 631.8711560015639,
  "summary_gm_median": 631.3598314393312,
  "summary_gm_n": 31677.0,
  "summary_gm_p05": 521.946851843968,
  "summary_gm_p95": 740.5213511735201,
  "summary_gm_stdv": 67.4394519419737,
  "summary_wm_k": 0.7001555548853906,
  "summary_wm_mad": 41.672426414474444,
  "summary_wm_mean": 1000.3758099525277,
  "summary_wm_median": 999.9720479361713,
  "summary_wm_n": 168466.0,
  "summary_wm_p05": 930.2617864217609,
  "summary_wm_p95": 1071.6939883399755,
  "summary_wm_stdv": 43.640761984821054,
  "tpm_overlap_csf": 0.13280653680413312,
  "tpm_overlap_gm": 0.4635540441752552,
  "tpm_overlap_wm": 0.5086056722251557,
  "wm2max": 0.5778172424927349
}