{
  "bids_meta": {
    "AcquisitionMatrixPE": 160,
    "AcquisitionNumber": 1,
    "AcquisitionTime": "15:10:9.000000",
    "CoilString": "HEAD",
    "ConversionSoftware": "dcm2niix",
    "ConversionSoftwareVersion": "v1.0.20220720",
    "DeviceSerialNumber": "000000000000GEHC",
    "EchoTime": 0.005176,
    "FlipAngle": 15,
    "ImageOrientationPatientDICOM": [
      1,
      0,
      0,
      0,
      1,
      0
    ],
    "ImageType": [
      "ORIGINAL",
      "PRIMARY",
      "OTHER"
    ],
    "ImagingFrequency": 127.789,
    "InPlanePhaseEncodingDirectionDICOM": "ROW",
    "InstitutionName": "U Of M research",
    "InversionTime": 0.5,
    "MRAcquisitionType": "3D",
    "MagneticFieldStrength": 3,
    "Manufacturer": "GE",
    "ManufacturersModelName": "DISCOVERY MR750",
    "Modality": "MR",
    "PatientPosition": "HFS",
    "PercentPhaseFOV": 75,
    "PercentSampling": 100,
    "PixelBandwidth": 122.109,
    "PrescanReuseString": "TG/s1,CF/s1,AS/s1",
    "ProtocolName": "neuropsych2_rev._w_delay",
    "PulseSequenceName": "BRAVO",
    "ReconMatrixPE": 256,
    "RepetitionTime": 0.012224,
    "SAR": 0.0324045,
    "ScanOptions": "FAST_GEMS\\EDR_GEMS",
    "ScanningSequence": "GR",
    "SequenceVariant": "SS\\SK",
    "SeriesDescription": "t1spgr_124sl",
    "SeriesNumber": 7,
    "ShimSetting": [
      2,
      -1,
      -1
    ],
    "SliceThickness": 1.2,
    "SoftwareVersions": "24\\LX\\MR Software release:DV24.0_R01_1344.a",
    "SpacingBetweenSlices": 1.2,
    "StationName": "GEHCGEHC",
    "dataset": "MLS",
    "modality": "T1w",
    "session_id": "1",
    "subject_id": "220"
  },
  "cjv": 0.31799303051684846,
  "cnr": 4.216816373682038,
  "efc": 0.5676710950729236,
  "fber": 7478.7198042482305,
  "fwhm_avg": 4.354949142739336,
  "fwhm_x": 4.655602755082183,
  "fwhm_y": 4.6572864888919145,
  "fwhm_z": 3.75195818424391,
  "icvs_csf": 0.19076508788378083,
  "icvs_gm": 0.41884529166134005,
  "icvs_wm": 0.3903896204548791,
  "inu_med": 0.7339169979095459,
  "inu_range": 0.43468683063983915,
  "provenance": {
    "md5sum": "e77505a7c95ebe4f052877baa191b3e6",
    "settings": {
      "testing": false
    },
    "software": "mriqc",
    "version": "23.1.0rc0",
    "warnings": {
      "large_rot_frame": true,
      "small_air_mask": false
    }
  },
  "qi_1": 4.648972676659301e-06,
  "qi_2": 0.0007314689685671154,
  "rpve_csf": 31.08599452818064,
  "rpve_gm": 14.535023926914153,
  "rpve_wm": 18.21845925537754,
  "size_x": 256,
  "size_y": 256,
  "size_z": 124,
  "snr_csf": 1.6983552029923672,
  "snr_gm": 9.542115214961235,
  "snr_total": 9.871888639018712,
  "snr_wm": 18.37519549910253,
  "snrd_csf": 15.251571155700576,
  "snrd_gm": 49.79383965883957,
  "snrd_total": 48.017488496013925,
  "snrd_wm": 79.00705467350164,
  "spacing_x": 1.0155999660491943,
  "spacing_y": 1.0155999660491943,
  "spacing_z": 1.2000000476837158,
  "summary_bg_k": 10.14252633379,
  "summary_bg_mad": 8.29212532697322,
  "summary_bg_mean": 12.914859281401299,
  "summary_bg_median": 5.592953540384769,
  "summary_bg_n": 1346176.0,
  "summary_bg_p05": 0.0,
  "summary_bg_p95": 51.07337813824415,
  "summary_bg_stdv": 19.10406432972073,
  "summary_csf_k": 7.428781738175434,
  "summary_csf_mad": 105.71218455764063,
  "summary_csf_mean": 204.58919941605745,
  "summary_csf_median": 193.0406239926815,
  "summary_csf_n": 7505.0,
  "summary_csf_p05": 43.90635982900858,
  "summary_csf_p95": 402.4917104691267,
  "summary_csf_stdv": 113.65570784196387,
  "summary_gm_k": 0.0811582737834673,
  "summary_gm_mad": 66.18804228057067,
  "summary_gm_mean": 630.3616922240818,
  "summary_gm_median": 630.2454862259328,
  "summary_gm_n": 16090.0,
  "summary_gm_p05": 521.0941417280585,
  "summary_gm_p95": 738.0203613195569,
  "summary_gm_stdv": 66.0467712575605,
  "summary_wm_k": 0.620023509051681,
  "summary_wm_mad": 51.39131564920528,
  "summary_wm_mean": 1000.3876981551829,
  "summary_wm_median": 999.9999985769391,
  "summary_wm_n": 121073.0,
  "summary_wm_p05": 912.0399196639657,
  "summary_wm_p95": 1089.7886718809605,
  "summary_wm_stdv": 54.42096487503219,
  "tpm_overlap_csf": 0.1439150661321254,
  "tpm_overlap_gm": 0.4565790125882811,
  "tpm_overlap_wm": 0.4979276568935515,
  "wm2max": 0.5561187652069957
}