{
  "bids_meta": {
    "AcquisitionMatrixPE": 160,
    "AcquisitionNumber": 1,
    "AcquisitionTime": "09:58:8.000000",
    "CoilString": "HEAD",
    "ConversionSoftware": "dcm2niix",
    "ConversionSoftwareVersion": "v1.0.20220720",
    "DeviceSerialNumber": "0000000000UM3TMR",
    "EchoTime": 0.00184,
    "FlipAngle": 15,
    "ImageOrientationPatientDICOM": [
      1,
      0,
      0,
      0,
      1,
      0
    ],
    "ImageType": [
      "ORIGINAL",
      "PRIMARY",
      "OTHER"
    ],
    "ImagingFrequency": 128.07,
    "InPlanePhaseEncodingDirectionDICOM": "ROW",
    "InstitutionName": "U of M FMRi",
    "InversionTime": 0.5,
    "MRAcquisitionType": "3D",
    "MagneticFieldStrength": 3,
    "Manufacturer": "GE",
    "ManufacturersModelName": "SIGNA EXCITE",
    "Modality": "MR",
    "PatientPosition": "HFS",
    "PercentPhaseFOV": 80,
    "PercentSampling": 100,
    "PixelBandwidth": 122.109,
    "ProtocolName": "neuropsych adole. 3-15-/",
    "PulseSequenceName": "efgre3d",
    "ReconMatrixPE": 256,
    "RepetitionTime": 0.009036,
    "SAR": 0.013259,
    "ScanOptions": "FAST_GEMS\\VB_GEMS\\EDR_GEMS\\PFF",
    "ScanningSequence": "GR",
    "SequenceVariant": "SS\\SP\\SK",
    "SeriesDescription": "3d spgr IR ax",
    "SeriesNumber": 6,
    "ShimSetting": [
      -5,
      -2,
      18
    ],
    "SliceThickness": 1.2,
    "SoftwareVersions": "11",
    "SpacingBetweenSlices": 1.2,
    "SpoilingState": true,
    "StationName": "um3te2",
    "dataset": "MLS",
    "modality": "T1w",
    "session_id": "2",
    "subject_id": "79"
  },
  "cjv": 0.3357252584771666,
  "cnr": 3.9468840952839943,
  "efc": 0.6044698429178491,
  "fber": 12707.438016528926,
  "fwhm_avg": 4.54639858437204,
  "fwhm_x": 4.964415858007113,
  "fwhm_y": 4.733246718398129,
  "fwhm_z": 3.9415331767108768,
  "icvs_csf": 0.1954866197531367,
  "icvs_gm": 0.4446272061625644,
  "icvs_wm": 0.3598861740842989,
  "inu_med": 0.6631066203117371,
  "inu_range": 0.41314200162887593,
  "provenance": {
    "md5sum": "c4233ae69d3728ea200c4ed01fdc9d8e",
    "settings": {
      "testing": false
    },
    "software": "mriqc",
    "version": "23.1.0rc0",
    "warnings": {
      "large_rot_frame": true,
      "small_air_mask": false
    }
  },
  "qi_1": 0.0,
  "qi_2": 0.0007801331657401437,
  "rpve_csf": 21.173585059319272,
  "rpve_gm": 9.690264707240207,
  "rpve_wm": 13.34284251644464,
  "size_x": 256,
  "size_y": 256,
  "size_z": 124,
  "snr_csf": 2.689406231444508,
  "snr_gm": 12.330214460359697,
  "snr_total": 11.768736594658954,
  "snr_wm": 20.286589092172658,
  "snrd_csf": 21.655018319655028,
  "snrd_gm": 54.68575663148696,
  "snrd_total": 51.69660369674565,
  "snrd_wm": 78.74903613909495,
  "spacing_x": 1.0156199932098389,
  "spacing_y": 1.0156199932098389,
  "spacing_z": 1.2000000476837158,
  "summary_bg_k": 6.165688810688362,
  "summary_bg_mad": 8.319586330954836,
  "summary_bg_mean": 13.507132014823444,
  "summary_bg_median": 5.611475706100464,
  "summary_bg_n": 1621849.0,
  "summary_bg_p05": 0.0,
  "summary_bg_p95": 54.53652951866388,
  "summary_bg_stdv": 19.807527176400875,
  "summary_csf_k": 3.1472611177498155,
  "summary_csf_mad": 79.97202360630337,
  "summary_csf_mean": 277.18804823832835,
  "summary_csf_median": 274.99738132208586,
  "summary_csf_n": 22963.0,
  "summary_csf_p05": 102.40943163633347,
  "summary_csf_p95": 450.84700126200914,
  "summary_csf_stdv": 102.24985359413155,
  "summary_gm_k": 0.07812791292676069,
  "summary_gm_mad": 55.89722066110281,
  "summary_gm_mean": 692.8015068187401,
  "summary_gm_median": 694.4551903530955,
  "summary_gm_n": 25159.0,
  "summary_gm_p05": 597.4432969115675,
  "summary_gm_p95": 782.0994265377522,
  "summary_gm_stdv": 56.32030092591987,
  "summary_wm_k": 0.7542950210250208,
  "summary_wm_mad": 46.69367828248402,
  "summary_wm_mean": 1001.730326553047,
  "summary_wm_median": 1000.0351142734289,
  "summary_wm_n": 156282.0,
  "summary_wm_p05": 924.2451205179095,
  "summary_wm_p95": 1084.9437560513616,
  "summary_wm_stdv": 49.29522209315338,
  "tpm_overlap_csf": 0.16311390247968557,
  "tpm_overlap_gm": 0.4719767415228785,
  "tpm_overlap_wm": 0.49892334760360796,
  "wm2max": 0.5147488897714554
}