{
  "bids_meta": {
    "AcquisitionMatrixPE": 160,
    "CoilString": "HEAD",
    "EchoTime": 0.001784,
    "FlipAngle": 15,
    "ImageType": [
      "ORIGINAL",
      "PRIMARY",
      "OTHER"
    ],
    "InPlanePhaseEncodingDirectionDICOM": "ROW",
    "InstitutionName": "U of M FMRi",
    "InversionTime": 0.4,
    "MRAcquisitionType": "3D",
    "Modality": "MR",
    "PatientPosition": "HFS",
    "PercentPhaseFOV": 100,
    "PercentSampling": 100,
    "ReconMatrixPE": 256,
    "RepetitionTime": 0.008948,
    "SAR": 0.017417,
    "ScanningSequence": "GR",
    "SeriesDescription": "3d spgr IR axial",
    "dataset": "MLS",
    "modality": "T1w",
    "session_id": "2",
    "subject_id": "118"
  },
  "cjv": 0.3095617734893726,
  "cnr": 4.49749987480677,
  "efc": 0.7272468748629748,
  "fber": 10657.937661591497,
  "fwhm_avg": 5.367107641036867,
  "fwhm_x": 5.89632,
  "fwhm_y": 6.33136,
  "fwhm_z": 3.873642923110603,
  "icvs_csf": 0.21559274149834576,
  "icvs_gm": 0.4374889673255,
  "icvs_wm": 0.34691829117615425,
  "inu_med": 0.5670465230941772,
  "inu_range": 0.30836414396762857,
  "provenance": {
    "md5sum": "a239ddf79fff912d16c14f50dbb4e1d5",
    "settings": {
      "testing": false
    },
    "software": "mriqc",
    "version": "23.1.0rc0",
    "warnings": {
      "large_rot_frame": true,
      "small_air_mask": false
    }
  },
  "qi_1": 0.0,
  "qi_2": 0.0030781877501251886,
  "rpve_csf": 12.492073585596902,
  "rpve_gm": 6.491077401370734,
  "rpve_wm": 9.598343384072004,
  "size_x": 202,
  "size_y": 207,
  "size_z": 116,
  "snr_csf": 3.0545971913834435,
  "snr_gm": 13.294237588989859,
  "snr_total": 13.086204387651536,
  "snr_wm": 22.909778382581308,
  "snrd_csf": 17.31282100514445,
  "snrd_gm": 42.116932455186905,
  "snrd_total": 40.12831704810713,
  "snrd_wm": 60.955197683990015,
  "spacing_x": 1.0,
  "spacing_y": 1.0,
  "spacing_z": 1.399999976158142,
  "summary_bg_k": 11.21345694266271,
  "summary_bg_mad": 0.0,
  "summary_bg_mean": 6.975029587766744,
  "summary_bg_median": 0.0,
  "summary_bg_n": 607300.0,
  "summary_bg_p05": 0.0,
  "summary_bg_p95": 29.23790404200554,
  "summary_bg_stdv": 10.747835236024175,
  "summary_csf_k": 5.8391081614004285,
  "summary_csf_mad": 77.35498714209632,
  "summary_csf_mean": 291.80540104648406,
  "summary_csf_median": 284.02535355091095,
  "summary_csf_n": 19234.0,
  "summary_csf_p05": 145.57538263723254,
  "summary_csf_p95": 452.61054190546264,
  "summary_csf_stdv": 92.98049865210834,
  "summary_gm_k": -0.07510678915161151,
  "summary_gm_mad": 53.634190542213325,
  "summary_gm_mean": 688.2859329965607,
  "summary_gm_median": 690.9490156173706,
  "summary_gm_n": 22910.0,
  "summary_gm_p05": 598.968197762221,
  "summary_gm_p95": 766.6666918113827,
  "summary_gm_stdv": 51.97243777160898,
  "summary_wm_k": 0.35822358727560566,
  "summary_wm_mad": 42.036190434748406,
  "summary_wm_mean": 1003.1847911727788,
  "summary_wm_median": 1000.0000327974558,
  "summary_wm_n": 133934.0,
  "summary_wm_p05": 936.2500749528408,
  "summary_wm_p95": 1078.970691293478,
  "summary_wm_stdv": 43.649322263573886,
  "tpm_overlap_csf": 0.17008638014287839,
  "tpm_overlap_gm": 0.4730628278840965,
  "tpm_overlap_wm": 0.5057183734924235,
  "wm2max": 0.5173911585119801
}