{
  "bids_meta": {
    "AcquisitionMatrixPE": 160,
    "AcquisitionNumber": 1,
    "AcquisitionTime": "13:18:48.000000",
    "CoilString": "HEAD",
    "ConversionSoftware": "dcm2niix",
    "ConversionSoftwareVersion": "v1.0.20220720",
    "DeviceSerialNumber": "000000000000GEHC",
    "EchoTime": 0.005176,
    "FlipAngle": 15,
    "ImageOrientationPatientDICOM": [
      1,
      0,
      0,
      0,
      1,
      0
    ],
    "ImageType": [
      "ORIGINAL",
      "PRIMARY",
      "OTHER"
    ],
    "ImagingFrequency": 127.789,
    "InPlanePhaseEncodingDirectionDICOM": "ROW",
    "InstitutionName": "U Of M research",
    "InversionTime": 0.5,
    "MRAcquisitionType": "3D",
    "MagneticFieldStrength": 3,
    "Manufacturer": "GE",
    "ManufacturersModelName": "DISCOVERY MR750",
    "Modality": "MR",
    "PatientPosition": "HFS",
    "PercentPhaseFOV": 75,
    "PercentSampling": 100,
    "PixelBandwidth": 122.109,
    "PrescanReuseString": "TG/s1,CF/s1,AS/s1",
    "ProtocolName": "neuropsych2 12/22/14",
    "PulseSequenceName": "BRAVO",
    "ReconMatrixPE": 256,
    "RepetitionTime": 0.012224,
    "SAR": 0.0324045,
    "ScanOptions": "FAST_GEMS\\EDR_GEMS",
    "ScanningSequence": "GR",
    "SequenceVariant": "SS\\SK",
    "SeriesDescription": "t1spgr_124sl",
    "SeriesNumber": 7,
    "ShimSetting": [
      2,
      4,
      -19
    ],
    "SliceThickness": 1.2,
    "SoftwareVersions": "24\\LX\\MR Software release:DV24.0_R01_1344.a",
    "SpacingBetweenSlices": 1.2,
    "StationName": "GEHCGEHC",
    "dataset": "MLS",
    "modality": "T1w",
    "session_id": "2",
    "subject_id": "156"
  },
  "cjv": 0.3371025697163684,
  "cnr": 3.9380966464300897,
  "efc": 0.5893044218060988,
  "fber": 16921.435364086465,
  "fwhm_avg": 4.905942541151487,
  "fwhm_x": 5.284324713870698,
  "fwhm_y": 5.100561415092723,
  "fwhm_z": 4.332941494491041,
  "icvs_csf": 0.24127330171572742,
  "icvs_gm": 0.40350227321057813,
  "icvs_wm": 0.35522442507369445,
  "inu_med": 0.5694527626037598,
  "inu_range": 0.3132759168744088,
  "provenance": {
    "md5sum": "be33f49e1ed9c9b630fc1677497948e3",
    "settings": {
      "testing": false
    },
    "software": "mriqc",
    "version": "23.1.0rc0",
    "warnings": {
      "large_rot_frame": true,
      "small_air_mask": false
    }
  },
  "qi_1": 0.0,
  "qi_2": 0.0005385343793275508,
  "rpve_csf": 19.260933202381036,
  "rpve_gm": 11.1526320711526,
  "rpve_wm": 14.979297438605364,
  "size_x": 256,
  "size_y": 256,
  "size_z": 124,
  "snr_csf": 2.5342688904982587,
  "snr_gm": 12.161702687523904,
  "snr_total": 12.696038315388984,
  "snr_wm": 23.39214336814479,
  "snrd_csf": 26.759662504962797,
  "snrd_gm": 69.35662096312107,
  "snrd_total": 64.65224102860459,
  "snrd_wm": 97.84043961772994,
  "spacing_x": 1.0155999660491943,
  "spacing_y": 1.0155999660491943,
  "spacing_z": 1.2000000476837158,
  "summary_bg_k": 8.47517712916841,
  "summary_bg_mad": 6.69596746783249,
  "summary_bg_mean": 10.669942923849247,
  "summary_bg_median": 4.516361424699426,
  "summary_bg_n": 1911345.0,
  "summary_bg_p05": 0.0,
  "summary_bg_p95": 41.58931594155729,
  "summary_bg_stdv": 15.499935188568827,
  "summary_csf_k": 0.4736791449361397,
  "summary_csf_mad": 103.7669559738949,
  "summary_csf_mean": 272.8420062180685,
  "summary_csf_median": 273.5030897129327,
  "summary_csf_n": 40210.0,
  "summary_csf_p05": 93.3196642845869,
  "summary_csf_p95": 449.85037870416403,
  "summary_csf_stdv": 107.9205485193388,
  "summary_gm_k": 0.19102890274955842,
  "summary_gm_mad": 57.26489969422387,
  "summary_gm_mean": 707.1655688102896,
  "summary_gm_median": 708.874789506197,
  "summary_gm_n": 15692.0,
  "summary_gm_p05": 610.0135774612427,
  "summary_gm_p95": 800.3227960347198,
  "summary_gm_stdv": 58.28560524949369,
  "summary_wm_k": 0.5998081694715629,
  "summary_wm_mad": 40.87415724229035,
  "summary_wm_mean": 1000.7584710426601,
  "summary_wm_median": 1000.000001097098,
  "summary_wm_n": 154774.0,
  "summary_wm_p05": 931.8666713833809,
  "summary_wm_p95": 1071.7907523326576,
  "summary_wm_stdv": 42.74925793832597,
  "tpm_overlap_csf": 0.1488954418266248,
  "tpm_overlap_gm": 0.4365759096866776,
  "tpm_overlap_wm": 0.4812147789516814,
  "wm2max": 0.6030846868524832
}