{
  "bids_meta": {
    "AcquisitionMatrixPE": 160,
    "CoilString": "HEAD",
    "EchoTime": 0.001784,
    "FlipAngle": 15,
    "ImageType": [
      "ORIGINAL",
      "PRIMARY",
      "OTHER"
    ],
    "InPlanePhaseEncodingDirectionDICOM": "ROW",
    "InstitutionName": "U of M FMRi",
    "InversionTime": 0.4,
    "MRAcquisitionType": "3D",
    "Modality": "MR",
    "PatientPosition": "HFS",
    "PercentPhaseFOV": 100,
    "PercentSampling": 100,
    "ReconMatrixPE": 256,
    "RepetitionTime": 0.008948,
    "SAR": 0.017417,
    "ScanningSequence": "GR",
    "SeriesDescription": "3d spgr IR axial",
    "dataset": "MLS",
    "modality": "T1w",
    "session_id": "1",
    "subject_id": "81"
  },
  "cjv": 0.33761979091479605,
  "cnr": 3.8548440408370688,
  "efc": 0.5422676045230543,
  "fber": 4609.967184546314,
  "fwhm_avg": 4.548848992107225,
  "fwhm_x": 5.092691502278641,
  "fwhm_y": 5.1452021407097,
  "fwhm_z": 3.4086533333333335,
  "icvs_csf": 0.17873787902535554,
  "icvs_gm": 0.43584442835849524,
  "icvs_wm": 0.3854176926161492,
  "inu_med": 0.6811797618865967,
  "inu_range": 0.4054886162281036,
  "provenance": {
    "md5sum": "1eae40289de4da7bcbb8d9b2c46263ce",
    "settings": {
      "testing": false
    },
    "software": "mriqc",
    "version": "23.1.0rc0",
    "warnings": {
      "large_rot_frame": true,
      "small_air_mask": false
    }
  },
  "qi_1": 0.0006036390813188077,
  "qi_2": 0.0011390193127073748,
  "rpve_csf": 26.87145438754328,
  "rpve_gm": 11.464753425829757,
  "rpve_wm": 14.671773600196202,
  "size_x": 256,
  "size_y": 256,
  "size_z": 106,
  "snr_csf": 0.8900796834215134,
  "snr_gm": 12.06581751758162,
  "snr_total": 10.919849464990085,
  "snr_wm": 19.80365119396712,
  "snrd_csf": 13.203878509746477,
  "snrd_gm": 34.12755451473318,
  "snrd_total": 32.30829502550848,
  "snrd_wm": 49.593452052045784,
  "spacing_x": 0.9399999976158142,
  "spacing_y": 0.9399999976158142,
  "spacing_z": 1.5,
  "summary_bg_k": 12.727465331025524,
  "summary_bg_mad": 13.210840210905578,
  "summary_bg_mean": 16.964510720738154,
  "summary_bg_median": 8.910576313734055,
  "summary_bg_n": 1531107.0,
  "summary_bg_p05": 0.0,
  "summary_bg_p95": 70.91333649680018,
  "summary_bg_stdv": 27.24705686624242,
  "summary_csf_k": 21.34320144034481,
  "summary_csf_mad": 135.72565597632754,
  "summary_csf_mean": 317.93453285297613,
  "summary_csf_median": 266.2565065175295,
  "summary_csf_n": 9417.0,
  "summary_csf_p05": 70.43598419427872,
  "summary_csf_p95": 615.0949613712711,
  "summary_csf_stdv": 299.12194839181024,
  "summary_gm_k": -0.0704030927190078,
  "summary_gm_mad": 57.876061876348246,
  "summary_gm_mean": 686.9619056948936,
  "summary_gm_median": 688.1829028017819,
  "summary_gm_n": 18183.0,
  "summary_gm_p05": 591.1212679557502,
  "summary_gm_p95": 778.3388410046695,
  "summary_gm_stdv": 57.034177563108024,
  "summary_wm_k": 0.6210690587242125,
  "summary_wm_mad": 47.417480042714665,
  "summary_wm_mean": 1002.7106371403222,
  "summary_wm_median": 1000.0530737824738,
  "summary_wm_n": 115518.0,
  "summary_wm_p05": 924.5253316946328,
  "summary_wm_p95": 1090.9170845674348,
  "summary_wm_stdv": 50.49820032773808,
  "tpm_overlap_csf": 0.14514981313412426,
  "tpm_overlap_gm": 0.4776664276596928,
  "tpm_overlap_wm": 0.5037398319699438,
  "wm2max": 0.37430766482043953
}