{
  "bids_meta": {
    "AcquisitionMatrixPE": 160,
    "CoilString": "HEAD",
    "EchoTime": 0.001784,
    "FlipAngle": 15,
    "ImageType": [
      "ORIGINAL",
      "PRIMARY",
      "OTHER"
    ],
    "InPlanePhaseEncodingDirectionDICOM": "ROW",
    "InstitutionName": "U of M FMRi",
    "InversionTime": 0.4,
    "MRAcquisitionType": "3D",
    "Modality": "MR",
    "PatientPosition": "HFS",
    "PercentPhaseFOV": 100,
    "PercentSampling": 100,
    "ReconMatrixPE": 256,
    "RepetitionTime": 0.008948,
    "SAR": 0.017417,
    "ScanningSequence": "GR",
    "SeriesDescription": "3d spgr IR axial",
    "dataset": "MLS",
    "modality": "T1w",
    "session_id": "1",
    "subject_id": "115"
  },
  "cjv": 0.30305948656475834,
  "cnr": 4.485188901306772,
  "efc": 0.7529159920804092,
  "fber": -1.0,
  "fwhm_avg": 5.664107717587243,
  "fwhm_x": 5.77276,
  "fwhm_y": 6.67533,
  "fwhm_z": 4.5442331527617315,
  "icvs_csf": 0.18862513058444844,
  "icvs_gm": 0.4472786477849727,
  "icvs_wm": 0.3640962216305788,
  "inu_med": 0.5390806198120117,
  "inu_range": 0.32416635006666183,
  "provenance": {
    "md5sum": "9c21d5fac3abe3b14b18e41ec944db6f",
    "settings": {
      "testing": false
    },
    "software": "mriqc",
    "version": "23.1.0rc0",
    "warnings": {
      "large_rot_frame": true,
      "small_air_mask": true
    }
  },
  "qi_1": 0.0,
  "qi_2": 0.002786328622138603,
  "rpve_csf": 11.660436952005897,
  "rpve_gm": 5.441991028033725,
  "rpve_wm": 7.9063465022484865,
  "size_x": 202,
  "size_y": 187,
  "size_z": 122,
  "snr_csf": 2.4598829159096147,
  "snr_gm": 13.257855150592574,
  "snr_total": 13.437076339572165,
  "snr_wm": 24.59349095221431,
  "snrd_csf": 18.408584485073295,
  "snrd_gm": 43.30309510996516,
  "snrd_total": 41.252397874581355,
  "snrd_wm": 62.04551402870559,
  "spacing_x": 1.0,
  "spacing_y": 1.0,
  "spacing_z": 1.2000000476837158,
  "summary_bg_k": 7.703660599957942,
  "summary_bg_mad": 0.0,
  "summary_bg_mean": 6.015725032370904,
  "summary_bg_median": 0.0,
  "summary_bg_n": 387259.0,
  "summary_bg_p05": 0.0,
  "summary_bg_p95": 28.440877117216587,
  "summary_bg_stdv": 10.559416040797883,
  "summary_csf_k": 68.92964035184039,
  "summary_csf_mad": 94.39979384047103,
  "summary_csf_mean": 307.696886022647,
  "summary_csf_median": 296.70752884447575,
  "summary_csf_n": 19386.0,
  "summary_csf_p05": 155.81629186403006,
  "summary_csf_p95": 467.2673835083842,
  "summary_csf_stdv": 120.61544645197115,
  "summary_gm_k": -0.025550213467488536,
  "summary_gm_mad": 53.18298244533579,
  "summary_gm_mean": 695.7697005698119,
  "summary_gm_median": 697.9544979035854,
  "summary_gm_n": 38464.0,
  "summary_gm_p05": 606.2262635976076,
  "summary_gm_p95": 778.0245348326862,
  "summary_gm_stdv": 52.643916914841824,
  "summary_wm_k": 0.5610943765129908,
  "summary_wm_mad": 38.367723049849396,
  "summary_wm_mean": 1002.4199641507257,
  "summary_wm_median": 1000.0427332296968,
  "summary_wm_n": 179993.0,
  "summary_wm_p05": 939.830065459013,
  "summary_wm_p95": 1072.5114546529949,
  "summary_wm_stdv": 40.66278988877272,
  "tpm_overlap_csf": 0.16745635065041775,
  "tpm_overlap_gm": 0.48853107331968676,
  "tpm_overlap_wm": 0.5151922289196545,
  "wm2max": 0.43661961812786987
}