{
  "bids_meta": {
    "AcquisitionMatrixPE": 160,
    "AcquisitionNumber": 1,
    "AcquisitionTime": "09:36:39.000000",
    "CoilString": "HEAD",
    "ConversionSoftware": "dcm2niix",
    "ConversionSoftwareVersion": "v1.0.20220720",
    "DeviceSerialNumber": "000000000000GEHC",
    "EchoTime": 0.005176,
    "FlipAngle": 15,
    "ImageOrientationPatientDICOM": [
      1,
      0,
      0,
      0,
      1,
      0
    ],
    "ImageType": [
      "ORIGINAL",
      "PRIMARY",
      "OTHER"
    ],
    "ImagingFrequency": 127.789,
    "InPlanePhaseEncodingDirectionDICOM": "ROW",
    "InstitutionName": "U Of M research",
    "InversionTime": 0.5,
    "MRAcquisitionType": "3D",
    "MagneticFieldStrength": 3,
    "Manufacturer": "GE",
    "ManufacturersModelName": "DISCOVERY MR750",
    "Modality": "MR",
    "PatientPosition": "HFS",
    "PercentPhaseFOV": 75,
    "PercentSampling": 100,
    "PixelBandwidth": 122.109,
    "PrescanReuseString": "TG/s1,CF/s1,AS/s1",
    "ProtocolName": "neuropsych1_rev._w_delay",
    "PulseSequenceName": "BRAVO",
    "ReconMatrixPE": 256,
    "RepetitionTime": 0.012224,
    "SAR": 0.0324045,
    "ScanOptions": "FAST_GEMS\\EDR_GEMS",
    "ScanningSequence": "GR",
    "SequenceVariant": "SS\\SK",
    "SeriesDescription": "t1spgr_124sl",
    "SeriesNumber": 7,
    "ShimSetting": [
      3,
      2,
      -18
    ],
    "SliceThickness": 1.2,
    "SoftwareVersions": "24\\LX\\MR Software release:DV24.0_R01_1344.a",
    "SpacingBetweenSlices": 1.2,
    "StationName": "GEHCGEHC",
    "dataset": "MLS",
    "modality": "T1w",
    "session_id": "1",
    "subject_id": "164"
  },
  "cjv": 0.3106760814749687,
  "cnr": 4.271096352568225,
  "efc": 0.5791228895849304,
  "fber": 13808.311480455524,
  "fwhm_avg": 4.9220774110937136,
  "fwhm_x": 5.347814278813119,
  "fwhm_y": 5.086776459925324,
  "fwhm_z": 4.331641494542698,
  "icvs_csf": 0.21414336617915755,
  "icvs_gm": 0.45060036123407615,
  "icvs_wm": 0.33525627258676627,
  "inu_med": 0.5331076681613922,
  "inu_range": 0.2918566271662711,
  "provenance": {
    "md5sum": "f2ecdaa1dfa2b83388b69c4285e3cd1f",
    "settings": {
      "testing": false
    },
    "software": "mriqc",
    "version": "23.1.0rc0",
    "warnings": {
      "large_rot_frame": true,
      "small_air_mask": false
    }
  },
  "qi_1": 4.1302862747309085e-05,
  "qi_2": 0.0004633798550525684,
  "rpve_csf": 23.411158277744086,
  "rpve_gm": 11.6709666415442,
  "rpve_wm": 17.650949529175367,
  "size_x": 256,
  "size_y": 256,
  "size_z": 124,
  "snr_csf": 2.125666636194098,
  "snr_gm": 12.224774042925812,
  "snr_total": 13.299381321590339,
  "snr_wm": 25.547703285651107,
  "snrd_csf": 29.980295643236847,
  "snrd_gm": 79.63243885270302,
  "snrd_total": 74.5900294366449,
  "snrd_wm": 114.15735381399482,
  "spacing_x": 1.0155999660491943,
  "spacing_y": 1.0155999660491943,
  "spacing_z": 1.2000000476837158,
  "summary_bg_k": 39.599069917827634,
  "summary_bg_mad": 5.738888982719664,
  "summary_bg_mean": 8.495052884779264,
  "summary_bg_median": 3.8708217963576317,
  "summary_bg_n": 1362880.0,
  "summary_bg_p05": 0.0,
  "summary_bg_p95": 33.33992496132851,
  "summary_bg_stdv": 15.029045657671258,
  "summary_csf_k": 14.574493599029328,
  "summary_csf_mad": 101.24740635936809,
  "summary_csf_mean": 267.12213858305,
  "summary_csf_median": 262.6225445047021,
  "summary_csf_n": 22716.0,
  "summary_csf_p05": 85.47593897394836,
  "summary_csf_p95": 451.0355017967522,
  "summary_csf_stdv": 123.54560183912326,
  "summary_gm_k": -0.02726734888637461,
  "summary_gm_mad": 57.68211773142319,
  "summary_gm_mean": 695.9700905785097,
  "summary_gm_median": 697.5672943815589,
  "summary_gm_n": 31204.0,
  "summary_gm_p05": 599.3882789138704,
  "summary_gm_p95": 786.3659241821616,
  "summary_gm_stdv": 57.0608597191725,
  "summary_wm_k": 0.700562469973387,
  "summary_wm_mad": 36.276480722884884,
  "summary_wm_mean": 1000.2846918413217,
  "summary_wm_median": 999.9999696239829,
  "summary_wm_n": 135331.0,
  "summary_wm_p05": 935.8347411602736,
  "summary_wm_p95": 1064.9421878643334,
  "summary_wm_stdv": 39.14231599573717,
  "tpm_overlap_csf": 0.134057899733112,
  "tpm_overlap_gm": 0.4678711461105996,
  "tpm_overlap_wm": 0.5106505254754597,
  "wm2max": 0.6489722573665585
}