{
  "bids_meta": {
    "AcquisitionMatrixPE": 160,
    "AcquisitionNumber": 1,
    "AcquisitionTime": "10:09:17.000000",
    "CoilString": "HEAD",
    "ConversionSoftware": "dcm2niix",
    "ConversionSoftwareVersion": "v1.0.20220720",
    "DeviceSerialNumber": "0000000000UM3TMR",
    "EchoTime": 0.00184,
    "FlipAngle": 15,
    "ImageOrientationPatientDICOM": [
      1,
      0,
      0,
      0,
      1,
      0
    ],
    "ImageType": [
      "ORIGINAL",
      "PRIMARY",
      "OTHER"
    ],
    "ImagingFrequency": 128.07,
    "InPlanePhaseEncodingDirectionDICOM": "ROW",
    "InstitutionName": "U of M FMRi",
    "InversionTime": 0.4,
    "MRAcquisitionType": "3D",
    "MagneticFieldStrength": 3,
    "Manufacturer": "GE",
    "ManufacturersModelName": "SIGNA EXCITE",
    "Modality": "MR",
    "PatientPosition": "HFS",
    "PercentPhaseFOV": 80,
    "PercentSampling": 100,
    "PixelBandwidth": 122.109,
    "ProtocolName": "neuropsych adole. 3-15-/",
    "PulseSequenceName": "efgre3d",
    "ReconMatrixPE": 256,
    "RepetitionTime": 0.00904,
    "SAR": 0.01461,
    "ScanOptions": "FAST_GEMS\\VB_GEMS\\EDR_GEMS\\PFF",
    "ScanningSequence": "GR",
    "SequenceVariant": "SS\\SP\\SK",
    "SeriesDescription": "3d spgr IR sag",
    "SeriesNumber": 7,
    "ShimSetting": [
      -2,
      -12,
      24
    ],
    "SliceThickness": 1.2,
    "SoftwareVersions": "11",
    "SpacingBetweenSlices": 1.2,
    "SpoilingState": true,
    "StationName": "um3te2",
    "dataset": "MLS",
    "modality": "T1w",
    "session_id": "1",
    "subject_id": "16"
  },
  "cjv": 0.34464919637290736,
  "cnr": 3.8676243341784318,
  "efc": 0.5649952497589684,
  "fber": 7422.403891753547,
  "fwhm_avg": 4.326341481290289,
  "fwhm_x": 4.908213734790141,
  "fwhm_y": 4.381402522351302,
  "fwhm_z": 3.6894081867294237,
  "icvs_csf": 0.20907015234496118,
  "icvs_gm": 0.439854498792467,
  "icvs_wm": 0.3510753488625718,
  "inu_med": 0.7651842832565308,
  "inu_range": 0.5917203515768049,
  "provenance": {
    "md5sum": "35eb929f7881bcc46724b8e358a5fde0",
    "settings": {
      "testing": false
    },
    "software": "mriqc",
    "version": "23.1.0rc0",
    "warnings": {
      "large_rot_frame": true,
      "small_air_mask": false
    }
  },
  "qi_1": 0.0,
  "qi_2": 0.0006567242894337627,
  "rpve_csf": 22.780614075482465,
  "rpve_gm": 11.154149097373187,
  "rpve_wm": 15.840392105972036,
  "size_x": 256,
  "size_y": 256,
  "size_z": 124,
  "snr_csf": 1.7002843322552603,
  "snr_gm": 9.39469498796005,
  "snr_total": 9.184671703537125,
  "snr_wm": 16.45903579039606,
  "snrd_csf": 15.81760016352555,
  "snrd_gm": 40.887684801268435,
  "snrd_total": 40.31554178255736,
  "snrd_wm": 64.2413403828781,
  "spacing_x": 1.0156199932098389,
  "spacing_y": 1.0156199932098389,
  "spacing_z": 1.2000000476837158,
  "summary_bg_k": 5.469557990965619,
  "summary_bg_mad": 10.198049611916524,
  "summary_bg_mean": 16.263785364912025,
  "summary_bg_median": 6.878479935228825,
  "summary_bg_n": 1652974.0,
  "summary_bg_p05": 0.0,
  "summary_bg_p95": 65.04140891134739,
  "summary_bg_stdv": 23.533989647849445,
  "summary_csf_k": 58.15482719932019,
  "summary_csf_mad": 92.75368932743125,
  "summary_csf_mean": 259.6303937428833,
  "summary_csf_median": 246.22150625288486,
  "summary_csf_n": 19154.0,
  "summary_csf_p05": 100.18248667567968,
  "summary_csf_p95": 433.0634816363454,
  "summary_csf_stdv": 144.80817947960406,
  "summary_gm_k": -0.04577734137464562,
  "summary_gm_mad": 68.05637189993273,
  "summary_gm_mean": 636.7567374721738,
  "summary_gm_median": 636.4699597209692,
  "summary_gm_n": 16197.0,
  "summary_gm_p05": 525.1883203878999,
  "summary_gm_p95": 747.3304676294326,
  "summary_gm_stdv": 67.74571313494653,
  "summary_wm_k": 0.5686877904917993,
  "summary_wm_mad": 57.233951903613146,
  "summary_wm_mean": 1001.2853764851892,
  "summary_wm_median": 999.9999639168382,
  "summary_wm_n": 131847.0,
  "summary_wm_p05": 903.4672829210758,
  "summary_wm_p95": 1102.9899934232235,
  "summary_wm_stdv": 60.7566679099701,
  "tpm_overlap_csf": 0.15859298569955663,
  "tpm_overlap_gm": 0.4574325058806763,
  "tpm_overlap_wm": 0.49418927752592584,
  "wm2max": 0.4161587443771542
}