{
  "bids_meta": {
    "AcquisitionMatrixPE": 160,
    "AcquisitionNumber": 1,
    "AcquisitionTime": "10:31:29.000000",
    "CoilString": "HEAD",
    "ConversionSoftware": "dcm2niix",
    "ConversionSoftwareVersion": "v1.0.20220720",
    "DeviceSerialNumber": "0000000000UM3TMR",
    "EchoTime": 0.003432,
    "FlipAngle": 25,
    "ImageOrientationPatientDICOM": [
      1,
      0,
      0,
      0,
      1,
      0
    ],
    "ImageType": [
      "ORIGINAL",
      "PRIMARY",
      "OTHER"
    ],
    "ImagingFrequency": 128.071,
    "InPlanePhaseEncodingDirectionDICOM": "ROW",
    "InstitutionName": "U of M FMRi",
    "InversionTime": 0.2,
    "MRAcquisitionType": "3D",
    "MagneticFieldStrength": 3,
    "Manufacturer": "GE",
    "ManufacturersModelName": "SIGNA EXCITE",
    "Modality": "MR",
    "PatientPosition": "HFS",
    "PercentPhaseFOV": 100,
    "PercentSampling": 53.125,
    "PixelBandwidth": 122.109,
    "ProtocolName": "childrisk 2-18-06/",
    "PulseSequenceName": "efgre3d",
    "ReconMatrixPE": 256,
    "RepetitionTime": 0.01048,
    "SAR": 0.028884,
    "ScanOptions": "FAST_GEMS\\NPW\\VB_GEMS\\PFF",
    "ScanningSequence": "GR",
    "SequenceVariant": "SS\\SP\\SK\\OSP",
    "SeriesDescription": "3d spgr IR",
    "SeriesNumber": 8,
    "ShimSetting": [
      1,
      2,
      22
    ],
    "SliceThickness": 1.5,
    "SoftwareVersions": "11",
    "SpacingBetweenSlices": 1.5,
    "SpoilingState": true,
    "StationName": "um3te2",
    "dataset": "MLS",
    "modality": "T1w",
    "session_id": "1",
    "subject_id": "154"
  },
  "cjv": 0.33970483977058674,
  "cnr": 3.745440448090745,
  "efc": 0.5648317086877574,
  "fber": 4517.218566732413,
  "fwhm_avg": 4.190485333333333,
  "fwhm_x": 4.653621333333334,
  "fwhm_y": 4.708821333333334,
  "fwhm_z": 3.209013333333333,
  "icvs_csf": 0.17145618206207602,
  "icvs_gm": 0.4490321233261358,
  "icvs_wm": 0.3795116946117882,
  "inu_med": 0.7768248915672302,
  "inu_range": 0.5240031182765962,
  "provenance": {
    "md5sum": "f08595427418d0b8d814fac3cbeca99d",
    "settings": {
      "testing": false
    },
    "software": "mriqc",
    "version": "23.1.0rc0",
    "warnings": {
      "large_rot_frame": true,
      "small_air_mask": false
    }
  },
  "qi_1": 0.0,
  "qi_2": 0.0011371341266527208,
  "rpve_csf": 23.604402864497754,
  "rpve_gm": 9.442395559774663,
  "rpve_wm": 12.141108152813283,
  "size_x": 256,
  "size_y": 256,
  "size_z": 106,
  "snr_csf": 0.8176980186196564,
  "snr_gm": 12.269576654220215,
  "snr_total": 9.902503823011102,
  "snr_wm": 16.62023679619344,
  "snrd_csf": 14.727662222871167,
  "snrd_gm": 34.60180360914234,
  "snrd_total": 33.597203820434096,
  "snrd_wm": 51.46214562928878,
  "spacing_x": 0.9375,
  "spacing_y": 0.9375,
  "spacing_z": 1.5,
  "summary_bg_k": 10.199300316225907,
  "summary_bg_mad": 12.730452115130648,
  "summary_bg_mean": 20.71847530135889,
  "summary_bg_median": 8.58655946701765,
  "summary_bg_n": 1481753.0,
  "summary_bg_p05": 0.0,
  "summary_bg_p95": 87.15100776404142,
  "summary_bg_stdv": 32.07058937491259,
  "summary_csf_k": 8.696276813542248,
  "summary_csf_mad": 159.7023783305312,
  "summary_csf_mean": 370.9106592886895,
  "summary_csf_median": 286.1843712180853,
  "summary_csf_n": 9869.0,
  "summary_csf_p05": 63.93130563646555,
  "summary_csf_p95": 1203.7945040568711,
  "summary_csf_stdv": 349.9701175457546,
  "summary_gm_k": 0.08293528087237645,
  "summary_gm_mad": 54.809551322029556,
  "summary_gm_mean": 671.6358170977552,
  "summary_gm_median": 672.3738811388612,
  "summary_gm_n": 28798.0,
  "summary_gm_p05": 579.8241383805871,
  "summary_gm_p95": 759.730554997921,
  "summary_gm_stdv": 54.79913659758594,
  "summary_wm_k": 0.4925877829863401,
  "summary_wm_mad": 56.4866168701306,
  "summary_wm_mean": 1003.761966946936,
  "summary_wm_median": 999.9999705031514,
  "summary_wm_n": 124899.0,
  "summary_wm_p05": 911.5121331214905,
  "summary_wm_p95": 1109.4708912290628,
  "summary_wm_stdv": 60.167371832492414,
  "tpm_overlap_csf": 0.14789438452236595,
  "tpm_overlap_gm": 0.468642766192722,
  "tpm_overlap_wm": 0.47123089079804725,
  "wm2max": 0.37229537787793665
}