{
  "bids_meta": {
    "AcquisitionMatrixPE": 192,
    "AcquisitionNumber": 1,
    "AcquisitionTime": "12:47:46.000000",
    "CoilString": "HEAD",
    "ConversionSoftware": "dcm2niix",
    "ConversionSoftwareVersion": "v1.0.20220720",
    "DeviceSerialNumber": "0000000000UM3TMR",
    "EchoTime": 0.001852,
    "FlipAngle": 15,
    "ImageOrientationPatientDICOM": [
      0,
      1,
      0,
      0,
      0,
      -1
    ],
    "ImageType": [
      "ORIGINAL",
      "PRIMARY",
      "OTHER"
    ],
    "ImagingFrequency": 128.071,
    "InPlanePhaseEncodingDirectionDICOM": "ROW",
    "InstitutionName": "U of M FMRi",
    "InversionTime": 0.4,
    "MRAcquisitionType": "3D",
    "MagneticFieldStrength": 3,
    "Manufacturer": "GE",
    "ManufacturersModelName": "SIGNA EXCITE",
    "Modality": "MR",
    "PatientPosition": "HFS",
    "PercentPhaseFOV": 100,
    "PercentSampling": 100,
    "PixelBandwidth": 122.109,
    "ProtocolName": "wmrec new 2-13-07/",
    "PulseSequenceName": "efgre3d",
    "ReconMatrixPE": 256,
    "RepetitionTime": 0.00906,
    "SAR": 0.012757,
    "ScanOptions": "FAST_GEMS\\VB_GEMS\\EDR_GEMS\\PFF",
    "ScanningSequence": "GR",
    "SequenceVariant": "SS\\SP\\SK",
    "SeriesDescription": "3d spgr IR sag",
    "SeriesNumber": 4,
    "ShimSetting": [
      2,
      -2,
      7
    ],
    "SliceThickness": 1.2,
    "SoftwareVersions": "11",
    "SpacingBetweenSlices": 1.2,
    "SpoilingState": true,
    "StationName": "um3te2",
    "dataset": "MLS",
    "modality": "T1w",
    "session_id": "2",
    "subject_id": "05"
  },
  "cjv": 0.3529686545787603,
  "cnr": 3.754021688601117,
  "efc": 0.5447460596912741,
  "fber": 7006.8445303210465,
  "fwhm_avg": 3.9568746269410755,
  "fwhm_x": 3.6112748565008297,
  "fwhm_y": 4.6516020082167815,
  "fwhm_z": 3.607747016105614,
  "icvs_csf": 0.2101811804763357,
  "icvs_gm": 0.4586009990027008,
  "icvs_wm": 0.33121782052096355,
  "inu_med": 0.7161057591438293,
  "inu_range": 0.43201136589050293,
  "provenance": {
    "md5sum": "8e7d355824f144b1400ec94d884baed5",
    "settings": {
      "testing": false
    },
    "software": "mriqc",
    "version": "23.1.0rc0",
    "warnings": {
      "large_rot_frame": true,
      "small_air_mask": false
    }
  },
  "qi_1": 3.2399607501897693e-06,
  "qi_2": 0.001926092947731399,
  "rpve_csf": 19.591273590523297,
  "rpve_gm": 9.644621744359519,
  "rpve_wm": 15.043630985394712,
  "size_x": 114,
  "size_y": 256,
  "size_z": 256,
  "snr_csf": 1.896253823673685,
  "snr_gm": 11.40768741814346,
  "snr_total": 10.83104339479376,
  "snr_wm": 19.189188942564133,
  "snrd_csf": 10.335976757569982,
  "snrd_gm": 25.718756734868133,
  "snrd_total": 24.398612023440602,
  "snrd_wm": 37.141102577883686,
  "spacing_x": 1.2000000476837158,
  "spacing_y": 1.0156199932098389,
  "spacing_z": 1.0156199932098389,
  "summary_bg_k": 15.897231646080272,
  "summary_bg_mad": 0.0,
  "summary_bg_mean": 11.162735089664237,
  "summary_bg_median": 0.0,
  "summary_bg_n": 1996463.0,
  "summary_bg_p05": 0.0,
  "summary_bg_p95": 46.83884006738663,
  "summary_bg_stdv": 17.63993695853759,
  "summary_csf_k": 44.45110445033948,
  "summary_csf_mad": 82.75563443136424,
  "summary_csf_mean": 296.491510935176,
  "summary_csf_median": 278.3023175150156,
  "summary_csf_n": 15893.0,
  "summary_csf_p05": 133.8794750779867,
  "summary_csf_p95": 484.1432832419872,
  "summary_csf_stdv": 146.75965759600123,
  "summary_gm_k": 0.2103599601262336,
  "summary_gm_mad": 58.60141940662111,
  "summary_gm_mean": 687.6187762574868,
  "summary_gm_median": 692.4928113520145,
  "summary_gm_n": 20846.0,
  "summary_gm_p05": 579.8620630279183,
  "summary_gm_p95": 779.3552551232278,
  "summary_gm_stdv": 60.70259256251198,
  "summary_wm_k": 0.5088712822387551,
  "summary_wm_mad": 49.95530834662783,
  "summary_wm_mean": 1002.8551030730697,
  "summary_wm_median": 1000.0462621897459,
  "summary_wm_n": 130350.0,
  "summary_wm_p05": 922.5886131830514,
  "summary_wm_p95": 1092.6594232320786,
  "summary_wm_stdv": 52.114887667820575,
  "tpm_overlap_csf": 0.16289487676811593,
  "tpm_overlap_gm": 0.4655507000973031,
  "tpm_overlap_wm": 0.48784677827616235,
  "wm2max": 0.3876112227324914
}