{
  "bids_meta": {
    "AcquisitionMatrixPE": 160,
    "AcquisitionNumber": 1,
    "AcquisitionTime": "11:11:53.000000",
    "CoilString": "HEAD",
    "ConversionSoftware": "dcm2niix",
    "ConversionSoftwareVersion": "v1.0.20220720",
    "DeviceSerialNumber": "0007347633TMRFIX",
    "EchoTime": 0.005176,
    "FlipAngle": 15,
    "ImageOrientationPatientDICOM": [
      1,
      0,
      0,
      0,
      1,
      0
    ],
    "ImageType": [
      "ORIGINAL",
      "PRIMARY",
      "OTHER"
    ],
    "ImagingFrequency": 127.789,
    "InPlanePhaseEncodingDirectionDICOM": "ROW",
    "InstitutionName": "U Of M research",
    "InversionTime": 0.5,
    "MRAcquisitionType": "3D",
    "MagneticFieldStrength": 3,
    "Manufacturer": "GE",
    "ManufacturersModelName": "DISCOVERY MR750",
    "Modality": "MR",
    "PatientPosition": "HFS",
    "PercentPhaseFOV": 80,
    "PercentSampling": 100,
    "PixelBandwidth": 122.109,
    "PrescanReuseString": "TG/s2,CF/s2,AS/s2",
    "ProtocolName": "childrisk1_rev._6-27-14",
    "PulseSequenceName": "BRAVO",
    "ReconMatrixPE": 256,
    "RepetitionTime": 0.012224,
    "SAR": 0.0324045,
    "ScanOptions": "FAST_GEMS\\EDR_GEMS",
    "ScanningSequence": "GR",
    "SequenceVariant": "SS\\SK",
    "SeriesDescription": "t1spgr_124sl",
    "SeriesNumber": 7,
    "ShimSetting": [
      1,
      2,
      -19
    ],
    "SliceThickness": 1.2,
    "SoftwareVersions": "25\\LX\\MR Software release:DV25.0_R01_1451.a",
    "SpacingBetweenSlices": 1.2,
    "StationName": "GEHCGEHC",
    "dataset": "MLS",
    "modality": "T1w",
    "session_id": "2",
    "subject_id": "243"
  },
  "cjv": 0.32049666837016644,
  "cnr": 4.077469390231603,
  "efc": 0.5929710078120904,
  "fber": 14493.810826888757,
  "fwhm_avg": 5.000550511799225,
  "fwhm_x": 5.516187659786349,
  "fwhm_y": 5.134580715166554,
  "fwhm_z": 4.350883160444769,
  "icvs_csf": 0.17920125905991982,
  "icvs_gm": 0.46054263949016844,
  "icvs_wm": 0.36025610144991177,
  "inu_med": 0.5819379389286041,
  "inu_range": 0.41361043155193317,
  "provenance": {
    "md5sum": "cda8e7a73fdb066aa20779004b028cbe",
    "settings": {
      "testing": false
    },
    "software": "mriqc",
    "version": "23.1.0rc0",
    "warnings": {
      "large_rot_frame": true,
      "small_air_mask": false
    }
  },
  "qi_1": 0.0,
  "qi_2": 0.0007267866474064343,
  "rpve_csf": 23.495288983154545,
  "rpve_gm": 9.984447553391794,
  "rpve_wm": 14.179785149711572,
  "size_x": 256,
  "size_y": 256,
  "size_z": 124,
  "snr_csf": 2.2554908245475835,
  "snr_gm": 14.1032304932228,
  "snr_total": 12.87816950610437,
  "snr_wm": 22.275787200542734,
  "snrd_csf": 28.045454318421587,
  "snrd_gm": 64.97400621931786,
  "snrd_total": 61.230015893500344,
  "snrd_wm": 90.67058714276159,
  "spacing_x": 1.0155999660491943,
  "spacing_y": 1.0155999660491943,
  "spacing_z": 1.2000000476837158,
  "summary_bg_k": 11.029099241128215,
  "summary_bg_mad": 7.225706123339104,
  "summary_bg_mean": 10.29309442846384,
  "summary_bg_median": 4.87366471812129,
  "summary_bg_n": 1490747.0,
  "summary_bg_p05": 0.0,
  "summary_bg_p95": 40.75213264301419,
  "summary_bg_stdv": 15.300532885812563,
  "summary_csf_k": 3.4701674818871107,
  "summary_csf_mad": 131.60009450166538,
  "summary_csf_mean": 302.36103740230806,
  "summary_csf_median": 309.32216710969806,
  "summary_csf_n": 17727.0,
  "summary_csf_p05": 79.278279414773,
  "summary_csf_p95": 508.5479025870563,
  "summary_csf_stdv": 137.13797414498111,
  "summary_gm_k": 0.26740169163190464,
  "summary_gm_mad": 49.78562765123361,
  "summary_gm_mean": 714.7839798784685,
  "summary_gm_median": 716.6188210528344,
  "summary_gm_n": 33046.0,
  "summary_gm_p05": 629.0916048651561,
  "summary_gm_p95": 794.6493040397763,
  "summary_gm_stdv": 50.81161926470484,
  "summary_wm_k": 0.8323363521075269,
  "summary_wm_mad": 41.04816031769236,
  "summary_wm_mean": 1002.500477438243,
  "summary_wm_median": 1000.0345221608877,
  "summary_wm_n": 161139.0,
  "summary_wm_p05": 933.1166860312223,
  "summary_wm_p95": 1079.7759725488722,
  "summary_wm_stdv": 44.89320220806554,
  "tpm_overlap_csf": 0.14627846322980656,
  "tpm_overlap_gm": 0.4646916478551383,
  "tpm_overlap_wm": 0.5042530246349417,
  "wm2max": 0.5237414239423617
}