{
	"Modality": "MR",
	"MagneticFieldStrength": 3,
	"ImagingFrequency": 127.768,
	"Manufacturer": "GE",
	"ManufacturersModelName": "DISCOVERY MR750",
	"InstitutionName": "UOFMResearch",
	"DeviceSerialNumber": "000000000000MR01",
	"StationName": "MR01MR01",
	"PatientPosition": "HFS",
	"SoftwareVersions": "23\\LX\\MR Software release:DV22.0_V02_1122.a",
	"MRAcquisitionType": "3D",
	"SeriesDescription": "AxFSPGR 124sl",
	"ProtocolName": "neuropsych 12/13/12",
	"ScanningSequence": "GR",
	"SequenceVariant": "SS\\SK",
	"ScanOptions": "FAST_GEMS\\EDR_GEMS",
	"PulseSequenceName": "BRAVO",
	"ImageType": ["ORIGINAL", "PRIMARY", "OTHER"],
	"SeriesNumber": 7,
	"AcquisitionTime": "11:57:8.000000",
	"AcquisitionNumber": 1,
	"SliceThickness": 1.2,
	"SpacingBetweenSlices": 1.2,
	"SAR": 0.0324045,
	"EchoTime": 0.005176,
	"RepetitionTime": 0.012224,
	"InversionTime": 0.5,
	"FlipAngle": 15,
	"ShimSetting": [
		3,
		5,
		-7	],
	"PrescanReuseString": "TG/s1,CF/s1,AS/s1",
	"CoilString": "HEAD",
	"PercentPhaseFOV": 75,
	"PercentSampling": 100,
	"AcquisitionMatrixPE": 160,
	"ReconMatrixPE": 256,
	"PixelBandwidth": 122.109,
	"ImageOrientationPatientDICOM": [
		1,
		-0,
		0,
		-0,
		1,
		0	],
	"InPlanePhaseEncodingDirectionDICOM": "ROW",
	"ConversionSoftware": "dcm2niix",
	"ConversionSoftwareVersion": "v1.0.20220720"
}
