{
  "bids_meta": {
    "AcquisitionMatrixPE": 160,
    "CoilString": "HEAD",
    "EchoTime": 0.001784,
    "FlipAngle": 15,
    "ImageType": [
      "ORIGINAL",
      "PRIMARY",
      "OTHER"
    ],
    "InPlanePhaseEncodingDirectionDICOM": "ROW",
    "InstitutionName": "U of M FMRi",
    "InversionTime": 0.4,
    "MRAcquisitionType": "3D",
    "Modality": "MR",
    "PatientPosition": "HFS",
    "PercentPhaseFOV": 100,
    "PercentSampling": 100,
    "ReconMatrixPE": 256,
    "RepetitionTime": 0.008948,
    "SAR": 0.017417,
    "ScanningSequence": "GR",
    "SeriesDescription": "3d spgr IR axial",
    "dataset": "MLS",
    "modality": "T1w",
    "session_id": "1",
    "subject_id": "64"
  },
  "cjv": 0.4381887065015564,
  "cnr": 2.9146871383201978,
  "efc": 0.5873735850718629,
  "fber": 3075.413438527285,
  "fwhm_avg": 3.3608724040168543,
  "fwhm_x": 4.041021286845261,
  "fwhm_y": 4.065531925205302,
  "fwhm_z": 1.9760639999999998,
  "icvs_csf": 0.2088270486884102,
  "icvs_gm": 0.39880833531815874,
  "icvs_wm": 0.39236461599343103,
  "inu_med": 0.8479475975036621,
  "inu_range": 0.49603600502014156,
  "provenance": {
    "md5sum": "4792efcf1f8a5071966266d18f9f1fa0",
    "settings": {
      "testing": false
    },
    "software": "mriqc",
    "version": "23.1.0rc0",
    "warnings": {
      "large_rot_frame": true,
      "small_air_mask": false
    }
  },
  "qi_1": 9.04861183289415e-05,
  "qi_2": 0.0010905535538011562,
  "rpve_csf": 16.97416447844786,
  "rpve_gm": 8.547155353744449,
  "rpve_wm": 10.292767827999905,
  "size_x": 256,
  "size_y": 256,
  "size_z": 60,
  "snr_csf": 1.2708810691834378,
  "snr_gm": 9.207645893353861,
  "snr_total": 7.906470035255647,
  "snr_wm": 13.240883143229642,
  "snrd_csf": 10.082093205404869,
  "snrd_gm": 24.807538505409845,
  "snrd_total": 23.91023778342522,
  "snrd_wm": 36.84108163946095,
  "spacing_x": 0.9399999976158142,
  "spacing_y": 0.9399999976158142,
  "spacing_z": 2.5,
  "summary_bg_k": 31.26068837419904,
  "summary_bg_mad": 17.626207882131286,
  "summary_bg_mean": 24.529127389076137,
  "summary_bg_median": 11.888696551322937,
  "summary_bg_n": 817731.0,
  "summary_bg_p05": 0.0,
  "summary_bg_p95": 97.29452204704285,
  "summary_bg_stdv": 38.472935447503545,
  "summary_csf_k": 30.102432927901134,
  "summary_csf_mad": 127.19452714943387,
  "summary_csf_mean": 293.6205399132561,
  "summary_csf_median": 271.2550710439682,
  "summary_csf_n": 107650.0,
  "summary_csf_p05": 73.45286571979523,
  "summary_csf_p95": 515.840903878212,
  "summary_csf_stdv": 213.4376046075067,
  "summary_gm_k": -0.009448207331252956,
  "summary_gm_mad": 71.93398351896822,
  "summary_gm_mean": 666.1270447158324,
  "summary_gm_median": 667.4378507137299,
  "summary_gm_n": 178291.0,
  "summary_gm_p05": 543.9560646414757,
  "summary_gm_p95": 783.3365762829781,
  "summary_gm_stdv": 72.48714673394016,
  "summary_wm_k": 1.110257779201957,
  "summary_wm_mad": 69.9331707323479,
  "summary_wm_mean": 997.9954339970707,
  "summary_wm_median": 991.1959762573242,
  "summary_wm_n": 223660.0,
  "summary_wm_p05": 889.2745020389557,
  "summary_wm_p95": 1130.3901207447052,
  "summary_wm_stdv": 74.85858380279551,
  "tpm_overlap_csf": 0.16801375749708589,
  "tpm_overlap_gm": 0.4315475848274623,
  "tpm_overlap_wm": 0.4462378099116521,
  "wm2max": 0.2764211182185863
}