{
  "bids_meta": {
    "AcquisitionMatrixPE": 160,
    "CoilString": "HEAD",
    "EchoTime": 0.001784,
    "FlipAngle": 15,
    "ImageType": [
      "ORIGINAL",
      "PRIMARY",
      "OTHER"
    ],
    "InPlanePhaseEncodingDirectionDICOM": "ROW",
    "InstitutionName": "U of M FMRi",
    "InversionTime": 0.4,
    "MRAcquisitionType": "3D",
    "Modality": "MR",
    "PatientPosition": "HFS",
    "PercentPhaseFOV": 100,
    "PercentSampling": 100,
    "ReconMatrixPE": 256,
    "RepetitionTime": 0.008948,
    "SAR": 0.017417,
    "ScanningSequence": "GR",
    "SeriesDescription": "3d spgr IR axial",
    "dataset": "MLS",
    "modality": "T1w",
    "session_id": "1",
    "subject_id": "24"
  },
  "cjv": 0.466735576452896,
  "cnr": 2.6347262004651175,
  "efc": 0.6170503780003753,
  "fber": -1.0,
  "fwhm_avg": 3.2278723023832385,
  "fwhm_x": 3.9546539912096903,
  "fwhm_y": 3.999730915940025,
  "fwhm_z": 1.729232,
  "icvs_csf": 0.21522026582561105,
  "icvs_gm": 0.3844082563449729,
  "icvs_wm": 0.40037147782941607,
  "inu_med": 1.1771066784858704,
  "inu_range": 0.6326281011104582,
  "provenance": {
    "md5sum": "4be147859338abb5026e006305b8472a",
    "settings": {
      "testing": false
    },
    "software": "mriqc",
    "version": "23.1.0rc0",
    "warnings": {
      "large_rot_frame": true,
      "small_air_mask": false
    }
  },
  "qi_1": 7.769170870553253e-05,
  "qi_2": 0.04396354005755546,
  "rpve_csf": 10.817507837945225,
  "rpve_gm": 5.80589210231655,
  "rpve_wm": 7.184656670724273,
  "size_x": 256,
  "size_y": 256,
  "size_z": 58,
  "snr_csf": 0.5568488832870992,
  "snr_gm": 5.753630083446684,
  "snr_total": 5.16386615987775,
  "snr_wm": 9.181119512899466,
  "snrd_csf": 2.2914515763178103,
  "snrd_gm": 6.759866955895361,
  "snrd_total": 6.893011995674005,
  "snrd_wm": 11.627717454808845,
  "spacing_x": 0.7799999713897705,
  "spacing_y": 0.7799999713897705,
  "spacing_z": 2.5,
  "summary_bg_k": 58.73924534946415,
  "summary_bg_mad": 0.0,
  "summary_bg_mean": 23.686058861446934,
  "summary_bg_median": 0.0,
  "summary_bg_n": 566297.0,
  "summary_bg_p05": 0.0,
  "summary_bg_p95": 119.6899845674634,
  "summary_bg_stdv": 56.48270953975935,
  "summary_csf_k": 28.607957766921874,
  "summary_csf_mad": 115.3387937681065,
  "summary_csf_mean": 268.47452710126595,
  "summary_csf_median": 197.5579342097044,
  "summary_csf_n": 134444.0,
  "summary_csf_p05": 33.998682238161564,
  "summary_csf_p95": 918.3373092032931,
  "summary_csf_stdv": 354.77704169959355,
  "summary_gm_k": 0.06982955768783405,
  "summary_gm_mad": 97.5610097662555,
  "summary_gm_mean": 576.8333004717637,
  "summary_gm_median": 582.8032174631953,
  "summary_gm_n": 223451.0,
  "summary_gm_p05": 406.52187794446945,
  "summary_gm_p95": 739.9283102154732,
  "summary_gm_stdv": 101.29290637613819,
  "summary_wm_k": 1.4221755942307315,
  "summary_wm_mad": 98.31981761999303,
  "summary_wm_mean": 1013.6039104351058,
  "summary_wm_median": 1002.4858756288886,
  "summary_wm_n": 331402.0,
  "summary_wm_p05": 858.2291013151407,
  "summary_wm_p95": 1209.768164113164,
  "summary_wm_stdv": 109.18977383172768,
  "tpm_overlap_csf": 0.14515710890059208,
  "tpm_overlap_gm": 0.4079019610048859,
  "tpm_overlap_wm": 0.45185234540260216,
  "wm2max": 0.21660689742334002
}