{
  "bids_meta": {
    "AcquisitionMatrixPE": 160,
    "AcquisitionNumber": 1,
    "AcquisitionTime": "10:18:11.000000",
    "CoilString": "HEAD",
    "ConversionSoftware": "dcm2niix",
    "ConversionSoftwareVersion": "v1.0.20220720",
    "DeviceSerialNumber": "000000000000MR01",
    "EchoTime": 0.005176,
    "FlipAngle": 15,
    "ImageOrientationPatientDICOM": [
      1,
      0,
      0,
      0,
      1,
      0
    ],
    "ImageType": [
      "ORIGINAL",
      "PRIMARY",
      "OTHER"
    ],
    "ImagingFrequency": 127.768,
    "InPlanePhaseEncodingDirectionDICOM": "ROW",
    "InstitutionName": "UOFMResearch",
    "InversionTime": 0.5,
    "MRAcquisitionType": "3D",
    "MagneticFieldStrength": 3,
    "Manufacturer": "GE",
    "ManufacturersModelName": "DISCOVERY MR750",
    "Modality": "MR",
    "PatientPosition": "HFS",
    "PercentPhaseFOV": 75,
    "PercentSampling": 100,
    "PixelBandwidth": 122.109,
    "PrescanReuseString": "TG/s1,CF/s2,AS/s2",
    "ProtocolName": "neuropsych 12/13/12",
    "PulseSequenceName": "BRAVO",
    "ReconMatrixPE": 256,
    "RepetitionTime": 0.012224,
    "SAR": 0.0324045,
    "ScanOptions": "FAST_GEMS\\EDR_GEMS",
    "ScanningSequence": "GR",
    "SequenceVariant": "SS\\SK",
    "SeriesDescription": "AxFSPGR 124sl",
    "SeriesNumber": 8,
    "ShimSetting": [
      6,
      16,
      -32
    ],
    "SliceThickness": 1.2,
    "SoftwareVersions": "23\\LX\\MR Software release:DV22.0_V02_1122.a",
    "SpacingBetweenSlices": 1.2,
    "StationName": "MR01MR01",
    "dataset": "MLS",
    "modality": "T1w",
    "session_id": "1",
    "subject_id": "200"
  },
  "cjv": 0.3257107209731439,
  "cnr": 4.166493366952697,
  "efc": 0.5956292964257481,
  "fber": 12316.46980424823,
  "fwhm_avg": 4.711442458280563,
  "fwhm_x": 5.0495373881802506,
  "fwhm_y": 4.940065151358007,
  "fwhm_z": 4.144724835303433,
  "icvs_csf": 0.19716713368614783,
  "icvs_gm": 0.43257208404240405,
  "icvs_wm": 0.3702607822714481,
  "inu_med": 0.5924568772315979,
  "inu_range": 0.3639657735824584,
  "provenance": {
    "md5sum": "1d8e09b2845b112591b0f531d9a784f0",
    "settings": {
      "testing": false
    },
    "software": "mriqc",
    "version": "23.1.0rc0",
    "warnings": {
      "large_rot_frame": true,
      "small_air_mask": false
    }
  },
  "qi_1": 6.794586073816383e-06,
  "qi_2": 0.0009365258511884199,
  "rpve_csf": 20.46611063920693,
  "rpve_gm": 9.937606845061577,
  "rpve_wm": 13.961780061151902,
  "size_x": 256,
  "size_y": 256,
  "size_z": 124,
  "snr_csf": 2.2240532912835773,
  "snr_gm": 10.316752413340504,
  "snr_total": 11.434980408302529,
  "snr_wm": 21.764135520283507,
  "snrd_csf": 9.287611239883281,
  "snrd_gm": 25.120622504990923,
  "snrd_total": 24.09835808140159,
  "snrd_wm": 37.88684049933057,
  "spacing_x": 1.0155999660491943,
  "spacing_y": 1.0155999660491943,
  "spacing_z": 1.2000000476837158,
  "summary_bg_k": 7.262883100141556,
  "summary_bg_mad": 0.0,
  "summary_bg_mean": 11.564395835027309,
  "summary_bg_median": 0.0,
  "summary_bg_n": 1581502.0,
  "summary_bg_p05": 0.0,
  "summary_bg_p95": 46.71771187335253,
  "summary_bg_stdv": 17.291924625127645,
  "summary_csf_k": 5.611712967764239,
  "summary_csf_mad": 105.88031052410143,
  "summary_csf_mean": 248.7484892752264,
  "summary_csf_median": 245.14081877842546,
  "summary_csf_n": 17114.0,
  "summary_csf_p05": 77.85392901301384,
  "summary_csf_p95": 428.4911051765084,
  "summary_csf_stdv": 110.21932686502767,
  "summary_gm_k": -0.017906745576402816,
  "summary_gm_mad": 65.77082456923564,
  "summary_gm_mean": 662.6789547001046,
  "summary_gm_median": 663.0434683412313,
  "summary_gm_n": 24958.0,
  "summary_gm_p05": 556.5230694208294,
  "summary_gm_p95": 766.4114256724715,
  "summary_gm_stdv": 64.26733515148592,
  "summary_wm_k": 0.49773056747899513,
  "summary_wm_mad": 43.979525421070065,
  "summary_wm_mean": 1000.8968530083376,
  "summary_wm_median": 999.9999850392342,
  "summary_wm_n": 189721.0,
  "summary_wm_p05": 926.9115303605795,
  "summary_wm_p95": 1077.3184674978256,
  "summary_wm_stdv": 45.94702824998209,
  "tpm_overlap_csf": 0.13987092739409818,
  "tpm_overlap_gm": 0.4504107712424747,
  "tpm_overlap_wm": 0.501461868809339,
  "wm2max": 0.6766968605863641
}