{
  "bids_meta": {
    "AcquisitionMatrixPE": 160,
    "CoilString": "HEAD",
    "EchoTime": 0.001784,
    "FlipAngle": 15,
    "ImageType": [
      "ORIGINAL",
      "PRIMARY",
      "OTHER"
    ],
    "InPlanePhaseEncodingDirectionDICOM": "ROW",
    "InstitutionName": "U of M FMRi",
    "InversionTime": 0.4,
    "MRAcquisitionType": "3D",
    "Modality": "MR",
    "PatientPosition": "HFS",
    "PercentPhaseFOV": 100,
    "PercentSampling": 100,
    "ReconMatrixPE": 256,
    "RepetitionTime": 0.008948,
    "SAR": 0.017417,
    "ScanningSequence": "GR",
    "SeriesDescription": "3d spgr IR axial",
    "dataset": "MLS",
    "modality": "T1w",
    "session_id": "2",
    "subject_id": "106"
  },
  "cjv": 0.31374569769205685,
  "cnr": 4.306047984240193,
  "efc": 0.6841996096666978,
  "fber": -1.0,
  "fwhm_avg": 5.471171333002604,
  "fwhm_x": 5.98517,
  "fwhm_y": 6.26109,
  "fwhm_z": 4.167253999007812,
  "icvs_csf": 0.21863098440148143,
  "icvs_gm": 0.4265495511269558,
  "icvs_wm": 0.35481946447156276,
  "inu_med": 0.547736406326294,
  "inu_range": 0.3297232806682585,
  "provenance": {
    "md5sum": "4c4fb83eeb8cb4ea49f0cfd0d28b2613",
    "settings": {
      "testing": false
    },
    "software": "mriqc",
    "version": "23.1.0rc0",
    "warnings": {
      "large_rot_frame": true,
      "small_air_mask": false
    }
  },
  "qi_1": 0.0,
  "qi_2": 0.003485539465608187,
  "rpve_csf": 11.003651658361262,
  "rpve_gm": 5.897574831147605,
  "rpve_wm": 8.537390679518634,
  "size_x": 202,
  "size_y": 212,
  "size_z": 125,
  "snr_csf": 2.23155059309735,
  "snr_gm": 12.910705740253492,
  "snr_total": 13.784239411020629,
  "snr_wm": 26.210461899711042,
  "snrd_csf": 20.60336424883278,
  "snrd_gm": 50.20248064575534,
  "snrd_total": 47.19604433046903,
  "snrd_wm": 70.78228809681897,
  "spacing_x": 1.0,
  "spacing_y": 1.0,
  "spacing_z": 1.2999999523162842,
  "summary_bg_k": 7.212201179824023,
  "summary_bg_mad": 0.0,
  "summary_bg_mean": 5.647412872514433,
  "summary_bg_median": 0.0,
  "summary_bg_n": 905583.0,
  "summary_bg_p05": 0.0,
  "summary_bg_p95": 24.586071219295263,
  "summary_bg_stdv": 9.255654139062887,
  "summary_csf_k": 41.90359180208126,
  "summary_csf_mad": 89.92569936423882,
  "summary_csf_mean": 308.4915804571012,
  "summary_csf_median": 291.08077888563275,
  "summary_csf_n": 27274.0,
  "summary_csf_p05": 149.41550371367484,
  "summary_csf_p95": 492.35999662484966,
  "summary_csf_stdv": 130.43640753884472,
  "summary_gm_k": 0.0348142660645947,
  "summary_gm_mad": 55.386336096767124,
  "summary_gm_mean": 707.1394954438441,
  "summary_gm_median": 709.2519936002791,
  "summary_gm_n": 30464.0,
  "summary_gm_p05": 614.4500166153535,
  "summary_gm_p95": 792.7863946296275,
  "summary_gm_stdv": 54.93428221135911,
  "summary_wm_k": 0.6159847126905178,
  "summary_wm_mad": 35.834589390001895,
  "summary_wm_mean": 1002.2533698205718,
  "summary_wm_median": 999.9999661073089,
  "summary_wm_n": 193025.0,
  "summary_wm_p05": 943.9636921100318,
  "summary_wm_p95": 1068.890886478126,
  "summary_wm_stdv": 38.152604085814566,
  "tpm_overlap_csf": 0.16331513526336372,
  "tpm_overlap_gm": 0.4660457450782719,
  "tpm_overlap_wm": 0.5054028188643164,
  "wm2max": 0.44731013886915993
}