{
  "bids_meta": {
    "AcquisitionMatrixPE": 160,
    "AcquisitionNumber": 1,
    "AcquisitionTime": "13:14:56.000000",
    "CoilString": "HEAD",
    "ConversionSoftware": "dcm2niix",
    "ConversionSoftwareVersion": "v1.0.20220720",
    "DeviceSerialNumber": "0000000000UM3TMR",
    "EchoTime": 0.001784,
    "FlipAngle": 15,
    "ImageOrientationPatientDICOM": [
      1,
      0,
      0,
      0,
      1,
      0
    ],
    "ImageType": [
      "ORIGINAL",
      "PRIMARY",
      "OTHER"
    ],
    "ImagingFrequency": 128.07,
    "InPlanePhaseEncodingDirectionDICOM": "ROW",
    "InstitutionName": "U of M FMRi",
    "InversionTime": 0.4,
    "MRAcquisitionType": "3D",
    "MagneticFieldStrength": 3,
    "Manufacturer": "GE",
    "ManufacturersModelName": "SIGNA EXCITE",
    "Modality": "MR",
    "PatientPosition": "HFS",
    "PercentPhaseFOV": 100,
    "PercentSampling": 100,
    "PixelBandwidth": 122.109,
    "ProtocolName": "childrisk w.o hoshim 4-9",
    "PulseSequenceName": "efgre3d",
    "ReconMatrixPE": 256,
    "RepetitionTime": 0.008948,
    "SAR": 0.015677,
    "ScanOptions": "FAST_GEMS\\VB_GEMS\\EDR_GEMS\\PFF",
    "ScanningSequence": "GR",
    "SequenceVariant": "SS\\SP\\SK",
    "SeriesDescription": "3d spgr IR axial",
    "SeriesNumber": 7,
    "ShimSetting": [
      4,
      1,
      24
    ],
    "SliceThickness": 1.4,
    "SoftwareVersions": "11",
    "SpacingBetweenSlices": 1.4,
    "SpoilingState": true,
    "StationName": "um3te2",
    "dataset": "MLS",
    "modality": "T1w",
    "session_id": "2",
    "subject_id": "144"
  },
  "cjv": 0.327851728632521,
  "cnr": 4.096095235840419,
  "efc": 0.5958929969934543,
  "fber": 11357.274202827088,
  "fwhm_avg": 4.356022249093883,
  "fwhm_x": 4.970727273736279,
  "fwhm_y": 4.562139413341271,
  "fwhm_z": 3.5352000602040983,
  "icvs_csf": 0.16322040033984245,
  "icvs_gm": 0.48026134005857796,
  "icvs_wm": 0.3565182596015796,
  "inu_med": 0.6881172955036163,
  "inu_range": 0.4748896867036817,
  "provenance": {
    "md5sum": "6aba0c3e4f1f521ba35d5c2f0bfe0f1d",
    "settings": {
      "testing": false
    },
    "software": "mriqc",
    "version": "23.1.0rc0",
    "warnings": {
      "large_rot_frame": true,
      "small_air_mask": false
    }
  },
  "qi_1": 0.0,
  "qi_2": 0.002022273558487306,
  "rpve_csf": 25.323461706898037,
  "rpve_gm": 9.581867510286624,
  "rpve_wm": 14.035801999305422,
  "size_x": 256,
  "size_y": 256,
  "size_z": 104,
  "snr_csf": 2.182285599523918,
  "snr_gm": 11.296499373499753,
  "snr_total": 10.615593151539246,
  "snr_wm": 18.367994481594067,
  "snrd_csf": 9.104892772261561,
  "snrd_gm": 21.716784952628043,
  "snrd_total": 21.2049232503998,
  "snrd_wm": 32.79309202630979,
  "spacing_x": 1.0156199932098389,
  "spacing_y": 1.0156199932098389,
  "spacing_z": 1.399999976158142,
  "summary_bg_k": 6.642913334478116,
  "summary_bg_mad": 0.0,
  "summary_bg_mean": 13.266855632801716,
  "summary_bg_median": 0.0,
  "summary_bg_n": 1298090.0,
  "summary_bg_p05": 0.0,
  "summary_bg_p95": 54.57104832679033,
  "summary_bg_stdv": 19.97870480594812,
  "summary_csf_k": 13.379567813623932,
  "summary_csf_mad": 109.63595065663104,
  "summary_csf_mean": 286.73204631141897,
  "summary_csf_median": 277.6581563577056,
  "summary_csf_n": 7143.0,
  "summary_csf_p05": 100.16975509636104,
  "summary_csf_p95": 484.4691800963133,
  "summary_csf_stdv": 127.22382444156727,
  "summary_gm_k": 0.02548013226294188,
  "summary_gm_mad": 58.37838134068092,
  "summary_gm_mean": 662.0368506240773,
  "summary_gm_median": 662.2639741934836,
  "summary_gm_n": 26841.0,
  "summary_gm_p05": 564.5909066647291,
  "summary_gm_p95": 757.4113710485399,
  "summary_gm_stdv": 58.62450086390814,
  "summary_wm_k": 0.3233462374933831,
  "summary_wm_mad": 52.36252290599456,
  "summary_wm_mean": 1001.4397696357516,
  "summary_wm_median": 1000.0413734726608,
  "summary_wm_n": 123633.0,
  "summary_wm_p05": 914.3755927532911,
  "summary_wm_p95": 1093.4911883994937,
  "summary_wm_stdv": 54.44455735608957,
  "tpm_overlap_csf": 0.15463538387656445,
  "tpm_overlap_gm": 0.49192325624402555,
  "tpm_overlap_wm": 0.5152674700031975,
  "wm2max": 0.4633135754157795
}