{
  "bids_meta": {
    "AcquisitionMatrixPE": 160,
    "AcquisitionNumber": 1,
    "AcquisitionTime": "16:42:57.000000",
    "CoilString": "HEAD",
    "ConversionSoftware": "dcm2niix",
    "ConversionSoftwareVersion": "v1.0.20220720",
    "DeviceSerialNumber": "0000000000UM3TMR",
    "EchoTime": 0.001784,
    "FlipAngle": 15,
    "ImageOrientationPatientDICOM": [
      1,
      0,
      0,
      0,
      1,
      0
    ],
    "ImageType": [
      "ORIGINAL",
      "PRIMARY",
      "OTHER"
    ],
    "ImagingFrequency": 128.07,
    "InPlanePhaseEncodingDirectionDICOM": "ROW",
    "InstitutionName": "U of M FMRi",
    "InversionTime": 0.4,
    "MRAcquisitionType": "3D",
    "MagneticFieldStrength": 3,
    "Manufacturer": "GE",
    "ManufacturersModelName": "SIGNA EXCITE",
    "Modality": "MR",
    "PatientPosition": "HFS",
    "PercentPhaseFOV": 100,
    "PercentSampling": 100,
    "PixelBandwidth": 122.109,
    "ProtocolName": "childrisk w.o hoshim 4-/",
    "PulseSequenceName": "efgre3d",
    "ReconMatrixPE": 256,
    "RepetitionTime": 0.008948,
    "SAR": 0.019196,
    "ScanOptions": "FAST_GEMS\\VB_GEMS\\EDR_GEMS\\PFF",
    "ScanningSequence": "GR",
    "SequenceVariant": "SS\\SP\\SK",
    "SeriesDescription": "3d spgr IR axial",
    "SeriesNumber": 6,
    "ShimSetting": [
      0,
      -1,
      20
    ],
    "SliceThickness": 1.4,
    "SoftwareVersions": "11",
    "SpacingBetweenSlices": 1.4,
    "SpoilingState": true,
    "StationName": "um3te2",
    "dataset": "MLS",
    "modality": "T1w",
    "session_id": "1",
    "subject_id": "222"
  },
  "cjv": 0.2925633929299094,
  "cnr": 4.650484975668703,
  "efc": 0.5673994570379053,
  "fber": 11395.5625,
  "fwhm_avg": 4.0081266169572585,
  "fwhm_x": 4.5834269028989265,
  "fwhm_y": 4.171117178002164,
  "fwhm_z": 3.2698357699706855,
  "icvs_csf": 0.18322702674771546,
  "icvs_gm": 0.4820110716785351,
  "icvs_wm": 0.33476190157374947,
  "inu_med": 0.6811147332191467,
  "inu_range": 0.40884015560150133,
  "provenance": {
    "md5sum": "4ab2c477dc5dca72de53c44076299550",
    "settings": {
      "testing": false
    },
    "software": "mriqc",
    "version": "23.1.0rc0",
    "warnings": {
      "large_rot_frame": true,
      "small_air_mask": false
    }
  },
  "qi_1": 3.396531462070933e-05,
  "qi_2": 0.0008310559340740912,
  "rpve_csf": 26.762992213174723,
  "rpve_gm": 11.258241131707186,
  "rpve_wm": 17.75183920057132,
  "size_x": 256,
  "size_y": 256,
  "size_z": 104,
  "snr_csf": 1.3113930374855598,
  "snr_gm": 10.761166812479235,
  "snr_total": 10.70914827626745,
  "snr_wm": 20.054884978837563,
  "snrd_csf": 23.693755027162915,
  "snrd_gm": 55.62420519991175,
  "snrd_total": 55.6870507518094,
  "snrd_wm": 87.74319202835353,
  "spacing_x": 1.0156199932098389,
  "spacing_y": 1.0156199932098389,
  "spacing_z": 1.399999976158142,
  "summary_bg_k": 39.14292100748296,
  "summary_bg_mad": 7.466521434268461,
  "summary_bg_mean": 9.72157497305874,
  "summary_bg_median": 5.036092177033424,
  "summary_bg_n": 1044913.0,
  "summary_bg_p05": 0.0,
  "summary_bg_p95": 38.44217028468847,
  "summary_bg_stdv": 15.467975362253236,
  "summary_csf_k": 20.401015813968527,
  "summary_csf_mad": 103.48598707896087,
  "summary_csf_mean": 296.8672709344495,
  "summary_csf_median": 270.0352625325322,
  "summary_csf_n": 6883.0,
  "summary_csf_p05": 78.67383198961616,
  "summary_csf_p95": 527.110981196165,
  "summary_csf_stdv": 205.89986220724887,
  "summary_gm_k": -0.10388281427746371,
  "summary_gm_mad": 60.10549754586111,
  "summary_gm_mean": 633.1551262873053,
  "summary_gm_median": 633.9432832449675,
  "summary_gm_n": 24004.0,
  "summary_gm_p05": 534.4015639711172,
  "summary_gm_p95": 727.2352121271192,
  "summary_gm_stdv": 58.90904668640459,
  "summary_wm_k": 0.5229172871248555,
  "summary_wm_mad": 46.98930822632952,
  "summary_wm_mean": 999.8278742477137,
  "summary_wm_median": 1000.0000366196036,
  "summary_wm_n": 92260.0,
  "summary_wm_p05": 917.5759946554899,
  "summary_wm_p95": 1080.6110853999853,
  "summary_wm_stdv": 49.86289466098737,
  "tpm_overlap_csf": 0.16147423139995498,
  "tpm_overlap_gm": 0.4857549710566382,
  "tpm_overlap_wm": 0.49846824822482055,
  "wm2max": 0.5080857016137287
}