{
  "bids_meta": {
    "AcquisitionMatrixPE": 160,
    "CoilString": "HEAD",
    "EchoTime": 0.001784,
    "FlipAngle": 15,
    "ImageType": [
      "ORIGINAL",
      "PRIMARY",
      "OTHER"
    ],
    "InPlanePhaseEncodingDirectionDICOM": "ROW",
    "InstitutionName": "U of M FMRi",
    "InversionTime": 0.4,
    "MRAcquisitionType": "3D",
    "Modality": "MR",
    "PatientPosition": "HFS",
    "PercentPhaseFOV": 100,
    "PercentSampling": 100,
    "ReconMatrixPE": 256,
    "RepetitionTime": 0.008948,
    "SAR": 0.017417,
    "ScanningSequence": "GR",
    "SeriesDescription": "3d spgr IR axial",
    "dataset": "MLS",
    "modality": "T1w",
    "session_id": "1",
    "subject_id": "39"
  },
  "cjv": 0.321061029030963,
  "cnr": 4.210849252723274,
  "efc": 0.5870622096118375,
  "fber": 10273.959924105697,
  "fwhm_avg": 4.0917338413099245,
  "fwhm_x": 4.59915,
  "fwhm_y": 4.08396,
  "fwhm_z": 3.5920915239297737,
  "icvs_csf": 0.17932479591973266,
  "icvs_gm": 0.4681326150241242,
  "icvs_wm": 0.35254258905614316,
  "inu_med": 0.6272768378257751,
  "inu_range": 0.39471138119697574,
  "provenance": {
    "md5sum": "8e4eb94fb4fe955f5626824d373c5676",
    "settings": {
      "testing": false
    },
    "software": "mriqc",
    "version": "23.1.0rc0",
    "warnings": {
      "large_rot_frame": true,
      "small_air_mask": false
    }
  },
  "qi_1": 0.0,
  "qi_2": 0.002336824261208943,
  "rpve_csf": 23.296190644032965,
  "rpve_gm": 9.957428601231909,
  "rpve_wm": 15.010460122167913,
  "size_x": 256,
  "size_y": 256,
  "size_z": 120,
  "snr_csf": 0.9251543658362542,
  "snr_gm": 10.586194772192608,
  "snr_total": 11.272776961053415,
  "snr_wm": 22.30698174513138,
  "snrd_csf": 12.228872654995925,
  "snrd_gm": 28.400397696430097,
  "snrd_total": 27.720171405179542,
  "snrd_wm": 42.53124386411261,
  "spacing_x": 1.0,
  "spacing_y": 1.0,
  "spacing_z": 1.2000000476837158,
  "summary_bg_k": 6.214488641453892,
  "summary_bg_mad": 0.0,
  "summary_bg_mean": 10.590540670472048,
  "summary_bg_median": 0.0,
  "summary_bg_n": 1348116.0,
  "summary_bg_p05": 0.0,
  "summary_bg_p95": 42.485705360770226,
  "summary_bg_stdv": 15.403650594610902,
  "summary_csf_k": 18.170120339426756,
  "summary_csf_mad": 104.05504627401504,
  "summary_csf_mean": 354.2149596760996,
  "summary_csf_median": 287.5268135666847,
  "summary_csf_n": 12487.0,
  "summary_csf_p05": 128.12277014106513,
  "summary_csf_p95": 736.695876488083,
  "summary_csf_stdv": 310.77548883442483,
  "summary_gm_k": -0.06821531804053071,
  "summary_gm_mad": 64.2809818007203,
  "summary_gm_mean": 666.3816489917567,
  "summary_gm_median": 667.7537728995085,
  "summary_gm_n": 35226.0,
  "summary_gm_p05": 559.5626509673893,
  "summary_gm_p95": 766.9764349460602,
  "summary_gm_stdv": 63.07689486767452,
  "summary_wm_k": 0.48215539318529066,
  "summary_wm_mad": 42.39034348527666,
  "summary_wm_mean": 1000.2780062845239,
  "summary_wm_median": 1000.0000302791595,
  "summary_wm_n": 148019.0,
  "summary_wm_p05": 926.8674333542585,
  "summary_wm_p95": 1073.9859152927997,
  "summary_wm_stdv": 44.82886406391055,
  "tpm_overlap_csf": 0.15860107448143285,
  "tpm_overlap_gm": 0.4744251498743012,
  "tpm_overlap_wm": 0.5020798953101854,
  "wm2max": 0.4058466245881762
}