{
  "bids_meta": {
    "AcquisitionMatrixPE": 160,
    "AcquisitionNumber": 1,
    "AcquisitionTime": "11:37:36.000000",
    "CoilString": "HEAD",
    "ConversionSoftware": "dcm2niix",
    "ConversionSoftwareVersion": "v1.0.20220720",
    "DeviceSerialNumber": "0000000000UM3TMR",
    "EchoTime": 0.00184,
    "FlipAngle": 15,
    "ImageOrientationPatientDICOM": [
      1,
      0,
      0,
      0,
      1,
      0
    ],
    "ImageType": [
      "ORIGINAL",
      "PRIMARY",
      "OTHER"
    ],
    "ImagingFrequency": 128.07,
    "InPlanePhaseEncodingDirectionDICOM": "ROW",
    "InstitutionName": "U of M FMRi",
    "InversionTime": 0.5,
    "MRAcquisitionType": "3D",
    "MagneticFieldStrength": 3,
    "Manufacturer": "GE",
    "ManufacturersModelName": "SIGNA EXCITE",
    "Modality": "MR",
    "PatientPosition": "HFS",
    "PercentPhaseFOV": 80,
    "PercentSampling": 100,
    "PixelBandwidth": 122.109,
    "ProtocolName": "120204ae  Neuropsych/",
    "PulseSequenceName": "efgre3d",
    "ReconMatrixPE": 256,
    "RepetitionTime": 0.009036,
    "SAR": 0.014753,
    "ScanOptions": "FAST_GEMS\\VB_GEMS\\EDR_GEMS\\PFF",
    "ScanningSequence": "GR",
    "SequenceVariant": "SS\\SP\\SK",
    "SeriesDescription": "3d spgr IR ax",
    "SeriesNumber": 7,
    "ShimSetting": [
      -3,
      -5,
      18
    ],
    "SliceThickness": 1.2,
    "SoftwareVersions": "11",
    "SpacingBetweenSlices": 1.2,
    "SpoilingState": true,
    "StationName": "um3te2",
    "dataset": "MLS",
    "modality": "T1w",
    "session_id": "1",
    "subject_id": "159"
  },
  "cjv": 0.3566096566991453,
  "cnr": 3.509159164647292,
  "efc": 0.5776525621576822,
  "fber": 7860.0393118031525,
  "fwhm_avg": 4.7286212762039765,
  "fwhm_x": 5.318278525542986,
  "fwhm_y": 4.801402131311213,
  "fwhm_z": 4.06618317175773,
  "icvs_csf": 0.1723978425677269,
  "icvs_gm": 0.4326919049973892,
  "icvs_wm": 0.3949102524348839,
  "inu_med": 0.6812659800052643,
  "inu_range": 0.4410085827112198,
  "provenance": {
    "md5sum": "e00ebf65e9bea7e727ee9bf4b87c8b28",
    "settings": {
      "testing": false
    },
    "software": "mriqc",
    "version": "23.1.0rc0",
    "warnings": {
      "large_rot_frame": true,
      "small_air_mask": false
    }
  },
  "qi_1": 0.0,
  "qi_2": 0.00027765507055000136,
  "rpve_csf": 26.182561749924567,
  "rpve_gm": 10.9076701655399,
  "rpve_wm": 13.549602883829834,
  "size_x": 256,
  "size_y": 256,
  "size_z": 124,
  "snr_csf": 1.2865065566200535,
  "snr_gm": 11.55530256359775,
  "snr_total": 9.99175559860189,
  "snr_wm": 17.133457675587863,
  "snrd_csf": 15.973944591632273,
  "snrd_gm": 38.88332222711673,
  "snrd_total": 37.25599631359048,
  "snrd_wm": 56.91072212202244,
  "spacing_x": 1.0156199932098389,
  "spacing_y": 1.0156199932098389,
  "spacing_z": 1.2000000476837158,
  "summary_bg_k": 10.036890433182174,
  "summary_bg_mad": 11.51212932577495,
  "summary_bg_mean": 22.671853580815228,
  "summary_bg_median": 7.764813233166933,
  "summary_bg_n": 1574077.0,
  "summary_bg_p05": 0.0,
  "summary_bg_p95": 94.75563528388739,
  "summary_bg_stdv": 35.30031380257373,
  "summary_csf_k": 19.7434723930702,
  "summary_csf_mad": 134.45182057482617,
  "summary_csf_mean": 308.5208611255609,
  "summary_csf_median": 280.69592222571373,
  "summary_csf_n": 12341.0,
  "summary_csf_p05": 80.63779304176569,
  "summary_csf_p95": 553.7516004145145,
  "summary_csf_stdv": 218.17576292632407,
  "summary_gm_k": 0.21090363171299487,
  "summary_gm_mad": 57.68377100669053,
  "summary_gm_mean": 683.0047423488647,
  "summary_gm_median": 683.2620414532721,
  "summary_gm_n": 24123.0,
  "summary_gm_p05": 584.939574849978,
  "summary_gm_p95": 778.7194165427237,
  "summary_gm_stdv": 59.12851485287195,
  "summary_wm_k": 0.511370615785276,
  "summary_wm_mad": 55.28284563928292,
  "summary_wm_mean": 1004.4039831707092,
  "summary_wm_median": 1000.0415075272322,
  "summary_wm_n": 161099.0,
  "summary_wm_p05": 916.4555768407881,
  "summary_wm_p95": 1107.669293090701,
  "summary_wm_stdv": 58.36757662388717,
  "tpm_overlap_csf": 0.1464650826400746,
  "tpm_overlap_gm": 0.459034607503797,
  "tpm_overlap_wm": 0.4980579369640729,
  "wm2max": 0.3995023637720826
}