{
  "bids_meta": {
    "AcquisitionMatrixPE": 160,
    "AcquisitionNumber": 1,
    "AcquisitionTime": "12:31:39.000000",
    "CoilString": "HEAD",
    "ConversionSoftware": "dcm2niix",
    "ConversionSoftwareVersion": "v1.0.20220720",
    "DeviceSerialNumber": "0000000000UM3TMR",
    "EchoTime": 0.00184,
    "FlipAngle": 15,
    "ImageOrientationPatientDICOM": [
      1,
      0,
      0,
      0,
      1,
      0
    ],
    "ImageType": [
      "ORIGINAL",
      "PRIMARY",
      "OTHER"
    ],
    "ImagingFrequency": 128.07,
    "InPlanePhaseEncodingDirectionDICOM": "ROW",
    "InstitutionName": "U of M FMRi",
    "InversionTime": 0.5,
    "MRAcquisitionType": "3D",
    "MagneticFieldStrength": 3,
    "Manufacturer": "GE",
    "ManufacturersModelName": "SIGNA EXCITE",
    "Modality": "MR",
    "PatientPosition": "HFS",
    "PercentPhaseFOV": 80,
    "PercentSampling": 100,
    "PixelBandwidth": 122.109,
    "ProtocolName": "neuropsych adole. 3-15-/",
    "PulseSequenceName": "efgre3d",
    "ReconMatrixPE": 256,
    "RepetitionTime": 0.009036,
    "SAR": 0.013607,
    "ScanOptions": "FAST_GEMS\\VB_GEMS\\EDR_GEMS\\PFF",
    "ScanningSequence": "GR",
    "SequenceVariant": "SS\\SP\\SK",
    "SeriesDescription": "3d spgr IR ax",
    "SeriesNumber": 7,
    "ShimSetting": [
      -4,
      -9,
      -1
    ],
    "SliceThickness": 1.2,
    "SoftwareVersions": "11",
    "SpacingBetweenSlices": 1.2,
    "SpoilingState": true,
    "StationName": "um3te2",
    "dataset": "MLS",
    "modality": "T1w",
    "session_id": "1",
    "subject_id": "102"
  },
  "cjv": 0.3057090216020784,
  "cnr": 4.408600360304933,
  "efc": 0.5628477143545717,
  "fber": 23444.750865789334,
  "fwhm_avg": 4.823561053098538,
  "fwhm_x": 5.37398833864068,
  "fwhm_y": 4.90738665378975,
  "fwhm_z": 4.1893081668651835,
  "icvs_csf": 0.18180079345437314,
  "icvs_gm": 0.4699844421071717,
  "icvs_wm": 0.3482147644384551,
  "inu_med": 0.5665465593338013,
  "inu_range": 0.3650073051452636,
  "provenance": {
    "md5sum": "2553440f9c12ce09cc0e49e49db3b285",
    "settings": {
      "testing": false
    },
    "software": "mriqc",
    "version": "23.1.0rc0",
    "warnings": {
      "large_rot_frame": true,
      "small_air_mask": false
    }
  },
  "qi_1": 0.0,
  "qi_2": 0.0007698918762289224,
  "rpve_csf": 25.158169135737026,
  "rpve_gm": 10.636945161552038,
  "rpve_wm": 15.759004311896453,
  "size_x": 256,
  "size_y": 256,
  "size_z": 124,
  "snr_csf": 1.8620040611065165,
  "snr_gm": 12.703940733748087,
  "snr_total": 12.638261412030067,
  "snr_wm": 23.348839441235594,
  "snrd_csf": 33.16330314786603,
  "snrd_gm": 76.95756967435624,
  "snrd_total": 73.92576277616877,
  "snrd_wm": 111.65641550628402,
  "spacing_x": 1.0156199932098389,
  "spacing_y": 1.0156199932098389,
  "spacing_z": 1.2000000476837158,
  "summary_bg_k": 8.282300684452512,
  "summary_bg_mad": 5.867431655309429,
  "summary_bg_mean": 9.173915450367506,
  "summary_bg_median": 3.9575225114822388,
  "summary_bg_n": 1825936.0,
  "summary_bg_p05": 0.0,
  "summary_bg_p95": 37.00283548235893,
  "summary_bg_stdv": 13.829284167819159,
  "summary_csf_k": 31.730722703102828,
  "summary_csf_mad": 106.98283718180858,
  "summary_csf_mean": 307.15964521053826,
  "summary_csf_median": 297.012064486742,
  "summary_csf_n": 13106.0,
  "summary_csf_p05": 100.8426204957068,
  "summary_csf_p95": 500.3627628684044,
  "summary_csf_stdv": 159.505953464781,
  "summary_gm_k": 0.07277457832827006,
  "summary_gm_mad": 54.42042860299495,
  "summary_gm_mean": 688.1229111700102,
  "summary_gm_median": 689.2355247288942,
  "summary_gm_n": 35575.0,
  "summary_gm_p05": 597.7507960051298,
  "summary_gm_p95": 774.4211967885494,
  "summary_gm_stdv": 54.25291663656299,
  "summary_wm_k": 0.4327168221807711,
  "summary_wm_mad": 40.58306894922355,
  "summary_wm_mean": 999.4455395009326,
  "summary_wm_median": 999.999979943037,
  "summary_wm_n": 141509.0,
  "summary_wm_p05": 927.9400908797979,
  "summary_wm_p95": 1069.2236445397139,
  "summary_wm_stdv": 42.8285289771892,
  "tpm_overlap_csf": 0.1470729479761325,
  "tpm_overlap_gm": 0.492756032572839,
  "tpm_overlap_wm": 0.5100501054788343,
  "wm2max": 0.5457032304508234
}