{
  "bids_meta": {
    "AcquisitionMatrixPE": 192,
    "AcquisitionNumber": 1,
    "AcquisitionTime": "10:40:42.000000",
    "CoilString": "HEAD",
    "ConversionSoftware": "dcm2niix",
    "ConversionSoftwareVersion": "v1.0.20220720",
    "DeviceSerialNumber": "0000000000UM3TMR",
    "EchoTime": 0.001828,
    "FlipAngle": 15,
    "ImageOrientationPatientDICOM": [
      0,
      1,
      0,
      0,
      0,
      -1
    ],
    "ImageType": [
      "ORIGINAL",
      "PRIMARY",
      "OTHER"
    ],
    "ImagingFrequency": 128.071,
    "InPlanePhaseEncodingDirectionDICOM": "ROW",
    "InstitutionName": "U of M FMRi",
    "InversionTime": 0.4,
    "MRAcquisitionType": "3D",
    "MagneticFieldStrength": 3,
    "Manufacturer": "GE",
    "ManufacturersModelName": "SIGNA EXCITE",
    "Modality": "MR",
    "PatientPosition": "HFS",
    "PercentPhaseFOV": 100,
    "PercentSampling": 100,
    "PixelBandwidth": 122.109,
    "ProtocolName": "childrisk ext trigger /",
    "PulseSequenceName": "efgre3d",
    "ReconMatrixPE": 256,
    "RepetitionTime": 0.009,
    "SAR": 0.013661,
    "ScanOptions": "FAST_GEMS\\VB_GEMS\\EDR_GEMS\\PFF",
    "ScanningSequence": "GR",
    "SequenceVariant": "SS\\SP\\SK",
    "SeriesDescription": "3d spgr IR sag",
    "SeriesNumber": 6,
    "ShimSetting": [
      3,
      4,
      -4
    ],
    "SliceThickness": 1.4,
    "SoftwareVersions": "11",
    "SpacingBetweenSlices": 1.4,
    "SpoilingState": true,
    "StationName": "um3te2",
    "dataset": "MLS",
    "modality": "T1w",
    "session_id": "1",
    "subject_id": "166"
  },
  "cjv": 0.3703488038356598,
  "cnr": 3.5310297543242237,
  "efc": 0.5854557100736303,
  "fber": 2109.2361830404584,
  "fwhm_avg": 3.8554482518003717,
  "fwhm_x": 3.3588655252460304,
  "fwhm_y": 4.5921014072006345,
  "fwhm_z": 3.6153778229544495,
  "icvs_csf": 0.17863456335640143,
  "icvs_gm": 0.45675520543033926,
  "icvs_wm": 0.3646102312132593,
  "inu_med": 0.7442983686923981,
  "inu_range": 0.477408283948898,
  "provenance": {
    "md5sum": "d186dba4d9c5ab4187000b2f48c51b49",
    "settings": {
      "testing": false
    },
    "software": "mriqc",
    "version": "23.1.0rc0",
    "warnings": {
      "large_rot_frame": true,
      "small_air_mask": false
    }
  },
  "qi_1": 0.0,
  "qi_2": 0.0009135081723341232,
  "rpve_csf": 21.744236679899533,
  "rpve_gm": 8.774628511162083,
  "rpve_wm": 11.96651933844638,
  "size_x": 100,
  "size_y": 256,
  "size_z": 256,
  "snr_csf": 0.9665462753681382,
  "snr_gm": 9.437399405168417,
  "snr_total": 8.419605635528297,
  "snr_wm": 14.854871226048333,
  "snrd_csf": 15.414389727810603,
  "snrd_gm": 36.34282600967798,
  "snrd_total": 36.026549986420044,
  "snrd_wm": 56.32243422177156,
  "spacing_x": 1.4001007080078125,
  "spacing_y": 1.0156199932098389,
  "spacing_z": 1.0156199932098389,
  "summary_bg_k": 7.776509988291616,
  "summary_bg_mad": 11.632450696240234,
  "summary_bg_mean": 19.45255683761294,
  "summary_bg_median": 7.845968764275312,
  "summary_bg_n": 1581169.0,
  "summary_bg_p05": 0.0,
  "summary_bg_p95": 81.34777430444956,
  "summary_bg_stdv": 29.77412191087659,
  "summary_csf_k": 19.386081615813406,
  "summary_csf_mad": 109.04530468622747,
  "summary_csf_mean": 324.4461261064832,
  "summary_csf_median": 273.69434597343206,
  "summary_csf_n": 13174.0,
  "summary_csf_p05": 94.72924250364304,
  "summary_csf_p95": 623.4729283103705,
  "summary_csf_stdv": 283.15660106539775,
  "summary_gm_k": -0.06577983213634697,
  "summary_gm_mad": 68.93832743906789,
  "summary_gm_mean": 643.8088460871163,
  "summary_gm_median": 645.2948297783732,
  "summary_gm_n": 19924.0,
  "summary_gm_p05": 528.1901358632371,
  "summary_gm_p95": 753.8315332638099,
  "summary_gm_stdv": 68.37462397895231,
  "summary_wm_k": 0.8448454411488147,
  "summary_wm_mad": 62.44413717306875,
  "summary_wm_mean": 1006.337349483355,
  "summary_wm_median": 1000.0481413900852,
  "summary_wm_n": 112314.0,
  "summary_wm_p05": 908.3032551035285,
  "summary_wm_p95": 1126.4019328393042,
  "summary_wm_stdv": 67.32092618934992,
  "tpm_overlap_csf": 0.15306789671147186,
  "tpm_overlap_gm": 0.46310844649063615,
  "tpm_overlap_wm": 0.4756009946598349,
  "wm2max": 0.37502346265809194
}