{
  "bids_meta": {
    "AcquisitionMatrixPE": 160,
    "AcquisitionNumber": 1,
    "AcquisitionTime": "14:18:2.000000",
    "CoilString": "HEAD",
    "ConversionSoftware": "dcm2niix",
    "ConversionSoftwareVersion": "v1.0.20220720",
    "DeviceSerialNumber": "0000000000UM3TMR",
    "EchoTime": 0.00184,
    "FlipAngle": 15,
    "ImageOrientationPatientDICOM": [
      1,
      0,
      0,
      0,
      1,
      0
    ],
    "ImageType": [
      "ORIGINAL",
      "PRIMARY",
      "OTHER"
    ],
    "ImagingFrequency": 128.07,
    "InPlanePhaseEncodingDirectionDICOM": "ROW",
    "InstitutionName": "U of M FMRi",
    "InversionTime": 0.5,
    "MRAcquisitionType": "3D",
    "MagneticFieldStrength": 3,
    "Manufacturer": "GE",
    "ManufacturersModelName": "SIGNA EXCITE",
    "Modality": "MR",
    "PatientPosition": "HFS",
    "PercentPhaseFOV": 80,
    "PercentSampling": 100,
    "PixelBandwidth": 122.109,
    "ProtocolName": "neuropsych adole. 3-15-/",
    "PulseSequenceName": "efgre3d",
    "ReconMatrixPE": 256,
    "RepetitionTime": 0.009036,
    "SAR": 0.014753,
    "ScanOptions": "FAST_GEMS\\VB_GEMS\\EDR_GEMS\\PFF",
    "ScanningSequence": "GR",
    "SequenceVariant": "SS\\SP\\SK",
    "SeriesDescription": "3d spgr IR ax",
    "SeriesNumber": 6,
    "ShimSetting": [
      -3,
      -18,
      26
    ],
    "SliceThickness": 1.2,
    "SoftwareVersions": "11",
    "SpacingBetweenSlices": 1.2,
    "SpoilingState": true,
    "StationName": "um3te2",
    "dataset": "MLS",
    "modality": "T1w",
    "session_id": "2",
    "subject_id": "17"
  },
  "cjv": 0.333667781941232,
  "cnr": 4.063294510467746,
  "efc": 0.5844118903603217,
  "fber": 13955.069944598337,
  "fwhm_avg": 5.079210592124618,
  "fwhm_x": 5.604231935225417,
  "fwhm_y": 5.163466685434287,
  "fwhm_z": 4.469933155714148,
  "icvs_csf": 0.19641775869945194,
  "icvs_gm": 0.43559980102166823,
  "icvs_wm": 0.36798244027887983,
  "inu_med": 0.5687833726406097,
  "inu_range": 0.38481513112783433,
  "provenance": {
    "md5sum": "8fa2febc14e31777fc292463a69f0ecf",
    "settings": {
      "testing": false
    },
    "software": "mriqc",
    "version": "23.1.0rc0",
    "warnings": {
      "large_rot_frame": true,
      "small_air_mask": false
    }
  },
  "qi_1": 0.0,
  "qi_2": 0.00038308472707654503,
  "rpve_csf": 24.524786012922842,
  "rpve_gm": 11.632255611549075,
  "rpve_wm": 16.01723678903585,
  "size_x": 256,
  "size_y": 256,
  "size_z": 124,
  "snr_csf": 1.7180668865524085,
  "snr_gm": 11.016609927557095,
  "snr_total": 12.203180464023683,
  "snr_wm": 23.87486457796155,
  "snrd_csf": 25.841710149040765,
  "snrd_gm": 61.44194626873482,
  "snrd_total": 58.94525230424171,
  "snrd_wm": 89.55210049494957,
  "spacing_x": 1.0156199932098389,
  "spacing_y": 1.0156199932098389,
  "spacing_z": 1.2000000476837158,
  "summary_bg_k": 17.221090727555683,
  "summary_bg_mad": 7.3158388841565,
  "summary_bg_mean": 11.39076456208777,
  "summary_bg_median": 4.934458341449499,
  "summary_bg_n": 1338203.0,
  "summary_bg_p05": 0.0,
  "summary_bg_p95": 46.55717946588993,
  "summary_bg_stdv": 18.302587221984336,
  "summary_csf_k": 36.843212489679,
  "summary_csf_mad": 108.70443044282922,
  "summary_csf_mean": 302.91935931154705,
  "summary_csf_median": 288.57164392247796,
  "summary_csf_n": 15756.0,
  "summary_csf_p05": 98.7927527865395,
  "summary_csf_p95": 496.0448999889195,
  "summary_csf_stdv": 167.9576555021261,
  "summary_gm_k": -0.1225094915717766,
  "summary_gm_mad": 65.06070458047574,
  "summary_gm_mean": 686.0084288093439,
  "summary_gm_median": 686.115715187043,
  "summary_gm_n": 29922.0,
  "summary_gm_p05": 583.4337805397809,
  "summary_gm_p95": 786.5357091976329,
  "summary_gm_stdv": 62.279072648648025,
  "summary_wm_k": 0.5911842373486533,
  "summary_wm_mad": 39.678652879337356,
  "summary_wm_mean": 1001.0995450208195,
  "summary_wm_median": 1000.0188341829926,
  "summary_wm_n": 157568.0,
  "summary_wm_p05": 934.5336752012372,
  "summary_wm_p95": 1071.1918039247394,
  "summary_wm_stdv": 41.88571028830651,
  "tpm_overlap_csf": 0.14799919810007517,
  "tpm_overlap_gm": 0.47903502987737895,
  "tpm_overlap_wm": 0.5165722704949871,
  "wm2max": 0.5222919263949329
}