{
  "bids_meta": {
    "AcquisitionMatrixPE": 192,
    "AcquisitionNumber": 1,
    "AcquisitionTime": "09:07:1.000000",
    "CoilString": "HEAD",
    "ConversionSoftware": "dcm2niix",
    "ConversionSoftwareVersion": "v1.0.20220720",
    "DeviceSerialNumber": "0000000000UM3TMR",
    "EchoTime": 0.001828,
    "FlipAngle": 15,
    "ImageOrientationPatientDICOM": [
      1,
      0,
      0,
      0,
      1,
      0
    ],
    "ImageType": [
      "ORIGINAL",
      "PRIMARY",
      "OTHER"
    ],
    "ImagingFrequency": 128.07,
    "InPlanePhaseEncodingDirectionDICOM": "ROW",
    "InstitutionName": "U of M FMRi",
    "InversionTime": 0.4,
    "MRAcquisitionType": "3D",
    "MagneticFieldStrength": 3,
    "Manufacturer": "GE",
    "ManufacturersModelName": "SIGNA EXCITE",
    "Modality": "MR",
    "PatientPosition": "HFS",
    "PercentPhaseFOV": 100,
    "PercentSampling": 100,
    "PixelBandwidth": 122.109,
    "ProtocolName": "childrisk ext trigger  /",
    "PulseSequenceName": "efgre3d",
    "ReconMatrixPE": 256,
    "RepetitionTime": 0.009,
    "SAR": 0.02195,
    "ScanOptions": "FAST_GEMS\\VB_GEMS\\EDR_GEMS\\PFF",
    "ScanningSequence": "GR",
    "SequenceVariant": "SS\\SP\\SK",
    "SeriesDescription": "3d spgr IR axial",
    "SeriesNumber": 4,
    "ShimSetting": [
      1,
      0,
      -1
    ],
    "SliceThickness": 1.4,
    "SoftwareVersions": "11",
    "SpacingBetweenSlices": 1.4,
    "SpoilingState": true,
    "StationName": "um3te2",
    "dataset": "MLS",
    "modality": "T1w",
    "session_id": "1",
    "subject_id": "225"
  },
  "cjv": 0.3091174254913759,
  "cnr": 4.301511522124485,
  "efc": 0.5660439030352773,
  "fber": 9912.49174983557,
  "fwhm_avg": 3.852993836665711,
  "fwhm_x": 4.356275013863265,
  "fwhm_y": 3.968127869620751,
  "fwhm_z": 3.2345786265131173,
  "icvs_csf": 0.14824211090676398,
  "icvs_gm": 0.507124859203469,
  "icvs_wm": 0.34463302988976713,
  "inu_med": 0.717235267162323,
  "inu_range": 0.4977901458740235,
  "provenance": {
    "md5sum": "64a388fcb404b107b9cccec5a25b7a2b",
    "settings": {
      "testing": false
    },
    "software": "mriqc",
    "version": "23.1.0rc0",
    "warnings": {
      "large_rot_frame": true,
      "small_air_mask": false
    }
  },
  "qi_1": 0.0,
  "qi_2": 0.0009893913074204706,
  "rpve_csf": 29.27939314314855,
  "rpve_gm": 9.594677728580885,
  "rpve_wm": 14.687139547278997,
  "size_x": 256,
  "size_y": 256,
  "size_z": 104,
  "snr_csf": 1.06147130191922,
  "snr_gm": 10.707758751695463,
  "snr_total": 9.829731972559413,
  "snr_wm": 17.719965864063553,
  "snrd_csf": 21.2131704919559,
  "snrd_gm": 48.9958515291464,
  "snrd_total": 49.01729309896907,
  "snrd_wm": 76.84285727580492,
  "spacing_x": 1.0156199932098389,
  "spacing_y": 1.0156199932098389,
  "spacing_z": 1.399999976158142,
  "summary_bg_k": 6.149587603888985,
  "summary_bg_mad": 8.525664502407093,
  "summary_bg_mean": 13.033195470482754,
  "summary_bg_median": 5.750473320484161,
  "summary_bg_n": 1078202.0,
  "summary_bg_p05": 0.0,
  "summary_bg_p95": 52.627749502658844,
  "summary_bg_stdv": 19.160202903938675,
  "summary_csf_k": 9.089457435212818,
  "summary_csf_mad": 139.37842664378178,
  "summary_csf_mean": 331.94683349956284,
  "summary_csf_median": 276.0591147840023,
  "summary_csf_n": 4971.0,
  "summary_csf_p05": 77.32202892005444,
  "summary_csf_p95": 824.5741996765137,
  "summary_csf_stdv": 260.0459813925101,
  "summary_gm_k": 0.08183210219799442,
  "summary_gm_mad": 58.5464935766563,
  "summary_gm_mean": 637.4988745683956,
  "summary_gm_median": 637.6110259592533,
  "summary_gm_n": 40149.0,
  "summary_gm_p05": 538.8120710492134,
  "summary_gm_p95": 734.6630016326903,
  "summary_gm_stdv": 59.54589565716628,
  "summary_wm_k": 0.6852281611541153,
  "summary_wm_mad": 53.474262796743226,
  "summary_wm_mean": 1001.077731191129,
  "summary_wm_median": 1000.0000313520432,
  "summary_wm_n": 109064.0,
  "summary_wm_p05": 910.7949040830135,
  "summary_wm_p95": 1093.9365607202053,
  "summary_wm_stdv": 56.433260343081905,
  "tpm_overlap_csf": 0.12411319224244652,
  "tpm_overlap_gm": 0.47899166848980945,
  "tpm_overlap_wm": 0.4826847817066838,
  "wm2max": 0.4631426967747695
}