{
  "bids_meta": {
    "AcquisitionMatrixPE": 160,
    "CoilString": "HEAD",
    "EchoTime": 0.001784,
    "FlipAngle": 15,
    "ImageType": [
      "ORIGINAL",
      "PRIMARY",
      "OTHER"
    ],
    "InPlanePhaseEncodingDirectionDICOM": "ROW",
    "InstitutionName": "U of M FMRi",
    "InversionTime": 0.4,
    "MRAcquisitionType": "3D",
    "Modality": "MR",
    "PatientPosition": "HFS",
    "PercentPhaseFOV": 100,
    "PercentSampling": 100,
    "ReconMatrixPE": 256,
    "RepetitionTime": 0.008948,
    "SAR": 0.017417,
    "ScanningSequence": "GR",
    "SeriesDescription": "3d spgr IR axial",
    "dataset": "MLS",
    "modality": "T1w",
    "session_id": "1",
    "subject_id": "110"
  },
  "cjv": 0.3147900986986628,
  "cnr": 4.243740269562019,
  "efc": 0.7398163074114718,
  "fber": -1.0,
  "fwhm_avg": 5.585210022631884,
  "fwhm_x": 6.28643,
  "fwhm_y": 6.48235,
  "fwhm_z": 3.986850067895652,
  "icvs_csf": 0.216004678683925,
  "icvs_gm": 0.4148423208331982,
  "icvs_wm": 0.3691530004828768,
  "inu_med": 0.5298001170158386,
  "inu_range": 0.29496757835149745,
  "provenance": {
    "md5sum": "b74ee6e6b452e75cfe8bc5a46ff567c8",
    "settings": {
      "testing": false
    },
    "software": "mriqc",
    "version": "23.1.0rc0",
    "warnings": {
      "large_rot_frame": true,
      "small_air_mask": true
    }
  },
  "qi_1": 0.0,
  "qi_2": 0.0022528638034767065,
  "rpve_csf": 10.122595663146956,
  "rpve_gm": 5.426613007278551,
  "rpve_wm": 7.620282932781303,
  "size_x": 202,
  "size_y": 197,
  "size_z": 112,
  "snr_csf": 2.1937517904765778,
  "snr_gm": 11.94198595042201,
  "snr_total": 12.949595475640955,
  "snr_wm": 24.713048686024276,
  "snrd_csf": 16.867785449428403,
  "snrd_gm": 41.32714396336652,
  "snrd_total": 39.206637644185044,
  "snrd_wm": 59.42498351976022,
  "spacing_x": 1.0,
  "spacing_y": 1.0,
  "spacing_z": 1.399999976158142,
  "summary_bg_k": 7.940410523496867,
  "summary_bg_mad": 0.0,
  "summary_bg_mean": 6.397356102450149,
  "summary_bg_median": 0.0,
  "summary_bg_n": 400343.0,
  "summary_bg_p05": 0.0,
  "summary_bg_p95": 28.8002872467041,
  "summary_bg_stdv": 11.025091223004237,
  "summary_csf_k": 66.4469194573315,
  "summary_csf_mad": 93.87189571897792,
  "summary_csf_mean": 294.7284387753651,
  "summary_csf_median": 283.8628311753273,
  "summary_csf_n": 22705.0,
  "summary_csf_p05": 139.60039233863353,
  "summary_csf_p95": 454.7655357152223,
  "summary_csf_stdv": 129.3932072125891,
  "summary_gm_k": 0.0003663280373316091,
  "summary_gm_mad": 58.11117354031966,
  "summary_gm_mean": 691.5952449419451,
  "summary_gm_median": 695.4819365590811,
  "summary_gm_n": 18459.0,
  "summary_gm_p05": 591.2608970850706,
  "summary_gm_p95": 780.7172866746782,
  "summary_gm_stdv": 58.23680421596376,
  "summary_wm_k": 0.7325433275130746,
  "summary_wm_mad": 37.76225513641898,
  "summary_wm_mean": 1003.1055546676229,
  "summary_wm_median": 1000.044974192977,
  "summary_wm_n": 174207.0,
  "summary_wm_p05": 941.994395211339,
  "summary_wm_p95": 1073.8907107114792,
  "summary_wm_stdv": 40.46615683141465,
  "tpm_overlap_csf": 0.1637954732057257,
  "tpm_overlap_gm": 0.46193172478954364,
  "tpm_overlap_wm": 0.511583710191939,
  "wm2max": 0.3974425467227041
}