{
  "bids_meta": {
    "AcquisitionMatrixPE": 160,
    "AcquisitionNumber": 1,
    "AcquisitionTime": "10:28:46.000000",
    "CoilString": "HEAD",
    "ConversionSoftware": "dcm2niix",
    "ConversionSoftwareVersion": "v1.0.20220720",
    "DeviceSerialNumber": "000000000000GEHC",
    "EchoTime": 0.005156,
    "FlipAngle": 15,
    "ImageOrientationPatientDICOM": [
      1,
      0,
      0,
      0,
      1,
      0
    ],
    "ImageType": [
      "ORIGINAL",
      "PRIMARY",
      "OTHER"
    ],
    "ImagingFrequency": 127.789,
    "InPlanePhaseEncodingDirectionDICOM": "ROW",
    "InstitutionName": "U Of M research",
    "InversionTime": 0.5,
    "MRAcquisitionType": "3D",
    "MagneticFieldStrength": 3,
    "Manufacturer": "GE",
    "ManufacturersModelName": "DISCOVERY MR750",
    "Modality": "MR",
    "PatientPosition": "HFS",
    "PercentPhaseFOV": 75,
    "PercentSampling": 100,
    "PixelBandwidth": 122.109,
    "PrescanReuseString": "TG/s1,CF/s1,AS/s1",
    "ProtocolName": "childrisk1_rev._6-27-14",
    "PulseSequenceName": "BRAVO",
    "ReconMatrixPE": 256,
    "RepetitionTime": 0.012188,
    "SAR": 0.0324781,
    "ScanOptions": "FAST_GEMS\\EDR_GEMS",
    "ScanningSequence": "GR",
    "SequenceVariant": "SS\\SK",
    "SeriesDescription": "t1spgr_124sl",
    "SeriesNumber": 7,
    "ShimSetting": [
      3,
      0,
      -15
    ],
    "SliceThickness": 1.2,
    "SoftwareVersions": "24\\LX\\MR Software release:DV24.0_R01_1344.a",
    "SpacingBetweenSlices": 1.2,
    "StationName": "GEHCGEHC",
    "dataset": "MLS",
    "modality": "T1w",
    "session_id": "1",
    "subject_id": "241"
  },
  "cjv": 0.2828100943653958,
  "cnr": 4.715152544711735,
  "efc": 0.5835870921747532,
  "fber": 12296.082129886472,
  "fwhm_avg": 4.628541135634824,
  "fwhm_x": 4.894830805615842,
  "fwhm_y": 4.917034429831903,
  "fwhm_z": 4.073758171456728,
  "icvs_csf": 0.1704527931522158,
  "icvs_gm": 0.4793893617825698,
  "icvs_wm": 0.35015784506521436,
  "inu_med": 0.6143269538879395,
  "inu_range": 0.3977585509419441,
  "provenance": {
    "md5sum": "cb46e7e793eca0e1338085d6a38a77f8",
    "settings": {
      "testing": false
    },
    "software": "mriqc",
    "version": "23.1.0rc0",
    "warnings": {
      "large_rot_frame": true,
      "small_air_mask": false
    }
  },
  "qi_1": 0.0,
  "qi_2": 0.0007538414666574443,
  "rpve_csf": 24.778855020964233,
  "rpve_gm": 10.004495340554774,
  "rpve_wm": 15.203871450179296,
  "size_x": 256,
  "size_y": 256,
  "size_z": 124,
  "snr_csf": 1.7891565319159528,
  "snr_gm": 12.039867028199488,
  "snr_total": 12.27581069907501,
  "snr_wm": 22.998408537109587,
  "snrd_csf": 13.427078482775807,
  "snrd_gm": 33.14088645477559,
  "snrd_total": 32.17623961019941,
  "snrd_wm": 49.960753893046835,
  "spacing_x": 1.0155999660491943,
  "spacing_y": 1.0155999660491943,
  "spacing_z": 1.2000000476837158,
  "summary_bg_k": 11.152317756583038,
  "summary_bg_mad": 0.0,
  "summary_bg_mean": 8.617369809251114,
  "summary_bg_median": 0.0,
  "summary_bg_n": 1224840.0,
  "summary_bg_p05": 0.0,
  "summary_bg_p95": 34.26462780684233,
  "summary_bg_stdv": 13.113020488347155,
  "summary_csf_k": 19.433468608172113,
  "summary_csf_mad": 117.73835530506535,
  "summary_csf_mean": 276.5822699738445,
  "summary_csf_median": 268.75251511484385,
  "summary_csf_n": 12157.0,
  "summary_csf_p05": 78.39002633094788,
  "summary_csf_p95": 476.52949708998193,
  "summary_csf_stdv": 150.20567328095942,
  "summary_gm_k": 0.0407685852324442,
  "summary_gm_mad": 54.938435997482664,
  "summary_gm_mean": 662.6706954928643,
  "summary_gm_median": 663.3383873701096,
  "summary_gm_n": 35977.0,
  "summary_gm_p05": 570.7773792222142,
  "summary_gm_p95": 751.7504297256469,
  "summary_gm_stdv": 55.094393221236444,
  "summary_wm_k": 0.8537424129908877,
  "summary_wm_mad": 40.27286186928436,
  "summary_wm_mean": 1000.5880085269556,
  "summary_wm_median": 999.9999838396907,
  "summary_wm_n": 143783.0,
  "summary_wm_p05": 929.9823100045323,
  "summary_wm_p95": 1072.0952414423227,
  "summary_wm_stdv": 43.48111760679306,
  "tpm_overlap_csf": 0.15234840127072669,
  "tpm_overlap_gm": 0.4828414355961326,
  "tpm_overlap_wm": 0.5055992806083889,
  "wm2max": 0.5841966147591351
}