{
  "bids_meta": {
    "AcquisitionMatrixPE": 160,
    "AcquisitionNumber": 1,
    "AcquisitionTime": "12:44:26.000000",
    "CoilString": "HEAD",
    "ConversionSoftware": "dcm2niix",
    "ConversionSoftwareVersion": "v1.0.20220720",
    "DeviceSerialNumber": "0000000000UM3TMR",
    "EchoTime": 0.001784,
    "FlipAngle": 15,
    "ImageOrientationPatientDICOM": [
      1,
      0,
      0,
      0,
      1,
      0
    ],
    "ImageType": [
      "ORIGINAL",
      "PRIMARY",
      "OTHER"
    ],
    "ImagingFrequency": 128.07,
    "InPlanePhaseEncodingDirectionDICOM": "ROW",
    "InstitutionName": "U of M FMRi",
    "InversionTime": 0.4,
    "MRAcquisitionType": "3D",
    "MagneticFieldStrength": 3,
    "Manufacturer": "GE",
    "ManufacturersModelName": "SIGNA EXCITE",
    "Modality": "MR",
    "PatientPosition": "HFS",
    "PercentPhaseFOV": 100,
    "PercentSampling": 100,
    "PixelBandwidth": 122.109,
    "ProtocolName": "childrisk w.o hoshim 4-/",
    "PulseSequenceName": "efgre3d",
    "ReconMatrixPE": 256,
    "RepetitionTime": 0.008948,
    "SAR": 0.017967,
    "ScanOptions": "FAST_GEMS\\VB_GEMS\\EDR_GEMS\\PFF",
    "ScanningSequence": "GR",
    "SequenceVariant": "SS\\SP\\SK",
    "SeriesDescription": "3d spgr IR axial",
    "SeriesNumber": 6,
    "ShimSetting": [
      -3,
      -8,
      21
    ],
    "SliceThickness": 1.4,
    "SoftwareVersions": "11",
    "SpacingBetweenSlices": 1.4,
    "SpoilingState": true,
    "StationName": "um3te2",
    "dataset": "MLS",
    "modality": "T1w",
    "session_id": "1",
    "subject_id": "179"
  },
  "cjv": 0.331623683269053,
  "cnr": 4.049078337011004,
  "efc": 0.5927418946863591,
  "fber": 9922.48091243284,
  "fwhm_avg": 4.500188311870336,
  "fwhm_x": 5.133819770051263,
  "fwhm_y": 4.672987959798292,
  "fwhm_z": 3.6937572057614534,
  "icvs_csf": 0.16469398249304018,
  "icvs_gm": 0.4630520826968835,
  "icvs_wm": 0.3722539348100763,
  "inu_med": 0.6942774057388306,
  "inu_range": 0.45512696504592887,
  "provenance": {
    "md5sum": "5a5e191ac84917e77ef580c7ac0b2be8",
    "settings": {
      "testing": false
    },
    "software": "mriqc",
    "version": "23.1.0rc0",
    "warnings": {
      "large_rot_frame": true,
      "small_air_mask": false
    }
  },
  "qi_1": 0.0,
  "qi_2": 0.0009182797725292432,
  "rpve_csf": 23.390200796261034,
  "rpve_gm": 9.230262122437935,
  "rpve_wm": 12.9579291041192,
  "size_x": 256,
  "size_y": 256,
  "size_z": 104,
  "snr_csf": 2.342741311367986,
  "snr_gm": 10.951690100048955,
  "snr_total": 10.253899386748065,
  "snr_wm": 17.467266748827253,
  "snrd_csf": 19.973609873721454,
  "snrd_gm": 50.91810272957599,
  "snrd_total": 49.59160785048629,
  "snrd_wm": 77.88311094816142,
  "spacing_x": 1.0156199932098389,
  "spacing_y": 1.0156199932098389,
  "spacing_z": 1.399999976158142,
  "summary_bg_k": 24.28829884013915,
  "summary_bg_mad": 8.41179079336501,
  "summary_bg_mean": 13.935097214633235,
  "summary_bg_median": 5.673666670918465,
  "summary_bg_n": 1434803.0,
  "summary_bg_p05": 0.0,
  "summary_bg_p95": 55.13891000300646,
  "summary_bg_stdv": 21.688337957441565,
  "summary_csf_k": 3.524036235967335,
  "summary_csf_mad": 99.20111901140804,
  "summary_csf_mean": 263.95356565121307,
  "summary_csf_median": 256.4562549814582,
  "summary_csf_n": 13271.0,
  "summary_csf_p05": 99.71306137740612,
  "summary_csf_p95": 450.1434965059161,
  "summary_csf_stdv": 109.4643233865897,
  "summary_gm_k": -0.025237246129781177,
  "summary_gm_mad": 59.80106443329032,
  "summary_gm_mean": 652.5524915411906,
  "summary_gm_median": 653.7759583443403,
  "summary_gm_n": 24885.0,
  "summary_gm_p05": 551.6564797237515,
  "summary_gm_p95": 747.1306001767516,
  "summary_gm_stdv": 59.69515356035661,
  "summary_wm_k": 0.5996529059276217,
  "summary_wm_mad": 55.015045533617126,
  "summary_wm_mean": 1001.7229405527037,
  "summary_wm_median": 1000.0000543892384,
  "summary_wm_n": 140774.0,
  "summary_wm_p05": 911.2316264491528,
  "summary_wm_p95": 1097.996342489496,
  "summary_wm_stdv": 57.249741300117414,
  "tpm_overlap_csf": 0.15567918508061004,
  "tpm_overlap_gm": 0.45627506054149664,
  "tpm_overlap_wm": 0.489402085906148,
  "wm2max": 0.5353944798765564
}