{
  "bids_meta": {
    "AcquisitionMatrixPE": 160,
    "CoilString": "HEAD",
    "EchoTime": 0.001784,
    "FlipAngle": 15,
    "ImageType": [
      "ORIGINAL",
      "PRIMARY",
      "OTHER"
    ],
    "InPlanePhaseEncodingDirectionDICOM": "ROW",
    "InstitutionName": "U of M FMRi",
    "InversionTime": 0.4,
    "MRAcquisitionType": "3D",
    "Modality": "MR",
    "PatientPosition": "HFS",
    "PercentPhaseFOV": 100,
    "PercentSampling": 100,
    "ReconMatrixPE": 256,
    "RepetitionTime": 0.008948,
    "SAR": 0.017417,
    "ScanningSequence": "GR",
    "SeriesDescription": "3d spgr IR axial",
    "dataset": "MLS",
    "modality": "T1w",
    "session_id": "1",
    "subject_id": "60"
  },
  "cjv": 0.3769108896079016,
  "cnr": 3.645473891833994,
  "efc": 0.7361515536836305,
  "fber": -1.0,
  "fwhm_avg": 5.063086210569362,
  "fwhm_x": 5.73853,
  "fwhm_y": 5.9111,
  "fwhm_z": 3.5396286317080876,
  "icvs_csf": 0.1900365271835562,
  "icvs_gm": 0.4152491671828516,
  "icvs_wm": 0.3947143056335922,
  "inu_med": 0.6800817847251892,
  "inu_range": 0.42837756872177124,
  "provenance": {
    "md5sum": "46734a0ecb885d423fd7f1023f2385d7",
    "settings": {
      "testing": false
    },
    "software": "mriqc",
    "version": "23.1.0rc0",
    "warnings": {
      "large_rot_frame": true,
      "small_air_mask": false
    }
  },
  "qi_1": 0.0,
  "qi_2": 0.0016765480685388165,
  "rpve_csf": 15.192068870427365,
  "rpve_gm": 7.075291341724455,
  "rpve_wm": 8.80350521388823,
  "size_x": 202,
  "size_y": 202,
  "size_z": 119,
  "snr_csf": 1.879271360282446,
  "snr_gm": 12.23722846934959,
  "snr_total": 10.563492444142794,
  "snr_wm": 17.573977502796346,
  "snrd_csf": 11.649280677765796,
  "snrd_gm": 27.87625403072941,
  "snrd_total": 26.452360538307712,
  "snrd_wm": 39.83154690642793,
  "spacing_x": 1.0,
  "spacing_y": 1.0,
  "spacing_z": 1.399999976158142,
  "summary_bg_k": 9.072117069167529,
  "summary_bg_mad": 0.0,
  "summary_bg_mean": 9.97860817697192,
  "summary_bg_median": 0.0,
  "summary_bg_n": 506946.0,
  "summary_bg_p05": 0.0,
  "summary_bg_p95": 43.64187501370907,
  "summary_bg_stdv": 16.448536093922954,
  "summary_csf_k": 47.099025274869774,
  "summary_csf_mad": 92.63842266450933,
  "summary_csf_mean": 307.75942492494613,
  "summary_csf_median": 292.4789611697197,
  "summary_csf_n": 14638.0,
  "summary_csf_p05": 130.08937354385853,
  "summary_csf_p95": 482.6451649345457,
  "summary_csf_stdv": 155.62891915447742,
  "summary_gm_k": -0.13071286848566066,
  "summary_gm_mad": 58.504399089673406,
  "summary_gm_mean": 698.3052398024319,
  "summary_gm_median": 699.8902374953032,
  "summary_gm_n": 13074.0,
  "summary_gm_p05": 601.8894018732011,
  "summary_gm_p95": 788.2558878973125,
  "summary_gm_stdv": 57.191338074974716,
  "summary_wm_k": 0.5431590726243152,
  "summary_wm_mad": 54.62993557380099,
  "summary_wm_mean": 1006.1180101739957,
  "summary_wm_median": 1000.0522592961788,
  "summary_wm_n": 133435.0,
  "summary_wm_p05": 923.6920444518328,
  "summary_wm_p95": 1108.2945624738932,
  "summary_wm_stdv": 56.90507523361771,
  "tpm_overlap_csf": 0.19049096372186505,
  "tpm_overlap_gm": 0.4697433622211413,
  "tpm_overlap_wm": 0.5157219085404369,
  "wm2max": 0.3477770911338108
}