{
  "bids_meta": {
    "AcquisitionMatrixPE": 160,
    "CoilString": "HEAD",
    "EchoTime": 0.001784,
    "FlipAngle": 15,
    "ImageType": [
      "ORIGINAL",
      "PRIMARY",
      "OTHER"
    ],
    "InPlanePhaseEncodingDirectionDICOM": "ROW",
    "InstitutionName": "U of M FMRi",
    "InversionTime": 0.4,
    "MRAcquisitionType": "3D",
    "Modality": "MR",
    "PatientPosition": "HFS",
    "PercentPhaseFOV": 100,
    "PercentSampling": 100,
    "ReconMatrixPE": 256,
    "RepetitionTime": 0.008948,
    "SAR": 0.017417,
    "ScanningSequence": "GR",
    "SeriesDescription": "3d spgr IR axial",
    "dataset": "MLS",
    "modality": "T1w",
    "session_id": "1",
    "subject_id": "67"
  },
  "cjv": 0.33119134486354207,
  "cnr": 4.17378107038097,
  "efc": 0.7272898173926862,
  "fber": -1.0,
  "fwhm_avg": 5.556597165181476,
  "fwhm_x": 6.22952,
  "fwhm_y": 6.5076,
  "fwhm_z": 3.932671495544425,
  "icvs_csf": 0.21377922385476258,
  "icvs_gm": 0.4171868880939743,
  "icvs_wm": 0.3690338880512631,
  "inu_med": 0.5183129906654358,
  "inu_range": 0.3061721324920655,
  "provenance": {
    "md5sum": "37905c68e41e959c9b72b80602274419",
    "settings": {
      "testing": false
    },
    "software": "mriqc",
    "version": "23.1.0rc0",
    "warnings": {
      "large_rot_frame": true,
      "small_air_mask": false
    }
  },
  "qi_1": 0.0,
  "qi_2": 0.0034189228288766574,
  "rpve_csf": 10.290047668094719,
  "rpve_gm": 5.439224855990205,
  "rpve_wm": 7.549713887382288,
  "size_x": 202,
  "size_y": 197,
  "size_z": 106,
  "snr_csf": 2.838875514316185,
  "snr_gm": 13.053557770734237,
  "snr_total": 13.86830672750917,
  "snr_wm": 25.712486897477085,
  "snrd_csf": 18.664516923336723,
  "snrd_gm": 45.641210707863706,
  "snrd_total": 42.68108001576015,
  "snrd_wm": 63.73751241608,
  "spacing_x": 1.0,
  "spacing_y": 1.0,
  "spacing_z": 1.399999976158142,
  "summary_bg_k": 6.874191915377855,
  "summary_bg_mad": 0.0,
  "summary_bg_mean": 5.881729854934711,
  "summary_bg_median": 0.0,
  "summary_bg_n": 407866.0,
  "summary_bg_p05": 0.0,
  "summary_bg_p95": 27.510083734989166,
  "summary_bg_stdv": 10.279099557548696,
  "summary_csf_k": 12.171792604402233,
  "summary_csf_mad": 93.09143523216444,
  "summary_csf_mean": 300.3388477205434,
  "summary_csf_median": 292.84653951227665,
  "summary_csf_n": 23627.0,
  "summary_csf_p05": 139.57122112214566,
  "summary_csf_p95": 467.2044313326478,
  "summary_csf_stdv": 103.15363977187882,
  "summary_gm_k": -0.13033045323407944,
  "summary_gm_mad": 56.899700777469,
  "summary_gm_mean": 711.7346335024566,
  "summary_gm_median": 716.1112537682056,
  "summary_gm_n": 16848.0,
  "summary_gm_p05": 616.047569565475,
  "summary_gm_p95": 792.980286352709,
  "summary_gm_stdv": 54.857841357526,
  "summary_wm_k": 0.6029086709197706,
  "summary_wm_mad": 37.135866657861406,
  "summary_wm_mean": 1002.4116841704588,
  "summary_wm_median": 1000.0424883663654,
  "summary_wm_n": 165552.0,
  "summary_wm_p05": 942.8996292501688,
  "summary_wm_p95": 1069.4311555895947,
  "summary_wm_stdv": 38.893144487416876,
  "tpm_overlap_csf": 0.1695862281999659,
  "tpm_overlap_gm": 0.47178249602807354,
  "tpm_overlap_wm": 0.5103605730166045,
  "wm2max": 0.3940783290235646
}